{
  "aor": 0.001948076923076923,
  "aqi": 0.011029531263736262,
  "bids_meta": {
    "Columns": 384,
    "EchoTime": 0.03,
    "EchoTrainLength": 1,
    "FlipAngle": 90.0,
    "ImageType": "ORIGINAL/PRIMARY/M/ND/MOSAIC",
    "ImagingFrequency": 123.253528,
    "InplanePhaseEncodingDirection": "COL",
    "InversionTime": 0.0,
    "MRAcquisitionType": "2D",
    "MagneticFieldStrength": 3.0,
    "Manufacturer": "SIEMENS",
    "ManufacturersModelName": "Allegra",
    "NumberOfAverages": 1.0,
    "NumberOfPhaseEncodingSteps": 64,
    "PercentPhaseFieldOfView": 100.0,
    "PhaseEncodingDirection": "j-",
    "PixelBandwidth": 2605.0,
    "PixelSpacing": [
      3.125,
      3.125
    ],
    "RepetitionTime": 2,
    "Rows": 384,
    "ScanOptions": "FS",
    "ScanningSequence": [
      "SE",
      "EP"
    ],
    "SequenceName": "*epfid2d1_64",
    "SequenceVariant": "SK",
    "SeriesDate": "18661027",
    "SeriesDescription": "BOLD EPI - Stopword2",
    "SeriesNumber": 7,
    "SeriesTime": "100759.093000",
    "SliceThickness": 4.0,
    "SpacingBetweenSlices": 4.0000000697945,
    "StudyID": "1",
    "StudyTime": "092729.562000",
    "dataset": "ds000007",
    "modality": "bold",
    "run_id": 2,
    "subject_id": "19",
    "task_id": "stopword"
  },
  "dummy_trs": 0,
  "dvars_nstd": 30.63723011972375,
  "dvars_std": 1.162625706022099,
  "dvars_vstd": 1.0329664547513813,
  "efc": 0.5094590342435846,
  "fber": 2036.7537841796875,
  "fd_mean": 0.19867470287611178,
  "fd_num": 68,
  "fd_perc": 37.362637362637365,
  "fwhm_avg": 1.6684375666666666,
  "fwhm_x": 1.6061088000000001,
  "fwhm_y": 1.8989664,
  "fwhm_z": 1.5002375,
  "gcor": 0.0140263,
  "gsr_x": -0.013339102268218994,
  "gsr_y": 0.031081603839993477,
  "provenance": {
    "md5sum": "5339b61b58ce9a14e91d68bfd2be8adb",
    "settings": {
      "fd_thres": 0.2,
      "testing": false
    },
    "software": "mriqc",
    "version": "23.1.0"
  },
  "size_t": 182,
  "size_x": 64,
  "size_y": 64,
  "size_z": 33,
  "snr": 5.654070211323484,
  "spacing_tr": 2.0,
  "spacing_x": 3.125,
  "spacing_y": 3.125,
  "spacing_z": 4.0,
  "summary_bg_k": 19.686211732238654,
  "summary_bg_mad": 6.028163037364714,
  "summary_bg_mean": 36.614055392358686,
  "summary_bg_median": 13.840660095214844,
  "summary_bg_n": 106140.0,
  "summary_bg_p05": 9.335165023803711,
  "summary_bg_p95": 154.62911987304688,
  "summary_bg_stdv": 58.764864162158766,
  "summary_fg_k": 2.0334731791133827,
  "summary_fg_mad": 89.20054891796451,
  "summary_fg_mean": 616.8455941578204,
  "summary_fg_median": 624.6346435546875,
  "summary_fg_n": 29028.0,
  "summary_fg_p05": 398.23626708984375,
  "summary_fg_p95": 774.0,
  "summary_fg_stdv": 110.47331584889585,
  "tsnr": 54.84678606822854
}