{
  "aor": 0.0015288397790055247,
  "aqi": 0.01688258408839779,
  "bids_meta": {
    "Columns": 384,
    "EchoTime": 0.03,
    "EchoTrainLength": 1,
    "FlipAngle": 90.0,
    "ImageType": "ORIGINAL/PRIMARY/M/ND/MOSAIC",
    "ImagingFrequency": 123.253528,
    "InplanePhaseEncodingDirection": "COL",
    "InversionTime": 0.0,
    "MRAcquisitionType": "2D",
    "MagneticFieldStrength": 3.0,
    "Manufacturer": "SIEMENS",
    "ManufacturersModelName": "Allegra",
    "NumberOfAverages": 1.0,
    "NumberOfPhaseEncodingSteps": 64,
    "PercentPhaseFieldOfView": 100.0,
    "PhaseEncodingDirection": "j-",
    "PixelBandwidth": 2605.0,
    "PixelSpacing": [
      3.125,
      3.125
    ],
    "RepetitionTime": 2,
    "Rows": 384,
    "ScanOptions": "FS",
    "ScanningSequence": [
      "SE",
      "EP"
    ],
    "SequenceName": "*epfid2d1_64",
    "SequenceVariant": "SK",
    "SeriesDate": "18661027",
    "SeriesDescription": "BOLD EPI - Stopword1",
    "SeriesNumber": 6,
    "SeriesTime": "100013.593000",
    "SliceThickness": 4.0,
    "SpacingBetweenSlices": 4.0000000697945,
    "StudyID": "1",
    "StudyTime": "092729.562000",
    "dataset": "ds000007",
    "modality": "bold",
    "run_id": 1,
    "subject_id": "19",
    "task_id": "stopword"
  },
  "dummy_trs": 1,
  "dvars_nstd": 30.10782907277779,
  "dvars_std": 1.0798763472222221,
  "dvars_vstd": 0.9883802922222226,
  "efc": 0.5091442709317325,
  "fber": 2030.7626953125,
  "fd_mean": 0.23656186639306517,
  "fd_num": 88,
  "fd_perc": 48.61878453038674,
  "fwhm_avg": 1.6873173333333333,
  "fwhm_x": 1.6264223999999998,
  "fwhm_y": 1.9231296,
  "fwhm_z": 1.5124,
  "gcor": 0.010584,
  "gsr_x": -0.01307167112827301,
  "gsr_y": 0.03202920779585838,
  "provenance": {
    "md5sum": "9046cccd93a0afe643429f62635f5589",
    "settings": {
      "fd_thres": 0.2,
      "testing": false
    },
    "software": "mriqc",
    "version": "23.1.0"
  },
  "size_t": 181,
  "size_x": 64,
  "size_y": 64,
  "size_z": 33,
  "snr": 5.686912779302544,
  "spacing_tr": 2.0,
  "spacing_x": 3.125,
  "spacing_y": 3.125,
  "spacing_z": 4.0,
  "summary_bg_k": 19.661384622212285,
  "summary_bg_mad": 6.061467914890901,
  "summary_bg_mean": 36.149249956203285,
  "summary_bg_median": 13.72928237915039,
  "summary_bg_n": 106169.0,
  "summary_bg_p05": 9.01657485961914,
  "summary_bg_p95": 152.34254455566406,
  "summary_bg_stdv": 57.96994657845723,
  "summary_fg_k": 1.8301138502117178,
  "summary_fg_mad": 88.18614639907732,
  "summary_fg_mean": 611.0002148205085,
  "summary_fg_median": 618.6961669921875,
  "summary_fg_n": 28999.0,
  "summary_fg_p05": 393.5580139160156,
  "summary_fg_p95": 766.1326293945312,
  "summary_fg_stdv": 108.79110043832233,
  "tsnr": 46.88022691872902
}