{
  "aor": 0.0014433516483516482,
  "aqi": 0.013243254230769231,
  "bids_meta": {
    "Columns": 384,
    "EchoTime": 0.03,
    "EchoTrainLength": 1,
    "FlipAngle": 90.0,
    "ImageType": "ORIGINAL/PRIMARY/M/ND/MOSAIC",
    "ImagingFrequency": 123.253528,
    "InplanePhaseEncodingDirection": "COL",
    "InversionTime": 0.0,
    "MRAcquisitionType": "2D",
    "MagneticFieldStrength": 3.0,
    "Manufacturer": "SIEMENS",
    "ManufacturersModelName": "Allegra",
    "NumberOfAverages": 1.0,
    "NumberOfPhaseEncodingSteps": 64,
    "PercentPhaseFieldOfView": 100.0,
    "PhaseEncodingDirection": "j-",
    "PixelBandwidth": 2605.0,
    "PixelSpacing": [
      3.125,
      3.125
    ],
    "RepetitionTime": 2,
    "Rows": 384,
    "ScanOptions": "FS",
    "ScanningSequence": [
      "SE",
      "EP"
    ],
    "SequenceName": "*epfid2d1_64",
    "SequenceVariant": "SK",
    "SeriesDate": "18661027",
    "SeriesDescription": "BOLD EPI - Stopvocal1",
    "SeriesNumber": 4,
    "SeriesTime": "094305.343000",
    "SliceThickness": 4.0,
    "SpacingBetweenSlices": 4.0000000697945,
    "StudyID": "1",
    "StudyTime": "092729.562000",
    "dataset": "ds000007",
    "modality": "bold",
    "run_id": 1,
    "subject_id": "19",
    "task_id": "stopvocal"
  },
  "dummy_trs": 0,
  "dvars_nstd": 27.654618405082886,
  "dvars_std": 1.080140212707182,
  "dvars_vstd": 1.0046273299447521,
  "efc": 0.5089658113754592,
  "fber": 2057.351806640625,
  "fd_mean": 0.18623472520117296,
  "fd_num": 51,
  "fd_perc": 28.021978021978022,
  "fwhm_avg": 1.6859423,
  "fwhm_x": 1.6326687999999998,
  "fwhm_y": 1.9131456,
  "fwhm_z": 1.5120125,
  "gcor": 0.0188357,
  "gsr_x": -0.01327634509652853,
  "gsr_y": 0.031948283314704895,
  "provenance": {
    "md5sum": "f510a77b37f42c591ad499a31439d6be",
    "settings": {
      "fd_thres": 0.2,
      "testing": false
    },
    "software": "mriqc",
    "version": "23.1.0"
  },
  "size_t": 182,
  "size_x": 64,
  "size_y": 64,
  "size_z": 33,
  "snr": 5.681770337328765,
  "spacing_tr": 2.0,
  "spacing_x": 3.125,
  "spacing_y": 3.125,
  "spacing_z": 4.0,
  "summary_bg_k": 19.201984345346663,
  "summary_bg_mad": 5.938554465167742,
  "summary_bg_mean": 35.94847780288373,
  "summary_bg_median": 13.604395866394043,
  "summary_bg_n": 106120.0,
  "summary_bg_p05": 8.994505882263184,
  "summary_bg_p95": 153.51648712158203,
  "summary_bg_stdv": 57.942642894192836,
  "summary_fg_k": 1.8190905714345096,
  "summary_fg_mad": 87.78712696044815,
  "summary_fg_mean": 609.8387448386495,
  "summary_fg_median": 617.0687255859375,
  "summary_fg_n": 29048.0,
  "summary_fg_p05": 395.5220031738281,
  "summary_fg_p95": 765.5659790039062,
  "summary_fg_stdv": 108.60314080367087,
  "tsnr": 51.50674654764589
}