{
  "aor": 0.0014553296703296702,
  "aqi": 0.017432087032967034,
  "bids_meta": {
    "Columns": 384,
    "EchoTime": 0.03,
    "EchoTrainLength": 1,
    "FlipAngle": 90.0,
    "ImageType": "ORIGINAL/PRIMARY/M/ND/MOSAIC",
    "ImagingFrequency": 123.253325,
    "InplanePhaseEncodingDirection": "COL",
    "InversionTime": 0.0,
    "MRAcquisitionType": "2D",
    "MagneticFieldStrength": 2.8936200141907,
    "Manufacturer": "SIEMENS",
    "ManufacturersModelName": "Allegra",
    "NumberOfAverages": 1.0,
    "NumberOfPhaseEncodingSteps": 64,
    "PercentPhaseFieldOfView": 100.0,
    "PhaseEncodingDirection": "j-",
    "PixelBandwidth": 2605.0,
    "PixelSpacing": [
      3.125,
      3.125
    ],
    "RepetitionTime": 2,
    "Rows": 384,
    "ScanOptions": "FS",
    "ScanningSequence": [
      "SE",
      "EP"
    ],
    "SequenceName": "*epfid2d1_64",
    "SequenceVariant": "SK",
    "SeriesDate": "18661001",
    "SeriesDescription": "BOLD EPI - Stopvocal2",
    "SeriesNumber": 7,
    "SeriesTime": "112819.546000",
    "SliceThickness": 4.0,
    "SpacingBetweenSlices": 3.9999999112389,
    "StudyID": "1",
    "StudyTime": "105424.218000",
    "dataset": "ds000007",
    "modality": "bold",
    "run_id": 2,
    "subject_id": "15",
    "task_id": "stopvocal"
  },
  "dummy_trs": 0,
  "dvars_nstd": 28.841184289558008,
  "dvars_std": 1.0326730671823208,
  "dvars_vstd": 0.9842631274033155,
  "efc": 0.5412803685016816,
  "fber": 1407.767822265625,
  "fd_mean": 0.26789872586240043,
  "fd_num": 90,
  "fd_perc": 49.45054945054945,
  "fwhm_avg": 2.1069524,
  "fwhm_x": 2.1121312,
  "fwhm_y": 2.329216,
  "fwhm_z": 1.87951,
  "gcor": 0.0359795,
  "gsr_x": 0.0010903727961704135,
  "gsr_y": 0.028539756312966347,
  "provenance": {
    "md5sum": "2cf42a88b55df73c43fdb16fd6329578",
    "settings": {
      "fd_thres": 0.2,
      "testing": false
    },
    "software": "mriqc",
    "version": "23.1.0"
  },
  "size_t": 182,
  "size_x": 64,
  "size_y": 64,
  "size_z": 33,
  "snr": 4.988342716754352,
  "spacing_tr": 2.0,
  "spacing_x": 3.125,
  "spacing_y": 3.125,
  "spacing_z": 4.0,
  "summary_bg_k": 13.263612050026278,
  "summary_bg_mad": 10.435240323235188,
  "summary_bg_mean": 42.62416273366851,
  "summary_bg_median": 16.697803497314453,
  "summary_bg_n": 102771.0,
  "summary_bg_p05": 7.214285850524902,
  "summary_bg_p95": 181.82968139648438,
  "summary_bg_stdv": 62.654159382320444,
  "summary_fg_k": 0.7083731152396471,
  "summary_fg_mad": 102.20173245932034,
  "summary_fg_mean": 606.4300921135421,
  "summary_fg_median": 626.5054931640625,
  "summary_fg_n": 32397.0,
  "summary_fg_p05": 357.76922607421875,
  "summary_fg_p95": 781.5989379882812,
  "summary_fg_stdv": 125.59197702982425,
  "tsnr": 41.15234356583096
}