{
  "aor": 0.0009771270718232044,
  "aqi": 0.008755736353591162,
  "bids_meta": {
    "Columns": 384,
    "EchoTime": 0.03,
    "EchoTrainLength": 1,
    "FlipAngle": 90.0,
    "ImageType": "ORIGINAL/PRIMARY/M/ND/MOSAIC",
    "ImagingFrequency": 123.253351,
    "InplanePhaseEncodingDirection": "COL",
    "InversionTime": 0.0,
    "MRAcquisitionType": "2D",
    "MagneticFieldStrength": 2.8936200141907,
    "Manufacturer": "SIEMENS",
    "ManufacturersModelName": "Allegra",
    "NumberOfAverages": 1.0,
    "NumberOfPhaseEncodingSteps": 64,
    "PercentPhaseFieldOfView": 100.0,
    "PhaseEncodingDirection": "j-",
    "PixelBandwidth": 2605.0,
    "PixelSpacing": [
      3.125,
      3.125
    ],
    "RepetitionTime": 2,
    "Rows": 384,
    "ScanOptions": "FS",
    "ScanningSequence": [
      "SE",
      "EP"
    ],
    "SequenceName": "*epfid2d1_64",
    "SequenceVariant": "SK",
    "SeriesDate": "18660511",
    "SeriesDescription": "BOLD EPI - Stopmanual2",
    "SeriesNumber": 4,
    "SeriesTime": "090925.343000",
    "SliceThickness": 4.0,
    "SpacingBetweenSlices": 4.0000000699401,
    "StudyID": "1",
    "StudyTime": "084636.203000",
    "dataset": "ds000007",
    "modality": "bold",
    "run_id": 2,
    "subject_id": "04",
    "task_id": "stopmanual"
  },
  "dummy_trs": 1,
  "dvars_nstd": 26.3411553593889,
  "dvars_std": 1.101671711277778,
  "dvars_vstd": 1.0139918473888894,
  "efc": 0.5584854435429877,
  "fber": 1365.4810791015625,
  "fd_mean": 0.06177820672425054,
  "fd_num": 0,
  "fd_perc": 0.0,
  "fwhm_avg": 1.8220317666666668,
  "fwhm_x": 1.7891392,
  "fwhm_y": 2.0372736000000002,
  "fwhm_z": 1.6396825,
  "gcor": 0.0128456,
  "gsr_x": -0.010237677954137325,
  "gsr_y": 0.045907776802778244,
  "provenance": {
    "md5sum": "787ca982eb63b40c60b64d3b5d166062",
    "settings": {
      "fd_thres": 0.2,
      "testing": false
    },
    "software": "mriqc",
    "version": "23.1.0"
  },
  "size_t": 181,
  "size_x": 64,
  "size_y": 64,
  "size_z": 33,
  "snr": 5.430468342709315,
  "spacing_tr": 2.0,
  "spacing_x": 3.125,
  "spacing_y": 3.125,
  "spacing_z": 4.0,
  "summary_bg_k": 20.846698539319856,
  "summary_bg_mad": 8.567967122782036,
  "summary_bg_mean": 38.840442799862075,
  "summary_bg_median": 15.44198989868164,
  "summary_bg_n": 99436.0,
  "summary_bg_p05": 9.187845230102539,
  "summary_bg_p95": 156.83425903320312,
  "summary_bg_stdv": 57.905314959689235,
  "summary_fg_k": 1.5433009685488486,
  "summary_fg_mad": 88.84967061582489,
  "summary_fg_mean": 565.324567766402,
  "summary_fg_median": 570.6188354492188,
  "summary_fg_n": 35732.0,
  "summary_fg_p05": 367.79559326171875,
  "summary_fg_p95": 717.7680053710938,
  "summary_fg_stdv": 105.07580832436743,
  "tsnr": 56.7065791922505
}