{
  "aor": 0.0010044198895027623,
  "aqi": 0.010016372541436464,
  "bids_meta": {
    "Columns": 384,
    "EchoTime": 0.03,
    "EchoTrainLength": 1,
    "FlipAngle": 90.0,
    "ImageType": "ORIGINAL/PRIMARY/M/ND/MOSAIC",
    "ImagingFrequency": 123.253351,
    "InplanePhaseEncodingDirection": "COL",
    "InversionTime": 0.0,
    "MRAcquisitionType": "2D",
    "MagneticFieldStrength": 2.8936200141907,
    "Manufacturer": "SIEMENS",
    "ManufacturersModelName": "Allegra",
    "NumberOfAverages": 1.0,
    "NumberOfPhaseEncodingSteps": 64,
    "PercentPhaseFieldOfView": 100.0,
    "PhaseEncodingDirection": "j-",
    "PixelBandwidth": 2605.0,
    "PixelSpacing": [
      3.125,
      3.125
    ],
    "RepetitionTime": 2,
    "Rows": 384,
    "ScanOptions": "FS",
    "ScanningSequence": [
      "SE",
      "EP"
    ],
    "SequenceName": "*epfid2d1_64",
    "SequenceVariant": "SK",
    "SeriesDate": "18660511",
    "SeriesDescription": "BOLD EPI - Stopvocal2",
    "SeriesNumber": 6,
    "SeriesTime": "092622.953000",
    "SliceThickness": 4.0,
    "SpacingBetweenSlices": 4.0000000699401,
    "StudyID": "1",
    "StudyTime": "084636.203000",
    "dataset": "ds000007",
    "modality": "bold",
    "run_id": 2,
    "subject_id": "04",
    "task_id": "stopvocal"
  },
  "dummy_trs": 1,
  "dvars_nstd": 29.19553224766666,
  "dvars_std": 1.113020777611111,
  "dvars_vstd": 1.0064650265555553,
  "efc": 0.5556045161235268,
  "fber": 1424.287353515625,
  "fd_mean": 0.13604208158694478,
  "fd_num": 25,
  "fd_perc": 13.812154696132596,
  "fwhm_avg": 1.8079744333333334,
  "fwhm_x": 1.7795903999999998,
  "fwhm_y": 2.0128703999999997,
  "fwhm_z": 1.6314625,
  "gcor": 0.0156151,
  "gsr_x": -0.00850102212280035,
  "gsr_y": 0.044538114219903946,
  "provenance": {
    "md5sum": "273a33e1e0e0020ea1cf593052431368",
    "settings": {
      "fd_thres": 0.2,
      "testing": false
    },
    "software": "mriqc",
    "version": "23.1.0"
  },
  "size_t": 181,
  "size_x": 64,
  "size_y": 64,
  "size_z": 33,
  "snr": 5.45019832863574,
  "spacing_tr": 2.0,
  "spacing_x": 3.125,
  "spacing_y": 3.125,
  "spacing_z": 4.0,
  "summary_bg_k": 21.059279229291814,
  "summary_bg_mad": 8.412334158270786,
  "summary_bg_mean": 38.998782923383196,
  "summary_bg_median": 15.198895454406738,
  "summary_bg_n": 99907.0,
  "summary_bg_p05": 8.834254264831543,
  "summary_bg_p95": 158.33702087402344,
  "summary_bg_stdv": 58.959735272030755,
  "summary_fg_k": 1.4727621171047245,
  "summary_fg_mad": 89.43121011516732,
  "summary_fg_mean": 568.5467149541739,
  "summary_fg_median": 573.6022338867188,
  "summary_fg_n": 35261.0,
  "summary_fg_p05": 372.7790222167969,
  "summary_fg_p95": 722.077392578125,
  "summary_fg_stdv": 105.24279403771611,
  "tsnr": 53.50255057238974
}