{
  "aor": 0.0004277348066298342,
  "aqi": 0.013857561436464088,
  "bids_meta": {
    "Columns": 384,
    "EchoTime": 0.03,
    "EchoTrainLength": 1,
    "FlipAngle": 90.0,
    "ImageType": "ORIGINAL/PRIMARY/M/ND/MOSAIC",
    "ImagingFrequency": 123.253324,
    "InplanePhaseEncodingDirection": "COL",
    "InversionTime": 0.0,
    "MRAcquisitionType": "2D",
    "MagneticFieldStrength": 2.8936200141907,
    "Manufacturer": "SIEMENS",
    "ManufacturersModelName": "Allegra",
    "NumberOfAverages": 1.0,
    "NumberOfPhaseEncodingSteps": 64,
    "PercentPhaseFieldOfView": 100.0,
    "PhaseEncodingDirection": "j-",
    "PixelBandwidth": 2605.0,
    "PixelSpacing": [
      3.125,
      3.125
    ],
    "RepetitionTime": 2,
    "Rows": 384,
    "ScanOptions": "FS",
    "ScanningSequence": [
      "SE",
      "EP"
    ],
    "SequenceName": "*epfid2d1_64",
    "SequenceVariant": "SK",
    "SeriesDate": "18661001",
    "SeriesDescription": "BOLD EPI - Stopvocal2",
    "SeriesNumber": 4,
    "SeriesTime": "121912.203000",
    "SliceThickness": 4.0,
    "SpacingBetweenSlices": 3.9999999066231,
    "StudyID": "1",
    "StudyTime": "120323.781000",
    "dataset": "ds000007",
    "modality": "bold",
    "run_id": 2,
    "subject_id": "16",
    "task_id": "stopvocal"
  },
  "dummy_trs": 1,
  "dvars_nstd": 28.41540515661112,
  "dvars_std": 1.0662735692222223,
  "dvars_vstd": 0.9670333562222229,
  "efc": 0.5972911508601464,
  "fber": 1215.633056640625,
  "fd_mean": 0.1044012049127517,
  "fd_num": 7,
  "fd_perc": 3.867403314917127,
  "fwhm_avg": 1.8370242525702352,
  "fwhm_x": 1.7949119999999998,
  "fwhm_y": 2.0671457577107053,
  "fwhm_z": 1.649015,
  "gcor": 0.0128485,
  "gsr_x": -0.009508389979600906,
  "gsr_y": 0.05749973654747009,
  "provenance": {
    "md5sum": "c1d2e92a12ce741f750079438c86b4d6",
    "settings": {
      "fd_thres": 0.2,
      "testing": false
    },
    "software": "mriqc",
    "version": "23.1.0"
  },
  "size_t": 181,
  "size_x": 64,
  "size_y": 64,
  "size_z": 33,
  "snr": 5.355661991613868,
  "spacing_tr": 2.0,
  "spacing_x": 3.125,
  "spacing_y": 3.124999761581421,
  "spacing_z": 4.0,
  "summary_bg_k": 19.627725954207495,
  "summary_bg_mad": 10.157054458513374,
  "summary_bg_mean": 43.808903258011036,
  "summary_bg_median": 16.977901458740234,
  "summary_bg_n": 92876.0,
  "summary_bg_p05": 9.259669303894043,
  "summary_bg_p95": 175.0718231201172,
  "summary_bg_stdv": 64.50961854808274,
  "summary_fg_k": 1.3046894030607366,
  "summary_fg_mad": 94.12886202979631,
  "summary_fg_mean": 589.4590641221926,
  "summary_fg_median": 591.9503173828125,
  "summary_fg_n": 42292.0,
  "summary_fg_p05": 388.657470703125,
  "summary_fg_p95": 759.2872924804688,
  "summary_fg_stdv": 110.526638890971,
  "tsnr": 48.39278152654879
}