{
  "aor": 0.003096593406593407,
  "aqi": 0.028792016483516484,
  "bids_meta": {
    "Columns": 384,
    "EchoTime": 0.03,
    "EchoTrainLength": 1,
    "FlipAngle": 90.0,
    "ImageType": "ORIGINAL/PRIMARY/M/ND/MOSAIC",
    "ImagingFrequency": 123.253324,
    "InplanePhaseEncodingDirection": "COL",
    "InversionTime": 0.0,
    "MRAcquisitionType": "2D",
    "MagneticFieldStrength": 2.8936200141907,
    "Manufacturer": "SIEMENS",
    "ManufacturersModelName": "Allegra",
    "NumberOfAverages": 1.0,
    "NumberOfPhaseEncodingSteps": 64,
    "PercentPhaseFieldOfView": 100.0,
    "PhaseEncodingDirection": "j-",
    "PixelBandwidth": 2605.0,
    "PixelSpacing": [
      3.125,
      3.125
    ],
    "RepetitionTime": 2,
    "Rows": 384,
    "ScanOptions": "FS",
    "ScanningSequence": [
      "SE",
      "EP"
    ],
    "SequenceName": "*epfid2d1_64",
    "SequenceVariant": "SK",
    "SeriesDate": "18661001",
    "SeriesDescription": "BOLD EPI - Stopvocal1",
    "SeriesNumber": 3,
    "SeriesTime": "121123.859000",
    "SliceThickness": 4.0,
    "SpacingBetweenSlices": 3.9999999066231,
    "StudyID": "1",
    "StudyTime": "120323.781000",
    "dataset": "ds000007",
    "modality": "bold",
    "run_id": 1,
    "subject_id": "16",
    "task_id": "stopvocal"
  },
  "dummy_trs": 0,
  "dvars_nstd": 32.87422109519336,
  "dvars_std": 1.0872477823204416,
  "dvars_vstd": 0.965821493093923,
  "efc": 0.5950943839820898,
  "fber": 1258.570068359375,
  "fd_mean": 0.18486683095362752,
  "fd_num": 51,
  "fd_perc": 28.021978021978022,
  "fwhm_avg": 1.87349332075448,
  "fwhm_x": 1.8219456,
  "fwhm_y": 2.12681936226344,
  "fwhm_z": 1.671715,
  "gcor": 0.00919618,
  "gsr_x": -0.008371854200959206,
  "gsr_y": 0.05891209840774536,
  "provenance": {
    "md5sum": "8ef77d7c6e54e3521a23de00ed6d63d2",
    "settings": {
      "fd_thres": 0.2,
      "testing": false
    },
    "software": "mriqc",
    "version": "23.1.0"
  },
  "size_t": 182,
  "size_x": 64,
  "size_y": 64,
  "size_z": 33,
  "snr": 5.411815786007102,
  "spacing_tr": 2.0,
  "spacing_x": 3.125,
  "spacing_y": 3.124999761581421,
  "spacing_z": 4.0,
  "summary_bg_k": 19.14881664663828,
  "summary_bg_mad": 10.736646990487783,
  "summary_bg_mean": 43.55921646051769,
  "summary_bg_median": 16.94505500793457,
  "summary_bg_n": 93051.0,
  "summary_bg_p05": 7.714285850524902,
  "summary_bg_p95": 175.4560546875,
  "summary_bg_stdv": 64.18787637907765,
  "summary_fg_k": 1.017540209355305,
  "summary_fg_mad": 94.8621094526815,
  "summary_fg_mean": 597.2610348746922,
  "summary_fg_median": 601.1483764648438,
  "summary_fg_n": 42117.0,
  "summary_fg_p05": 383.1318664550781,
  "summary_fg_p95": 766.3956298828125,
  "summary_fg_stdv": 111.07939803294374,
  "tsnr": 35.19338872516528
}