{
  "aor": 0.005780662983425415,
  "aqi": 0.016092132044198897,
  "bids_meta": {
    "Columns": 384,
    "EchoTime": 0.03,
    "EchoTrainLength": 1,
    "FlipAngle": 90.0,
    "ImageType": "ORIGINAL/PRIMARY/M/ND/MOSAIC",
    "ImagingFrequency": 123.253324,
    "InplanePhaseEncodingDirection": "COL",
    "InversionTime": 0.0,
    "MRAcquisitionType": "2D",
    "MagneticFieldStrength": 2.8936200141907,
    "Manufacturer": "SIEMENS",
    "ManufacturersModelName": "Allegra",
    "NumberOfAverages": 1.0,
    "NumberOfPhaseEncodingSteps": 64,
    "PercentPhaseFieldOfView": 100.0,
    "PhaseEncodingDirection": "j-",
    "PixelBandwidth": 2605.0,
    "PixelSpacing": [
      3.125,
      3.125
    ],
    "RepetitionTime": 2,
    "Rows": 384,
    "ScanOptions": "FS",
    "ScanningSequence": [
      "SE",
      "EP"
    ],
    "SequenceName": "*epfid2d1_64",
    "SequenceVariant": "SK",
    "SeriesDate": "18661001",
    "SeriesDescription": "BOLD EPI - Stopword1",
    "SeriesNumber": 5,
    "SeriesTime": "122658.234000",
    "SliceThickness": 4.0,
    "SpacingBetweenSlices": 3.9999999066231,
    "StudyID": "1",
    "StudyTime": "120323.781000",
    "dataset": "ds000007",
    "modality": "bold",
    "run_id": 1,
    "subject_id": "16",
    "task_id": "stopword"
  },
  "dummy_trs": 1,
  "dvars_nstd": 28.195096524722207,
  "dvars_std": 1.1269524918888887,
  "dvars_vstd": 1.0379006693888888,
  "efc": 0.5957999596702469,
  "fber": 1241.2088623046875,
  "fd_mean": 0.1093822946326635,
  "fd_num": 11,
  "fd_perc": 6.077348066298343,
  "fwhm_avg": 1.8436445859178914,
  "fwhm_x": 1.8036447999999998,
  "fwhm_y": 2.0677089577536742,
  "fwhm_z": 1.65958,
  "gcor": 0.0180391,
  "gsr_x": -0.007929820567369461,
  "gsr_y": 0.057144444435834885,
  "provenance": {
    "md5sum": "511863c7bc109e371036c33d6d05a535",
    "settings": {
      "fd_thres": 0.2,
      "testing": false
    },
    "software": "mriqc",
    "version": "23.1.0"
  },
  "size_t": 181,
  "size_x": 64,
  "size_y": 64,
  "size_z": 33,
  "snr": 5.351606698495917,
  "spacing_tr": 2.0,
  "spacing_x": 3.125,
  "spacing_y": 3.124999761581421,
  "spacing_z": 4.0,
  "summary_bg_k": 20.17864779655218,
  "summary_bg_mad": 10.378215529539213,
  "summary_bg_mean": 43.61121414070299,
  "summary_bg_median": 16.90055274963379,
  "summary_bg_n": 93031.0,
  "summary_bg_p05": 8.607734680175781,
  "summary_bg_p95": 174.26519775390625,
  "summary_bg_stdv": 64.09092679904045,
  "summary_fg_k": 1.1914126326774328,
  "summary_fg_mad": 94.66538232725235,
  "summary_fg_mean": 592.5403447740426,
  "summary_fg_median": 595.419921875,
  "summary_fg_n": 42137.0,
  "summary_fg_p05": 390.3315124511719,
  "summary_fg_p95": 763.3480834960938,
  "summary_fg_stdv": 111.25870978416826,
  "tsnr": 44.426666108192876
}