{
  "aor": 0.00043861878453038667,
  "aqi": 0.009959730718232045,
  "bids_meta": {
    "Columns": 384,
    "EchoTime": 0.03,
    "EchoTrainLength": 1,
    "FlipAngle": 90.0,
    "ImageType": "ORIGINAL/PRIMARY/M/ND/MOSAIC",
    "ImagingFrequency": 123.253324,
    "InplanePhaseEncodingDirection": "COL",
    "InversionTime": 0.0,
    "MRAcquisitionType": "2D",
    "MagneticFieldStrength": 2.8936200141907,
    "Manufacturer": "SIEMENS",
    "ManufacturersModelName": "Allegra",
    "NumberOfAverages": 1.0,
    "NumberOfPhaseEncodingSteps": 64,
    "PercentPhaseFieldOfView": 100.0,
    "PhaseEncodingDirection": "j-",
    "PixelBandwidth": 2605.0,
    "PixelSpacing": [
      3.125,
      3.125
    ],
    "RepetitionTime": 2,
    "Rows": 384,
    "ScanOptions": "FS",
    "ScanningSequence": [
      "SE",
      "EP"
    ],
    "SequenceName": "*epfid2d1_64",
    "SequenceVariant": "SK",
    "SeriesDate": "18661001",
    "SeriesDescription": "BOLD EPI - Stopmanual2",
    "SeriesNumber": 9,
    "SeriesTime": "125335.468000",
    "SliceThickness": 4.0,
    "SpacingBetweenSlices": 3.9999999066231,
    "StudyID": "1",
    "StudyTime": "120323.781000",
    "dataset": "ds000007",
    "modality": "bold",
    "run_id": 2,
    "subject_id": "16",
    "task_id": "stopmanual"
  },
  "dummy_trs": 1,
  "dvars_nstd": 24.8566649858889,
  "dvars_std": 1.0680294200555553,
  "dvars_vstd": 0.9869605451666669,
  "efc": 0.5886551697376091,
  "fber": 1417.143798828125,
  "fd_mean": 0.05873709926545821,
  "fd_num": 1,
  "fd_perc": 0.5524861878453039,
  "fwhm_avg": 1.8198702518382202,
  "fwhm_x": 1.768784,
  "fwhm_y": 2.0383617555146603,
  "fwhm_z": 1.652465,
  "gcor": 0.00647958,
  "gsr_x": -0.0026767172385007143,
  "gsr_y": 0.05884554982185364,
  "provenance": {
    "md5sum": "539c092a13d723bb17b51b5fd399e5b7",
    "settings": {
      "fd_thres": 0.2,
      "testing": false
    },
    "software": "mriqc",
    "version": "23.1.0"
  },
  "size_t": 181,
  "size_x": 64,
  "size_y": 64,
  "size_z": 33,
  "snr": 5.4099783840563305,
  "spacing_tr": 2.0,
  "spacing_x": 3.125,
  "spacing_y": 3.124999761581421,
  "spacing_z": 4.0,
  "summary_bg_k": 18.29341733280926,
  "summary_bg_mad": 9.337936867004949,
  "summary_bg_mean": 43.99810261583912,
  "summary_bg_median": 16.2541446685791,
  "summary_bg_n": 94122.0,
  "summary_bg_p05": 9.165745735168457,
  "summary_bg_p95": 179.5745849609375,
  "summary_bg_stdv": 65.77462533955072,
  "summary_fg_k": 1.2310434973012025,
  "summary_fg_mad": 96.94656636816468,
  "summary_fg_mean": 609.6757657860987,
  "summary_fg_median": 611.8867797851562,
  "summary_fg_n": 41046.0,
  "summary_fg_p05": 400.4420166015625,
  "summary_fg_p95": 783.4972534179688,
  "summary_fg_stdv": 113.10199091955225,
  "tsnr": 56.228806423489004
}