{
  "aor": 0.00045972222222222215,
  "aqi": 0.031871040555555556,
  "bids_meta": {
    "Columns": 384,
    "EchoTime": 0.03,
    "EchoTrainLength": 1,
    "FlipAngle": 90.0,
    "ImageType": "ORIGINAL/PRIMARY/M/ND/MOSAIC",
    "ImagingFrequency": 123.253324,
    "InplanePhaseEncodingDirection": "COL",
    "InversionTime": 0.0,
    "MRAcquisitionType": "2D",
    "MagneticFieldStrength": 2.8936200141907,
    "Manufacturer": "SIEMENS",
    "ManufacturersModelName": "Allegra",
    "NumberOfAverages": 1.0,
    "NumberOfPhaseEncodingSteps": 64,
    "PercentPhaseFieldOfView": 100.0,
    "PhaseEncodingDirection": "j-",
    "PixelBandwidth": 2605.0,
    "PixelSpacing": [
      3.125,
      3.125
    ],
    "RepetitionTime": 2,
    "Rows": 384,
    "ScanOptions": "FS",
    "ScanningSequence": [
      "SE",
      "EP"
    ],
    "SequenceName": "*epfid2d1_64",
    "SequenceVariant": "SK",
    "SeriesDate": "18661001",
    "SeriesDescription": "BOLD EPI - Stopword2",
    "SeriesNumber": 6,
    "SeriesTime": "123508.078000",
    "SliceThickness": 4.0,
    "SpacingBetweenSlices": 3.9999999066231,
    "StudyID": "1",
    "StudyTime": "120323.781000",
    "dataset": "ds000007",
    "modality": "bold",
    "run_id": 2,
    "subject_id": "16",
    "task_id": "stopword"
  },
  "dummy_trs": 2,
  "dvars_nstd": 29.111113905251404,
  "dvars_std": 1.0072156540223467,
  "dvars_vstd": 0.9119462284916198,
  "efc": 0.5924372757604495,
  "fber": 1278.6083984375,
  "fd_mean": 0.14465246437171464,
  "fd_num": 21,
  "fd_perc": 11.666666666666666,
  "fwhm_avg": 1.8760976203434285,
  "fwhm_x": 1.8256991999999999,
  "fwhm_y": 2.1106561610302856,
  "fwhm_z": 1.6919375,
  "gcor": 0.0181863,
  "gsr_x": -0.006355434190481901,
  "gsr_y": 0.057156939059495926,
  "provenance": {
    "md5sum": "ef3d2ba438870a944d9a65fce86f8662",
    "settings": {
      "fd_thres": 0.2,
      "testing": false
    },
    "software": "mriqc",
    "version": "23.1.0"
  },
  "size_t": 180,
  "size_x": 64,
  "size_y": 64,
  "size_z": 33,
  "snr": 5.450492876582425,
  "spacing_tr": 2.0,
  "spacing_x": 3.125,
  "spacing_y": 3.124999761581421,
  "spacing_z": 4.0,
  "summary_bg_k": 18.03977613148272,
  "summary_bg_mad": 10.452347337168082,
  "summary_bg_mean": 44.41076400793956,
  "summary_bg_median": 16.916667938232422,
  "summary_bg_n": 93822.0,
  "summary_bg_p05": 7.038888931274414,
  "summary_bg_p95": 179.0500030517578,
  "summary_bg_stdv": 65.01609380505509,
  "summary_fg_k": 1.050631154298836,
  "summary_fg_mad": 95.38080305109911,
  "summary_fg_mean": 601.6978114177981,
  "summary_fg_median": 604.9000244140625,
  "summary_fg_n": 41346.0,
  "summary_fg_p05": 397.76666259765625,
  "summary_fg_p95": 773.072265625,
  "summary_fg_stdv": 110.97945139446361,
  "tsnr": 32.65474599774461
}