{
  "aor": 0.0005509340659340659,
  "aqi": 0.014938226208791209,
  "bids_meta": {
    "Columns": 384,
    "EchoTime": 0.03,
    "EchoTrainLength": 1,
    "FlipAngle": 90.0,
    "ImageType": "ORIGINAL/PRIMARY/M/ND/MOSAIC",
    "ImagingFrequency": 123.253324,
    "InplanePhaseEncodingDirection": "COL",
    "InversionTime": 0.0,
    "MRAcquisitionType": "2D",
    "MagneticFieldStrength": 2.8936200141907,
    "Manufacturer": "SIEMENS",
    "ManufacturersModelName": "Allegra",
    "NumberOfAverages": 1.0,
    "NumberOfPhaseEncodingSteps": 64,
    "PercentPhaseFieldOfView": 100.0,
    "PhaseEncodingDirection": "j-",
    "PixelBandwidth": 2605.0,
    "PixelSpacing": [
      3.125,
      3.125
    ],
    "RepetitionTime": 2,
    "Rows": 384,
    "ScanOptions": "FS",
    "ScanningSequence": [
      "SE",
      "EP"
    ],
    "SequenceName": "*epfid2d1_64",
    "SequenceVariant": "SK",
    "SeriesDate": "18661001",
    "SeriesDescription": "BOLD EPI - Stopmanual1",
    "SeriesNumber": 8,
    "SeriesTime": "124638.343000",
    "SliceThickness": 4.0,
    "SpacingBetweenSlices": 3.9999999066231,
    "StudyID": "1",
    "StudyTime": "120323.781000",
    "dataset": "ds000007",
    "modality": "bold",
    "run_id": 1,
    "subject_id": "16",
    "task_id": "stopmanual"
  },
  "dummy_trs": 0,
  "dvars_nstd": 24.80477329911602,
  "dvars_std": 1.0132819820441987,
  "dvars_vstd": 0.9517656319337019,
  "efc": 0.5898273820355869,
  "fber": 1370.9658203125,
  "fd_mean": 0.07253034074585529,
  "fd_num": 3,
  "fd_perc": 1.6483516483516483,
  "fwhm_avg": 1.8417150527645711,
  "fwhm_x": 1.7908928,
  "fwhm_y": 2.0747873582937135,
  "fwhm_z": 1.659465,
  "gcor": 0.00579132,
  "gsr_x": -0.003678049659356475,
  "gsr_y": 0.059040796011686325,
  "provenance": {
    "md5sum": "d5c57daabdf344440b4d42765ec84be0",
    "settings": {
      "fd_thres": 0.2,
      "testing": false
    },
    "software": "mriqc",
    "version": "23.1.0"
  },
  "size_t": 182,
  "size_x": 64,
  "size_y": 64,
  "size_z": 33,
  "snr": 5.398343474822631,
  "spacing_tr": 2.0,
  "spacing_x": 3.125,
  "spacing_y": 3.124999761581421,
  "spacing_z": 4.0,
  "summary_bg_k": 17.71119111239151,
  "summary_bg_mad": 10.1093898129483,
  "summary_bg_mean": 44.426289318939574,
  "summary_bg_median": 16.54945182800293,
  "summary_bg_n": 94030.0,
  "summary_bg_p05": 8.274725914001465,
  "summary_bg_p95": 181.85714721679688,
  "summary_bg_stdv": 66.13694542202074,
  "summary_fg_k": 1.1354349478422554,
  "summary_fg_mad": 96.67871342829794,
  "summary_fg_mean": 609.9828670326822,
  "summary_fg_median": 612.7692260742188,
  "summary_fg_n": 41138.0,
  "summary_fg_p05": 396.0,
  "summary_fg_p95": 784.3077392578125,
  "summary_fg_stdv": 113.50922392384665,
  "tsnr": 48.260127743531484
}