{
  "aor": 0.0005869060773480663,
  "aqi": 0.011244196243093925,
  "bids_meta": {
    "Columns": 384,
    "EchoTime": 0.03,
    "EchoTrainLength": 1,
    "FlipAngle": 90.0,
    "ImageType": "ORIGINAL/PRIMARY/M/ND/MOSAIC",
    "ImagingFrequency": 123.25311,
    "InplanePhaseEncodingDirection": "COL",
    "InversionTime": 0.0,
    "MRAcquisitionType": "2D",
    "MagneticFieldStrength": 2.8936200141907,
    "Manufacturer": "SIEMENS",
    "ManufacturersModelName": "Allegra",
    "NumberOfAverages": 1.0,
    "NumberOfPhaseEncodingSteps": 64,
    "PercentPhaseFieldOfView": 100.0,
    "PhaseEncodingDirection": "j-",
    "PixelBandwidth": 2605.0,
    "PixelSpacing": [
      3.125,
      3.125
    ],
    "RepetitionTime": 2,
    "Rows": 384,
    "ScanOptions": "FS",
    "ScanningSequence": [
      "SE",
      "EP"
    ],
    "SequenceName": "*epfid2d1_64",
    "SequenceVariant": "SK",
    "SeriesDate": "18660510",
    "SeriesDescription": "BOLD EPI - Stopvocal2",
    "SeriesNumber": 5,
    "SeriesTime": "093823.890000",
    "SliceThickness": 4.0,
    "SpacingBetweenSlices": 3.9999999622543,
    "StudyID": "1",
    "StudyTime": "090723.203000",
    "dataset": "ds000007",
    "modality": "bold",
    "run_id": 2,
    "subject_id": "02",
    "task_id": "stopvocal"
  },
  "dummy_trs": 1,
  "dvars_nstd": 30.320790100333326,
  "dvars_std": 1.1713001913888887,
  "dvars_vstd": 1.0001143116111106,
  "efc": 0.5083873775821967,
  "fber": 1903.358642578125,
  "fd_mean": 0.10989340293742285,
  "fd_num": 11,
  "fd_perc": 6.077348066298343,
  "fwhm_avg": 1.8124374,
  "fwhm_x": 1.8485535999999998,
  "fwhm_y": 1.9468736000000002,
  "fwhm_z": 1.641885,
  "gcor": 0.0141005,
  "gsr_x": -0.006142961792647839,
  "gsr_y": 0.02557031251490116,
  "provenance": {
    "md5sum": "566004a00ed394a163beafade9b0d89c",
    "settings": {
      "fd_thres": 0.2,
      "testing": false
    },
    "software": "mriqc",
    "version": "23.1.0"
  },
  "size_t": 181,
  "size_x": 64,
  "size_y": 64,
  "size_z": 33,
  "snr": 5.50126152387431,
  "spacing_tr": 2.0,
  "spacing_x": 3.125,
  "spacing_y": 3.125,
  "spacing_z": 4.0,
  "summary_bg_k": 30.49890938989109,
  "summary_bg_mad": 5.012997001862612,
  "summary_bg_mean": 29.291809357114957,
  "summary_bg_median": 12.458563804626465,
  "summary_bg_n": 105062.0,
  "summary_bg_p05": 8.552486419677734,
  "summary_bg_p95": 117.3867416381836,
  "summary_bg_stdv": 48.310273483497916,
  "summary_fg_k": 1.81179519337128,
  "summary_fg_mad": 81.17455275291715,
  "summary_fg_mean": 535.3821949457351,
  "summary_fg_median": 543.5359497070312,
  "summary_fg_n": 30106.0,
  "summary_fg_p05": 347.149169921875,
  "summary_fg_p95": 677.6906127929688,
  "summary_fg_stdv": 98.80041518410157,
  "tsnr": 56.73550554178655
}