{
  "aor": 0.0010736813186813187,
  "aqi": 0.010419925274725276,
  "bids_meta": {
    "Columns": 384,
    "EchoTime": 0.03,
    "EchoTrainLength": 1,
    "FlipAngle": 90.0,
    "ImageType": "ORIGINAL/PRIMARY/M/ND/MOSAIC",
    "ImagingFrequency": 123.25311,
    "InplanePhaseEncodingDirection": "COL",
    "InversionTime": 0.0,
    "MRAcquisitionType": "2D",
    "MagneticFieldStrength": 2.8936200141907,
    "Manufacturer": "SIEMENS",
    "ManufacturersModelName": "Allegra",
    "NumberOfAverages": 1.0,
    "NumberOfPhaseEncodingSteps": 64,
    "PercentPhaseFieldOfView": 100.0,
    "PhaseEncodingDirection": "j-",
    "PixelBandwidth": 2605.0,
    "PixelSpacing": [
      3.125,
      3.125
    ],
    "RepetitionTime": 2,
    "Rows": 384,
    "ScanOptions": "FS",
    "ScanningSequence": [
      "SE",
      "EP"
    ],
    "SequenceName": "*epfid2d1_64",
    "SequenceVariant": "SK",
    "SeriesDate": "18660510",
    "SeriesDescription": "BOLD EPI - Stopvocal1",
    "SeriesNumber": 3,
    "SeriesTime": "092055.218000",
    "SliceThickness": 4.0,
    "SpacingBetweenSlices": 3.9999999622543,
    "StudyID": "1",
    "StudyTime": "090723.203000",
    "dataset": "ds000007",
    "modality": "bold",
    "run_id": 1,
    "subject_id": "02",
    "task_id": "stopvocal"
  },
  "dummy_trs": 0,
  "dvars_nstd": 30.38466064690606,
  "dvars_std": 1.1971947697790053,
  "dvars_vstd": 1.0178980629281769,
  "efc": 0.5075987268628043,
  "fber": 1941.20068359375,
  "fd_mean": 0.10574773717979084,
  "fd_num": 12,
  "fd_perc": 6.593406593406593,
  "fwhm_avg": 1.816364166666667,
  "fwhm_x": 1.8393824,
  "fwhm_y": 1.9708576,
  "fwhm_z": 1.6388525,
  "gcor": 0.0179831,
  "gsr_x": -0.00622527813538909,
  "gsr_y": 0.0248225387185812,
  "provenance": {
    "md5sum": "e7cdab32c7a03de945d3f58713b51fa9",
    "settings": {
      "fd_thres": 0.2,
      "testing": false
    },
    "software": "mriqc",
    "version": "23.1.0"
  },
  "size_t": 182,
  "size_x": 64,
  "size_y": 64,
  "size_z": 33,
  "snr": 5.525429326753935,
  "spacing_tr": 2.0,
  "spacing_x": 3.125,
  "spacing_y": 3.125,
  "spacing_z": 4.0,
  "summary_bg_k": 30.129456016264925,
  "summary_bg_mad": 4.903992279807682,
  "summary_bg_mean": 29.01860615000399,
  "summary_bg_median": 12.280220031738281,
  "summary_bg_n": 105115.0,
  "summary_bg_p05": 8.2362642288208,
  "summary_bg_p95": 117.73077392578125,
  "summary_bg_stdv": 48.15906635768819,
  "summary_fg_k": 1.7826527043805482,
  "summary_fg_mad": 80.53306306010793,
  "summary_fg_mean": 533.0814919264683,
  "summary_fg_median": 541.054931640625,
  "summary_fg_n": 30053.0,
  "summary_fg_p05": 346.7857360839844,
  "summary_fg_p95": 675.1209106445312,
  "summary_fg_stdv": 97.91925620454309,
  "tsnr": 56.818274550139904
}