{
  "aor": 0.0017215934065934063,
  "aqi": 0.01113253923076923,
  "bids_meta": {
    "Columns": 384,
    "EchoTime": 0.03,
    "EchoTrainLength": 1,
    "FlipAngle": 90.0,
    "ImageType": "ORIGINAL/PRIMARY/M/ND/MOSAIC",
    "ImagingFrequency": 123.25311,
    "InplanePhaseEncodingDirection": "COL",
    "InversionTime": 0.0,
    "MRAcquisitionType": "2D",
    "MagneticFieldStrength": 2.8936200141907,
    "Manufacturer": "SIEMENS",
    "ManufacturersModelName": "Allegra",
    "NumberOfAverages": 1.0,
    "NumberOfPhaseEncodingSteps": 64,
    "PercentPhaseFieldOfView": 100.0,
    "PhaseEncodingDirection": "j-",
    "PixelBandwidth": 2605.0,
    "PixelSpacing": [
      3.125,
      3.125
    ],
    "RepetitionTime": 2,
    "Rows": 384,
    "ScanOptions": "FS",
    "ScanningSequence": [
      "SE",
      "EP"
    ],
    "SequenceName": "*epfid2d1_64",
    "SequenceVariant": "SK",
    "SeriesDate": "18660510",
    "SeriesDescription": "BOLD EPI - Stopword2",
    "SeriesNumber": 7,
    "SeriesTime": "095412.890000",
    "SliceThickness": 4.0,
    "SpacingBetweenSlices": 3.9999999622543,
    "StudyID": "1",
    "StudyTime": "090723.203000",
    "dataset": "ds000007",
    "modality": "bold",
    "run_id": 2,
    "subject_id": "02",
    "task_id": "stopword"
  },
  "dummy_trs": 0,
  "dvars_nstd": 29.580055752928164,
  "dvars_std": 1.1820169844198898,
  "dvars_vstd": 1.027551317237569,
  "efc": 0.5083802391999457,
  "fber": 1936.979248046875,
  "fd_mean": 0.1334561636298648,
  "fd_num": 27,
  "fd_perc": 14.835164835164836,
  "fwhm_avg": 1.8118933666666666,
  "fwhm_x": 1.8418976,
  "fwhm_y": 1.9561600000000001,
  "fwhm_z": 1.6376225,
  "gcor": 0.0171133,
  "gsr_x": -0.006142354104667902,
  "gsr_y": 0.024323098361492157,
  "provenance": {
    "md5sum": "bb7c1b013904bf95dece5a8ab99a3ec9",
    "settings": {
      "fd_thres": 0.2,
      "testing": false
    },
    "software": "mriqc",
    "version": "23.1.0"
  },
  "size_t": 182,
  "size_x": 64,
  "size_y": 64,
  "size_z": 33,
  "snr": 5.506048346344573,
  "spacing_tr": 2.0,
  "spacing_x": 3.125,
  "spacing_y": 3.125,
  "spacing_z": 4.0,
  "summary_bg_k": 31.085385708371277,
  "summary_bg_mad": 5.270569331901585,
  "summary_bg_mean": 30.164744893620483,
  "summary_bg_median": 12.593406677246094,
  "summary_bg_n": 105150.0,
  "summary_bg_p05": 8.329670906066895,
  "summary_bg_p95": 122.02747344970703,
  "summary_bg_stdv": 50.218112545360384,
  "summary_fg_k": 1.7706831195546693,
  "summary_fg_mad": 82.68357830197718,
  "summary_fg_mean": 546.1450343941203,
  "summary_fg_median": 554.25,
  "summary_fg_n": 30018.0,
  "summary_fg_p05": 355.4560546875,
  "summary_fg_p95": 692.401123046875,
  "summary_fg_stdv": 100.6603525975657,
  "tsnr": 56.28826362808468
}