{
  "aor": 0.000892596685082873,
  "aqi": 0.010420662209944751,
  "bids_meta": {
    "Columns": 384,
    "EchoTime": 0.03,
    "EchoTrainLength": 1,
    "FlipAngle": 90.0,
    "ImageType": "ORIGINAL/PRIMARY/M/ND/MOSAIC",
    "ImagingFrequency": 123.253528,
    "InplanePhaseEncodingDirection": "COL",
    "InversionTime": 0.0,
    "MRAcquisitionType": "2D",
    "MagneticFieldStrength": 3.0,
    "Manufacturer": "SIEMENS",
    "ManufacturersModelName": "Allegra",
    "NumberOfAverages": 1.0,
    "NumberOfPhaseEncodingSteps": 64,
    "PercentPhaseFieldOfView": 100.0,
    "PhaseEncodingDirection": "j-",
    "PixelBandwidth": 2605.0,
    "PixelSpacing": [
      3.125,
      3.125
    ],
    "RepetitionTime": 2,
    "Rows": 384,
    "ScanOptions": "FS",
    "ScanningSequence": [
      "SE",
      "EP"
    ],
    "SequenceName": "*epfid2d1_64",
    "SequenceVariant": "SK",
    "SeriesDate": "18661027",
    "SeriesDescription": "BOLD EPI - Stopmanual2",
    "SeriesNumber": 10,
    "SeriesTime": "102746.328000",
    "SliceThickness": 4.0,
    "SpacingBetweenSlices": 4.0000000697945,
    "StudyID": "1",
    "StudyTime": "092729.562000",
    "dataset": "ds000007",
    "modality": "bold",
    "run_id": 2,
    "subject_id": "19",
    "task_id": "stopmanual"
  },
  "dummy_trs": 1,
  "dvars_nstd": 26.199733553777783,
  "dvars_std": 1.1422472227222218,
  "dvars_vstd": 0.9966602947777773,
  "efc": 0.5103404839322391,
  "fber": 2031.1119384765625,
  "fd_mean": 0.06619803844162264,
  "fd_num": 4,
  "fd_perc": 2.2099447513812156,
  "fwhm_avg": 1.6601966333333333,
  "fwhm_x": 1.6013344,
  "fwhm_y": 1.889968,
  "fwhm_z": 1.4892875,
  "gcor": 0.0110909,
  "gsr_x": -0.01250174269080162,
  "gsr_y": 0.030798453837633133,
  "provenance": {
    "md5sum": "9f887433ff8bf86d9f32f4f70fb484e9",
    "settings": {
      "fd_thres": 0.2,
      "testing": false
    },
    "software": "mriqc",
    "version": "23.1.0"
  },
  "size_t": 181,
  "size_x": 64,
  "size_y": 64,
  "size_z": 33,
  "snr": 5.690963022935676,
  "spacing_tr": 2.0,
  "spacing_x": 3.125,
  "spacing_y": 3.125,
  "spacing_z": 4.0,
  "summary_bg_k": 19.510899991452554,
  "summary_bg_mad": 6.266247312768008,
  "summary_bg_mean": 37.28852371693888,
  "summary_bg_median": 13.922652244567871,
  "summary_bg_n": 106164.0,
  "summary_bg_p05": 9.193370819091797,
  "summary_bg_p95": 159.38674926757812,
  "summary_bg_stdv": 60.13467738300553,
  "summary_fg_k": 1.9977098759526308,
  "summary_fg_mad": 89.582782302423,
  "summary_fg_mean": 620.1940185024465,
  "summary_fg_median": 627.464111328125,
  "summary_fg_n": 29004.0,
  "summary_fg_p05": 403.5911865234375,
  "summary_fg_p95": 777.0552978515625,
  "summary_fg_stdv": 110.25432635063046,
  "tsnr": 58.39518402609974
}