{
  "aor": 0.0018632417582417583,
  "aqi": 0.011752757912087911,
  "bids_meta": {
    "Columns": 384,
    "EchoTime": 0.03,
    "EchoTrainLength": 1,
    "FlipAngle": 90.0,
    "ImageType": "ORIGINAL/PRIMARY/M/ND/MOSAIC",
    "ImagingFrequency": 123.253528,
    "InplanePhaseEncodingDirection": "COL",
    "InversionTime": 0.0,
    "MRAcquisitionType": "2D",
    "MagneticFieldStrength": 3.0,
    "Manufacturer": "SIEMENS",
    "ManufacturersModelName": "Allegra",
    "NumberOfAverages": 1.0,
    "NumberOfPhaseEncodingSteps": 64,
    "PercentPhaseFieldOfView": 100.0,
    "PhaseEncodingDirection": "j-",
    "PixelBandwidth": 2605.0,
    "PixelSpacing": [
      3.125,
      3.125
    ],
    "RepetitionTime": 2,
    "Rows": 384,
    "ScanOptions": "FS",
    "ScanningSequence": [
      "SE",
      "EP"
    ],
    "SequenceName": "*epfid2d1_64",
    "SequenceVariant": "SK",
    "SeriesDate": "18661027",
    "SeriesDescription": "BOLD EPI - Stopvocal2",
    "SeriesNumber": 5,
    "SeriesTime": "095134.687000",
    "SliceThickness": 4.0,
    "SpacingBetweenSlices": 4.0000000697945,
    "StudyID": "1",
    "StudyTime": "092729.562000",
    "dataset": "ds000007",
    "modality": "bold",
    "run_id": 2,
    "subject_id": "19",
    "task_id": "stopvocal"
  },
  "dummy_trs": 0,
  "dvars_nstd": 27.599577287016583,
  "dvars_std": 1.1210366649171268,
  "dvars_vstd": 1.0257156690607734,
  "efc": 0.5090904801300463,
  "fber": 2054.14013671875,
  "fd_mean": 0.18988719921779346,
  "fd_num": 69,
  "fd_perc": 37.91208791208791,
  "fwhm_avg": 1.6749705333333331,
  "fwhm_x": 1.6125087999999999,
  "fwhm_y": 1.9091327999999999,
  "fwhm_z": 1.50327,
  "gcor": 0.0150134,
  "gsr_x": -0.013263688422739506,
  "gsr_y": 0.031853847205638885,
  "provenance": {
    "md5sum": "d24155c88b42c0f363c51caae2997b4e",
    "settings": {
      "fd_thres": 0.2,
      "testing": false
    },
    "software": "mriqc",
    "version": "23.1.0"
  },
  "size_t": 182,
  "size_x": 64,
  "size_y": 64,
  "size_z": 33,
  "snr": 5.682872111282616,
  "spacing_tr": 2.0,
  "spacing_x": 3.125,
  "spacing_y": 3.125,
  "spacing_z": 4.0,
  "summary_bg_k": 19.203633669983272,
  "summary_bg_mad": 6.321426941311289,
  "summary_bg_mean": 36.305878137534904,
  "summary_bg_median": 13.675824165344238,
  "summary_bg_n": 106168.0,
  "summary_bg_p05": 8.24725341796875,
  "summary_bg_p95": 154.74176025390625,
  "summary_bg_stdv": 58.573714538382056,
  "summary_fg_k": 1.8401788489873763,
  "summary_fg_mad": 88.54471642415228,
  "summary_fg_mean": 612.2934473965744,
  "summary_fg_median": 619.82421875,
  "summary_fg_n": 29000.0,
  "summary_fg_p05": 394.43682861328125,
  "summary_fg_p95": 768.6154174804688,
  "summary_fg_stdv": 109.06695063625497,
  "tsnr": 53.47423528402578
}