{
  "aor": 0.0007940883977900554,
  "aqi": 0.009950728839779006,
  "bids_meta": {
    "Columns": 384,
    "EchoTime": 0.03,
    "EchoTrainLength": 1,
    "FlipAngle": 90.0,
    "ImageType": "ORIGINAL/PRIMARY/M/ND/MOSAIC",
    "ImagingFrequency": 123.253528,
    "InplanePhaseEncodingDirection": "COL",
    "InversionTime": 0.0,
    "MRAcquisitionType": "2D",
    "MagneticFieldStrength": 3.0,
    "Manufacturer": "SIEMENS",
    "ManufacturersModelName": "Allegra",
    "NumberOfAverages": 1.0,
    "NumberOfPhaseEncodingSteps": 64,
    "PercentPhaseFieldOfView": 100.0,
    "PhaseEncodingDirection": "j-",
    "PixelBandwidth": 2605.0,
    "PixelSpacing": [
      3.125,
      3.125
    ],
    "RepetitionTime": 2,
    "Rows": 384,
    "ScanOptions": "FS",
    "ScanningSequence": [
      "SE",
      "EP"
    ],
    "SequenceName": "*epfid2d1_64",
    "SequenceVariant": "SK",
    "SeriesDate": "18661027",
    "SeriesDescription": "BOLD EPI - Stopmanual1",
    "SeriesNumber": 9,
    "SeriesTime": "102000.906000",
    "SliceThickness": 4.0,
    "SpacingBetweenSlices": 4.0000000697945,
    "StudyID": "1",
    "StudyTime": "092729.562000",
    "dataset": "ds000007",
    "modality": "bold",
    "run_id": 1,
    "subject_id": "19",
    "task_id": "stopmanual"
  },
  "dummy_trs": 1,
  "dvars_nstd": 26.337692769222233,
  "dvars_std": 1.1352121176111112,
  "dvars_vstd": 0.9863866896666672,
  "efc": 0.5097419277701117,
  "fber": 2053.841064453125,
  "fd_mean": 0.06723222348380108,
  "fd_num": 6,
  "fd_perc": 3.314917127071823,
  "fwhm_avg": 1.6626991666666668,
  "fwhm_x": 1.5926464000000002,
  "fwhm_y": 1.8986336,
  "fwhm_z": 1.4968175,
  "gcor": 0.0205284,
  "gsr_x": -0.012920187786221504,
  "gsr_y": 0.03174424543976784,
  "provenance": {
    "md5sum": "e03eafaf039f6c7a4f7d10d0bda2ca85",
    "settings": {
      "fd_thres": 0.2,
      "testing": false
    },
    "software": "mriqc",
    "version": "23.1.0"
  },
  "size_t": 181,
  "size_x": 64,
  "size_y": 64,
  "size_z": 33,
  "snr": 5.705518215056168,
  "spacing_tr": 2.0,
  "spacing_x": 3.125,
  "spacing_y": 3.125,
  "spacing_z": 4.0,
  "summary_bg_k": 19.45733055906383,
  "summary_bg_mad": 6.2089086289081274,
  "summary_bg_mean": 37.158331365777045,
  "summary_bg_median": 13.867403984069824,
  "summary_bg_n": 106196.0,
  "summary_bg_p05": 9.082873344421387,
  "summary_bg_p95": 158.68508911132812,
  "summary_bg_stdv": 59.97426296135051,
  "summary_fg_k": 2.000091699955842,
  "summary_fg_mad": 89.2591869939894,
  "summary_fg_mean": 621.3811627349421,
  "summary_fg_median": 628.4613647460938,
  "summary_fg_n": 28972.0,
  "summary_fg_p05": 405.9779052734375,
  "summary_fg_p95": 778.779052734375,
  "summary_fg_stdv": 110.14784195786342,
  "tsnr": 60.05508248944534
}