{
  "aor": 0.004859175824175824,
  "aqi": 0.021299147802197802,
  "bids_meta": {
    "Columns": 384,
    "EchoTime": 0.03,
    "EchoTrainLength": 1,
    "FlipAngle": 90.0,
    "ImageType": "ORIGINAL/PRIMARY/M/ND/MOSAIC",
    "ImagingFrequency": 123.253486,
    "InplanePhaseEncodingDirection": "COL",
    "InversionTime": 0.0,
    "MRAcquisitionType": "2D",
    "MagneticFieldStrength": 3.0,
    "Manufacturer": "SIEMENS",
    "ManufacturersModelName": "Allegra",
    "NumberOfAverages": 1.0,
    "NumberOfPhaseEncodingSteps": 64,
    "PercentPhaseFieldOfView": 100.0,
    "PhaseEncodingDirection": "j-",
    "PixelBandwidth": 2605.0,
    "PixelSpacing": [
      3.125,
      3.125
    ],
    "RepetitionTime": 2,
    "Rows": 384,
    "ScanOptions": "FS",
    "ScanningSequence": [
      "SE",
      "EP"
    ],
    "SequenceName": "*epfid2d1_64",
    "SequenceVariant": "SK",
    "SeriesDate": "18661027",
    "SeriesDescription": "BOLD EPI - Stopword2",
    "SeriesNumber": 5,
    "SeriesTime": "184802.468000",
    "SliceThickness": 4.0,
    "SpacingBetweenSlices": 4.0000000129188,
    "StudyID": "1",
    "StudyTime": "182445.203000",
    "dataset": "ds000007",
    "modality": "bold",
    "run_id": 2,
    "subject_id": "20",
    "task_id": "stopword"
  },
  "dummy_trs": 0,
  "dvars_nstd": 26.931444948011045,
  "dvars_std": 1.0515618772375686,
  "dvars_vstd": 0.9874927417127064,
  "efc": 0.5202746950929638,
  "fber": 2328.137939453125,
  "fd_mean": 0.2159232139748346,
  "fd_num": 53,
  "fd_perc": 29.12087912087912,
  "fwhm_avg": 1.8437356333333332,
  "fwhm_x": 1.8321664000000002,
  "fwhm_y": 2.029168,
  "fwhm_z": 1.6698725,
  "gcor": 0.133245,
  "gsr_x": 0.0017690738895907998,
  "gsr_y": 0.025692051276564598,
  "provenance": {
    "md5sum": "38f8350c63f059c73f2e540583585adb",
    "settings": {
      "fd_thres": 0.2,
      "testing": false
    },
    "software": "mriqc",
    "version": "23.1.0"
  },
  "size_t": 182,
  "size_x": 64,
  "size_y": 64,
  "size_z": 33,
  "snr": 6.103986518232337,
  "spacing_tr": 2.0,
  "spacing_x": 3.125,
  "spacing_y": 3.125,
  "spacing_z": 4.0,
  "summary_bg_k": 25.448599801427104,
  "summary_bg_mad": 6.7124407668411985,
  "summary_bg_mean": 35.03330691499351,
  "summary_bg_median": 14.065934181213379,
  "summary_bg_n": 102481.0,
  "summary_bg_p05": 8.994505882263184,
  "summary_bg_p95": 148.6703338623047,
  "summary_bg_stdv": 60.38112460597357,
  "summary_fg_k": 2.475475896829206,
  "summary_fg_mad": 82.86284069180016,
  "summary_fg_mean": 664.1460830168444,
  "summary_fg_median": 678.6923217773438,
  "summary_fg_n": 32687.0,
  "summary_fg_p05": 443.0769348144531,
  "summary_fg_p95": 816.0384521484375,
  "summary_fg_stdv": 111.18667087239378,
  "tsnr": 44.050471344962716
}