{
  "aor": 0.009069835164835165,
  "aqi": 0.010049952527472528,
  "bids_meta": {
    "Columns": 384,
    "EchoTime": 0.03,
    "EchoTrainLength": 1,
    "FlipAngle": 90.0,
    "ImageType": "ORIGINAL/PRIMARY/M/ND/MOSAIC",
    "ImagingFrequency": 123.253486,
    "InplanePhaseEncodingDirection": "COL",
    "InversionTime": 0.0,
    "MRAcquisitionType": "2D",
    "MagneticFieldStrength": 3.0,
    "Manufacturer": "SIEMENS",
    "ManufacturersModelName": "Allegra",
    "NumberOfAverages": 1.0,
    "NumberOfPhaseEncodingSteps": 64,
    "PercentPhaseFieldOfView": 100.0,
    "PhaseEncodingDirection": "j-",
    "PixelBandwidth": 2605.0,
    "PixelSpacing": [
      3.125,
      3.125
    ],
    "RepetitionTime": 2,
    "Rows": 384,
    "ScanOptions": "FS",
    "ScanningSequence": [
      "SE",
      "EP"
    ],
    "SequenceName": "*epfid2d1_64",
    "SequenceVariant": "SK",
    "SeriesDate": "18661027",
    "SeriesDescription": "BOLD EPI - Stopmanual1",
    "SeriesNumber": 9,
    "SeriesTime": "191544.531000",
    "SliceThickness": 4.0,
    "SpacingBetweenSlices": 4.0000000129188,
    "StudyID": "1",
    "StudyTime": "182445.203000",
    "dataset": "ds000007",
    "modality": "bold",
    "run_id": 1,
    "subject_id": "20",
    "task_id": "stopmanual"
  },
  "dummy_trs": 0,
  "dvars_nstd": 22.244250344972375,
  "dvars_std": 1.1677052935911598,
  "dvars_vstd": 1.1110476509392266,
  "efc": 0.5178382022282912,
  "fber": 2475.133544921875,
  "fd_mean": 0.10496747307143159,
  "fd_num": 12,
  "fd_perc": 6.593406593406593,
  "fwhm_avg": 1.8299779,
  "fwhm_x": 1.8175296,
  "fwhm_y": 2.0100416,
  "fwhm_z": 1.6623625,
  "gcor": 0.155215,
  "gsr_x": 0.004122347105294466,
  "gsr_y": 0.02791580557823181,
  "provenance": {
    "md5sum": "159d8574305da1f785d6469c7233c469",
    "settings": {
      "fd_thres": 0.2,
      "testing": false
    },
    "software": "mriqc",
    "version": "23.1.0"
  },
  "size_t": 182,
  "size_x": 64,
  "size_y": 64,
  "size_z": 33,
  "snr": 6.110078367718922,
  "spacing_tr": 2.0,
  "spacing_x": 3.125,
  "spacing_y": 3.125,
  "spacing_z": 4.0,
  "summary_bg_k": 27.711629323498457,
  "summary_bg_mad": 5.9955778449440595,
  "summary_bg_mean": 33.85718478419432,
  "summary_bg_median": 13.5,
  "summary_bg_n": 102596.0,
  "summary_bg_p05": 9.126374244689941,
  "summary_bg_p95": 137.7692413330078,
  "summary_bg_stdv": 58.588365309904646,
  "summary_fg_k": 2.574756078020979,
  "summary_fg_mad": 82.92392202099273,
  "summary_fg_mean": 658.6213512725741,
  "summary_fg_median": 671.6346435546875,
  "summary_fg_n": 32572.0,
  "summary_fg_p05": 440.2857360839844,
  "summary_fg_p95": 809.2747192382812,
  "summary_fg_stdv": 109.92073964613277,
  "tsnr": 59.843260295223445
}