{
  "aor": 0.005992527472527471,
  "aqi": 0.014674058956043954,
  "bids_meta": {
    "Columns": 384,
    "EchoTime": 0.03,
    "EchoTrainLength": 1,
    "FlipAngle": 90.0,
    "ImageType": "ORIGINAL/PRIMARY/M/ND/MOSAIC",
    "ImagingFrequency": 123.253486,
    "InplanePhaseEncodingDirection": "COL",
    "InversionTime": 0.0,
    "MRAcquisitionType": "2D",
    "MagneticFieldStrength": 3.0,
    "Manufacturer": "SIEMENS",
    "ManufacturersModelName": "Allegra",
    "NumberOfAverages": 1.0,
    "NumberOfPhaseEncodingSteps": 64,
    "PercentPhaseFieldOfView": 100.0,
    "PhaseEncodingDirection": "j-",
    "PixelBandwidth": 2605.0,
    "PixelSpacing": [
      3.125,
      3.125
    ],
    "RepetitionTime": 2,
    "Rows": 384,
    "ScanOptions": "FS",
    "ScanningSequence": [
      "SE",
      "EP"
    ],
    "SequenceName": "*epfid2d1_64",
    "SequenceVariant": "SK",
    "SeriesDate": "18661027",
    "SeriesDescription": "BOLD EPI - Stopmanual2",
    "SeriesNumber": 10,
    "SeriesTime": "192245.203000",
    "SliceThickness": 4.0,
    "SpacingBetweenSlices": 4.0000000129188,
    "StudyID": "1",
    "StudyTime": "182445.203000",
    "dataset": "ds000007",
    "modality": "bold",
    "run_id": 2,
    "subject_id": "20",
    "task_id": "stopmanual"
  },
  "dummy_trs": 0,
  "dvars_nstd": 22.114110609613252,
  "dvars_std": 1.0630391305524864,
  "dvars_vstd": 1.0356168345303869,
  "efc": 0.5173907324558529,
  "fber": 2452.792236328125,
  "fd_mean": 0.11959396145931549,
  "fd_num": 15,
  "fd_perc": 8.241758241758241,
  "fwhm_avg": 1.8216781666666666,
  "fwhm_x": 1.8046464,
  "fwhm_y": 1.9877856,
  "fwhm_z": 1.6726025,
  "gcor": 0.05116,
  "gsr_x": 0.003979157656431198,
  "gsr_y": 0.028576338663697243,
  "provenance": {
    "md5sum": "7a7a27e2862f53feb1b08fb05c3e7ae4",
    "settings": {
      "fd_thres": 0.2,
      "testing": false
    },
    "software": "mriqc",
    "version": "23.1.0"
  },
  "size_t": 182,
  "size_x": 64,
  "size_y": 64,
  "size_z": 33,
  "snr": 6.173382566549387,
  "spacing_tr": 2.0,
  "spacing_x": 3.125,
  "spacing_y": 3.125,
  "spacing_z": 4.0,
  "summary_bg_k": 27.39757235267972,
  "summary_bg_mad": 6.362156310957621,
  "summary_bg_mean": 34.28128549406042,
  "summary_bg_median": 13.697802543640137,
  "summary_bg_n": 102722.0,
  "summary_bg_p05": 8.95604419708252,
  "summary_bg_p95": 139.53297424316406,
  "summary_bg_stdv": 59.345513845596145,
  "summary_fg_k": 2.553479818666478,
  "summary_fg_mad": 82.41482045352981,
  "summary_fg_mean": 665.5347282400497,
  "summary_fg_median": 678.3928833007812,
  "summary_fg_n": 32446.0,
  "summary_fg_p05": 447.9285888671875,
  "summary_fg_p95": 816.6978149414062,
  "summary_fg_stdv": 109.88828599614781,
  "tsnr": 55.35287663585041
}