{
  "aor": 0.007166944444444445,
  "aqi": 0.019216628888888886,
  "bids_meta": {
    "Columns": 384,
    "EchoTime": 0.03,
    "EchoTrainLength": 1,
    "FlipAngle": 90.0,
    "ImageType": "ORIGINAL/PRIMARY/M/ND/MOSAIC",
    "ImagingFrequency": 123.253486,
    "InplanePhaseEncodingDirection": "COL",
    "InversionTime": 0.0,
    "MRAcquisitionType": "2D",
    "MagneticFieldStrength": 3.0,
    "Manufacturer": "SIEMENS",
    "ManufacturersModelName": "Allegra",
    "NumberOfAverages": 1.0,
    "NumberOfPhaseEncodingSteps": 64,
    "PercentPhaseFieldOfView": 100.0,
    "PhaseEncodingDirection": "j-",
    "PixelBandwidth": 2605.0,
    "PixelSpacing": [
      3.125,
      3.125
    ],
    "RepetitionTime": 2,
    "Rows": 384,
    "ScanOptions": "FS",
    "ScanningSequence": [
      "SE",
      "EP"
    ],
    "SequenceName": "*epfid2d1_64",
    "SequenceVariant": "SK",
    "SeriesDate": "18661027",
    "SeriesDescription": "BOLD EPI - Stopvocal2",
    "SeriesNumber": 7,
    "SeriesTime": "190346.609000",
    "SliceThickness": 4.0,
    "SpacingBetweenSlices": 4.0000000129188,
    "StudyID": "1",
    "StudyTime": "182445.203000",
    "dataset": "ds000007",
    "modality": "bold",
    "run_id": 2,
    "subject_id": "20",
    "task_id": "stopvocal"
  },
  "dummy_trs": 2,
  "dvars_nstd": 29.968500606089393,
  "dvars_std": 1.1191831710055857,
  "dvars_vstd": 1.0440272822905028,
  "efc": 0.5183402497106954,
  "fber": 2404.272705078125,
  "fd_mean": 0.20906940321901618,
  "fd_num": 55,
  "fd_perc": 30.555555555555557,
  "fwhm_avg": 1.8214710333333333,
  "fwhm_x": 1.7964416,
  "fwhm_y": 2.0166239999999998,
  "fwhm_z": 1.6513475,
  "gcor": 0.154145,
  "gsr_x": 0.0039305612444877625,
  "gsr_y": 0.027952615171670914,
  "provenance": {
    "md5sum": "0f68f5d281edc3050062560566541e8c",
    "settings": {
      "fd_thres": 0.2,
      "testing": false
    },
    "software": "mriqc",
    "version": "23.1.0"
  },
  "size_t": 180,
  "size_x": 64,
  "size_y": 64,
  "size_z": 33,
  "snr": 6.098852278179064,
  "spacing_tr": 2.0,
  "spacing_x": 3.125,
  "spacing_y": 3.125,
  "spacing_z": 4.0,
  "summary_bg_k": 26.999148121905808,
  "summary_bg_mad": 6.622290663415506,
  "summary_bg_mean": 34.932137678838224,
  "summary_bg_median": 14.061111450195312,
  "summary_bg_n": 102596.0,
  "summary_bg_p05": 9.161110877990723,
  "summary_bg_p95": 143.27223205566406,
  "summary_bg_stdv": 60.08943333568927,
  "summary_fg_k": 2.748839311583647,
  "summary_fg_mad": 83.23579876330716,
  "summary_fg_mean": 675.1612784083405,
  "summary_fg_median": 689.4638977050781,
  "summary_fg_n": 32572.0,
  "summary_fg_p05": 448.25,
  "summary_fg_p95": 828.822265625,
  "summary_fg_stdv": 113.04640323896324,
  "tsnr": 43.65739494335139
}