{
  "aor": 0.002080165745856354,
  "aqi": 0.012792916132596687,
  "bids_meta": {
    "Columns": 384,
    "EchoTime": 0.03,
    "EchoTrainLength": 1,
    "FlipAngle": 90.0,
    "ImageType": "ORIGINAL/PRIMARY/M/ND/MOSAIC",
    "ImagingFrequency": 123.253286,
    "InplanePhaseEncodingDirection": "COL",
    "InversionTime": 0.0,
    "MRAcquisitionType": "2D",
    "MagneticFieldStrength": 2.8936200141907,
    "Manufacturer": "SIEMENS",
    "ManufacturersModelName": "Allegra",
    "NumberOfAverages": 1.0,
    "NumberOfPhaseEncodingSteps": 64,
    "PercentPhaseFieldOfView": 100.0,
    "PhaseEncodingDirection": "j-",
    "PixelBandwidth": 2605.0,
    "PixelSpacing": [
      3.125,
      3.125
    ],
    "RepetitionTime": 2,
    "Rows": 384,
    "ScanOptions": "FS",
    "ScanningSequence": [
      "SE",
      "EP"
    ],
    "SequenceName": "*epfid2d1_64",
    "SequenceVariant": "SK",
    "SeriesDate": "18661001",
    "SeriesDescription": "BOLD EPI - Stopmanual1",
    "SeriesNumber": 9,
    "SeriesTime": "102536.656000",
    "SliceThickness": 4.0,
    "SpacingBetweenSlices": 4.0000000439355,
    "StudyID": "1",
    "StudyTime": "093408.765000",
    "dataset": "ds000007",
    "modality": "bold",
    "run_id": 1,
    "subject_id": "17",
    "task_id": "stopmanual"
  },
  "dummy_trs": 1,
  "dvars_nstd": 25.87712374788889,
  "dvars_std": 1.081277487777778,
  "dvars_vstd": 1.0171624584444445,
  "efc": 0.5505507101130694,
  "fber": 1701.373046875,
  "fd_mean": 0.0721049195079451,
  "fd_num": 12,
  "fd_perc": 6.629834254143646,
  "fwhm_avg": 1.7004103,
  "fwhm_x": 1.6465792,
  "fwhm_y": 1.9584991999999999,
  "fwhm_z": 1.4961525,
  "gcor": 0.0116167,
  "gsr_x": -0.011657553724944592,
  "gsr_y": 0.04662197083234787,
  "provenance": {
    "md5sum": "9e0573bc55ec27772df07e45f51455bf",
    "settings": {
      "fd_thres": 0.2,
      "testing": false
    },
    "software": "mriqc",
    "version": "23.1.0"
  },
  "size_t": 181,
  "size_x": 64,
  "size_y": 64,
  "size_z": 33,
  "snr": 5.80091148348335,
  "spacing_tr": 2.0,
  "spacing_x": 3.125,
  "spacing_y": 3.125,
  "spacing_z": 4.0,
  "summary_bg_k": 18.187899899555088,
  "summary_bg_mad": 6.896968593467718,
  "summary_bg_mean": 40.64423294422034,
  "summary_bg_median": 15.04419994354248,
  "summary_bg_n": 100294.0,
  "summary_bg_p05": 9.850829124450684,
  "summary_bg_p95": 174.54696655273438,
  "summary_bg_stdv": 63.6947392186541,
  "summary_fg_k": 1.890149886401538,
  "summary_fg_mad": 87.59234538846735,
  "summary_fg_mean": 615.5095136070522,
  "summary_fg_median": 620.5386962890625,
  "summary_fg_n": 34874.0,
  "summary_fg_p05": 417.1105041503906,
  "summary_fg_p95": 773.6353759765625,
  "summary_fg_stdv": 106.97108568624886,
  "tsnr": 54.00000519811874
}