{
  "aor": 0.005207624309392265,
  "aqi": 0.019267126077348068,
  "bids_meta": {
    "Columns": 384,
    "EchoTime": 0.03,
    "EchoTrainLength": 1,
    "FlipAngle": 90.0,
    "ImageType": "ORIGINAL/PRIMARY/M/ND/MOSAIC",
    "ImagingFrequency": 123.253286,
    "InplanePhaseEncodingDirection": "COL",
    "InversionTime": 0.0,
    "MRAcquisitionType": "2D",
    "MagneticFieldStrength": 2.8936200141907,
    "Manufacturer": "SIEMENS",
    "ManufacturersModelName": "Allegra",
    "NumberOfAverages": 1.0,
    "NumberOfPhaseEncodingSteps": 64,
    "PercentPhaseFieldOfView": 100.0,
    "PhaseEncodingDirection": "j-",
    "PixelBandwidth": 2605.0,
    "PixelSpacing": [
      3.125,
      3.125
    ],
    "RepetitionTime": 2,
    "Rows": 384,
    "ScanOptions": "FS",
    "ScanningSequence": [
      "SE",
      "EP"
    ],
    "SequenceName": "*epfid2d1_64",
    "SequenceVariant": "SK",
    "SeriesDate": "18661001",
    "SeriesDescription": "BOLD EPI - Stopword1",
    "SeriesNumber": 6,
    "SeriesTime": "100622.796000",
    "SliceThickness": 4.0,
    "SpacingBetweenSlices": 4.0000000439355,
    "StudyID": "1",
    "StudyTime": "093408.765000",
    "dataset": "ds000007",
    "modality": "bold",
    "run_id": 1,
    "subject_id": "17",
    "task_id": "stopword"
  },
  "dummy_trs": 1,
  "dvars_nstd": 33.610755698222235,
  "dvars_std": 1.1443446971666666,
  "dvars_vstd": 1.0512770776666676,
  "efc": 0.5491008316078506,
  "fber": 1640.085205078125,
  "fd_mean": 0.22590366968438605,
  "fd_num": 82,
  "fd_perc": 45.30386740331492,
  "fwhm_avg": 1.6982427666666666,
  "fwhm_x": 1.6422048,
  "fwhm_y": 1.9528159999999999,
  "fwhm_z": 1.4997075,
  "gcor": 0.0407035,
  "gsr_x": -0.011336633004248142,
  "gsr_y": 0.04543496295809746,
  "provenance": {
    "md5sum": "032e8e727837490b84f403cca59a04fd",
    "settings": {
      "fd_thres": 0.2,
      "testing": false
    },
    "software": "mriqc",
    "version": "23.1.0"
  },
  "size_t": 181,
  "size_x": 64,
  "size_y": 64,
  "size_z": 33,
  "snr": 5.6636046182797894,
  "spacing_tr": 2.0,
  "spacing_x": 3.125,
  "spacing_y": 3.125,
  "spacing_z": 4.0,
  "summary_bg_k": 18.576167663855774,
  "summary_bg_mad": 7.109938827919191,
  "summary_bg_mean": 39.3717962948129,
  "summary_bg_median": 14.93370246887207,
  "summary_bg_n": 100436.0,
  "summary_bg_p05": 9.01657485961914,
  "summary_bg_p95": 166.7292938232422,
  "summary_bg_stdv": 61.653413503562945,
  "summary_fg_k": 1.9979617446991345,
  "summary_fg_mad": 85.85578057680769,
  "summary_fg_mean": 599.3743868075138,
  "summary_fg_median": 604.7845764160156,
  "summary_fg_n": 34732.0,
  "summary_fg_p05": 400.2044372558594,
  "summary_fg_p95": 756.5801391601562,
  "summary_fg_stdv": 106.78285485452366,
  "tsnr": 42.29217554704519
}