{
  "bids_meta": {
    "Columns": 192,
    "EchoTime": 0.0021,
    "EchoTrainLength": 1,
    "FlipAngle": 8.0,
    "ImageType": "ORIGINAL/PRIMARY/M/ND",
    "ImagingFrequency": 123.253243,
    "InplanePhaseEncodingDirection": "ROW",
    "InversionTime": 1.1,
    "MRAcquisitionType": "3D",
    "MagneticFieldStrength": 2.8936200141907,
    "Manufacturer": "SIEMENS",
    "ManufacturersModelName": "Allegra",
    "NumberOfAverages": 1.0,
    "NumberOfPhaseEncodingSteps": 192,
    "PercentPhaseFieldOfView": 100.0,
    "PhaseEncodingDirection": "i-",
    "PixelBandwidth": 320.0,
    "PixelSpacing": [
      1.3333333333333,
      1.3333333333333
    ],
    "RepetitionTime": 2.3,
    "Rows": 192,
    "ScanOptions": "IR",
    "ScanningSequence": [
      "IR",
      "GR"
    ],
    "SequenceName": "*tfl3d1",
    "SequenceVariant": [
      "SP",
      "MP"
    ],
    "SeriesDate": "18660811",
    "SeriesDescription": "MPRage-3T",
    "SeriesNumber": 14,
    "SeriesTime": "182541.250000",
    "SliceThickness": 1.0,
    "StudyID": "1",
    "StudyTime": "165845.156000",
    "dataset": "ds000007",
    "modality": "T1w",
    "subject_id": "10"
  },
  "cjv": 0.5230564414481375,
  "cnr": 2.1369808031411144,
  "efc": 0.46583051798261627,
  "fber": 21889.2025,
  "fwhm_avg": 4.234515754791327,
  "fwhm_x": 4.79725,
  "fwhm_y": 3.9470923823674804,
  "fwhm_z": 3.9592048820065,
  "icvs_csf": 0.27445729553912895,
  "icvs_gm": 0.38540513104782115,
  "icvs_wm": 0.34013757341304995,
  "inu_med": 0.49371692538261414,
  "inu_range": 0.1757650524377823,
  "provenance": {
    "md5sum": "75d9ba1c5f4c355d4cb12e17a43a306f",
    "settings": {
      "testing": false
    },
    "software": "mriqc",
    "version": "23.1.0",
    "warnings": {
      "large_rot_frame": true,
      "small_air_mask": false
    }
  },
  "qi_1": 0.0,
  "qi_2": 0.0005292308032441789,
  "rpve_csf": 7.686915880548465,
  "rpve_gm": 7.6233566720153805,
  "rpve_wm": 7.756693877434756,
  "size_x": 160,
  "size_y": 192,
  "size_z": 192,
  "snr_csf": 2.2687748075121097,
  "snr_gm": 4.517355422991936,
  "snr_total": 5.368099242488911,
  "snr_wm": 9.318167496962689,
  "snrd_csf": 57.408215584795826,
  "snrd_gm": 87.24360975989083,
  "snrd_total": 94.8242806258346,
  "snrd_wm": 139.82101653281714,
  "spacing_x": 1.0,
  "spacing_y": 1.3333333730697632,
  "spacing_z": 1.3333333730697632,
  "summary_bg_k": 243.94920354061847,
  "summary_bg_mad": 4.483845957005423,
  "summary_bg_mean": 7.78635908721293,
  "summary_bg_median": 3.0243081394582987,
  "summary_bg_n": 2314913.0,
  "summary_bg_p05": 0.0,
  "summary_bg_p95": 28.492166155949235,
  "summary_bg_stdv": 18.35386376316998,
  "summary_csf_k": -0.5980057053322758,
  "summary_csf_mad": 117.38910994205175,
  "summary_csf_mean": 385.33268507573837,
  "summary_csf_median": 392.9099273812026,
  "summary_csf_n": 206832.9391842127,
  "summary_csf_p05": 94.86777111142874,
  "summary_csf_p95": 658.9580870177597,
  "summary_csf_stdv": 173.1811267714807,
  "summary_gm_k": -0.8070521431633937,
  "summary_gm_mad": 104.34212960099086,
  "summary_gm_mean": 602.6560952155298,
  "summary_gm_median": 597.107574691996,
  "summary_gm_n": 290444.0046846295,
  "summary_gm_p05": 393.63758046738803,
  "summary_gm_p95": 824.4536858070642,
  "summary_gm_stdv": 132.18055496142864,
  "summary_wm_k": -0.38607427806986916,
  "summary_wm_mad": 83.87826121074806,
  "summary_wm_mean": 928.555137204235,
  "summary_wm_median": 956.9547649696469,
  "summary_wm_n": 256330.05636746544,
  "summary_wm_p05": 729.5631755366921,
  "summary_wm_p95": 1051.0948829948902,
  "summary_wm_stdv": 102.69754204720074,
  "tpm_overlap_csf": 0.22513134595434176,
  "tpm_overlap_gm": 0.5528227477106973,
  "tpm_overlap_wm": 0.5471073423996414,
  "wm2max": 0.7139173508855262
}