{
  "bids_meta": {
    "Columns": 192,
    "EchoTime": 0.0021,
    "EchoTrainLength": 1,
    "FlipAngle": 8.0,
    "ImageType": "ORIGINAL/PRIMARY/M/ND",
    "ImagingFrequency": 123.253538,
    "InplanePhaseEncodingDirection": "ROW",
    "InversionTime": 1.1,
    "MRAcquisitionType": "3D",
    "MagneticFieldStrength": 3.0,
    "Manufacturer": "SIEMENS",
    "ManufacturersModelName": "Allegra",
    "NumberOfAverages": 1.0,
    "NumberOfPhaseEncodingSteps": 192,
    "PercentPhaseFieldOfView": 100.0,
    "PhaseEncodingDirection": "i-",
    "PixelBandwidth": 320.0,
    "PixelSpacing": [
      1.3333333333333,
      1.3333333333333
    ],
    "RepetitionTime": 2.3,
    "Rows": 192,
    "ScanOptions": "IR",
    "ScanningSequence": [
      "IR",
      "GR"
    ],
    "SequenceName": "*tfl3d1",
    "SequenceVariant": [
      "SP",
      "MP"
    ],
    "SeriesDate": "18661027",
    "SeriesDescription": "MPRage-3T",
    "SeriesNumber": 11,
    "SeriesTime": "104136.890000",
    "SliceThickness": 1.0,
    "StudyID": "1",
    "StudyTime": "092729.562000",
    "dataset": "ds000007",
    "modality": "T1w",
    "subject_id": "19"
  },
  "cjv": 0.5129765884384558,
  "cnr": 2.203932578964866,
  "efc": 0.4852392404006507,
  "fber": 16078.55503259905,
  "fwhm_avg": 4.002290758537925,
  "fwhm_x": 4.47772,
  "fwhm_y": 3.713879889317754,
  "fwhm_z": 3.8152723862960225,
  "icvs_csf": 0.2727206392461623,
  "icvs_gm": 0.3872567129626379,
  "icvs_wm": 0.34002264779119973,
  "inu_med": 0.5480543375015259,
  "inu_range": 0.17629589140415192,
  "provenance": {
    "md5sum": "a2e8a9db5405dd86dc199200f9d095a1",
    "settings": {
      "testing": false
    },
    "software": "mriqc",
    "version": "23.1.0",
    "warnings": {
      "large_rot_frame": true,
      "small_air_mask": false
    }
  },
  "qi_1": 0.0,
  "qi_2": 0.0004251941249105862,
  "rpve_csf": 7.423439995971757,
  "rpve_gm": 7.3657125155939145,
  "rpve_wm": 7.501390893966466,
  "size_x": 160,
  "size_y": 192,
  "size_z": 192,
  "snr_csf": 2.173150610643771,
  "snr_gm": 4.4964384425383175,
  "snr_total": 5.535377038879354,
  "snr_wm": 9.936542063455978,
  "snrd_csf": 50.760229678877685,
  "snrd_gm": 76.09671914764714,
  "snrd_total": 83.10961475525477,
  "snrd_wm": 122.47189543923946,
  "spacing_x": 1.0,
  "spacing_y": 1.3333333730697632,
  "spacing_z": 1.3333333730697632,
  "summary_bg_k": 192.5892798955128,
  "summary_bg_mad": 5.144852107113747,
  "summary_bg_mean": 8.382312718522858,
  "summary_bg_median": 3.470150012522936,
  "summary_bg_n": 1887460.0,
  "summary_bg_p05": 0.0,
  "summary_bg_p95": 31.341864444315434,
  "summary_bg_stdv": 16.54379446174025,
  "summary_csf_k": -0.8197713812793772,
  "summary_csf_mad": 131.01349505885835,
  "summary_csf_mean": 383.8947636205035,
  "summary_csf_median": 398.6251941137016,
  "summary_csf_n": 212601.01076065013,
  "summary_csf_p05": 78.92933563515544,
  "summary_csf_p95": 669.0537635609508,
  "summary_csf_stdv": 183.4314909717702,
  "summary_gm_k": -0.7634965098098476,
  "summary_gm_mad": 106.4361760758309,
  "summary_gm_mean": 603.9872847900058,
  "summary_gm_median": 597.5951967425644,
  "summary_gm_n": 301888.2942900052,
  "summary_gm_p05": 396.901170540601,
  "summary_gm_p95": 828.9680013991892,
  "summary_gm_stdv": 132.90390041285028,
  "summary_wm_k": -0.6111524675082558,
  "summary_wm_mad": 80.38421795382179,
  "summary_wm_mean": 937.0258072873189,
  "summary_wm_median": 961.7841251268983,
  "summary_wm_n": 265066.69536174036,
  "summary_wm_p05": 747.2758074738085,
  "summary_wm_p95": 1055.9644385240972,
  "summary_wm_stdv": 96.7924560428271,
  "tpm_overlap_csf": 0.22098207117950053,
  "tpm_overlap_gm": 0.5475973049573394,
  "tpm_overlap_wm": 0.5382716808713417,
  "wm2max": 0.7055970267178439
}