{
  "aor": 0.014231978021978021,
  "aqi": 0.03462243505494505,
  "bids_meta": {
    "Columns": 384,
    "EchoTime": 0.03,
    "EchoTrainLength": 1,
    "FlipAngle": 90.0,
    "ImageType": "ORIGINAL/PRIMARY/M/ND/MOSAIC",
    "ImagingFrequency": 123.253214,
    "InplanePhaseEncodingDirection": "COL",
    "InversionTime": 0.0,
    "MRAcquisitionType": "2D",
    "MagneticFieldStrength": 2.8936200141907,
    "Manufacturer": "SIEMENS",
    "ManufacturersModelName": "Allegra",
    "NumberOfAverages": 1.0,
    "NumberOfPhaseEncodingSteps": 64,
    "PercentPhaseFieldOfView": 100.0,
    "PhaseEncodingDirection": "j-",
    "PixelBandwidth": 2605.0,
    "PixelSpacing": [
      3.125,
      3.125
    ],
    "RepetitionTime": 2,
    "Rows": 384,
    "ScanOptions": "FS",
    "ScanningSequence": [
      "SE",
      "EP"
    ],
    "SequenceName": "*epfid2d1_64",
    "SequenceVariant": "SK",
    "SeriesDate": "18660607",
    "SeriesDescription": "BOLD EPI - Stopword2",
    "SeriesNumber": 6,
    "SeriesTime": "113742.718000",
    "SliceThickness": 4.0,
    "SpacingBetweenSlices": 3.9999999624825,
    "StudyID": "1",
    "StudyTime": "105951.171000",
    "dataset": "ds000007",
    "modality": "bold",
    "run_id": 2,
    "subject_id": "09",
    "task_id": "stopword"
  },
  "dummy_trs": 0,
  "dvars_nstd": 35.22057188701659,
  "dvars_std": 1.0749869185635357,
  "dvars_vstd": 1.0293054353591153,
  "efc": 0.5240568573235385,
  "fber": 2212.8271484375,
  "fd_mean": 0.6039495080137519,
  "fd_num": 159,
  "fd_perc": 87.36263736263736,
  "fwhm_avg": 1.8098055666666666,
  "fwhm_x": 1.7364384000000002,
  "fwhm_y": 2.0695807999999998,
  "fwhm_z": 1.6233975,
  "gcor": 0.10442,
  "gsr_x": -0.00111679348628968,
  "gsr_y": 0.04568200185894966,
  "provenance": {
    "md5sum": "2d4104017328a48c644b64f3661231df",
    "settings": {
      "fd_thres": 0.2,
      "testing": false
    },
    "software": "mriqc",
    "version": "23.1.0"
  },
  "size_t": 182,
  "size_x": 64,
  "size_y": 64,
  "size_z": 33,
  "snr": 5.782293974002534,
  "spacing_tr": 2.0,
  "spacing_x": 3.125,
  "spacing_y": 3.125,
  "spacing_z": 4.0,
  "summary_bg_k": 25.004345638643635,
  "summary_bg_mad": 7.03828844928877,
  "summary_bg_mean": 33.846993915916954,
  "summary_bg_median": 12.961538314819336,
  "summary_bg_n": 102561.0,
  "summary_bg_p05": 4.8406596183776855,
  "summary_bg_p95": 144.1538543701172,
  "summary_bg_stdv": 56.74078996451838,
  "summary_fg_k": 1.6406869739179912,
  "summary_fg_mad": 85.3636460452316,
  "summary_fg_mean": 603.4850867412952,
  "summary_fg_median": 609.7197875976562,
  "summary_fg_n": 32607.0,
  "summary_fg_p05": 398.7912292480469,
  "summary_fg_p95": 757.3846435546875,
  "summary_fg_stdv": 105.44438604199999,
  "tsnr": 30.701850904151797
}