{
  "aor": 0.01707456043956044,
  "aqi": 0.02123238796703297,
  "bids_meta": {
    "Columns": 384,
    "EchoTime": 0.03,
    "EchoTrainLength": 1,
    "FlipAngle": 90.0,
    "ImageType": "ORIGINAL/PRIMARY/M/ND/MOSAIC",
    "ImagingFrequency": 123.253214,
    "InplanePhaseEncodingDirection": "COL",
    "InversionTime": 0.0,
    "MRAcquisitionType": "2D",
    "MagneticFieldStrength": 2.8936200141907,
    "Manufacturer": "SIEMENS",
    "ManufacturersModelName": "Allegra",
    "NumberOfAverages": 1.0,
    "NumberOfPhaseEncodingSteps": 64,
    "PercentPhaseFieldOfView": 100.0,
    "PhaseEncodingDirection": "j-",
    "PixelBandwidth": 2605.0,
    "PixelSpacing": [
      3.125,
      3.125
    ],
    "RepetitionTime": 2,
    "Rows": 384,
    "ScanOptions": "FS",
    "ScanningSequence": [
      "SE",
      "EP"
    ],
    "SequenceName": "*epfid2d1_64",
    "SequenceVariant": "SK",
    "SeriesDate": "18660607",
    "SeriesDescription": "BOLD EPI - Stopmanual2",
    "SeriesNumber": 4,
    "SeriesTime": "112002.531000",
    "SliceThickness": 4.0,
    "SpacingBetweenSlices": 3.9999999624825,
    "StudyID": "1",
    "StudyTime": "105951.171000",
    "dataset": "ds000007",
    "modality": "bold",
    "run_id": 2,
    "subject_id": "09",
    "task_id": "stopmanual"
  },
  "dummy_trs": 0,
  "dvars_nstd": 26.683955513867406,
  "dvars_std": 1.1477682920441992,
  "dvars_vstd": 1.106015897569061,
  "efc": 0.5422509074491371,
  "fber": 1797.6358642578125,
  "fd_mean": 0.21950590797341796,
  "fd_num": 29,
  "fd_perc": 15.934065934065934,
  "fwhm_avg": 1.7579196333333336,
  "fwhm_x": 1.6755712,
  "fwhm_y": 2.0244352,
  "fwhm_z": 1.5737525,
  "gcor": 0.045547,
  "gsr_x": -0.011328020133078098,
  "gsr_y": 0.04912079870700836,
  "provenance": {
    "md5sum": "0d7692875b6c85b1c9d0cd8041aa80d6",
    "settings": {
      "fd_thres": 0.2,
      "testing": false
    },
    "software": "mriqc",
    "version": "23.1.0"
  },
  "size_t": 182,
  "size_x": 64,
  "size_y": 64,
  "size_z": 33,
  "snr": 5.861805020159136,
  "spacing_tr": 2.0,
  "spacing_x": 3.125,
  "spacing_y": 3.125,
  "spacing_z": 4.0,
  "summary_bg_k": 24.9344834604729,
  "summary_bg_mad": 7.763295548411587,
  "summary_bg_mean": 37.03968234579528,
  "summary_bg_median": 14.269230842590332,
  "summary_bg_n": 100731.0,
  "summary_bg_p05": 7.4065937995910645,
  "summary_bg_p95": 158.57142639160156,
  "summary_bg_stdv": 60.730755162147574,
  "summary_fg_k": 2.263610587028273,
  "summary_fg_mad": 81.81197035711354,
  "summary_fg_mean": 598.6666931895411,
  "summary_fg_median": 604.9945068359375,
  "summary_fg_n": 34437.0,
  "summary_fg_p05": 399.9176025390625,
  "summary_fg_p95": 747.0494995117188,
  "summary_fg_stdv": 103.20809385756816,
  "tsnr": 41.95848213031422
}