{
  "aor": 0.0009734065934065935,
  "aqi": 0.025410059230769232,
  "bids_meta": {
    "Columns": 384,
    "EchoTime": 0.03,
    "EchoTrainLength": 1,
    "FlipAngle": 90.0,
    "ImageType": "ORIGINAL/PRIMARY/M/ND/MOSAIC",
    "ImagingFrequency": 123.253214,
    "InplanePhaseEncodingDirection": "COL",
    "InversionTime": 0.0,
    "MRAcquisitionType": "2D",
    "MagneticFieldStrength": 2.8936200141907,
    "Manufacturer": "SIEMENS",
    "ManufacturersModelName": "Allegra",
    "NumberOfAverages": 1.0,
    "NumberOfPhaseEncodingSteps": 64,
    "PercentPhaseFieldOfView": 100.0,
    "PhaseEncodingDirection": "j-",
    "PixelBandwidth": 2605.0,
    "PixelSpacing": [
      3.125,
      3.125
    ],
    "RepetitionTime": 2,
    "Rows": 384,
    "ScanOptions": "FS",
    "ScanningSequence": [
      "SE",
      "EP"
    ],
    "SequenceName": "*epfid2d1_64",
    "SequenceVariant": "SK",
    "SeriesDate": "18660607",
    "SeriesDescription": "BOLD EPI - Stopmanual1",
    "SeriesNumber": 3,
    "SeriesTime": "111229.296000",
    "SliceThickness": 4.0,
    "SpacingBetweenSlices": 3.9999999624825,
    "StudyID": "1",
    "StudyTime": "105951.171000",
    "dataset": "ds000007",
    "modality": "bold",
    "run_id": 1,
    "subject_id": "09",
    "task_id": "stopmanual"
  },
  "dummy_trs": 0,
  "dvars_nstd": 24.854092655856363,
  "dvars_std": 0.9886738506629835,
  "dvars_vstd": 0.9449232069060775,
  "efc": 0.5442902926712676,
  "fber": 1783.292236328125,
  "fd_mean": 0.14585839686330518,
  "fd_num": 35,
  "fd_perc": 19.23076923076923,
  "fwhm_avg": 1.7793828333333332,
  "fwhm_x": 1.7084000000000001,
  "fwhm_y": 2.058256,
  "fwhm_z": 1.5714925,
  "gcor": 0.0620729,
  "gsr_x": -0.012333652004599571,
  "gsr_y": 0.048852771520614624,
  "provenance": {
    "md5sum": "04aca4c210da8bcb705fd9ddb097d358",
    "settings": {
      "fd_thres": 0.2,
      "testing": false
    },
    "software": "mriqc",
    "version": "23.1.0"
  },
  "size_t": 182,
  "size_x": 64,
  "size_y": 64,
  "size_z": 33,
  "snr": 5.814332596475796,
  "spacing_tr": 2.0,
  "spacing_x": 3.125,
  "spacing_y": 3.125,
  "spacing_z": 4.0,
  "summary_bg_k": 23.95106208151233,
  "summary_bg_mad": 7.429303688738337,
  "summary_bg_mean": 37.410073547223355,
  "summary_bg_median": 14.225275039672852,
  "summary_bg_n": 100615.0,
  "summary_bg_p05": 8.04395580291748,
  "summary_bg_p95": 160.1977996826172,
  "summary_bg_stdv": 60.82316350020884,
  "summary_fg_k": 1.9599634226437308,
  "summary_fg_mad": 81.81197035711354,
  "summary_fg_mean": 594.0011714772681,
  "summary_fg_median": 600.7197875976562,
  "summary_fg_n": 34553.0,
  "summary_fg_p05": 390.67584228515625,
  "summary_fg_p95": 743.0054931640625,
  "summary_fg_stdv": 103.31557144994366,
  "tsnr": 41.93559425533749
}