{
  "aor": 0.0038571428571428567,
  "aqi": 0.019082139175824173,
  "bids_meta": {
    "Columns": 384,
    "EchoTime": 0.03,
    "EchoTrainLength": 1,
    "FlipAngle": 90.0,
    "ImageType": "ORIGINAL/PRIMARY/M/ND/MOSAIC",
    "ImagingFrequency": 123.253214,
    "InplanePhaseEncodingDirection": "COL",
    "InversionTime": 0.0,
    "MRAcquisitionType": "2D",
    "MagneticFieldStrength": 2.8936200141907,
    "Manufacturer": "SIEMENS",
    "ManufacturersModelName": "Allegra",
    "NumberOfAverages": 1.0,
    "NumberOfPhaseEncodingSteps": 64,
    "PercentPhaseFieldOfView": 100.0,
    "PhaseEncodingDirection": "j-",
    "PixelBandwidth": 2605.0,
    "PixelSpacing": [
      3.125,
      3.125
    ],
    "RepetitionTime": 2,
    "Rows": 384,
    "ScanOptions": "FS",
    "ScanningSequence": [
      "SE",
      "EP"
    ],
    "SequenceName": "*epfid2d1_64",
    "SequenceVariant": "SK",
    "SeriesDate": "18660607",
    "SeriesDescription": "BOLD EPI - Stopword1",
    "SeriesNumber": 5,
    "SeriesTime": "112854.500000",
    "SliceThickness": 4.0,
    "SpacingBetweenSlices": 3.9999999624825,
    "StudyID": "1",
    "StudyTime": "105951.171000",
    "dataset": "ds000007",
    "modality": "bold",
    "run_id": 1,
    "subject_id": "09",
    "task_id": "stopword"
  },
  "dummy_trs": 0,
  "dvars_nstd": 27.424336217237574,
  "dvars_std": 1.0796329484530383,
  "dvars_vstd": 1.0274946954143651,
  "efc": 0.5342221946875373,
  "fber": 2021.7603759765625,
  "fd_mean": 0.2570322695932711,
  "fd_num": 89,
  "fd_perc": 48.9010989010989,
  "fwhm_avg": 1.7695870666666667,
  "fwhm_x": 1.7150463999999999,
  "fwhm_y": 2.0338848,
  "fwhm_z": 1.55983,
  "gcor": 0.032532,
  "gsr_x": -0.0063835927285254,
  "gsr_y": 0.049908846616744995,
  "provenance": {
    "md5sum": "bc6490a1af5dc9634e0d46f27f6f263f",
    "settings": {
      "fd_thres": 0.2,
      "testing": false
    },
    "software": "mriqc",
    "version": "23.1.0"
  },
  "size_t": 182,
  "size_x": 64,
  "size_y": 64,
  "size_z": 33,
  "snr": 5.785545497498059,
  "spacing_tr": 2.0,
  "spacing_x": 3.125,
  "spacing_y": 3.125,
  "spacing_z": 4.0,
  "summary_bg_k": 27.235820854931156,
  "summary_bg_mad": 6.533226450286571,
  "summary_bg_mean": 34.96221158245009,
  "summary_bg_median": 13.274725914001465,
  "summary_bg_n": 101505.0,
  "summary_bg_p05": 7.274725437164307,
  "summary_bg_p95": 147.40110778808594,
  "summary_bg_stdv": 58.21853400378418,
  "summary_fg_k": 1.8760320319559307,
  "summary_fg_mad": 82.14597211422439,
  "summary_fg_mean": 590.333482742253,
  "summary_fg_median": 596.8846435546875,
  "summary_fg_n": 33663.0,
  "summary_fg_p05": 389.4615478515625,
  "summary_fg_p95": 739.7802124023438,
  "summary_fg_stdv": 103.16672440964892,
  "tsnr": 47.164469737326726
}