{
  "bids_meta": {
    "Columns": 192,
    "EchoTime": 0.0021,
    "EchoTrainLength": 1,
    "FlipAngle": 8.0,
    "ImageType": "ORIGINAL/PRIMARY/M/ND",
    "ImagingFrequency": 123.253303,
    "InplanePhaseEncodingDirection": "ROW",
    "InversionTime": 1.1,
    "MRAcquisitionType": "3D",
    "MagneticFieldStrength": 2.8936200141907,
    "Manufacturer": "SIEMENS",
    "ManufacturersModelName": "Allegra",
    "NumberOfAverages": 1.0,
    "NumberOfPhaseEncodingSteps": 192,
    "PercentPhaseFieldOfView": 100.0,
    "PhaseEncodingDirection": "i-",
    "PixelBandwidth": 320.0,
    "PixelSpacing": [
      1.3333333333333,
      1.3333333333333
    ],
    "RepetitionTime": 2.3,
    "Rows": 192,
    "ScanOptions": "IR",
    "ScanningSequence": [
      "IR",
      "GR"
    ],
    "SequenceName": "*tfl3d1",
    "SequenceVariant": [
      "SP",
      "MP"
    ],
    "SeriesDate": "18660815",
    "SeriesDescription": "MPRage-3T",
    "SeriesNumber": 10,
    "SeriesTime": "102524.718000",
    "SliceThickness": 1.0,
    "StudyID": "1",
    "StudyTime": "091159.968000",
    "dataset": "ds000007",
    "modality": "T1w",
    "subject_id": "12"
  },
  "cjv": 0.5206643544804892,
  "cnr": 2.0211759193642265,
  "efc": 0.4956063065906589,
  "fber": 14993.318004706609,
  "fwhm_avg": 4.111403256477915,
  "fwhm_x": 4.59769,
  "fwhm_y": 3.8660548847825864,
  "fwhm_z": 3.8704648846511573,
  "icvs_csf": 0.2740813531526804,
  "icvs_gm": 0.38482932677330545,
  "icvs_wm": 0.3410893200740142,
  "inu_med": 0.5589472949504852,
  "inu_range": 0.195112943649292,
  "provenance": {
    "md5sum": "05655fce202a3f7b4c606f2be05533f4",
    "settings": {
      "testing": false
    },
    "software": "mriqc",
    "version": "23.1.0",
    "warnings": {
      "large_rot_frame": true,
      "small_air_mask": false
    }
  },
  "qi_1": 0.0,
  "qi_2": 0.0008117542020451366,
  "rpve_csf": 6.54136779775211,
  "rpve_gm": 6.47066886775166,
  "rpve_wm": 6.604561097613759,
  "size_x": 160,
  "size_y": 192,
  "size_z": 192,
  "snr_csf": 1.955160222059127,
  "snr_gm": 3.882199087428705,
  "snr_total": 4.840223227547564,
  "snr_wm": 8.683310373154857,
  "snrd_csf": 45.4708865071972,
  "snrd_gm": 74.48307389119864,
  "snrd_total": 81.06636224922725,
  "snrd_wm": 123.24512634928593,
  "spacing_x": 1.0,
  "spacing_y": 1.3333333730697632,
  "spacing_z": 1.3333333730697632,
  "summary_bg_k": 276.02221415769804,
  "summary_bg_mad": 5.070526526214353,
  "summary_bg_mean": 9.404060617046168,
  "summary_bg_median": 3.420018170028925,
  "summary_bg_n": 1944580.0,
  "summary_bg_p05": 0.0,
  "summary_bg_p95": 31.468608746305108,
  "summary_bg_stdv": 27.363993827528517,
  "summary_csf_k": -0.800122950911017,
  "summary_csf_mad": 130.81299927694562,
  "summary_csf_mean": 347.80204116451773,
  "summary_csf_median": 351.9287528600544,
  "summary_csf_n": 241966.14476234632,
  "summary_csf_p05": 58.451219633221626,
  "summary_csf_p95": 633.6360936835408,
  "summary_csf_stdv": 179.99958349265162,
  "summary_gm_k": -0.635472679796032,
  "summary_gm_mad": 108.52243785975655,
  "summary_gm_mean": 582.9409785947057,
  "summary_gm_median": 576.4729328416288,
  "summary_gm_n": 339737.33535588125,
  "summary_gm_p05": 346.22131993994117,
  "summary_gm_p95": 840.3029059581459,
  "summary_gm_stdv": 148.49111842254152,
  "summary_wm_k": -0.4956255105520575,
  "summary_wm_mad": 87.97692777951137,
  "summary_wm_mean": 923.1401933317223,
  "summary_wm_median": 953.8741586953402,
  "summary_wm_n": 301122.5201881709,
  "summary_wm_p05": 706.100504649803,
  "summary_wm_p95": 1051.9442901164293,
  "summary_wm_stdv": 109.85125877558526,
  "tpm_overlap_csf": 0.21812901054165704,
  "tpm_overlap_gm": 0.5493149348135997,
  "tpm_overlap_wm": 0.5356550396657483,
  "wm2max": 0.6950175251552472
}