{
  "aor": 0.0017537912087912094,
  "aqi": 0.012049278241758242,
  "bids_meta": {
    "Columns": 384,
    "EchoTime": 0.03,
    "EchoTrainLength": 1,
    "FlipAngle": 90.0,
    "ImageType": "ORIGINAL/PRIMARY/M/ND/MOSAIC",
    "ImagingFrequency": 123.253464,
    "InplanePhaseEncodingDirection": "COL",
    "InversionTime": 0.0,
    "MRAcquisitionType": "2D",
    "MagneticFieldStrength": 2.8936200141907,
    "Manufacturer": "SIEMENS",
    "ManufacturersModelName": "Allegra",
    "NumberOfAverages": 1.0,
    "NumberOfPhaseEncodingSteps": 64,
    "PercentPhaseFieldOfView": 100.0,
    "PhaseEncodingDirection": "j-",
    "PixelBandwidth": 2605.0,
    "PixelSpacing": [
      3.125,
      3.125
    ],
    "RepetitionTime": 2,
    "Rows": 384,
    "ScanOptions": "FS",
    "ScanningSequence": [
      "SE",
      "EP"
    ],
    "SequenceName": "*epfid2d1_64",
    "SequenceVariant": "SK",
    "SeriesDate": "18660914",
    "SeriesDescription": "BOLD EPI - Stopmanual2",
    "SeriesNumber": 5,
    "SeriesTime": "092817.187000",
    "SliceThickness": 4.0,
    "SpacingBetweenSlices": 4.0000000115248,
    "StudyID": "1",
    "StudyTime": "085639.015000",
    "dataset": "ds000007",
    "modality": "bold",
    "run_id": 2,
    "subject_id": "13",
    "task_id": "stopmanual"
  },
  "dummy_trs": 0,
  "dvars_nstd": 22.765603766132593,
  "dvars_std": 1.1358013206629833,
  "dvars_vstd": 1.0218115844198896,
  "efc": 0.5024551008930006,
  "fber": 2637.1416015625,
  "fd_mean": 0.08034690730061252,
  "fd_num": 2,
  "fd_perc": 1.098901098901099,
  "fwhm_avg": 1.7891341333333333,
  "fwhm_x": 1.7253152,
  "fwhm_y": 2.0045472,
  "fwhm_z": 1.63754,
  "gcor": 0.00714754,
  "gsr_x": -0.00877412874251604,
  "gsr_y": 0.03346417844295502,
  "provenance": {
    "md5sum": "6aa34f8d4314569a7dfd8323f8848a39",
    "settings": {
      "fd_thres": 0.2,
      "testing": false
    },
    "software": "mriqc",
    "version": "23.1.0"
  },
  "size_t": 182,
  "size_x": 64,
  "size_y": 64,
  "size_z": 33,
  "snr": 6.13336682419152,
  "spacing_tr": 2.0,
  "spacing_x": 3.125,
  "spacing_y": 3.125,
  "spacing_z": 4.0,
  "summary_bg_k": 19.90730002414538,
  "summary_bg_mad": 6.4273252818792725,
  "summary_bg_mean": 35.67940044674255,
  "summary_bg_median": 13.615385055541992,
  "summary_bg_n": 105591.0,
  "summary_bg_p05": 8.521978378295898,
  "summary_bg_p95": 148.89010620117188,
  "summary_bg_stdv": 58.96252337494736,
  "summary_fg_k": 1.8453229212467672,
  "summary_fg_mad": 87.70165834500756,
  "summary_fg_mean": 683.1444517305158,
  "summary_fg_median": 699.1923217773438,
  "summary_fg_n": 29577.0,
  "summary_fg_p05": 454.5439758300781,
  "summary_fg_p95": 836.0054931640625,
  "summary_fg_stdv": 113.99619847523664,
  "tsnr": 63.19015033682808
}