{
  "aor": 0.010786703296703297,
  "aqi": 0.017086705219780222,
  "bids_meta": {
    "Columns": 384,
    "EchoTime": 0.03,
    "EchoTrainLength": 1,
    "FlipAngle": 90.0,
    "ImageType": "ORIGINAL/PRIMARY/M/ND/MOSAIC",
    "ImagingFrequency": 123.253464,
    "InplanePhaseEncodingDirection": "COL",
    "InversionTime": 0.0,
    "MRAcquisitionType": "2D",
    "MagneticFieldStrength": 2.8936200141907,
    "Manufacturer": "SIEMENS",
    "ManufacturersModelName": "Allegra",
    "NumberOfAverages": 1.0,
    "NumberOfPhaseEncodingSteps": 64,
    "PercentPhaseFieldOfView": 100.0,
    "PhaseEncodingDirection": "j-",
    "PixelBandwidth": 2605.0,
    "PixelSpacing": [
      3.125,
      3.125
    ],
    "RepetitionTime": 2,
    "Rows": 384,
    "ScanOptions": "FS",
    "ScanningSequence": [
      "SE",
      "EP"
    ],
    "SequenceName": "*epfid2d1_64",
    "SequenceVariant": "SK",
    "SeriesDate": "18660914",
    "SeriesDescription": "BOLD EPI - Stopvocal2",
    "SeriesNumber": 7,
    "SeriesTime": "094330.625000",
    "SliceThickness": 4.0,
    "SpacingBetweenSlices": 4.0000000115248,
    "StudyID": "1",
    "StudyTime": "085639.015000",
    "dataset": "ds000007",
    "modality": "bold",
    "run_id": 2,
    "subject_id": "13",
    "task_id": "stopvocal"
  },
  "dummy_trs": 0,
  "dvars_nstd": 26.292260965580123,
  "dvars_std": 1.1666361196132597,
  "dvars_vstd": 1.090482446077348,
  "efc": 0.502531262372922,
  "fber": 2586.533447265625,
  "fd_mean": 0.22910100533708933,
  "fd_num": 61,
  "fd_perc": 33.51648351648352,
  "fwhm_avg": 1.8103242333333334,
  "fwhm_x": 1.7580288,
  "fwhm_y": 2.0243264,
  "fwhm_z": 1.6486175,
  "gcor": 0.0633764,
  "gsr_x": -0.008910290896892548,
  "gsr_y": 0.03331557288765907,
  "provenance": {
    "md5sum": "e6beebae8b5200208b1eb68550cdb98b",
    "settings": {
      "fd_thres": 0.2,
      "testing": false
    },
    "software": "mriqc",
    "version": "23.1.0"
  },
  "size_t": 182,
  "size_x": 64,
  "size_y": 64,
  "size_z": 33,
  "snr": 6.044335295838272,
  "spacing_tr": 2.0,
  "spacing_x": 3.125,
  "spacing_y": 3.125,
  "spacing_z": 4.0,
  "summary_bg_k": 18.510562121533457,
  "summary_bg_mad": 6.345863714747294,
  "summary_bg_mean": 34.54659032149123,
  "summary_bg_median": 13.19230842590332,
  "summary_bg_n": 105723.0,
  "summary_bg_p05": 7.873626708984375,
  "summary_bg_p95": 143.10440063476562,
  "summary_bg_stdv": 56.31757294738273,
  "summary_fg_k": 1.702815856863893,
  "summary_fg_mad": 84.34544291030575,
  "summary_fg_mean": 654.6319926657849,
  "summary_fg_median": 670.93408203125,
  "summary_fg_n": 29445.0,
  "summary_fg_p05": 428.17584228515625,
  "summary_fg_p95": 802.9395751953125,
  "summary_fg_stdv": 111.00024338344885,
  "tsnr": 48.06554679223336
}