{
  "aor": 0.0004528021978021979,
  "aqi": 0.00858705543956044,
  "bids_meta": {
    "Columns": 384,
    "EchoTime": 0.03,
    "EchoTrainLength": 1,
    "FlipAngle": 90.0,
    "ImageType": "ORIGINAL/PRIMARY/M/ND/MOSAIC",
    "ImagingFrequency": 123.253464,
    "InplanePhaseEncodingDirection": "COL",
    "InversionTime": 0.0,
    "MRAcquisitionType": "2D",
    "MagneticFieldStrength": 2.8936200141907,
    "Manufacturer": "SIEMENS",
    "ManufacturersModelName": "Allegra",
    "NumberOfAverages": 1.0,
    "NumberOfPhaseEncodingSteps": 64,
    "PercentPhaseFieldOfView": 100.0,
    "PhaseEncodingDirection": "j-",
    "PixelBandwidth": 2605.0,
    "PixelSpacing": [
      3.125,
      3.125
    ],
    "RepetitionTime": 2,
    "Rows": 384,
    "ScanOptions": "FS",
    "ScanningSequence": [
      "SE",
      "EP"
    ],
    "SequenceName": "*epfid2d1_64",
    "SequenceVariant": "SK",
    "SeriesDate": "18660914",
    "SeriesDescription": "BOLD EPI - Stopmanual1",
    "SeriesNumber": 4,
    "SeriesTime": "092122.718000",
    "SliceThickness": 4.0,
    "SpacingBetweenSlices": 4.0000000115248,
    "StudyID": "1",
    "StudyTime": "085639.015000",
    "dataset": "ds000007",
    "modality": "bold",
    "run_id": 1,
    "subject_id": "13",
    "task_id": "stopmanual"
  },
  "dummy_trs": 0,
  "dvars_nstd": 22.16688984408839,
  "dvars_std": 1.1027610503314922,
  "dvars_vstd": 1.0015942852486188,
  "efc": 0.5016283413297804,
  "fber": 2674.03955078125,
  "fd_mean": 0.07331706492374279,
  "fd_num": 4,
  "fd_perc": 2.197802197802198,
  "fwhm_avg": 1.7878584999999998,
  "fwhm_x": 1.7178783999999998,
  "fwhm_y": 2.0041696,
  "fwhm_z": 1.6415275,
  "gcor": 0.0295615,
  "gsr_x": -0.009205901063978672,
  "gsr_y": 0.03377050533890724,
  "provenance": {
    "md5sum": "e48f27300743f0329d8299b8b1d9977c",
    "settings": {
      "fd_thres": 0.2,
      "testing": false
    },
    "software": "mriqc",
    "version": "23.1.0"
  },
  "size_t": 182,
  "size_x": 64,
  "size_y": 64,
  "size_z": 33,
  "snr": 6.1534459175449365,
  "spacing_tr": 2.0,
  "spacing_x": 3.125,
  "spacing_y": 3.125,
  "spacing_z": 4.0,
  "summary_bg_k": 19.04383595882103,
  "summary_bg_mad": 6.0933334222060225,
  "summary_bg_mean": 35.4942766751636,
  "summary_bg_median": 13.494505882263184,
  "summary_bg_n": 105696.0,
  "summary_bg_p05": 8.961538314819336,
  "summary_bg_p95": 147.989013671875,
  "summary_bg_stdv": 58.51664559333665,
  "summary_fg_k": 1.8670650175700834,
  "summary_fg_mad": 87.57542359800955,
  "summary_fg_mean": 682.535999137079,
  "summary_fg_median": 697.8159790039062,
  "summary_fg_n": 29472.0,
  "summary_fg_p05": 454.7692565917969,
  "summary_fg_p95": 834.8077392578125,
  "summary_fg_stdv": 113.40054818516235,
  "tsnr": 69.70755063876277
}