{
  "aor": 0.001871593406593407,
  "aqi": 0.01794651087912088,
  "bids_meta": {
    "Columns": 384,
    "EchoTime": 0.03,
    "EchoTrainLength": 1,
    "FlipAngle": 90.0,
    "ImageType": "ORIGINAL/PRIMARY/M/ND/MOSAIC",
    "ImagingFrequency": 123.253464,
    "InplanePhaseEncodingDirection": "COL",
    "InversionTime": 0.0,
    "MRAcquisitionType": "2D",
    "MagneticFieldStrength": 2.8936200141907,
    "Manufacturer": "SIEMENS",
    "ManufacturersModelName": "Allegra",
    "NumberOfAverages": 1.0,
    "NumberOfPhaseEncodingSteps": 64,
    "PercentPhaseFieldOfView": 100.0,
    "PhaseEncodingDirection": "j-",
    "PixelBandwidth": 2605.0,
    "PixelSpacing": [
      3.125,
      3.125
    ],
    "RepetitionTime": 2,
    "Rows": 384,
    "ScanOptions": "FS",
    "ScanningSequence": [
      "SE",
      "EP"
    ],
    "SequenceName": "*epfid2d1_64",
    "SequenceVariant": "SK",
    "SeriesDate": "18660914",
    "SeriesDescription": "BOLD EPI - Stopvocal1",
    "SeriesNumber": 6,
    "SeriesTime": "093548.343000",
    "SliceThickness": 4.0,
    "SpacingBetweenSlices": 4.0000000115248,
    "StudyID": "1",
    "StudyTime": "085639.015000",
    "dataset": "ds000007",
    "modality": "bold",
    "run_id": 1,
    "subject_id": "13",
    "task_id": "stopvocal"
  },
  "dummy_trs": 0,
  "dvars_nstd": 24.944399912430953,
  "dvars_std": 1.0671089322651932,
  "dvars_vstd": 0.9934848066850828,
  "efc": 0.5040320650853798,
  "fber": 2492.77490234375,
  "fd_mean": 0.17370753882708653,
  "fd_num": 52,
  "fd_perc": 28.571428571428573,
  "fwhm_avg": 1.8019364666666666,
  "fwhm_x": 1.7529696000000001,
  "fwhm_y": 2.0204448,
  "fwhm_z": 1.632395,
  "gcor": 0.0256378,
  "gsr_x": -0.009469607844948769,
  "gsr_y": 0.03386015072464943,
  "provenance": {
    "md5sum": "63b0a640c52e19ded7842f1466413ce4",
    "settings": {
      "fd_thres": 0.2,
      "testing": false
    },
    "software": "mriqc",
    "version": "23.1.0"
  },
  "size_t": 182,
  "size_x": 64,
  "size_y": 64,
  "size_z": 33,
  "snr": 6.076147364701104,
  "spacing_tr": 2.0,
  "spacing_x": 3.125,
  "spacing_y": 3.125,
  "spacing_z": 4.0,
  "summary_bg_k": 18.4780365691291,
  "summary_bg_mad": 6.85499921628199,
  "summary_bg_mean": 34.63637815177132,
  "summary_bg_median": 13.299450874328613,
  "summary_bg_n": 105624.0,
  "summary_bg_p05": 7.291208744049072,
  "summary_bg_p95": 143.84616088867188,
  "summary_bg_stdv": 56.76550826764527,
  "summary_fg_k": 1.5947446061577653,
  "summary_fg_mad": 84.51239854343214,
  "summary_fg_mean": 647.9386195214564,
  "summary_fg_median": 664.010986328125,
  "summary_fg_n": 29544.0,
  "summary_fg_p05": 423.5934143066406,
  "summary_fg_p95": 794.467041015625,
  "summary_fg_stdv": 109.27973084198821,
  "tsnr": 50.846346595324576
}