{
  "aor": 0.0029098901098901096,
  "aqi": 0.02306445175824176,
  "bids_meta": {
    "Columns": 384,
    "EchoTime": 0.03,
    "EchoTrainLength": 1,
    "FlipAngle": 90.0,
    "ImageType": "ORIGINAL/PRIMARY/M/ND/MOSAIC",
    "ImagingFrequency": 123.253464,
    "InplanePhaseEncodingDirection": "COL",
    "InversionTime": 0.0,
    "MRAcquisitionType": "2D",
    "MagneticFieldStrength": 2.8936200141907,
    "Manufacturer": "SIEMENS",
    "ManufacturersModelName": "Allegra",
    "NumberOfAverages": 1.0,
    "NumberOfPhaseEncodingSteps": 64,
    "PercentPhaseFieldOfView": 100.0,
    "PhaseEncodingDirection": "j-",
    "PixelBandwidth": 2605.0,
    "PixelSpacing": [
      3.125,
      3.125
    ],
    "RepetitionTime": 2,
    "Rows": 384,
    "ScanOptions": "FS",
    "ScanningSequence": [
      "SE",
      "EP"
    ],
    "SequenceName": "*epfid2d1_64",
    "SequenceVariant": "SK",
    "SeriesDate": "18660914",
    "SeriesDescription": "BOLD EPI - Stopword1",
    "SeriesNumber": 9,
    "SeriesTime": "095615.515000",
    "SliceThickness": 4.0,
    "SpacingBetweenSlices": 4.0000000115248,
    "StudyID": "1",
    "StudyTime": "085639.015000",
    "dataset": "ds000007",
    "modality": "bold",
    "run_id": 1,
    "subject_id": "13",
    "task_id": "stopword"
  },
  "dummy_trs": 0,
  "dvars_nstd": 28.165222347237567,
  "dvars_std": 1.0848167323204425,
  "dvars_vstd": 1.0026928320994473,
  "efc": 0.5018776226312205,
  "fber": 2592.68896484375,
  "fd_mean": 0.30669794310864484,
  "fd_num": 105,
  "fd_perc": 57.69230769230769,
  "fwhm_avg": 1.832642,
  "fwhm_x": 1.7916128,
  "fwhm_y": 2.0488032,
  "fwhm_z": 1.65751,
  "gcor": 0.0713309,
  "gsr_x": -0.007749703247100115,
  "gsr_y": 0.0344054140150547,
  "provenance": {
    "md5sum": "6b12800bb19450667aec97d1b4019a56",
    "settings": {
      "fd_thres": 0.2,
      "testing": false
    },
    "software": "mriqc",
    "version": "23.1.0"
  },
  "size_t": 182,
  "size_x": 64,
  "size_y": 64,
  "size_z": 33,
  "snr": 6.050120202599415,
  "spacing_tr": 2.0,
  "spacing_x": 3.125,
  "spacing_y": 3.125,
  "spacing_z": 4.0,
  "summary_bg_k": 18.204892746521697,
  "summary_bg_mad": 6.655418800984539,
  "summary_bg_mean": 34.1988210740416,
  "summary_bg_median": 13.071429252624512,
  "summary_bg_n": 105803.0,
  "summary_bg_p05": 6.890110015869141,
  "summary_bg_p95": 142.25274658203125,
  "summary_bg_stdv": 55.68533250747173,
  "summary_fg_k": 1.7247217096713934,
  "summary_fg_mad": 84.19875722938549,
  "summary_fg_mean": 649.6592545704685,
  "summary_fg_median": 665.5769653320312,
  "summary_fg_n": 29365.0,
  "summary_fg_p05": 428.4285888671875,
  "summary_fg_p95": 797.0549926757812,
  "summary_fg_stdv": 110.00866265797207,
  "tsnr": 41.36685431236401
}