{
  "aor": 0.0021151648351648354,
  "aqi": 0.013574864065934068,
  "bids_meta": {
    "Columns": 384,
    "EchoTime": 0.03,
    "EchoTrainLength": 1,
    "FlipAngle": 90.0,
    "ImageType": "ORIGINAL/PRIMARY/M/ND/MOSAIC",
    "ImagingFrequency": 123.253286,
    "InplanePhaseEncodingDirection": "COL",
    "InversionTime": 0.0,
    "MRAcquisitionType": "2D",
    "MagneticFieldStrength": 2.8936200141907,
    "Manufacturer": "SIEMENS",
    "ManufacturersModelName": "Allegra",
    "NumberOfAverages": 1.0,
    "NumberOfPhaseEncodingSteps": 64,
    "PercentPhaseFieldOfView": 100.0,
    "PhaseEncodingDirection": "j-",
    "PixelBandwidth": 2605.0,
    "PixelSpacing": [
      3.125,
      3.125
    ],
    "RepetitionTime": 2,
    "Rows": 384,
    "ScanOptions": "FS",
    "ScanningSequence": [
      "SE",
      "EP"
    ],
    "SequenceName": "*epfid2d1_64",
    "SequenceVariant": "SK",
    "SeriesDate": "18661001",
    "SeriesDescription": "BOLD EPI - Stopvocal2",
    "SeriesNumber": 5,
    "SeriesTime": "095843.968000",
    "SliceThickness": 4.0,
    "SpacingBetweenSlices": 4.0000000439355,
    "StudyID": "1",
    "StudyTime": "093408.765000",
    "dataset": "ds000007",
    "modality": "bold",
    "run_id": 2,
    "subject_id": "17",
    "task_id": "stopvocal"
  },
  "dummy_trs": 0,
  "dvars_nstd": 31.84547622436464,
  "dvars_std": 1.1364866169613266,
  "dvars_vstd": 1.0292843048066298,
  "efc": 0.5486417268344206,
  "fber": 1662.8204345703125,
  "fd_mean": 0.19587546976038311,
  "fd_num": 59,
  "fd_perc": 32.417582417582416,
  "fwhm_avg": 1.6849417000000002,
  "fwhm_x": 1.6245151999999998,
  "fwhm_y": 1.9326624000000001,
  "fwhm_z": 1.4976475,
  "gcor": 0.0226913,
  "gsr_x": -0.011387813836336136,
  "gsr_y": 0.044923365116119385,
  "provenance": {
    "md5sum": "d4875f5e6ec0f733c195cc8d21288eab",
    "settings": {
      "fd_thres": 0.2,
      "testing": false
    },
    "software": "mriqc",
    "version": "23.1.0"
  },
  "size_t": 182,
  "size_x": 64,
  "size_y": 64,
  "size_z": 33,
  "snr": 5.721933828792048,
  "spacing_tr": 2.0,
  "spacing_x": 3.125,
  "spacing_y": 3.125,
  "spacing_z": 4.0,
  "summary_bg_k": 18.993469944443827,
  "summary_bg_mad": 7.364134717816685,
  "summary_bg_mean": 39.54580859259103,
  "summary_bg_median": 14.978022575378418,
  "summary_bg_n": 100415.0,
  "summary_bg_p05": 8.653846740722656,
  "summary_bg_p95": 169.36813354492188,
  "summary_bg_stdv": 62.578762443567996,
  "summary_fg_k": 2.071629304135789,
  "summary_fg_mad": 85.89319854661677,
  "summary_fg_mean": 605.457072244906,
  "summary_fg_median": 610.7692260742188,
  "summary_fg_n": 34753.0,
  "summary_fg_p05": 406.5879211425781,
  "summary_fg_p95": 763.2362670898438,
  "summary_fg_stdv": 106.74021353583862,
  "tsnr": 49.13417279312853
}