{
  "aor": 0.0019592265193370166,
  "aqi": 0.010566288453038674,
  "bids_meta": {
    "Columns": 384,
    "EchoTime": 0.03,
    "EchoTrainLength": 1,
    "FlipAngle": 90.0,
    "ImageType": "ORIGINAL/PRIMARY/M/ND/MOSAIC",
    "ImagingFrequency": 123.253286,
    "InplanePhaseEncodingDirection": "COL",
    "InversionTime": 0.0,
    "MRAcquisitionType": "2D",
    "MagneticFieldStrength": 2.8936200141907,
    "Manufacturer": "SIEMENS",
    "ManufacturersModelName": "Allegra",
    "NumberOfAverages": 1.0,
    "NumberOfPhaseEncodingSteps": 64,
    "PercentPhaseFieldOfView": 100.0,
    "PhaseEncodingDirection": "j-",
    "PixelBandwidth": 2605.0,
    "PixelSpacing": [
      3.125,
      3.125
    ],
    "RepetitionTime": 2,
    "Rows": 384,
    "ScanOptions": "FS",
    "ScanningSequence": [
      "SE",
      "EP"
    ],
    "SequenceName": "*epfid2d1_64",
    "SequenceVariant": "SK",
    "SeriesDate": "18661001",
    "SeriesDescription": "BOLD EPI - Stopvocal1",
    "SeriesNumber": 4,
    "SeriesTime": "095114.390000",
    "SliceThickness": 4.0,
    "SpacingBetweenSlices": 4.0000000439355,
    "StudyID": "1",
    "StudyTime": "093408.765000",
    "dataset": "ds000007",
    "modality": "bold",
    "run_id": 1,
    "subject_id": "17",
    "task_id": "stopvocal"
  },
  "dummy_trs": 1,
  "dvars_nstd": 30.244983599333324,
  "dvars_std": 1.1416832583888896,
  "dvars_vstd": 1.0271873526666666,
  "efc": 0.548595861323265,
  "fber": 1722.8184814453125,
  "fd_mean": 0.1308305458398706,
  "fd_num": 27,
  "fd_perc": 14.917127071823204,
  "fwhm_avg": 1.7001454666666669,
  "fwhm_x": 1.6390016,
  "fwhm_y": 1.9662047999999999,
  "fwhm_z": 1.49523,
  "gcor": 0.0311628,
  "gsr_x": -0.011318712495267391,
  "gsr_y": 0.044805873185396194,
  "provenance": {
    "md5sum": "02d99306dd04d7d6f16d5f3f534f8bd0",
    "settings": {
      "fd_thres": 0.2,
      "testing": false
    },
    "software": "mriqc",
    "version": "23.1.0"
  },
  "size_t": 181,
  "size_x": 64,
  "size_y": 64,
  "size_z": 33,
  "snr": 5.699893720364298,
  "spacing_tr": 2.0,
  "spacing_x": 3.125,
  "spacing_y": 3.125,
  "spacing_z": 4.0,
  "summary_bg_k": 19.144267426705625,
  "summary_bg_mad": 6.83962849568818,
  "summary_bg_mean": 39.981672682522294,
  "summary_bg_median": 14.922652244567871,
  "summary_bg_n": 100323.0,
  "summary_bg_p05": 9.386740684509277,
  "summary_bg_p95": 170.7348175048828,
  "summary_bg_stdv": 63.66831820596172,
  "summary_fg_k": 2.10323289377584,
  "summary_fg_mad": 88.18614639907732,
  "summary_fg_mean": 614.5708551959304,
  "summary_fg_median": 619.3922729492188,
  "summary_fg_n": 34845.0,
  "summary_fg_p05": 413.00555419921875,
  "summary_fg_p95": 774.1989135742188,
  "summary_fg_stdv": 108.6657778988325,
  "tsnr": 54.122797294403426
}