{
  "aor": 0.0018147802197802196,
  "aqi": 0.01674838901098901,
  "bids_meta": {
    "Columns": 384,
    "EchoTime": 0.03,
    "EchoTrainLength": 1,
    "FlipAngle": 90.0,
    "ImageType": "ORIGINAL/PRIMARY/M/ND/MOSAIC",
    "ImagingFrequency": 123.253286,
    "InplanePhaseEncodingDirection": "COL",
    "InversionTime": 0.0,
    "MRAcquisitionType": "2D",
    "MagneticFieldStrength": 2.8936200141907,
    "Manufacturer": "SIEMENS",
    "ManufacturersModelName": "Allegra",
    "NumberOfAverages": 1.0,
    "NumberOfPhaseEncodingSteps": 64,
    "PercentPhaseFieldOfView": 100.0,
    "PhaseEncodingDirection": "j-",
    "PixelBandwidth": 2605.0,
    "PixelSpacing": [
      3.125,
      3.125
    ],
    "RepetitionTime": 2,
    "Rows": 384,
    "ScanOptions": "FS",
    "ScanningSequence": [
      "SE",
      "EP"
    ],
    "SequenceName": "*epfid2d1_64",
    "SequenceVariant": "SK",
    "SeriesDate": "18661001",
    "SeriesDescription": "BOLD EPI - Stopword2",
    "SeriesNumber": 7,
    "SeriesTime": "101349.406000",
    "SliceThickness": 4.0,
    "SpacingBetweenSlices": 4.0000000439355,
    "StudyID": "1",
    "StudyTime": "093408.765000",
    "dataset": "ds000007",
    "modality": "bold",
    "run_id": 2,
    "subject_id": "17",
    "task_id": "stopword"
  },
  "dummy_trs": 0,
  "dvars_nstd": 30.899671565248624,
  "dvars_std": 1.0874486381215476,
  "dvars_vstd": 1.007436565690608,
  "efc": 0.5541764462192005,
  "fber": 1545.6905517578125,
  "fd_mean": 0.19180222853841117,
  "fd_num": 61,
  "fd_perc": 33.51648351648352,
  "fwhm_avg": 1.6914599,
  "fwhm_x": 1.6438751999999999,
  "fwhm_y": 1.932912,
  "fwhm_z": 1.4975925,
  "gcor": 0.0346006,
  "gsr_x": -0.015223906375467777,
  "gsr_y": 0.043242502957582474,
  "provenance": {
    "md5sum": "8e186094ff424cf33dc1118127ebdc12",
    "settings": {
      "fd_thres": 0.2,
      "testing": false
    },
    "software": "mriqc",
    "version": "23.1.0"
  },
  "size_t": 182,
  "size_x": 64,
  "size_y": 64,
  "size_z": 33,
  "snr": 5.651048826931468,
  "spacing_tr": 2.0,
  "spacing_x": 3.125,
  "spacing_y": 3.125,
  "spacing_z": 4.0,
  "summary_bg_k": 17.99162756532888,
  "summary_bg_mad": 7.486327068514654,
  "summary_bg_mean": 40.68352434748267,
  "summary_bg_median": 15.362637519836426,
  "summary_bg_n": 100074.0,
  "summary_bg_p05": 9.40109920501709,
  "summary_bg_p95": 172.91758728027344,
  "summary_bg_stdv": 62.47388585931479,
  "summary_fg_k": 1.870947857306545,
  "summary_fg_mad": 86.21086670384724,
  "summary_fg_mean": 598.1423900762624,
  "summary_fg_median": 603.9862670898438,
  "summary_fg_n": 35094.0,
  "summary_fg_p05": 399.19232177734375,
  "summary_fg_p95": 754.9945068359375,
  "summary_fg_stdv": 106.87886094456891,
  "tsnr": 45.28732757567195
}