{
  "aor": 0.0013206593406593409,
  "aqi": 0.027112703846153847,
  "bids_meta": {
    "Columns": 384,
    "EchoTime": 0.03,
    "EchoTrainLength": 1,
    "FlipAngle": 90.0,
    "ImageType": "ORIGINAL/PRIMARY/M/ND/MOSAIC",
    "ImagingFrequency": 123.253286,
    "InplanePhaseEncodingDirection": "COL",
    "InversionTime": 0.0,
    "MRAcquisitionType": "2D",
    "MagneticFieldStrength": 2.8936200141907,
    "Manufacturer": "SIEMENS",
    "ManufacturersModelName": "Allegra",
    "NumberOfAverages": 1.0,
    "NumberOfPhaseEncodingSteps": 64,
    "PercentPhaseFieldOfView": 100.0,
    "PhaseEncodingDirection": "j-",
    "PixelBandwidth": 2605.0,
    "PixelSpacing": [
      3.125,
      3.125
    ],
    "RepetitionTime": 2,
    "Rows": 384,
    "ScanOptions": "FS",
    "ScanningSequence": [
      "SE",
      "EP"
    ],
    "SequenceName": "*epfid2d1_64",
    "SequenceVariant": "SK",
    "SeriesDate": "18661001",
    "SeriesDescription": "BOLD EPI - Stopmanual2",
    "SeriesNumber": 10,
    "SeriesTime": "103255.734000",
    "SliceThickness": 4.0,
    "SpacingBetweenSlices": 4.0000000439355,
    "StudyID": "1",
    "StudyTime": "093408.765000",
    "dataset": "ds000007",
    "modality": "bold",
    "run_id": 2,
    "subject_id": "17",
    "task_id": "stopmanual"
  },
  "dummy_trs": 0,
  "dvars_nstd": 26.646302070220994,
  "dvars_std": 0.9690428720441988,
  "dvars_vstd": 0.937363132596685,
  "efc": 0.5491672129420109,
  "fber": 1724.5203857421875,
  "fd_mean": 0.1019445199019201,
  "fd_num": 17,
  "fd_perc": 9.340659340659341,
  "fwhm_avg": 1.7158135,
  "fwhm_x": 1.6663839999999999,
  "fwhm_y": 1.9877440000000002,
  "fwhm_z": 1.4933125,
  "gcor": 0.0241918,
  "gsr_x": -0.010453149676322937,
  "gsr_y": 0.04818657413125038,
  "provenance": {
    "md5sum": "5894965bee6fca3727eaa5f492196b4f",
    "settings": {
      "fd_thres": 0.2,
      "testing": false
    },
    "software": "mriqc",
    "version": "23.1.0"
  },
  "size_t": 182,
  "size_x": 64,
  "size_y": 64,
  "size_z": 33,
  "snr": 5.832440125705129,
  "spacing_tr": 2.0,
  "spacing_x": 3.125,
  "spacing_y": 3.125,
  "spacing_z": 4.0,
  "summary_bg_k": 17.78264018244122,
  "summary_bg_mad": 7.258233549409387,
  "summary_bg_mean": 40.960128314103976,
  "summary_bg_median": 15.170330047607422,
  "summary_bg_n": 100466.0,
  "summary_bg_p05": 8.928571701049805,
  "summary_bg_p95": 176.55494689941406,
  "summary_bg_stdv": 64.17400782993681,
  "summary_fg_k": 1.7422302644215986,
  "summary_fg_mad": 88.23519244414751,
  "summary_fg_mean": 624.1014960611474,
  "summary_fg_median": 629.9835205078125,
  "summary_fg_n": 34702.0,
  "summary_fg_p05": 423.25274658203125,
  "summary_fg_p95": 782.7911987304688,
  "summary_fg_stdv": 108.0121578302679,
  "tsnr": 40.871290201321244
}