{
  "aor": 0.005380494505494505,
  "aqi": 0.016135997637362638,
  "bids_meta": {
    "Columns": 384,
    "EchoTime": 0.03,
    "EchoTrainLength": 1,
    "FlipAngle": 90.0,
    "ImageType": "ORIGINAL/PRIMARY/M/ND/MOSAIC",
    "ImagingFrequency": 123.253486,
    "InplanePhaseEncodingDirection": "COL",
    "InversionTime": 0.0,
    "MRAcquisitionType": "2D",
    "MagneticFieldStrength": 3.0,
    "Manufacturer": "SIEMENS",
    "ManufacturersModelName": "Allegra",
    "NumberOfAverages": 1.0,
    "NumberOfPhaseEncodingSteps": 64,
    "PercentPhaseFieldOfView": 100.0,
    "PhaseEncodingDirection": "j-",
    "PixelBandwidth": 2605.0,
    "PixelSpacing": [
      3.125,
      3.125
    ],
    "RepetitionTime": 2,
    "Rows": 384,
    "ScanOptions": "FS",
    "ScanningSequence": [
      "SE",
      "EP"
    ],
    "SequenceName": "*epfid2d1_64",
    "SequenceVariant": "SK",
    "SeriesDate": "18661027",
    "SeriesDescription": "BOLD EPI - Stopvocal1",
    "SeriesNumber": 6,
    "SeriesTime": "185604.218000",
    "SliceThickness": 4.0,
    "SpacingBetweenSlices": 4.0000000129188,
    "StudyID": "1",
    "StudyTime": "182445.203000",
    "dataset": "ds000007",
    "modality": "bold",
    "run_id": 1,
    "subject_id": "20",
    "task_id": "stopvocal"
  },
  "dummy_trs": 0,
  "dvars_nstd": 27.676175227900554,
  "dvars_std": 1.1561985962430943,
  "dvars_vstd": 1.0484047924861881,
  "efc": 0.5172373415490592,
  "fber": 2464.779541015625,
  "fd_mean": 0.19491691750847914,
  "fd_num": 55,
  "fd_perc": 30.21978021978022,
  "fwhm_avg": 1.8027988666666666,
  "fwhm_x": 1.7795424,
  "fwhm_y": 2.0063391999999998,
  "fwhm_z": 1.622515,
  "gcor": 0.189215,
  "gsr_x": 0.003896125592291355,
  "gsr_y": 0.028584372252225876,
  "provenance": {
    "md5sum": "90b93028e0b1dc0f76deee96e8a856a5",
    "settings": {
      "fd_thres": 0.2,
      "testing": false
    },
    "software": "mriqc",
    "version": "23.1.0"
  },
  "size_t": 182,
  "size_x": 64,
  "size_y": 64,
  "size_z": 33,
  "snr": 6.118313868429769,
  "spacing_tr": 2.0,
  "spacing_x": 3.125,
  "spacing_y": 3.125,
  "spacing_z": 4.0,
  "summary_bg_k": 27.779880788120774,
  "summary_bg_mad": 6.671709983275209,
  "summary_bg_mean": 34.85684974302144,
  "summary_bg_median": 13.835165023803711,
  "summary_bg_n": 102739.0,
  "summary_bg_p05": 8.082417488098145,
  "summary_bg_p95": 146.2032928466797,
  "summary_bg_stdv": 60.912022134388174,
  "summary_fg_k": 2.638832050961213,
  "summary_fg_mad": 82.92799410960558,
  "summary_fg_mean": 673.2906024035268,
  "summary_fg_median": 686.8681640625,
  "summary_fg_n": 32429.0,
  "summary_fg_p05": 447.15936279296875,
  "summary_fg_p95": 827.6264038085938,
  "summary_fg_stdv": 112.2625593280971,
  "tsnr": 48.14555460086558
}