{
  "aor": 0.005292362637362638,
  "aqi": 0.029711380219780217,
  "bids_meta": {
    "Columns": 384,
    "EchoTime": 0.03,
    "EchoTrainLength": 1,
    "FlipAngle": 90.0,
    "ImageType": "ORIGINAL/PRIMARY/M/ND/MOSAIC",
    "ImagingFrequency": 123.253486,
    "InplanePhaseEncodingDirection": "COL",
    "InversionTime": 0.0,
    "MRAcquisitionType": "2D",
    "MagneticFieldStrength": 3.0,
    "Manufacturer": "SIEMENS",
    "ManufacturersModelName": "Allegra",
    "NumberOfAverages": 1.0,
    "NumberOfPhaseEncodingSteps": 64,
    "PercentPhaseFieldOfView": 100.0,
    "PhaseEncodingDirection": "j-",
    "PixelBandwidth": 2605.0,
    "PixelSpacing": [
      3.125,
      3.125
    ],
    "RepetitionTime": 2,
    "Rows": 384,
    "ScanOptions": "FS",
    "ScanningSequence": [
      "SE",
      "EP"
    ],
    "SequenceName": "*epfid2d1_64",
    "SequenceVariant": "SK",
    "SeriesDate": "18661027",
    "SeriesDescription": "BOLD EPI - Stopword1",
    "SeriesNumber": 4,
    "SeriesTime": "184009.250000",
    "SliceThickness": 4.0,
    "SpacingBetweenSlices": 4.0000000129188,
    "StudyID": "1",
    "StudyTime": "182445.203000",
    "dataset": "ds000007",
    "modality": "bold",
    "run_id": 1,
    "subject_id": "20",
    "task_id": "stopword"
  },
  "dummy_trs": 0,
  "dvars_nstd": 25.75006687303869,
  "dvars_std": 0.9600998699447517,
  "dvars_vstd": 0.9441765763535916,
  "efc": 0.5230722664425181,
  "fber": 2218.359375,
  "fd_mean": 0.21679991478980754,
  "fd_num": 47,
  "fd_perc": 25.824175824175825,
  "fwhm_avg": 1.8925183333333333,
  "fwhm_x": 1.8597312,
  "fwhm_y": 2.0827488,
  "fwhm_z": 1.735075,
  "gcor": 0.0358665,
  "gsr_x": -0.0005967174074612558,
  "gsr_y": 0.02614476904273033,
  "provenance": {
    "md5sum": "d5bf70ca41f8086f23aee72ee8b141a4",
    "settings": {
      "fd_thres": 0.2,
      "testing": false
    },
    "software": "mriqc",
    "version": "23.1.0"
  },
  "size_t": 182,
  "size_x": 64,
  "size_y": 64,
  "size_z": 33,
  "snr": 6.09267262456647,
  "spacing_tr": 2.0,
  "spacing_x": 3.125,
  "spacing_y": 3.125,
  "spacing_z": 4.0,
  "summary_bg_k": 26.082583579208823,
  "summary_bg_mad": 7.021994439158786,
  "summary_bg_mean": 35.380580474051705,
  "summary_bg_median": 14.307692527770996,
  "summary_bg_n": 102213.0,
  "summary_bg_p05": 8.939560890197754,
  "summary_bg_p95": 147.91209411621094,
  "summary_bg_stdv": 60.803593985111966,
  "summary_fg_k": 2.0815282532976234,
  "summary_fg_mad": 83.79145787724354,
  "summary_fg_mean": 659.5690498614814,
  "summary_fg_median": 673.8846435546875,
  "summary_fg_n": 32955.0,
  "summary_fg_p05": 442.6318664550781,
  "summary_fg_p95": 812.2802124023438,
  "summary_fg_stdv": 110.60407487583299,
  "tsnr": 41.09271991997957
}