{
  "aor": 0.00041585635359116024,
  "aqi": 0.014462524254143646,
  "bids_meta": {
    "Columns": 384,
    "EchoTime": 0.03,
    "EchoTrainLength": 1,
    "FlipAngle": 90.0,
    "ImageType": "ORIGINAL/PRIMARY/M/ND/MOSAIC",
    "ImagingFrequency": 123.253151,
    "InplanePhaseEncodingDirection": "COL",
    "InversionTime": 0.0,
    "MRAcquisitionType": "2D",
    "MagneticFieldStrength": 2.8936200141907,
    "Manufacturer": "SIEMENS",
    "ManufacturersModelName": "Allegra",
    "NumberOfAverages": 1.0,
    "NumberOfPhaseEncodingSteps": 64,
    "PercentPhaseFieldOfView": 100.0,
    "PhaseEncodingDirection": "j-",
    "PixelBandwidth": 2605.0,
    "PixelSpacing": [
      3.125,
      3.125
    ],
    "RepetitionTime": 2,
    "Rows": 384,
    "ScanOptions": "FS",
    "ScanningSequence": [
      "SE",
      "EP"
    ],
    "SequenceName": "*epfid2d1_64",
    "SequenceVariant": "SK",
    "SeriesDate": "18660526",
    "SeriesDescription": "BOLD EPI - Stopvocal2",
    "SeriesNumber": 9,
    "SeriesTime": "162819.093000",
    "SliceThickness": 4.0,
    "SpacingBetweenSlices": 3.9999999779889,
    "StudyID": "1",
    "StudyTime": "152202.781000",
    "dataset": "ds000007",
    "modality": "bold",
    "run_id": 2,
    "subject_id": "06",
    "task_id": "stopvocal"
  },
  "dummy_trs": 1,
  "dvars_nstd": 29.370517465666673,
  "dvars_std": 1.0735712942777775,
  "dvars_vstd": 0.979838926444445,
  "efc": 0.5645030997805236,
  "fber": 1188.2872314453125,
  "fd_mean": 0.14151151083040975,
  "fd_num": 32,
  "fd_perc": 17.679558011049725,
  "fwhm_avg": 1.6954977629737316,
  "fwhm_x": 1.6919872,
  "fwhm_y": 1.9026560000000001,
  "fwhm_z": 1.4918500889211945,
  "gcor": 0.00945321,
  "gsr_x": -0.0009672074229456484,
  "gsr_y": 0.035390082746744156,
  "provenance": {
    "md5sum": "2b9c37bcee491dce1316f8e50895ff2e",
    "settings": {
      "fd_thres": 0.2,
      "testing": false
    },
    "software": "mriqc",
    "version": "23.1.0"
  },
  "size_t": 181,
  "size_x": 64,
  "size_y": 64,
  "size_z": 33,
  "snr": 5.525517811073545,
  "spacing_tr": 2.0,
  "spacing_x": 3.125,
  "spacing_y": 3.125,
  "spacing_z": 3.999999761581421,
  "summary_bg_k": 15.999836097654882,
  "summary_bg_mad": 9.559099351950445,
  "summary_bg_mean": 40.93173891059912,
  "summary_bg_median": 16.30939292907715,
  "summary_bg_n": 99493.0,
  "summary_bg_p05": 8.740331649780273,
  "summary_bg_p95": 167.29835510253906,
  "summary_bg_stdv": 60.028171975049766,
  "summary_fg_k": 2.239512142011842,
  "summary_fg_mad": 79.71647355694665,
  "summary_fg_mean": 556.2995149508438,
  "summary_fg_median": 562.2099609375,
  "summary_fg_n": 35675.0,
  "summary_fg_p05": 363.6077575683594,
  "summary_fg_p95": 704.955810546875,
  "summary_fg_stdv": 101.7464969796253,
  "tsnr": 49.93059333739802
}