{
  "aor": 0.0015777348066298342,
  "aqi": 0.01605038447513812,
  "bids_meta": {
    "Columns": 384,
    "EchoTime": 0.03,
    "EchoTrainLength": 1,
    "FlipAngle": 90.0,
    "ImageType": "ORIGINAL/PRIMARY/M/ND/MOSAIC",
    "ImagingFrequency": 123.253151,
    "InplanePhaseEncodingDirection": "COL",
    "InversionTime": 0.0,
    "MRAcquisitionType": "2D",
    "MagneticFieldStrength": 2.8936200141907,
    "Manufacturer": "SIEMENS",
    "ManufacturersModelName": "Allegra",
    "NumberOfAverages": 1.0,
    "NumberOfPhaseEncodingSteps": 64,
    "PercentPhaseFieldOfView": 100.0,
    "PhaseEncodingDirection": "j-",
    "PixelBandwidth": 2605.0,
    "PixelSpacing": [
      3.125,
      3.125
    ],
    "RepetitionTime": 2,
    "Rows": 384,
    "ScanOptions": "FS",
    "ScanningSequence": [
      "SE",
      "EP"
    ],
    "SequenceName": "*epfid2d1_64",
    "SequenceVariant": "SK",
    "SeriesDate": "18660526",
    "SeriesDescription": "BOLD EPI - Stopword2",
    "SeriesNumber": 4,
    "SeriesTime": "154925.156000",
    "SliceThickness": 4.0,
    "SpacingBetweenSlices": 3.9999999779889,
    "StudyID": "1",
    "StudyTime": "152202.781000",
    "dataset": "ds000007",
    "modality": "bold",
    "run_id": 2,
    "subject_id": "06",
    "task_id": "stopword"
  },
  "dummy_trs": 1,
  "dvars_nstd": 32.56260156638889,
  "dvars_std": 1.1493539968888882,
  "dvars_vstd": 1.0142701983888887,
  "efc": 0.5616618550214498,
  "fber": 1242.568603515625,
  "fd_mean": 0.17510268559240547,
  "fd_num": 53,
  "fd_perc": 29.281767955801104,
  "fwhm_avg": 1.7063503965154327,
  "fwhm_x": 1.7095488,
  "fwhm_y": 1.9071647999999999,
  "fwhm_z": 1.5023375895462985,
  "gcor": 0.0105521,
  "gsr_x": -0.0006755738286301494,
  "gsr_y": 0.035537756979465485,
  "provenance": {
    "md5sum": "6fc10f33cf6ecb0cdeafd31acc5f4bfb",
    "settings": {
      "fd_thres": 0.2,
      "testing": false
    },
    "software": "mriqc",
    "version": "23.1.0"
  },
  "size_t": 181,
  "size_x": 64,
  "size_y": 64,
  "size_z": 33,
  "snr": 5.530283996157416,
  "spacing_tr": 2.0,
  "spacing_x": 3.125,
  "spacing_y": 3.125,
  "spacing_z": 3.999999761581421,
  "summary_bg_k": 16.735908608427813,
  "summary_bg_mad": 8.944761158319125,
  "summary_bg_mean": 39.445517705535416,
  "summary_bg_median": 15.895028114318848,
  "summary_bg_n": 99488.0,
  "summary_bg_p05": 8.69613265991211,
  "summary_bg_p95": 160.83425903320312,
  "summary_bg_stdv": 58.184474426903776,
  "summary_fg_k": 2.301378297034759,
  "summary_fg_mad": 79.28646099943087,
  "summary_fg_mean": 553.8848784885599,
  "summary_fg_median": 560.3011169433594,
  "summary_fg_n": 35680.0,
  "summary_fg_p05": 361.24034118652344,
  "summary_fg_p95": 701.5303955078125,
  "summary_fg_stdv": 101.31365143712858,
  "tsnr": 47.478426109591965
}