{
  "aor": 0.0016618681318681318,
  "aqi": 0.01789454758241758,
  "bids_meta": {
    "Columns": 384,
    "EchoTime": 0.03,
    "EchoTrainLength": 1,
    "FlipAngle": 90.0,
    "ImageType": "ORIGINAL/PRIMARY/M/ND/MOSAIC",
    "ImagingFrequency": 123.253151,
    "InplanePhaseEncodingDirection": "COL",
    "InversionTime": 0.0,
    "MRAcquisitionType": "2D",
    "MagneticFieldStrength": 2.8936200141907,
    "Manufacturer": "SIEMENS",
    "ManufacturersModelName": "Allegra",
    "NumberOfAverages": 1.0,
    "NumberOfPhaseEncodingSteps": 64,
    "PercentPhaseFieldOfView": 100.0,
    "PhaseEncodingDirection": "j-",
    "PixelBandwidth": 2605.0,
    "PixelSpacing": [
      3.125,
      3.125
    ],
    "RepetitionTime": 2,
    "Rows": 384,
    "ScanOptions": "FS",
    "ScanningSequence": [
      "SE",
      "EP"
    ],
    "SequenceName": "*epfid2d1_64",
    "SequenceVariant": "SK",
    "SeriesDate": "18660526",
    "SeriesDescription": "BOLD EPI - Stopword1",
    "SeriesNumber": 3,
    "SeriesTime": "154103.656000",
    "SliceThickness": 4.0,
    "SpacingBetweenSlices": 3.9999999779889,
    "StudyID": "1",
    "StudyTime": "152202.781000",
    "dataset": "ds000007",
    "modality": "bold",
    "run_id": 1,
    "subject_id": "06",
    "task_id": "stopword"
  },
  "dummy_trs": 0,
  "dvars_nstd": 34.199294791325975,
  "dvars_std": 1.1699456895027631,
  "dvars_vstd": 1.007546981823205,
  "efc": 0.5602205200918383,
  "fber": 1282.0814208984375,
  "fd_mean": 0.17024219267851604,
  "fd_num": 52,
  "fd_perc": 28.571428571428573,
  "fwhm_avg": 1.7078121298620779,
  "fwhm_x": 1.7196896000000002,
  "fwhm_y": 1.9007391999999999,
  "fwhm_z": 1.5030075895862336,
  "gcor": 0.00714754,
  "gsr_x": -0.0001876249589258805,
  "gsr_y": 0.03648723289370537,
  "provenance": {
    "md5sum": "66d5a974f0e2d64e8cf5b76f305ff7c6",
    "settings": {
      "fd_thres": 0.2,
      "testing": false
    },
    "software": "mriqc",
    "version": "23.1.0"
  },
  "size_t": 182,
  "size_x": 64,
  "size_y": 64,
  "size_z": 33,
  "snr": 5.583148137308981,
  "spacing_tr": 2.0,
  "spacing_x": 3.125,
  "spacing_y": 3.125,
  "spacing_z": 3.999999761581421,
  "summary_bg_k": 16.384060155129816,
  "summary_bg_mad": 8.284651557543771,
  "summary_bg_mean": 38.65570637175941,
  "summary_bg_median": 15.505495071411133,
  "summary_bg_n": 99570.0,
  "summary_bg_p05": 8.868131637573242,
  "summary_bg_p95": 158.45054626464844,
  "summary_bg_stdv": 57.3117976567498,
  "summary_fg_k": 2.4684657281578213,
  "summary_fg_mad": 78.72046330496079,
  "summary_fg_mean": 549.8722832438262,
  "summary_fg_median": 555.1923217773438,
  "summary_fg_n": 35598.0,
  "summary_fg_p05": 361.75274658203125,
  "summary_fg_p95": 694.1978149414062,
  "summary_fg_stdv": 99.43933243138126,
  "tsnr": 45.68096361798234
}