{
  "aor": 0.0006641899441340782,
  "aqi": 0.009323105810055866,
  "bids_meta": {
    "Columns": 384,
    "EchoTime": 0.03,
    "EchoTrainLength": 1,
    "FlipAngle": 90.0,
    "ImageType": "ORIGINAL/PRIMARY/M/ND/MOSAIC",
    "ImagingFrequency": 123.253151,
    "InplanePhaseEncodingDirection": "COL",
    "InversionTime": 0.0,
    "MRAcquisitionType": "2D",
    "MagneticFieldStrength": 2.8936200141907,
    "Manufacturer": "SIEMENS",
    "ManufacturersModelName": "Allegra",
    "NumberOfAverages": 1.0,
    "NumberOfPhaseEncodingSteps": 64,
    "PercentPhaseFieldOfView": 100.0,
    "PhaseEncodingDirection": "j-",
    "PixelBandwidth": 2605.0,
    "PixelSpacing": [
      3.125,
      3.125
    ],
    "RepetitionTime": 2,
    "Rows": 384,
    "ScanOptions": "FS",
    "ScanningSequence": [
      "SE",
      "EP"
    ],
    "SequenceName": "*epfid2d1_64",
    "SequenceVariant": "SK",
    "SeriesDate": "18660526",
    "SeriesDescription": "BOLD EPI - Stopmanual2",
    "SeriesNumber": 6,
    "SeriesTime": "160551.703000",
    "SliceThickness": 4.0,
    "SpacingBetweenSlices": 3.9999999779889,
    "StudyID": "1",
    "StudyTime": "152202.781000",
    "dataset": "ds000007",
    "modality": "bold",
    "run_id": 2,
    "subject_id": "06",
    "task_id": "stopmanual"
  },
  "dummy_trs": 3,
  "dvars_nstd": 28.948006533370776,
  "dvars_std": 1.127295736516854,
  "dvars_vstd": 1.0090844670786514,
  "efc": 0.5640391611419473,
  "fber": 1209.2393798828125,
  "fd_mean": 0.07982489868729505,
  "fd_num": 3,
  "fd_perc": 1.675977653631285,
  "fwhm_avg": 1.691162262945469,
  "fwhm_x": 1.6908287999999998,
  "fwhm_y": 1.8922303999999999,
  "fwhm_z": 1.490427588836407,
  "gcor": 0.00707617,
  "gsr_x": -0.001343059353530407,
  "gsr_y": 0.03574148938059807,
  "provenance": {
    "md5sum": "615676532da0b39b2a58bf4d9b0b3180",
    "settings": {
      "fd_thres": 0.2,
      "testing": false
    },
    "software": "mriqc",
    "version": "23.1.0"
  },
  "size_t": 179,
  "size_x": 64,
  "size_y": 64,
  "size_z": 33,
  "snr": 5.555982790847829,
  "spacing_tr": 2.0,
  "spacing_x": 3.125,
  "spacing_y": 3.125,
  "spacing_z": 3.999999761581421,
  "summary_bg_k": 16.652407165327944,
  "summary_bg_mad": 8.630568415606147,
  "summary_bg_mean": 39.741322447311134,
  "summary_bg_median": 15.865921020507812,
  "summary_bg_n": 99418.0,
  "summary_bg_p05": 9.418993949890137,
  "summary_bg_p95": 162.664794921875,
  "summary_bg_stdv": 58.43116989035542,
  "summary_fg_k": 2.342179977499959,
  "summary_fg_mad": 77.96497775370659,
  "summary_fg_mean": 546.082630573833,
  "summary_fg_median": 551.7234497070312,
  "summary_fg_n": 35750.0,
  "summary_fg_p05": 358.4301452636719,
  "summary_fg_p95": 689.6424560546875,
  "summary_fg_stdv": 99.30119548786347,
  "tsnr": 56.901715094340034
}