{
  "aor": 0.000977,
  "aqi": 0.015575204500000002,
  "bids_meta": {
    "Columns": 384,
    "EchoTime": 0.03,
    "EchoTrainLength": 1,
    "FlipAngle": 90.0,
    "ImageType": "ORIGINAL/PRIMARY/M/ND/MOSAIC",
    "ImagingFrequency": 123.253151,
    "InplanePhaseEncodingDirection": "COL",
    "InversionTime": 0.0,
    "MRAcquisitionType": "2D",
    "MagneticFieldStrength": 2.8936200141907,
    "Manufacturer": "SIEMENS",
    "ManufacturersModelName": "Allegra",
    "NumberOfAverages": 1.0,
    "NumberOfPhaseEncodingSteps": 64,
    "PercentPhaseFieldOfView": 100.0,
    "PhaseEncodingDirection": "j-",
    "PixelBandwidth": 2605.0,
    "PixelSpacing": [
      3.125,
      3.125
    ],
    "RepetitionTime": 2,
    "Rows": 384,
    "ScanOptions": "FS",
    "ScanningSequence": [
      "SE",
      "EP"
    ],
    "SequenceName": "*epfid2d1_64",
    "SequenceVariant": "SK",
    "SeriesDate": "18660526",
    "SeriesDescription": "BOLD EPI - Stopvocal1",
    "SeriesNumber": 8,
    "SeriesTime": "161750.234000",
    "SliceThickness": 4.0,
    "SpacingBetweenSlices": 3.9999999779889,
    "StudyID": "1",
    "StudyTime": "152202.781000",
    "dataset": "ds000007",
    "modality": "bold",
    "run_id": 1,
    "subject_id": "06",
    "task_id": "stopvocal"
  },
  "dummy_trs": 2,
  "dvars_nstd": 31.411974912793276,
  "dvars_std": 1.096337969050279,
  "dvars_vstd": 0.9791140318994412,
  "efc": 0.5639952629014907,
  "fber": 1196.0584716796875,
  "fd_mean": 0.15567881987031124,
  "fd_num": 34,
  "fd_perc": 18.88888888888889,
  "fwhm_avg": 1.6989953298147915,
  "fwhm_x": 1.6977408,
  "fwhm_y": 1.8986176000000001,
  "fwhm_z": 1.5006275894443744,
  "gcor": 0.0100808,
  "gsr_x": -0.0010864130454137921,
  "gsr_y": 0.036291204392910004,
  "provenance": {
    "md5sum": "68602dbdf056eea209f750a15a9092d2",
    "settings": {
      "fd_thres": 0.2,
      "testing": false
    },
    "software": "mriqc",
    "version": "23.1.0"
  },
  "size_t": 180,
  "size_x": 64,
  "size_y": 64,
  "size_z": 33,
  "snr": 5.594695271326638,
  "spacing_tr": 2.0,
  "spacing_x": 3.125,
  "spacing_y": 3.125,
  "spacing_z": 3.999999761581421,
  "summary_bg_k": 15.90892709442106,
  "summary_bg_mad": 9.093293418311738,
  "summary_bg_mean": 40.5489046601459,
  "summary_bg_median": 16.155555725097656,
  "summary_bg_n": 99580.0,
  "summary_bg_p05": 9.272222518920898,
  "summary_bg_p95": 166.8277816772461,
  "summary_bg_stdv": 59.48109755726024,
  "summary_fg_k": 2.409375068293575,
  "summary_fg_mad": 78.65614692759245,
  "summary_fg_mean": 553.1691538658627,
  "summary_fg_median": 558.7250061035156,
  "summary_fg_n": 35588.0,
  "summary_fg_p05": 366.90557861328125,
  "summary_fg_p95": 699.4888916015625,
  "summary_fg_stdv": 99.86552064854949,
  "tsnr": 48.4805006114766
}