{
  "bids_meta": {
    "Columns": 192,
    "EchoTime": 0.0021,
    "EchoTrainLength": 1,
    "FlipAngle": 8.0,
    "ImageType": "ORIGINAL/PRIMARY/M/ND",
    "ImagingFrequency": 123.253471,
    "InplanePhaseEncodingDirection": "ROW",
    "InversionTime": 1.1,
    "MRAcquisitionType": "3D",
    "MagneticFieldStrength": 2.8936200141907,
    "Manufacturer": "SIEMENS",
    "ManufacturersModelName": "Allegra",
    "NumberOfAverages": 1.0,
    "NumberOfPhaseEncodingSteps": 192,
    "PercentPhaseFieldOfView": 100.0,
    "PhaseEncodingDirection": "i-",
    "PixelBandwidth": 320.0,
    "PixelSpacing": [
      1.3333333333333,
      1.3333333333333
    ],
    "RepetitionTime": 2.3,
    "Rows": 192,
    "ScanOptions": "IR",
    "ScanningSequence": [
      "IR",
      "GR"
    ],
    "SequenceName": "*tfl3d1",
    "SequenceVariant": [
      "SP",
      "MP"
    ],
    "SeriesDate": "18660914",
    "SeriesDescription": "MPRage-3T",
    "SeriesNumber": 15,
    "SeriesTime": "103619.015000",
    "SliceThickness": 1.0,
    "StudyID": "1",
    "StudyTime": "085639.015000",
    "dataset": "ds000007",
    "modality": "T1w",
    "subject_id": "13"
  },
  "cjv": 0.5431802032136427,
  "cnr": 2.070334285327586,
  "efc": 0.48629150075658406,
  "fber": 15995.925625,
  "fwhm_avg": 4.3190007513171205,
  "fwhm_x": 4.70098,
  "fwhm_y": 4.092014878048453,
  "fwhm_z": 4.1640073759029095,
  "icvs_csf": 0.2696305329711145,
  "icvs_gm": 0.38617080902624906,
  "icvs_wm": 0.3441986580026365,
  "inu_med": 0.5575059652328491,
  "inu_range": 0.20161474943161017,
  "provenance": {
    "md5sum": "63b455c2b73c8f4273c7be313820b033",
    "settings": {
      "testing": false
    },
    "software": "mriqc",
    "version": "23.1.0",
    "warnings": {
      "large_rot_frame": true,
      "small_air_mask": false
    }
  },
  "qi_1": 0.0,
  "qi_2": 0.0003634478573382367,
  "rpve_csf": 7.439556272307774,
  "rpve_gm": 7.374540078257901,
  "rpve_wm": 7.484084345244786,
  "size_x": 160,
  "size_y": 192,
  "size_z": 192,
  "snr_csf": 1.8154758327074314,
  "snr_gm": 4.80355046722538,
  "snr_total": 5.6956935643197,
  "snr_wm": 10.468054393026287,
  "snrd_csf": 45.430171477484095,
  "snrd_gm": 78.96994143095026,
  "snrd_total": 81.7194343264725,
  "snrd_wm": 120.75819007098315,
  "spacing_x": 1.0,
  "spacing_y": 1.3333333730697632,
  "spacing_z": 1.3333333730697632,
  "summary_bg_k": 147.89082245821393,
  "summary_bg_mad": 5.2288538140486915,
  "summary_bg_mean": 8.408948445670145,
  "summary_bg_median": 3.526808302849531,
  "summary_bg_n": 1967814.0,
  "summary_bg_p05": 0.0,
  "summary_bg_p95": 32.11009128019214,
  "summary_bg_stdv": 16.082377670243424,
  "summary_csf_k": -0.9682674474457036,
  "summary_csf_mad": 152.21774436452858,
  "summary_csf_mean": 364.2817965379792,
  "summary_csf_median": 362.59277518838644,
  "summary_csf_n": 210467.3927230472,
  "summary_csf_p05": 55.66824870184064,
  "summary_csf_p95": 684.8462397232652,
  "summary_csf_stdv": 199.7227984289354,
  "summary_gm_k": -0.8387352793686502,
  "summary_gm_mad": 106.55925615819491,
  "summary_gm_mean": 637.4832307100673,
  "summary_gm_median": 630.2844406850636,
  "summary_gm_n": 301436.0518666169,
  "summary_gm_p05": 434.53505435958505,
  "summary_gm_p95": 865.8890659362078,
  "summary_gm_stdv": 131.21198569996233,
  "summary_wm_k": 0.12803785695843128,
  "summary_wm_mad": 74.60514951678624,
  "summary_wm_mean": 942.6448823560814,
  "summary_wm_median": 963.8098611682653,
  "summary_wm_n": 268673.556107785,
  "summary_wm_p05": 764.4414624013007,
  "summary_wm_p95": 1057.1665515378118,
  "summary_wm_stdv": 92.07136601848968,
  "tpm_overlap_csf": 0.21043156838518742,
  "tpm_overlap_gm": 0.5523307583058442,
  "tpm_overlap_wm": 0.5461200908102666,
  "wm2max": 0.6934815462996501
}