{
  "aor": 0.0006262637362637362,
  "aqi": 0.009664240659340661,
  "bids_meta": {
    "Columns": 384,
    "EchoTime": 0.03,
    "EchoTrainLength": 1,
    "FlipAngle": 90.0,
    "ImageType": "ORIGINAL/PRIMARY/M/ND/MOSAIC",
    "ImagingFrequency": 123.253096,
    "InplanePhaseEncodingDirection": "COL",
    "InversionTime": 0.0,
    "MRAcquisitionType": "2D",
    "MagneticFieldStrength": 2.8936200141907,
    "Manufacturer": "SIEMENS",
    "ManufacturersModelName": "Allegra",
    "NumberOfAverages": 1.0,
    "NumberOfPhaseEncodingSteps": 64,
    "PercentPhaseFieldOfView": 100.0,
    "PhaseEncodingDirection": "j-",
    "PixelBandwidth": 2605.0,
    "PixelSpacing": [
      3.125,
      3.125
    ],
    "RepetitionTime": 2,
    "Rows": 384,
    "ScanOptions": "FS",
    "ScanningSequence": [
      "SE",
      "EP"
    ],
    "SequenceName": "*epfid2d1_64",
    "SequenceVariant": "SK",
    "SeriesDate": "18660506",
    "SeriesDescription": "BOLD EPI - Stopword2",
    "SeriesNumber": 10,
    "SeriesTime": "170234.796000",
    "SliceThickness": 4.0,
    "SpacingBetweenSlices": 3.9999999858594,
    "StudyID": "1",
    "StudyTime": "160330.968000",
    "dataset": "ds000007",
    "modality": "bold",
    "run_id": 2,
    "subject_id": "01",
    "task_id": "stopword"
  },
  "dummy_trs": 0,
  "dvars_nstd": 26.736019861546957,
  "dvars_std": 1.0628098271270725,
  "dvars_vstd": 0.9896329538121548,
  "efc": 0.5646359748643126,
  "fber": 1749.9351806640625,
  "fd_mean": 0.15349185914282867,
  "fd_num": 43,
  "fd_perc": 23.626373626373628,
  "fwhm_avg": 1.9594446666666665,
  "fwhm_x": 1.9064736,
  "fwhm_y": 2.1427904,
  "fwhm_z": 1.82907,
  "gcor": 0.0254681,
  "gsr_x": -0.0018531263340264559,
  "gsr_y": 0.041654184460639954,
  "provenance": {
    "md5sum": "934d5d2f586e952c2b51e422a2240a28",
    "settings": {
      "fd_thres": 0.2,
      "testing": false
    },
    "software": "mriqc",
    "version": "23.1.0"
  },
  "size_t": 182,
  "size_x": 64,
  "size_y": 64,
  "size_z": 33,
  "snr": 4.763882313083629,
  "spacing_tr": 2.0,
  "spacing_x": 3.125,
  "spacing_y": 3.125,
  "spacing_z": 4.0,
  "summary_bg_k": 14.194319932526067,
  "summary_bg_mad": 7.461887467239334,
  "summary_bg_mean": 36.019554382125385,
  "summary_bg_median": 14.065934181213379,
  "summary_bg_n": 96080.0,
  "summary_bg_p05": 8.0,
  "summary_bg_p95": 145.88186645507812,
  "summary_bg_stdv": 53.21994308046048,
  "summary_fg_k": 0.7295700728435293,
  "summary_fg_mad": 108.482521935763,
  "summary_fg_mean": 585.1576618965269,
  "summary_fg_median": 588.4093627929688,
  "summary_fg_n": 39088.0,
  "summary_fg_p05": 355.467041015625,
  "summary_fg_p95": 775.82421875,
  "summary_fg_stdv": 123.51309233698579,
  "tsnr": 50.813998023513705
}