{
  "aor": 0.0007724725274725276,
  "aqi": 0.014484994835164836,
  "bids_meta": {
    "Columns": 384,
    "EchoTime": 0.03,
    "EchoTrainLength": 1,
    "FlipAngle": 90.0,
    "ImageType": "ORIGINAL/PRIMARY/M/ND/MOSAIC",
    "ImagingFrequency": 123.253096,
    "InplanePhaseEncodingDirection": "COL",
    "InversionTime": 0.0,
    "MRAcquisitionType": "2D",
    "MagneticFieldStrength": 2.8936200141907,
    "Manufacturer": "SIEMENS",
    "ManufacturersModelName": "Allegra",
    "NumberOfAverages": 1.0,
    "NumberOfPhaseEncodingSteps": 64,
    "PercentPhaseFieldOfView": 100.0,
    "PhaseEncodingDirection": "j-",
    "PixelBandwidth": 2605.0,
    "PixelSpacing": [
      3.125,
      3.125
    ],
    "RepetitionTime": 2,
    "Rows": 384,
    "ScanOptions": "FS",
    "ScanningSequence": [
      "SE",
      "EP"
    ],
    "SequenceName": "*epfid2d1_64",
    "SequenceVariant": "SK",
    "SeriesDate": "18660506",
    "SeriesDescription": "BOLD EPI - Stopvocal1",
    "SeriesNumber": 7,
    "SeriesTime": "163829.359000",
    "SliceThickness": 4.0,
    "SpacingBetweenSlices": 3.9999999858594,
    "StudyID": "1",
    "StudyTime": "160330.968000",
    "dataset": "ds000007",
    "modality": "bold",
    "run_id": 1,
    "subject_id": "01",
    "task_id": "stopvocal"
  },
  "dummy_trs": 0,
  "dvars_nstd": 28.906938352486186,
  "dvars_std": 1.076903017403315,
  "dvars_vstd": 0.9669476828729281,
  "efc": 0.564928255082461,
  "fber": 1769.076416015625,
  "fd_mean": 0.14582025803428364,
  "fd_num": 38,
  "fd_perc": 20.87912087912088,
  "fwhm_avg": 1.9766351999999998,
  "fwhm_x": 1.9258144,
  "fwhm_y": 2.1706111999999997,
  "fwhm_z": 1.83348,
  "gcor": 0.0168712,
  "gsr_x": -0.0015495055122300982,
  "gsr_y": 0.04147757589817047,
  "provenance": {
    "md5sum": "58d50ff946c6ee3b060cc509c205f8c8",
    "settings": {
      "fd_thres": 0.2,
      "testing": false
    },
    "software": "mriqc",
    "version": "23.1.0"
  },
  "size_t": 182,
  "size_x": 64,
  "size_y": 64,
  "size_z": 33,
  "snr": 4.840283390752861,
  "spacing_tr": 2.0,
  "spacing_x": 3.125,
  "spacing_y": 3.125,
  "spacing_z": 4.0,
  "summary_bg_k": 13.79839445328064,
  "summary_bg_mad": 7.103457420210422,
  "summary_bg_mean": 36.16091451273577,
  "summary_bg_median": 14.01098918914795,
  "summary_bg_n": 96100.0,
  "summary_bg_p05": 8.434065818786621,
  "summary_bg_p95": 146.82967376708984,
  "summary_bg_stdv": 53.628332376485346,
  "summary_fg_k": 0.6235001443760089,
  "summary_fg_mad": 107.46418306455007,
  "summary_fg_mean": 586.9166635150759,
  "summary_fg_median": 589.3076782226562,
  "summary_fg_n": 39068.0,
  "summary_fg_p05": 361.52197265625,
  "summary_fg_p95": 777.5824584960938,
  "summary_fg_stdv": 121.74909783668187,
  "tsnr": 44.703253902029246
}