{
  "bids_meta": {
    "Columns": 192,
    "EchoTime": 0.0021,
    "EchoTrainLength": 1,
    "FlipAngle": 8.0,
    "ImageType": "ORIGINAL/PRIMARY/M/ND",
    "ImagingFrequency": 123.25334,
    "InplanePhaseEncodingDirection": "ROW",
    "InversionTime": 1.1,
    "MRAcquisitionType": "3D",
    "MagneticFieldStrength": 2.8936200141907,
    "Manufacturer": "SIEMENS",
    "ManufacturersModelName": "Allegra",
    "NumberOfAverages": 1.0,
    "NumberOfPhaseEncodingSteps": 192,
    "PercentPhaseFieldOfView": 100.0,
    "PhaseEncodingDirection": "i-",
    "PixelBandwidth": 320.0,
    "PixelSpacing": [
      1.3333333333333,
      1.3333333333333
    ],
    "RepetitionTime": 2.3,
    "Rows": 192,
    "ScanOptions": "IR",
    "ScanningSequence": [
      "IR",
      "GR"
    ],
    "SequenceName": "*tfl3d1",
    "SequenceVariant": [
      "SP",
      "MP"
    ],
    "SeriesDate": "18660927",
    "SeriesDescription": "MPRage-3T",
    "SeriesNumber": 11,
    "SeriesTime": "150537.796000",
    "SliceThickness": 1.0,
    "StudyID": "1",
    "StudyTime": "135620.359000",
    "dataset": "ds000007",
    "modality": "T1w",
    "subject_id": "14"
  },
  "cjv": 0.5389731872675029,
  "cnr": 1.8612563201475616,
  "efc": 0.505616295527793,
  "fber": 9560.381245134098,
  "fwhm_avg": 4.53220074821142,
  "fwhm_x": 5.02795,
  "fwhm_y": 4.265872372867096,
  "fwhm_z": 4.302779871767167,
  "icvs_csf": 0.2828297244751803,
  "icvs_gm": 0.37706781885404583,
  "icvs_wm": 0.34010245667077377,
  "inu_med": 0.6336263418197632,
  "inu_range": 0.269756144285202,
  "provenance": {
    "md5sum": "b18078f83bcd003448d29277ee79adb3",
    "settings": {
      "testing": false
    },
    "software": "mriqc",
    "version": "23.1.0",
    "warnings": {
      "large_rot_frame": true,
      "small_air_mask": false
    }
  },
  "qi_1": 0.0,
  "qi_2": 0.0006125482787013439,
  "rpve_csf": 6.692313071755953,
  "rpve_gm": 6.6188097538707344,
  "rpve_wm": 6.745915460290628,
  "size_x": 160,
  "size_y": 192,
  "size_z": 192,
  "snr_csf": 1.7831519265701499,
  "snr_gm": 3.4260789640175804,
  "snr_total": 4.960289125706967,
  "snr_wm": 9.671636486533169,
  "snrd_csf": 35.20953988399895,
  "snrd_gm": 65.71276189433719,
  "snrd_total": 69.44303345181639,
  "snrd_wm": 107.406798577113,
  "spacing_x": 1.0,
  "spacing_y": 1.3333333730697632,
  "spacing_z": 1.3333333730697632,
  "summary_bg_k": 93.54747858512658,
  "summary_bg_mad": 5.845334747689315,
  "summary_bg_mean": 12.42298179874602,
  "summary_bg_median": 3.9426183737814426,
  "summary_bg_n": 2249051.0,
  "summary_bg_p05": 0.0,
  "summary_bg_p95": 42.68003143183887,
  "summary_bg_stdv": 29.048774574554177,
  "summary_csf_k": -0.8271479702874278,
  "summary_csf_mad": 140.71058826365365,
  "summary_csf_mean": 318.7159410420899,
  "summary_csf_median": 314.15068210847676,
  "summary_csf_n": 244515.91321158892,
  "summary_csf_p05": 52.96409020200372,
  "summary_csf_p95": 610.2983236908913,
  "summary_csf_stdv": 176.17682208321827,
  "summary_gm_k": -0.2852084049436723,
  "summary_gm_mad": 119.65329802800177,
  "summary_gm_mean": 591.5355011063963,
  "summary_gm_median": 586.3101034648716,
  "summary_gm_n": 325987.9499613554,
  "summary_gm_p05": 313.17690287157893,
  "summary_gm_p95": 900.318281294778,
  "summary_gm_stdv": 171.13125831016544,
  "summary_wm_k": -0.36563441077576764,
  "summary_wm_mad": 80.84872638972692,
  "summary_wm_mean": 934.4878453396796,
  "summary_wm_median": 958.3175226729363,
  "summary_wm_n": 294030.137506487,
  "summary_wm_p05": 738.9084351006895,
  "summary_wm_p95": 1058.7592883519828,
  "summary_wm_stdv": 99.08518526117679,
  "tpm_overlap_csf": 0.2074051023908951,
  "tpm_overlap_gm": 0.5372774583149791,
  "tpm_overlap_wm": 0.5345255344764753,
  "wm2max": 0.686651237194105
}