{
  "bids_meta": {
    "Columns": 192,
    "EchoTime": 0.0021,
    "EchoTrainLength": 1,
    "FlipAngle": 8.0,
    "ImageType": "ORIGINAL/PRIMARY/M/ND",
    "ImagingFrequency": 123.253348,
    "InplanePhaseEncodingDirection": "ROW",
    "InversionTime": 1.1,
    "MRAcquisitionType": "3D",
    "MagneticFieldStrength": 2.8936200141907,
    "Manufacturer": "SIEMENS",
    "ManufacturersModelName": "Allegra",
    "NumberOfAverages": 1.0,
    "NumberOfPhaseEncodingSteps": 192,
    "PercentPhaseFieldOfView": 100.0,
    "PhaseEncodingDirection": "i-",
    "PixelBandwidth": 320.0,
    "PixelSpacing": [
      1.3333333333333,
      1.3333333333333
    ],
    "RepetitionTime": 2.3,
    "Rows": 192,
    "ScanOptions": "IR",
    "ScanningSequence": [
      "IR",
      "GR"
    ],
    "SequenceName": "*tfl3d1",
    "SequenceVariant": [
      "SP",
      "MP"
    ],
    "SeriesDate": "18661001",
    "SeriesDescription": "MPRage-3T",
    "SeriesNumber": 11,
    "SeriesTime": "120043.093000",
    "SliceThickness": 1.0,
    "StudyID": "1",
    "StudyTime": "105424.218000",
    "dataset": "ds000007",
    "modality": "T1w",
    "subject_id": "15"
  },
  "cjv": 0.6459039783693404,
  "cnr": 1.6902137807112096,
  "efc": 0.4824326181849057,
  "fber": 8373.589077929802,
  "fwhm_avg": 4.647609080433873,
  "fwhm_x": 5.26235,
  "fwhm_y": 4.237042373726298,
  "fwhm_z": 4.443434867575322,
  "icvs_csf": 0.2797000109268158,
  "icvs_gm": 0.3799095570213933,
  "icvs_wm": 0.340390432051791,
  "inu_med": 0.5773972272872925,
  "inu_range": 0.20508830547332768,
  "provenance": {
    "md5sum": "48d7dee944eb7cd934e858e06d1ed91b",
    "settings": {
      "testing": false
    },
    "software": "mriqc",
    "version": "23.1.0",
    "warnings": {
      "large_rot_frame": true,
      "small_air_mask": false
    }
  },
  "qi_1": 0.0,
  "qi_2": 0.0007248607347490214,
  "rpve_csf": 6.949654325109744,
  "rpve_gm": 6.852435643728374,
  "rpve_wm": 6.949899164780208,
  "size_x": 160,
  "size_y": 192,
  "size_z": 192,
  "snr_csf": 1.6232279970213166,
  "snr_gm": 3.5526634650547915,
  "snr_total": 4.034203473006868,
  "snr_wm": 6.926718956944496,
  "snrd_csf": 29.498944381396587,
  "snrd_gm": 68.35325332551584,
  "snrd_total": 69.7259661246856,
  "snrd_wm": 111.32570066714435,
  "spacing_x": 1.0,
  "spacing_y": 1.3333333730697632,
  "spacing_z": 1.3333333730697632,
  "summary_bg_k": 187.6472315144714,
  "summary_bg_mad": 5.444347988981433,
  "summary_bg_mean": 12.909626154845858,
  "summary_bg_median": 3.6721569150686264,
  "summary_bg_n": 2646689.0,
  "summary_bg_p05": 0.0,
  "summary_bg_p95": 40.78484337031841,
  "summary_bg_stdv": 35.17015722824525,
  "summary_csf_k": -0.9252364896505423,
  "summary_csf_mad": 129.50460896867077,
  "summary_csf_mean": 260.8780028826599,
  "summary_csf_median": 245.14363500475883,
  "summary_csf_n": 234020.80369818382,
  "summary_csf_p05": 40.78484337031841,
  "summary_csf_p95": 533.0494286417961,
  "summary_csf_stdv": 151.02198316528867,
  "summary_gm_k": -0.5431370745882074,
  "summary_gm_mad": 116.45750284123005,
  "summary_gm_mean": 568.1148451969646,
  "summary_gm_median": 568.032698661089,
  "summary_gm_n": 317864.6277923462,
  "summary_gm_p05": 303.26801221072674,
  "summary_gm_p95": 840.5110875070095,
  "summary_gm_stdv": 159.8889989818059,
  "summary_wm_k": -0.7728383511430557,
  "summary_wm_mad": 114.20244746117858,
  "summary_wm_mean": 889.4320119872274,
  "summary_wm_median": 925.1445264667273,
  "summary_wm_n": 284799.568709259,
  "summary_wm_p05": 634.9789439588785,
  "summary_wm_p95": 1051.9317193627357,
  "summary_wm_stdv": 133.56148964799016,
  "tpm_overlap_csf": 0.18407840336990394,
  "tpm_overlap_gm": 0.5518295332787014,
  "tpm_overlap_wm": 0.5543105976028042,
  "wm2max": 0.7186476724167032
}