{
  "aor": 0.0017911666666666668,
  "aqi": 0.017052064055555555,
  "bids_meta": {
    "Columns": 384,
    "EchoTime": 0.03,
    "EchoTrainLength": 1,
    "FlipAngle": 90.0,
    "ImageType": "ORIGINAL/PRIMARY/M/ND/MOSAIC",
    "ImagingFrequency": 123.253351,
    "InplanePhaseEncodingDirection": "COL",
    "InversionTime": 0.0,
    "MRAcquisitionType": "2D",
    "MagneticFieldStrength": 2.8936200141907,
    "Manufacturer": "SIEMENS",
    "ManufacturersModelName": "Allegra",
    "NumberOfAverages": 1.0,
    "NumberOfPhaseEncodingSteps": 64,
    "PercentPhaseFieldOfView": 100.0,
    "PhaseEncodingDirection": "j-",
    "PixelBandwidth": 2605.0,
    "PixelSpacing": [
      3.125,
      3.125
    ],
    "RepetitionTime": 2,
    "Rows": 384,
    "ScanOptions": "FS",
    "ScanningSequence": [
      "SE",
      "EP"
    ],
    "SequenceName": "*epfid2d1_64",
    "SequenceVariant": "SK",
    "SeriesDate": "18660511",
    "SeriesDescription": "BOLD EPI - Stopword1",
    "SeriesNumber": 8,
    "SeriesTime": "093854.140000",
    "SliceThickness": 4.0,
    "SpacingBetweenSlices": 4.0000000699401,
    "StudyID": "1",
    "StudyTime": "084636.203000",
    "dataset": "ds000007",
    "modality": "bold",
    "run_id": 1,
    "subject_id": "04",
    "task_id": "stopword"
  },
  "dummy_trs": 2,
  "dvars_nstd": 29.964392891340776,
  "dvars_std": 1.0784079974860332,
  "dvars_vstd": 0.9849882550837987,
  "efc": 0.5538016530471594,
  "fber": 1431.4232177734375,
  "fd_mean": 0.17600082316547883,
  "fd_num": 50,
  "fd_perc": 27.77777777777778,
  "fwhm_avg": 1.856790733333333,
  "fwhm_x": 1.834544,
  "fwhm_y": 2.0760032,
  "fwhm_z": 1.659825,
  "gcor": 0.0469753,
  "gsr_x": -0.007081539370119572,
  "gsr_y": 0.045223936438560486,
  "provenance": {
    "md5sum": "6cca043ebf5c0744051116c34b11c67d",
    "settings": {
      "fd_thres": 0.2,
      "testing": false
    },
    "software": "mriqc",
    "version": "23.1.0"
  },
  "size_t": 180,
  "size_x": 64,
  "size_y": 64,
  "size_z": 33,
  "snr": 5.370587908765405,
  "spacing_tr": 2.0,
  "spacing_x": 3.125,
  "spacing_y": 3.125,
  "spacing_z": 4.0,
  "summary_bg_k": 20.36223875287805,
  "summary_bg_mad": 9.24567224673186,
  "summary_bg_mean": 38.324950837825355,
  "summary_bg_median": 15.191667079925537,
  "summary_bg_n": 99928.0,
  "summary_bg_p05": 6.377778053283691,
  "summary_bg_p95": 154.68333435058594,
  "summary_bg_stdv": 57.67275670357678,
  "summary_fg_k": 1.3757465999201575,
  "summary_fg_mad": 91.14709776575955,
  "summary_fg_mean": 568.5403546624503,
  "summary_fg_median": 574.7638854980469,
  "summary_fg_n": 35240.0,
  "summary_fg_p05": 367.9250183105469,
  "summary_fg_p95": 725.4305725097656,
  "summary_fg_stdv": 107.01914580141714,
  "tsnr": 43.881945909932256
}