{
  "aor": 0.0015318131868131868,
  "aqi": 0.013773633626373627,
  "bids_meta": {
    "Columns": 384,
    "EchoTime": 0.03,
    "EchoTrainLength": 1,
    "FlipAngle": 90.0,
    "ImageType": "ORIGINAL/PRIMARY/M/ND/MOSAIC",
    "ImagingFrequency": 123.253351,
    "InplanePhaseEncodingDirection": "COL",
    "InversionTime": 0.0,
    "MRAcquisitionType": "2D",
    "MagneticFieldStrength": 2.8936200141907,
    "Manufacturer": "SIEMENS",
    "ManufacturersModelName": "Allegra",
    "NumberOfAverages": 1.0,
    "NumberOfPhaseEncodingSteps": 64,
    "PercentPhaseFieldOfView": 100.0,
    "PhaseEncodingDirection": "j-",
    "PixelBandwidth": 2605.0,
    "PixelSpacing": [
      3.125,
      3.125
    ],
    "RepetitionTime": 2,
    "Rows": 384,
    "ScanOptions": "FS",
    "ScanningSequence": [
      "SE",
      "EP"
    ],
    "SequenceName": "*epfid2d1_64",
    "SequenceVariant": "SK",
    "SeriesDate": "18660511",
    "SeriesDescription": "BOLD EPI - Stopword2",
    "SeriesNumber": 9,
    "SeriesTime": "094634.062000",
    "SliceThickness": 4.0,
    "SpacingBetweenSlices": 4.0000000699401,
    "StudyID": "1",
    "StudyTime": "084636.203000",
    "dataset": "ds000007",
    "modality": "bold",
    "run_id": 2,
    "subject_id": "04",
    "task_id": "stopword"
  },
  "dummy_trs": 0,
  "dvars_nstd": 30.224443362099443,
  "dvars_std": 1.110991353977901,
  "dvars_vstd": 1.007476466685083,
  "efc": 0.5537380258919778,
  "fber": 1453.242919921875,
  "fd_mean": 0.17867380434563693,
  "fd_num": 44,
  "fd_perc": 24.175824175824175,
  "fwhm_avg": 1.8277463666666665,
  "fwhm_x": 1.8182368,
  "fwhm_y": 2.0328448,
  "fwhm_z": 1.6321575,
  "gcor": 0.0230172,
  "gsr_x": -0.006471937522292137,
  "gsr_y": 0.045391276478767395,
  "provenance": {
    "md5sum": "1ae573fb508249a88010b90260dc3923",
    "settings": {
      "fd_thres": 0.2,
      "testing": false
    },
    "software": "mriqc",
    "version": "23.1.0"
  },
  "size_t": 182,
  "size_x": 64,
  "size_y": 64,
  "size_z": 33,
  "snr": 5.3883441505851986,
  "spacing_tr": 2.0,
  "spacing_x": 3.125,
  "spacing_y": 3.125,
  "spacing_z": 4.0,
  "summary_bg_k": 20.99063435095741,
  "summary_bg_mad": 8.822298748966626,
  "summary_bg_mean": 38.20266951011001,
  "summary_bg_median": 14.978022575378418,
  "summary_bg_n": 99970.0,
  "summary_bg_p05": 7.027472496032715,
  "summary_bg_p95": 154.26373291015625,
  "summary_bg_stdv": 57.64085448478484,
  "summary_fg_k": 1.4639177906582201,
  "summary_fg_mad": 89.87257927537001,
  "summary_fg_mean": 566.1177073770832,
  "summary_fg_median": 570.9835205078125,
  "summary_fg_n": 35198.0,
  "summary_fg_p05": 368.5824279785156,
  "summary_fg_p95": 720.5824584960938,
  "summary_fg_stdv": 105.96491119929057,
  "tsnr": 48.617030125053134
}