{
  "aor": 0.0016214285714285712,
  "aqi": 0.009388666758241758,
  "bids_meta": {
    "Columns": 384,
    "EchoTime": 0.03,
    "EchoTrainLength": 1,
    "FlipAngle": 90.0,
    "ImageType": "ORIGINAL/PRIMARY/M/ND/MOSAIC",
    "ImagingFrequency": 123.253351,
    "InplanePhaseEncodingDirection": "COL",
    "InversionTime": 0.0,
    "MRAcquisitionType": "2D",
    "MagneticFieldStrength": 2.8936200141907,
    "Manufacturer": "SIEMENS",
    "ManufacturersModelName": "Allegra",
    "NumberOfAverages": 1.0,
    "NumberOfPhaseEncodingSteps": 64,
    "PercentPhaseFieldOfView": 100.0,
    "PhaseEncodingDirection": "j-",
    "PixelBandwidth": 2605.0,
    "PixelSpacing": [
      3.125,
      3.125
    ],
    "RepetitionTime": 2,
    "Rows": 384,
    "ScanOptions": "FS",
    "ScanningSequence": [
      "SE",
      "EP"
    ],
    "SequenceName": "*epfid2d1_64",
    "SequenceVariant": "SK",
    "SeriesDate": "18660511",
    "SeriesDescription": "BOLD EPI - Stopmanual1",
    "SeriesNumber": 3,
    "SeriesTime": "090128.546000",
    "SliceThickness": 4.0,
    "SpacingBetweenSlices": 4.0000000699401,
    "StudyID": "1",
    "StudyTime": "084636.203000",
    "dataset": "ds000007",
    "modality": "bold",
    "run_id": 1,
    "subject_id": "04",
    "task_id": "stopmanual"
  },
  "dummy_trs": 0,
  "dvars_nstd": 26.100364126353583,
  "dvars_std": 1.099720024088398,
  "dvars_vstd": 1.0186705113812156,
  "efc": 0.5575401418682147,
  "fber": 1361.407958984375,
  "fd_mean": 0.06626240402697349,
  "fd_num": 2,
  "fd_perc": 1.098901098901099,
  "fwhm_avg": 1.8340732,
  "fwhm_x": 1.8055008000000001,
  "fwhm_y": 2.0489088,
  "fwhm_z": 1.64781,
  "gcor": 0.0110157,
  "gsr_x": -0.01025778241455555,
  "gsr_y": 0.045766860246658325,
  "provenance": {
    "md5sum": "52f354e7b783d1d1a6956fcea57b3a6c",
    "settings": {
      "fd_thres": 0.2,
      "testing": false
    },
    "software": "mriqc",
    "version": "23.1.0"
  },
  "size_t": 182,
  "size_x": 64,
  "size_y": 64,
  "size_z": 33,
  "snr": 5.413148237189349,
  "spacing_tr": 2.0,
  "spacing_x": 3.125,
  "spacing_y": 3.125,
  "spacing_z": 4.0,
  "summary_bg_k": 21.56833638803098,
  "summary_bg_mad": 9.135925216856881,
  "summary_bg_mean": 38.890292805676275,
  "summary_bg_median": 15.56318712234497,
  "summary_bg_n": 99506.0,
  "summary_bg_p05": 8.351648330688477,
  "summary_bg_p95": 157.09890747070312,
  "summary_bg_stdv": 58.28154184322145,
  "summary_fg_k": 1.4980157417588984,
  "summary_fg_mad": 89.66078542207337,
  "summary_fg_mean": 568.7030417188433,
  "summary_fg_median": 574.239013671875,
  "summary_fg_n": 35662.0,
  "summary_fg_p05": 369.5384826660156,
  "summary_fg_p95": 723.1373901367188,
  "summary_fg_stdv": 106.08077542331256,
  "tsnr": 55.64163893053774
}