{
  "aor": 0.0012472527472527472,
  "aqi": 0.012400169230769233,
  "bids_meta": {
    "Columns": 384,
    "EchoTime": 0.03,
    "EchoTrainLength": 1,
    "FlipAngle": 90.0,
    "ImageType": "ORIGINAL/PRIMARY/M/ND/MOSAIC",
    "ImagingFrequency": 123.253351,
    "InplanePhaseEncodingDirection": "COL",
    "InversionTime": 0.0,
    "MRAcquisitionType": "2D",
    "MagneticFieldStrength": 2.8936200141907,
    "Manufacturer": "SIEMENS",
    "ManufacturersModelName": "Allegra",
    "NumberOfAverages": 1.0,
    "NumberOfPhaseEncodingSteps": 64,
    "PercentPhaseFieldOfView": 100.0,
    "PhaseEncodingDirection": "j-",
    "PixelBandwidth": 2605.0,
    "PixelSpacing": [
      3.125,
      3.125
    ],
    "RepetitionTime": 2,
    "Rows": 384,
    "ScanOptions": "FS",
    "ScanningSequence": [
      "SE",
      "EP"
    ],
    "SequenceName": "*epfid2d1_64",
    "SequenceVariant": "SK",
    "SeriesDate": "18660511",
    "SeriesDescription": "BOLD EPI - Stopvocal1",
    "SeriesNumber": 5,
    "SeriesTime": "091828.781000",
    "SliceThickness": 4.0,
    "SpacingBetweenSlices": 4.0000000699401,
    "StudyID": "1",
    "StudyTime": "084636.203000",
    "dataset": "ds000007",
    "modality": "bold",
    "run_id": 1,
    "subject_id": "04",
    "task_id": "stopvocal"
  },
  "dummy_trs": 0,
  "dvars_nstd": 28.366281910165732,
  "dvars_std": 1.091100245690608,
  "dvars_vstd": 1.004180239392265,
  "efc": 0.556392267519171,
  "fber": 1390.5672607421875,
  "fd_mean": 0.12267506391124214,
  "fd_num": 21,
  "fd_perc": 11.538461538461538,
  "fwhm_avg": 1.8336624666666665,
  "fwhm_x": 1.8018272,
  "fwhm_y": 2.0573151999999997,
  "fwhm_z": 1.641845,
  "gcor": 0.0131245,
  "gsr_x": -0.009285148233175278,
  "gsr_y": 0.04348623752593994,
  "provenance": {
    "md5sum": "710a873d4c8fadf8642d944b779c3c6c",
    "settings": {
      "fd_thres": 0.2,
      "testing": false
    },
    "software": "mriqc",
    "version": "23.1.0"
  },
  "size_t": 182,
  "size_x": 64,
  "size_y": 64,
  "size_z": 33,
  "snr": 5.3791825359558985,
  "spacing_tr": 2.0,
  "spacing_x": 3.125,
  "spacing_y": 3.125,
  "spacing_z": 4.0,
  "summary_bg_k": 20.418380313302276,
  "summary_bg_mad": 8.92005291230893,
  "summary_bg_mean": 38.88571580486775,
  "summary_bg_median": 15.368132591247559,
  "summary_bg_n": 99701.0,
  "summary_bg_p05": 7.6868133544921875,
  "summary_bg_p95": 157.70880126953125,
  "summary_bg_stdv": 58.39496176096026,
  "summary_fg_k": 1.4162906697971565,
  "summary_fg_mad": 90.45502368329308,
  "summary_fg_mean": 567.932753380485,
  "summary_fg_median": 573.0824584960938,
  "summary_fg_n": 35467.0,
  "summary_fg_p05": 367.3186950683594,
  "summary_fg_p95": 722.6978149414062,
  "summary_fg_stdv": 106.53558891420693,
  "tsnr": 50.149964072043076
}