{
  "aor": 0.013829677419354838,
  "aqi": 0.014492722903225806,
  "bids_meta": {
    "Columns": 384,
    "EchoTime": 0.03,
    "EchoTrainLength": 1,
    "FlipAngle": 90.0,
    "ImageType": "ORIGINAL/PRIMARY/M/ND/MOSAIC",
    "ImagingFrequency": 123.25346,
    "InplanePhaseEncodingDirection": "COL",
    "InversionTime": 0.0,
    "MRAcquisitionType": "2D",
    "MagneticFieldStrength": 2.8936200141907,
    "Manufacturer": "SIEMENS",
    "ManufacturersModelName": "Allegra",
    "NumberOfAverages": 1.0,
    "NumberOfPhaseEncodingSteps": 64,
    "PercentPhaseFieldOfView": 100.0,
    "PhaseEncodingDirection": "j-",
    "PixelBandwidth": 2605.0,
    "PixelSpacing": [
      3.125,
      3.125
    ],
    "RepetitionTime": 2,
    "Rows": 384,
    "ScanOptions": "FS",
    "ScanningSequence": [
      "SE",
      "EP"
    ],
    "SequenceName": "*epfid2d1_64",
    "SequenceVariant": "SK",
    "SeriesDate": "18660914",
    "SeriesDescription": "BOLD EPI - Stopword2",
    "SeriesNumber": 14,
    "SeriesTime": "102243.906000",
    "SliceThickness": 4.0,
    "SpacingBetweenSlices": 3.9999999576504,
    "StudyID": "1",
    "StudyTime": "085639.015000",
    "dataset": "ds000007",
    "modality": "bold",
    "run_id": 2,
    "subject_id": "13",
    "task_id": "stopword"
  },
  "dummy_trs": 3,
  "dvars_nstd": 26.063987541333336,
  "dvars_std": 1.1325686073333334,
  "dvars_vstd": 1.0948664356666666,
  "efc": 0.5071481094572474,
  "fber": 2187.0029296875,
  "fd_mean": 0.2088496244340225,
  "fd_num": 11,
  "fd_perc": 35.483870967741936,
  "fwhm_avg": 1.7019133666666668,
  "fwhm_x": 1.6447648000000001,
  "fwhm_y": 1.9020928000000001,
  "fwhm_z": 1.5588825,
  "gcor": 0.0165256,
  "gsr_x": -0.010340757668018341,
  "gsr_y": 0.03475423902273178,
  "provenance": {
    "md5sum": "99bfef7d161150c5fc325ff0004cb93e",
    "settings": {
      "fd_thres": 0.2,
      "testing": false
    },
    "software": "mriqc",
    "version": "23.1.0"
  },
  "size_t": 31,
  "size_x": 64,
  "size_y": 64,
  "size_z": 33,
  "snr": 6.253426645807447,
  "spacing_tr": 2.0,
  "spacing_x": 3.125,
  "spacing_y": 3.125,
  "spacing_z": 4.0,
  "summary_bg_k": 19.582655226725475,
  "summary_bg_mad": 7.173881930498019,
  "summary_bg_mean": 34.359788668382706,
  "summary_bg_median": 13.612902641296387,
  "summary_bg_n": 105616.0,
  "summary_bg_p05": 7.387096405029297,
  "summary_bg_p95": 142.8386993408203,
  "summary_bg_stdv": 55.69707378456669,
  "summary_fg_k": 2.5135271929623197,
  "summary_fg_mad": 76.2823002480235,
  "summary_fg_mean": 624.8263518685061,
  "summary_fg_median": 636.6128540039062,
  "summary_fg_n": 29552.0,
  "summary_fg_p05": 420.2257995605469,
  "summary_fg_p95": 763.6451416015625,
  "summary_fg_stdv": 101.80051976423123,
  "tsnr": 56.559160439064726
}