{
  "aor": 0.0031306043956043964,
  "aqi": 0.02444622857142857,
  "bids_meta": {
    "Columns": 384,
    "EchoTime": 0.03,
    "EchoTrainLength": 1,
    "FlipAngle": 90.0,
    "ImageType": "ORIGINAL/PRIMARY/M/ND/MOSAIC",
    "ImagingFrequency": 123.253353,
    "InplanePhaseEncodingDirection": "COL",
    "InversionTime": 0.0,
    "MRAcquisitionType": "2D",
    "MagneticFieldStrength": 3.0,
    "Manufacturer": "SIEMENS",
    "ManufacturersModelName": "Allegra",
    "NumberOfAverages": 1.0,
    "NumberOfPhaseEncodingSteps": 64,
    "PercentPhaseFieldOfView": 100.0,
    "PhaseEncodingDirection": "j-",
    "PixelBandwidth": 2605.0,
    "PixelSpacing": [
      3.125,
      3.125
    ],
    "RepetitionTime": 2,
    "Rows": 384,
    "ScanOptions": "FS",
    "ScanningSequence": [
      "SE",
      "EP"
    ],
    "SequenceName": "*epfid2d1_64",
    "SequenceVariant": "SK",
    "SeriesDate": "18661021",
    "SeriesDescription": "BOLD EPI - Stopmanual1",
    "SeriesNumber": 3,
    "SeriesTime": "093030.296000",
    "SliceThickness": 4.0,
    "SpacingBetweenSlices": 4.0000001233421,
    "StudyID": "1",
    "StudyTime": "091445.953000",
    "dataset": "ds000007",
    "modality": "bold",
    "run_id": 1,
    "subject_id": "18",
    "task_id": "stopmanual"
  },
  "dummy_trs": 0,
  "dvars_nstd": 27.90816133209943,
  "dvars_std": 1.0084232728729283,
  "dvars_vstd": 0.955652774751381,
  "efc": 0.5395574890311652,
  "fber": 1561.04638671875,
  "fd_mean": 0.14265935559479717,
  "fd_num": 18,
  "fd_perc": 9.89010989010989,
  "fwhm_avg": 1.7913752333333333,
  "fwhm_x": 1.732176,
  "fwhm_y": 2.0447072,
  "fwhm_z": 1.5972425,
  "gcor": 0.018693,
  "gsr_x": -0.005488204304128885,
  "gsr_y": 0.03918914124369621,
  "provenance": {
    "md5sum": "48813ccaf1e101caf755256226f47706",
    "settings": {
      "fd_thres": 0.2,
      "testing": false
    },
    "software": "mriqc",
    "version": "23.1.0"
  },
  "size_t": 182,
  "size_x": 64,
  "size_y": 64,
  "size_z": 33,
  "snr": 5.615647379571593,
  "spacing_tr": 2.0,
  "spacing_x": 3.125,
  "spacing_y": 3.125,
  "spacing_z": 4.0,
  "summary_bg_k": 14.448804636215336,
  "summary_bg_mad": 8.374258715821085,
  "summary_bg_mean": 41.47963233812371,
  "summary_bg_median": 15.538461685180664,
  "summary_bg_n": 103156.0,
  "summary_bg_p05": 8.725275039672852,
  "summary_bg_p95": 174.5054931640625,
  "summary_bg_stdv": 61.97996806030089,
  "summary_fg_k": 2.1649637841128504,
  "summary_fg_mad": 85.3840064882958,
  "summary_fg_mean": 602.1340282178143,
  "summary_fg_median": 613.9258422851562,
  "summary_fg_n": 32012.0,
  "summary_fg_p05": 390.8461608886719,
  "summary_fg_p95": 751.4176025390625,
  "summary_fg_stdv": 109.32243634957207,
  "tsnr": 38.36385450226953
}