{
  "aor": 0.007648342541436462,
  "aqi": 0.02446583149171271,
  "bids_meta": {
    "Columns": 384,
    "EchoTime": 0.03,
    "EchoTrainLength": 1,
    "FlipAngle": 90.0,
    "ImageType": "ORIGINAL/PRIMARY/M/ND/MOSAIC",
    "ImagingFrequency": 123.253353,
    "InplanePhaseEncodingDirection": "COL",
    "InversionTime": 0.0,
    "MRAcquisitionType": "2D",
    "MagneticFieldStrength": 3.0,
    "Manufacturer": "SIEMENS",
    "ManufacturersModelName": "Allegra",
    "NumberOfAverages": 1.0,
    "NumberOfPhaseEncodingSteps": 64,
    "PercentPhaseFieldOfView": 100.0,
    "PhaseEncodingDirection": "j-",
    "PixelBandwidth": 2605.0,
    "PixelSpacing": [
      3.125,
      3.125
    ],
    "RepetitionTime": 2,
    "Rows": 384,
    "ScanOptions": "FS",
    "ScanningSequence": [
      "SE",
      "EP"
    ],
    "SequenceName": "*epfid2d1_64",
    "SequenceVariant": "SK",
    "SeriesDate": "18661021",
    "SeriesDescription": "BOLD EPI - Stopvocal2",
    "SeriesNumber": 7,
    "SeriesTime": "095733.281000",
    "SliceThickness": 4.0,
    "SpacingBetweenSlices": 4.0000001233421,
    "StudyID": "1",
    "StudyTime": "091445.953000",
    "dataset": "ds000007",
    "modality": "bold",
    "run_id": 2,
    "subject_id": "18",
    "task_id": "stopvocal"
  },
  "dummy_trs": 1,
  "dvars_nstd": 23.606718020944445,
  "dvars_std": 1.0428083487222228,
  "dvars_vstd": 1.0293421152222222,
  "efc": 0.5093443704656957,
  "fber": 2461.64111328125,
  "fd_mean": 0.2041993920818384,
  "fd_num": 67,
  "fd_perc": 37.01657458563536,
  "fwhm_avg": 1.8172082333333333,
  "fwhm_x": 1.7846304000000002,
  "fwhm_y": 2.1031168,
  "fwhm_z": 1.5638775,
  "gcor": 0.013347,
  "gsr_x": 0.011891387403011322,
  "gsr_y": 0.04539844021201134,
  "provenance": {
    "md5sum": "51d24128306b64305395d817f8736b41",
    "settings": {
      "fd_thres": 0.2,
      "testing": false
    },
    "software": "mriqc",
    "version": "23.1.0"
  },
  "size_t": 181,
  "size_x": 64,
  "size_y": 64,
  "size_z": 33,
  "snr": 5.556395170793031,
  "spacing_tr": 2.0,
  "spacing_x": 3.125,
  "spacing_y": 3.125,
  "spacing_z": 4.0,
  "summary_bg_k": 16.842000366614936,
  "summary_bg_mad": 6.765908138679567,
  "summary_bg_mean": 41.03493404718924,
  "summary_bg_median": 13.988950729370117,
  "summary_bg_n": 106061.0,
  "summary_bg_p05": 6.082873344421387,
  "summary_bg_p95": 183.6022186279297,
  "summary_bg_stdv": 68.15812387585036,
  "summary_fg_k": 1.3469545200046333,
  "summary_fg_mad": 102.27503005435143,
  "summary_fg_mean": 679.4784504319063,
  "summary_fg_median": 694.060791015625,
  "summary_fg_n": 29107.0,
  "summary_fg_p05": 431.4806823730469,
  "summary_fg_p95": 853.1105346679688,
  "summary_fg_stdv": 124.90991857207877,
  "tsnr": 37.62480897188652
}