{
  "aor": 0.001051049723756906,
  "aqi": 0.01856517182320442,
  "bids_meta": {
    "Columns": 384,
    "EchoTime": 0.03,
    "EchoTrainLength": 1,
    "FlipAngle": 90.0,
    "ImageType": "ORIGINAL/PRIMARY/M/ND/MOSAIC",
    "ImagingFrequency": 123.253353,
    "InplanePhaseEncodingDirection": "COL",
    "InversionTime": 0.0,
    "MRAcquisitionType": "2D",
    "MagneticFieldStrength": 3.0,
    "Manufacturer": "SIEMENS",
    "ManufacturersModelName": "Allegra",
    "NumberOfAverages": 1.0,
    "NumberOfPhaseEncodingSteps": 64,
    "PercentPhaseFieldOfView": 100.0,
    "PhaseEncodingDirection": "j-",
    "PixelBandwidth": 2605.0,
    "PixelSpacing": [
      3.125,
      3.125
    ],
    "RepetitionTime": 2,
    "Rows": 384,
    "ScanOptions": "FS",
    "ScanningSequence": [
      "SE",
      "EP"
    ],
    "SequenceName": "*epfid2d1_64",
    "SequenceVariant": "SK",
    "SeriesDate": "18661021",
    "SeriesDescription": "BOLD EPI - Stopmanual2",
    "SeriesNumber": 4,
    "SeriesTime": "093758.593000",
    "SliceThickness": 4.0,
    "SpacingBetweenSlices": 4.0000001233421,
    "StudyID": "1",
    "StudyTime": "091445.953000",
    "dataset": "ds000007",
    "modality": "bold",
    "run_id": 2,
    "subject_id": "18",
    "task_id": "stopmanual"
  },
  "dummy_trs": 1,
  "dvars_nstd": 24.452260727499997,
  "dvars_std": 0.9957471036666665,
  "dvars_vstd": 0.9602950582222227,
  "efc": 0.5357446935854192,
  "fber": 1636.9969482421875,
  "fd_mean": 0.0825682639164646,
  "fd_num": 4,
  "fd_perc": 2.2099447513812156,
  "fwhm_avg": 1.8059649333333334,
  "fwhm_x": 1.7568416,
  "fwhm_y": 2.0355232,
  "fwhm_z": 1.62553,
  "gcor": 0.00912947,
  "gsr_x": -0.002347310073673725,
  "gsr_y": 0.040464796125888824,
  "provenance": {
    "md5sum": "10c4624d91f62dd890b772b987dc66d7",
    "settings": {
      "fd_thres": 0.2,
      "testing": false
    },
    "software": "mriqc",
    "version": "23.1.0"
  },
  "size_t": 181,
  "size_x": 64,
  "size_y": 64,
  "size_z": 33,
  "snr": 5.5618186903353415,
  "spacing_tr": 2.0,
  "spacing_x": 3.125,
  "spacing_y": 3.125,
  "spacing_z": 4.0,
  "summary_bg_k": 15.468232163490494,
  "summary_bg_mad": 7.716084771056487,
  "summary_bg_mean": 41.01577900635319,
  "summary_bg_median": 15.33149242401123,
  "summary_bg_n": 103467.0,
  "summary_bg_p05": 9.364641189575195,
  "summary_bg_p95": 173.5303955078125,
  "summary_bg_stdv": 61.92955267999062,
  "summary_fg_k": 2.2322388810697182,
  "summary_fg_mad": 87.41625017867658,
  "summary_fg_mean": 607.9471998485171,
  "summary_fg_median": 620.3093872070312,
  "summary_fg_n": 31701.0,
  "summary_fg_p05": 390.30389404296875,
  "summary_fg_p95": 759.8895263671875,
  "summary_fg_stdv": 111.52819570631745,
  "tsnr": 44.64896625455003
}