{
  "aor": 0.045374285714285714,
  "aqi": 0.009903074285714285,
  "bids_meta": {
    "Columns": 384,
    "EchoTime": 0.03,
    "EchoTrainLength": 1,
    "FlipAngle": 90.0,
    "ImageType": "ORIGINAL/PRIMARY/M/ND/MOSAIC",
    "ImagingFrequency": 123.253353,
    "InplanePhaseEncodingDirection": "COL",
    "InversionTime": 0.0,
    "MRAcquisitionType": "2D",
    "MagneticFieldStrength": 3.0,
    "Manufacturer": "SIEMENS",
    "ManufacturersModelName": "Allegra",
    "NumberOfAverages": 1.0,
    "NumberOfPhaseEncodingSteps": 64,
    "PercentPhaseFieldOfView": 100.0,
    "PhaseEncodingDirection": "j-",
    "PixelBandwidth": 2605.0,
    "PixelSpacing": [
      3.125,
      3.125
    ],
    "RepetitionTime": 2,
    "Rows": 384,
    "ScanOptions": "FS",
    "ScanningSequence": [
      "SE",
      "EP"
    ],
    "SequenceName": "*epfid2d1_64",
    "SequenceVariant": "SK",
    "SeriesDate": "18661021",
    "SeriesDescription": "BOLD EPI - Stopvocal1",
    "SeriesNumber": 5,
    "SeriesTime": "094655.656000",
    "SliceThickness": 4.0,
    "SpacingBetweenSlices": 4.0000001233421,
    "StudyID": "1",
    "StudyTime": "091445.953000",
    "dataset": "ds000007",
    "modality": "bold",
    "run_id": 1,
    "subject_id": "18",
    "task_id": "stopvocal"
  },
  "dummy_trs": 0,
  "dvars_nstd": 28.881105743333332,
  "dvars_std": 1.2069209816666666,
  "dvars_vstd": 1.52692865,
  "efc": 0.5234393029472314,
  "fber": 1910.1063232421875,
  "fd_mean": 0.23417326201338726,
  "fd_num": 3,
  "fd_perc": 42.857142857142854,
  "fwhm_avg": 1.789990666666667,
  "fwhm_x": 1.7365664,
  "fwhm_y": 2.0257056,
  "fwhm_z": 1.6077,
  "gcor": 0.00210732,
  "gsr_x": 0.0067133912816643715,
  "gsr_y": 0.04438589885830879,
  "provenance": {
    "md5sum": "9064346b19d8890180ae549347e80a34",
    "settings": {
      "fd_thres": 0.2,
      "testing": false
    },
    "software": "mriqc",
    "version": "23.1.0"
  },
  "size_t": 7,
  "size_x": 64,
  "size_y": 64,
  "size_z": 33,
  "snr": 5.547197765955267,
  "spacing_tr": 2.0,
  "spacing_x": 3.125,
  "spacing_y": 3.125,
  "spacing_z": 4.0,
  "summary_bg_k": 17.2071986532398,
  "summary_bg_mad": 8.47201287916339,
  "summary_bg_mean": 40.52474197397694,
  "summary_bg_median": 15.000000953674316,
  "summary_bg_n": 104385.0,
  "summary_bg_p05": 7.5714287757873535,
  "summary_bg_p95": 174.42857360839844,
  "summary_bg_stdv": 64.79593774252004,
  "summary_fg_k": 1.927218438521348,
  "summary_fg_mad": 94.25111517903953,
  "summary_fg_mean": 642.2047289021859,
  "summary_fg_median": 655.5714721679688,
  "summary_fg_n": 30783.0,
  "summary_fg_p05": 415.2857360839844,
  "summary_fg_p95": 805.1428833007812,
  "summary_fg_stdv": 118.17873662870488,
  "tsnr": 61.42972293868661
}