{
  "aor": 0.008441263736263737,
  "aqi": 0.021491539285714286,
  "bids_meta": {
    "Columns": 384,
    "EchoTime": 0.03,
    "EchoTrainLength": 1,
    "FlipAngle": 90.0,
    "ImageType": "ORIGINAL/PRIMARY/M/ND/MOSAIC",
    "ImagingFrequency": 123.253353,
    "InplanePhaseEncodingDirection": "COL",
    "InversionTime": 0.0,
    "MRAcquisitionType": "2D",
    "MagneticFieldStrength": 3.0,
    "Manufacturer": "SIEMENS",
    "ManufacturersModelName": "Allegra",
    "NumberOfAverages": 1.0,
    "NumberOfPhaseEncodingSteps": 64,
    "PercentPhaseFieldOfView": 100.0,
    "PhaseEncodingDirection": "j-",
    "PixelBandwidth": 2605.0,
    "PixelSpacing": [
      3.125,
      3.125
    ],
    "RepetitionTime": 2,
    "Rows": 384,
    "ScanOptions": "FS",
    "ScanningSequence": [
      "SE",
      "EP"
    ],
    "SequenceName": "*epfid2d1_64",
    "SequenceVariant": "SK",
    "SeriesDate": "18661021",
    "SeriesDescription": "BOLD EPI - Stopword2",
    "SeriesNumber": 11,
    "SeriesTime": "102044.984000",
    "SliceThickness": 4.0,
    "SpacingBetweenSlices": 4.0000001233421,
    "StudyID": "1",
    "StudyTime": "091445.953000",
    "dataset": "ds000007",
    "modality": "bold",
    "run_id": 2,
    "subject_id": "18",
    "task_id": "stopword"
  },
  "dummy_trs": 0,
  "dvars_nstd": 28.920440115138113,
  "dvars_std": 1.063799881325966,
  "dvars_vstd": 1.0285106395580106,
  "efc": 0.46531333923698737,
  "fber": 3435.664306640625,
  "fd_mean": 0.4433513407011589,
  "fd_num": 138,
  "fd_perc": 75.82417582417582,
  "fwhm_avg": 1.960508866666667,
  "fwhm_x": 1.9606272000000002,
  "fwhm_y": 2.3264544000000003,
  "fwhm_z": 1.594445,
  "gcor": 0.0540078,
  "gsr_x": 0.026925183832645416,
  "gsr_y": 0.0493314303457737,
  "provenance": {
    "md5sum": "f6409a2304763e86e03e3c7136a9e700",
    "settings": {
      "fd_thres": 0.2,
      "testing": false
    },
    "software": "mriqc",
    "version": "23.1.0"
  },
  "size_t": 182,
  "size_x": 64,
  "size_y": 64,
  "size_z": 33,
  "snr": 5.202678753586019,
  "spacing_tr": 2.0,
  "spacing_x": 3.125,
  "spacing_y": 3.125,
  "spacing_z": 4.0,
  "summary_bg_k": 16.80016060962275,
  "summary_bg_mad": 4.187129357910543,
  "summary_bg_mean": 33.89533374690912,
  "summary_bg_median": 12.543956756591797,
  "summary_bg_n": 109929.0,
  "summary_bg_p05": 6.593406677246094,
  "summary_bg_p95": 153.34066772460938,
  "summary_bg_stdv": 59.17029028129933,
  "summary_fg_k": 0.7171024419310132,
  "summary_fg_mad": 119.79758931882935,
  "summary_fg_mean": 716.1023959781767,
  "summary_fg_median": 735.2582397460938,
  "summary_fg_n": 25239.0,
  "summary_fg_p05": 437.5329895019531,
  "summary_fg_p95": 912.313232421875,
  "summary_fg_stdv": 141.32021378033062,
  "tsnr": 36.7873350828886
}