{
  "aor": 0.005122486187845304,
  "aqi": 0.029315690055248617,
  "bids_meta": {
    "Columns": 384,
    "EchoTime": 0.03,
    "EchoTrainLength": 1,
    "FlipAngle": 90.0,
    "ImageType": "ORIGINAL/PRIMARY/M/ND/MOSAIC",
    "ImagingFrequency": 123.253353,
    "InplanePhaseEncodingDirection": "COL",
    "InversionTime": 0.0,
    "MRAcquisitionType": "2D",
    "MagneticFieldStrength": 3.0,
    "Manufacturer": "SIEMENS",
    "ManufacturersModelName": "Allegra",
    "NumberOfAverages": 1.0,
    "NumberOfPhaseEncodingSteps": 64,
    "PercentPhaseFieldOfView": 100.0,
    "PhaseEncodingDirection": "j-",
    "PixelBandwidth": 2605.0,
    "PixelSpacing": [
      3.125,
      3.125
    ],
    "RepetitionTime": 2,
    "Rows": 384,
    "ScanOptions": "FS",
    "ScanningSequence": [
      "SE",
      "EP"
    ],
    "SequenceName": "*epfid2d1_64",
    "SequenceVariant": "SK",
    "SeriesDate": "18661021",
    "SeriesDescription": "BOLD EPI - Stopword1",
    "SeriesNumber": 9,
    "SeriesTime": "100940.281000",
    "SliceThickness": 4.0,
    "SpacingBetweenSlices": 4.0000001233421,
    "StudyID": "1",
    "StudyTime": "091445.953000",
    "dataset": "ds000007",
    "modality": "bold",
    "run_id": 1,
    "subject_id": "18",
    "task_id": "stopword"
  },
  "dummy_trs": 1,
  "dvars_nstd": 29.259341133555544,
  "dvars_std": 0.941953107,
  "dvars_vstd": 0.9419005239999991,
  "efc": 0.5025093975642951,
  "fber": 2573.3291015625,
  "fd_mean": 0.411051951275749,
  "fd_num": 109,
  "fd_perc": 60.22099447513812,
  "fwhm_avg": 1.8619476,
  "fwhm_x": 1.8213856000000002,
  "fwhm_y": 2.1594272,
  "fwhm_z": 1.60503,
  "gcor": 0.0383407,
  "gsr_x": 0.015122706070542336,
  "gsr_y": 0.0443105474114418,
  "provenance": {
    "md5sum": "eb66e534060b706a61f27fdfc9f06aa7",
    "settings": {
      "fd_thres": 0.2,
      "testing": false
    },
    "software": "mriqc",
    "version": "23.1.0"
  },
  "size_t": 181,
  "size_x": 64,
  "size_y": 64,
  "size_z": 33,
  "snr": 5.5129152734885984,
  "spacing_tr": 2.0,
  "spacing_x": 3.125,
  "spacing_y": 3.125,
  "spacing_z": 4.0,
  "summary_bg_k": 16.842431158464617,
  "summary_bg_mad": 6.397306353636501,
  "summary_bg_mean": 39.91868716636772,
  "summary_bg_median": 13.93370246887207,
  "summary_bg_n": 106605.0,
  "summary_bg_p05": 6.883978366851807,
  "summary_bg_p95": 177.04420471191406,
  "summary_bg_stdv": 66.66176511101742,
  "summary_fg_k": 1.1910928631870297,
  "summary_fg_mad": 106.06750191577538,
  "summary_fg_mean": 691.0572915765179,
  "summary_fg_median": 706.8287353515625,
  "summary_fg_n": 28563.0,
  "summary_fg_p05": 438.92266845703125,
  "summary_fg_p95": 869.2817993164062,
  "summary_fg_stdv": 128.2109967278779,
  "tsnr": 32.56865008652676
}