{
  "aor": 0.002341868131868132,
  "aqi": 0.017341448681318684,
  "bids_meta": {
    "Columns": 384,
    "EchoTime": 0.03,
    "EchoTrainLength": 1,
    "FlipAngle": 90.0,
    "ImageType": "ORIGINAL/PRIMARY/M/ND/MOSAIC",
    "ImagingFrequency": 123.253325,
    "InplanePhaseEncodingDirection": "COL",
    "InversionTime": 0.0,
    "MRAcquisitionType": "2D",
    "MagneticFieldStrength": 2.8936200141907,
    "Manufacturer": "SIEMENS",
    "ManufacturersModelName": "Allegra",
    "NumberOfAverages": 1.0,
    "NumberOfPhaseEncodingSteps": 64,
    "PercentPhaseFieldOfView": 100.0,
    "PhaseEncodingDirection": "j-",
    "PixelBandwidth": 2605.0,
    "PixelSpacing": [
      3.125,
      3.125
    ],
    "RepetitionTime": 2,
    "Rows": 384,
    "ScanOptions": "FS",
    "ScanningSequence": [
      "SE",
      "EP"
    ],
    "SequenceName": "*epfid2d1_64",
    "SequenceVariant": "SK",
    "SeriesDate": "18661001",
    "SeriesDescription": "BOLD EPI - Stopword2",
    "SeriesNumber": 10,
    "SeriesTime": "114703.062000",
    "SliceThickness": 4.0,
    "SpacingBetweenSlices": 3.9999999112389,
    "StudyID": "1",
    "StudyTime": "105424.218000",
    "dataset": "ds000007",
    "modality": "bold",
    "run_id": 2,
    "subject_id": "15",
    "task_id": "stopword"
  },
  "dummy_trs": 0,
  "dvars_nstd": 30.809083716961336,
  "dvars_std": 1.0436786511049723,
  "dvars_vstd": 0.9841372867955803,
  "efc": 0.5375769533068042,
  "fber": 1436.9219970703125,
  "fd_mean": 0.29726156931499403,
  "fd_num": 118,
  "fd_perc": 64.83516483516483,
  "fwhm_avg": 2.1004556,
  "fwhm_x": 2.0945024,
  "fwhm_y": 2.3154944,
  "fwhm_z": 1.89137,
  "gcor": 0.164053,
  "gsr_x": 0.00414249999448657,
  "gsr_y": 0.03040691837668419,
  "provenance": {
    "md5sum": "aa66b2334c37d3f038635fc2e941310f",
    "settings": {
      "fd_thres": 0.2,
      "testing": false
    },
    "software": "mriqc",
    "version": "23.1.0"
  },
  "size_t": 182,
  "size_x": 64,
  "size_y": 64,
  "size_z": 33,
  "snr": 5.0230647698945114,
  "spacing_tr": 2.0,
  "spacing_x": 3.125,
  "spacing_y": 3.125,
  "spacing_z": 4.0,
  "summary_bg_k": 13.589715389447864,
  "summary_bg_mad": 10.679625024631124,
  "summary_bg_mean": 42.37323106489732,
  "summary_bg_median": 16.675825119018555,
  "summary_bg_n": 103187.0,
  "summary_bg_p05": 6.505494594573975,
  "summary_bg_p95": 181.83517456054688,
  "summary_bg_stdv": 63.08149304474835,
  "summary_fg_k": 0.6446186339083515,
  "summary_fg_mad": 104.2791310878746,
  "summary_fg_mean": 612.5995373100118,
  "summary_fg_median": 632.1264038085938,
  "summary_fg_n": 31981.0,
  "summary_fg_p05": 366.0329895019531,
  "summary_fg_p95": 789.5384521484375,
  "summary_fg_stdv": 125.84279714585769,
  "tsnr": 36.39131133840419
}