{
  "aor": 0.001373425414364641,
  "aqi": 0.010789922209944751,
  "bids_meta": {
    "Columns": 384,
    "EchoTime": 0.03,
    "EchoTrainLength": 1,
    "FlipAngle": 90.0,
    "ImageType": "ORIGINAL/PRIMARY/M/ND/MOSAIC",
    "ImagingFrequency": 123.253325,
    "InplanePhaseEncodingDirection": "COL",
    "InversionTime": 0.0,
    "MRAcquisitionType": "2D",
    "MagneticFieldStrength": 2.8936200141907,
    "Manufacturer": "SIEMENS",
    "ManufacturersModelName": "Allegra",
    "NumberOfAverages": 1.0,
    "NumberOfPhaseEncodingSteps": 64,
    "PercentPhaseFieldOfView": 100.0,
    "PhaseEncodingDirection": "j-",
    "PixelBandwidth": 2605.0,
    "PixelSpacing": [
      3.125,
      3.125
    ],
    "RepetitionTime": 2,
    "Rows": 384,
    "ScanOptions": "FS",
    "ScanningSequence": [
      "SE",
      "EP"
    ],
    "SequenceName": "*epfid2d1_64",
    "SequenceVariant": "SK",
    "SeriesDate": "18661001",
    "SeriesDescription": "BOLD EPI - Stopvocal1",
    "SeriesNumber": 6,
    "SeriesTime": "112004.343000",
    "SliceThickness": 4.0,
    "SpacingBetweenSlices": 3.9999999112389,
    "StudyID": "1",
    "StudyTime": "105424.218000",
    "dataset": "ds000007",
    "modality": "bold",
    "run_id": 1,
    "subject_id": "15",
    "task_id": "stopvocal"
  },
  "dummy_trs": 1,
  "dvars_nstd": 27.94050922388888,
  "dvars_std": 1.0776425546666664,
  "dvars_vstd": 1.0089413351111116,
  "efc": 0.5407645501243838,
  "fber": 1408.2020263671875,
  "fd_mean": 0.22107153082399733,
  "fd_num": 78,
  "fd_perc": 43.0939226519337,
  "fwhm_avg": 2.0751215,
  "fwhm_x": 2.0721504,
  "fwhm_y": 2.2755616,
  "fwhm_z": 1.8776525,
  "gcor": 0.0348525,
  "gsr_x": -5.983215305604972e-05,
  "gsr_y": 0.030009625479578972,
  "provenance": {
    "md5sum": "870d03c95e21e280782ce778acd905a1",
    "settings": {
      "fd_thres": 0.2,
      "testing": false
    },
    "software": "mriqc",
    "version": "23.1.0"
  },
  "size_t": 181,
  "size_x": 64,
  "size_y": 64,
  "size_z": 33,
  "snr": 5.00887712873029,
  "spacing_tr": 2.0,
  "spacing_x": 3.125,
  "spacing_y": 3.125,
  "spacing_z": 4.0,
  "summary_bg_k": 14.108785709550332,
  "summary_bg_mad": 9.95227364671661,
  "summary_bg_mean": 42.31532083807904,
  "summary_bg_median": 16.563535690307617,
  "summary_bg_n": 102865.0,
  "summary_bg_p05": 8.497238159179688,
  "summary_bg_p95": 181.56906127929688,
  "summary_bg_stdv": 62.540510391170415,
  "summary_fg_k": 0.7221383678915463,
  "summary_fg_mad": 102.23403769564887,
  "summary_fg_mean": 602.8501219047473,
  "summary_fg_median": 621.5635375976562,
  "summary_fg_n": 32303.0,
  "summary_fg_p05": 360.4309387207031,
  "summary_fg_p95": 776.7127075195312,
  "summary_fg_stdv": 124.09046992289548,
  "tsnr": 49.89217910077423
}