{
  "aor": 0.0016479120879120876,
  "aqi": 0.009182886703296703,
  "bids_meta": {
    "Columns": 384,
    "EchoTime": 0.03,
    "EchoTrainLength": 1,
    "FlipAngle": 90.0,
    "ImageType": "ORIGINAL/PRIMARY/M/ND/MOSAIC",
    "ImagingFrequency": 123.253325,
    "InplanePhaseEncodingDirection": "COL",
    "InversionTime": 0.0,
    "MRAcquisitionType": "2D",
    "MagneticFieldStrength": 2.8936200141907,
    "Manufacturer": "SIEMENS",
    "ManufacturersModelName": "Allegra",
    "NumberOfAverages": 1.0,
    "NumberOfPhaseEncodingSteps": 64,
    "PercentPhaseFieldOfView": 100.0,
    "PhaseEncodingDirection": "j-",
    "PixelBandwidth": 2605.0,
    "PixelSpacing": [
      3.125,
      3.125
    ],
    "RepetitionTime": 2,
    "Rows": 384,
    "ScanOptions": "FS",
    "ScanningSequence": [
      "SE",
      "EP"
    ],
    "SequenceName": "*epfid2d1_64",
    "SequenceVariant": "SK",
    "SeriesDate": "18661001",
    "SeriesDescription": "BOLD EPI - Stopmanual1",
    "SeriesNumber": 3,
    "SeriesTime": "110400.062000",
    "SliceThickness": 4.0,
    "SpacingBetweenSlices": 3.9999999112389,
    "StudyID": "1",
    "StudyTime": "105424.218000",
    "dataset": "ds000007",
    "modality": "bold",
    "run_id": 1,
    "subject_id": "15",
    "task_id": "stopmanual"
  },
  "dummy_trs": 0,
  "dvars_nstd": 25.013528307182316,
  "dvars_std": 1.067403358232044,
  "dvars_vstd": 1.0225894587845306,
  "efc": 0.5394671632022106,
  "fber": 1479.23193359375,
  "fd_mean": 0.11252162864782633,
  "fd_num": 17,
  "fd_perc": 9.340659340659341,
  "fwhm_avg": 2.096906733333333,
  "fwhm_x": 2.076384,
  "fwhm_y": 2.3043712,
  "fwhm_z": 1.909965,
  "gcor": 0.014714,
  "gsr_x": 0.0011284078937023878,
  "gsr_y": 0.030557790771126747,
  "provenance": {
    "md5sum": "73f524c541c748c089daf0b277221c8b",
    "settings": {
      "fd_thres": 0.2,
      "testing": false
    },
    "software": "mriqc",
    "version": "23.1.0"
  },
  "size_t": 182,
  "size_x": 64,
  "size_y": 64,
  "size_z": 33,
  "snr": 5.029630467913625,
  "spacing_tr": 2.0,
  "spacing_x": 3.125,
  "spacing_y": 3.125,
  "spacing_z": 4.0,
  "summary_bg_k": 14.775757424067798,
  "summary_bg_mad": 9.245900594756502,
  "summary_bg_mean": 41.62307230597947,
  "summary_bg_median": 16.252748489379883,
  "summary_bg_n": 102715.0,
  "summary_bg_p05": 8.994505882263184,
  "summary_bg_p95": 179.2912139892578,
  "summary_bg_stdv": 61.94724050017943,
  "summary_fg_k": 0.7565526573679704,
  "summary_fg_mad": 101.9248304336473,
  "summary_fg_mean": 606.8005661996301,
  "summary_fg_median": 625.0934448242188,
  "summary_fg_n": 32453.0,
  "summary_fg_p05": 362.5494689941406,
  "summary_fg_p95": 780.3297119140625,
  "summary_fg_stdv": 124.28026631140338,
  "tsnr": 53.82217391207814
}