{
  "aor": 0.000604022346368715,
  "aqi": 0.007059710502793296,
  "bids_meta": {
    "Columns": 384,
    "EchoTime": 0.03,
    "EchoTrainLength": 1,
    "FlipAngle": 90.0,
    "ImageType": "ORIGINAL/PRIMARY/M/ND/MOSAIC",
    "ImagingFrequency": 123.253325,
    "InplanePhaseEncodingDirection": "COL",
    "InversionTime": 0.0,
    "MRAcquisitionType": "2D",
    "MagneticFieldStrength": 2.8936200141907,
    "Manufacturer": "SIEMENS",
    "ManufacturersModelName": "Allegra",
    "NumberOfAverages": 1.0,
    "NumberOfPhaseEncodingSteps": 64,
    "PercentPhaseFieldOfView": 100.0,
    "PhaseEncodingDirection": "j-",
    "PixelBandwidth": 2605.0,
    "PixelSpacing": [
      3.125,
      3.125
    ],
    "RepetitionTime": 2,
    "Rows": 384,
    "ScanOptions": "FS",
    "ScanningSequence": [
      "SE",
      "EP"
    ],
    "SequenceName": "*epfid2d1_64",
    "SequenceVariant": "SK",
    "SeriesDate": "18661001",
    "SeriesDescription": "BOLD EPI - Stopmanual2",
    "SeriesNumber": 4,
    "SeriesTime": "111106.484000",
    "SliceThickness": 4.0,
    "SpacingBetweenSlices": 3.9999999112389,
    "StudyID": "1",
    "StudyTime": "105424.218000",
    "dataset": "ds000007",
    "modality": "bold",
    "run_id": 2,
    "subject_id": "15",
    "task_id": "stopmanual"
  },
  "dummy_trs": 3,
  "dvars_nstd": 24.282914708089898,
  "dvars_std": 1.0462699446067412,
  "dvars_vstd": 1.0078351916292128,
  "efc": 0.5407848973241858,
  "fber": 1445.630126953125,
  "fd_mean": 0.10747295893604095,
  "fd_num": 10,
  "fd_perc": 5.58659217877095,
  "fwhm_avg": 2.0800019,
  "fwhm_x": 2.0614784,
  "fwhm_y": 2.2878048,
  "fwhm_z": 1.8907225,
  "gcor": 0.0238074,
  "gsr_x": 0.0013694148510694504,
  "gsr_y": 0.030275816097855568,
  "provenance": {
    "md5sum": "6a65afaa159e16ce8d5b90329854a199",
    "settings": {
      "fd_thres": 0.2,
      "testing": false
    },
    "software": "mriqc",
    "version": "23.1.0"
  },
  "size_t": 179,
  "size_x": 64,
  "size_y": 64,
  "size_z": 33,
  "snr": 5.014459058741911,
  "spacing_tr": 2.0,
  "spacing_x": 3.125,
  "spacing_y": 3.125,
  "spacing_z": 4.0,
  "summary_bg_k": 14.589507627027306,
  "summary_bg_mad": 9.46711963648829,
  "summary_bg_mean": 42.34284394168322,
  "summary_bg_median": 16.413408279418945,
  "summary_bg_n": 102763.0,
  "summary_bg_p05": 9.106144905090332,
  "summary_bg_p95": 182.72625732421875,
  "summary_bg_stdv": 63.207920484470414,
  "summary_fg_k": 0.785601637050271,
  "summary_fg_mad": 102.00138569956867,
  "summary_fg_mean": 605.027595715603,
  "summary_fg_median": 624.0614624023438,
  "summary_fg_n": 32405.0,
  "summary_fg_p05": 360.6480407714844,
  "summary_fg_p95": 778.4022216796875,
  "summary_fg_stdv": 124.45047928908062,
  "tsnr": 59.511546717491
}