{
  "aor": 0.0032005494505494506,
  "aqi": 0.016531049395604392,
  "bids_meta": {
    "Columns": 384,
    "EchoTime": 0.03,
    "EchoTrainLength": 1,
    "FlipAngle": 90.0,
    "ImageType": "ORIGINAL/PRIMARY/M/ND/MOSAIC",
    "ImagingFrequency": 123.253325,
    "InplanePhaseEncodingDirection": "COL",
    "InversionTime": 0.0,
    "MRAcquisitionType": "2D",
    "MagneticFieldStrength": 2.8936200141907,
    "Manufacturer": "SIEMENS",
    "ManufacturersModelName": "Allegra",
    "NumberOfAverages": 1.0,
    "NumberOfPhaseEncodingSteps": 64,
    "PercentPhaseFieldOfView": 100.0,
    "PhaseEncodingDirection": "j-",
    "PixelBandwidth": 2605.0,
    "PixelSpacing": [
      3.125,
      3.125
    ],
    "RepetitionTime": 2,
    "Rows": 384,
    "ScanOptions": "FS",
    "ScanningSequence": [
      "SE",
      "EP"
    ],
    "SequenceName": "*epfid2d1_64",
    "SequenceVariant": "SK",
    "SeriesDate": "18661001",
    "SeriesDescription": "BOLD EPI - Stopword1",
    "SeriesNumber": 9,
    "SeriesTime": "113939.125000",
    "SliceThickness": 4.0,
    "SpacingBetweenSlices": 3.9999999112389,
    "StudyID": "1",
    "StudyTime": "105424.218000",
    "dataset": "ds000007",
    "modality": "bold",
    "run_id": 1,
    "subject_id": "15",
    "task_id": "stopword"
  },
  "dummy_trs": 0,
  "dvars_nstd": 30.261397883149172,
  "dvars_std": 1.0770644946408843,
  "dvars_vstd": 1.018535745690608,
  "efc": 0.5386601887614496,
  "fber": 1445.281494140625,
  "fd_mean": 0.30898220269192544,
  "fd_num": 119,
  "fd_perc": 65.38461538461539,
  "fwhm_avg": 2.1036093,
  "fwhm_x": 2.0956896,
  "fwhm_y": 2.3262208,
  "fwhm_z": 1.8889175,
  "gcor": 0.0406497,
  "gsr_x": 0.0032878820784389973,
  "gsr_y": 0.03043353371322155,
  "provenance": {
    "md5sum": "04e95576d27ff268d6b7baefef6475ae",
    "settings": {
      "fd_thres": 0.2,
      "testing": false
    },
    "software": "mriqc",
    "version": "23.1.0"
  },
  "size_t": 182,
  "size_x": 64,
  "size_y": 64,
  "size_z": 33,
  "snr": 4.995657275140327,
  "spacing_tr": 2.0,
  "spacing_x": 3.125,
  "spacing_y": 3.125,
  "spacing_z": 4.0,
  "summary_bg_k": 12.803209575884518,
  "summary_bg_mad": 10.638894241065135,
  "summary_bg_mean": 42.65525833320574,
  "summary_bg_median": 16.620880126953125,
  "summary_bg_n": 103103.0,
  "summary_bg_p05": 6.549450874328613,
  "summary_bg_p95": 184.510986328125,
  "summary_bg_stdv": 62.91213493082358,
  "summary_fg_k": 0.594800396922015,
  "summary_fg_mad": 105.26475751389773,
  "summary_fg_mean": 612.8257632481444,
  "summary_fg_median": 631.8736572265625,
  "summary_fg_n": 32065.0,
  "summary_fg_p05": 364.21429443359375,
  "summary_fg_p95": 789.7637329101562,
  "summary_fg_stdv": 126.4826166682998,
  "tsnr": 39.97293448727578
}