{
  "aor": 0.002022857142857143,
  "aqi": 0.012797209505494508,
  "bids_meta": {
    "Columns": 384,
    "EchoTime": 0.03,
    "EchoTrainLength": 1,
    "FlipAngle": 90.0,
    "ImageType": "ORIGINAL/PRIMARY/M/ND/MOSAIC",
    "ImagingFrequency": 123.253357,
    "InplanePhaseEncodingDirection": "COL",
    "InversionTime": 0.0,
    "MRAcquisitionType": "2D",
    "MagneticFieldStrength": 2.8936200141907,
    "Manufacturer": "SIEMENS",
    "ManufacturersModelName": "Allegra",
    "NumberOfAverages": 1.0,
    "NumberOfPhaseEncodingSteps": 64,
    "PercentPhaseFieldOfView": 100.0,
    "PhaseEncodingDirection": "j-",
    "PixelBandwidth": 2605.0,
    "PixelSpacing": [
      3.125,
      3.125
    ],
    "RepetitionTime": 2,
    "Rows": 384,
    "ScanOptions": "FS",
    "ScanningSequence": [
      "SE",
      "EP"
    ],
    "SequenceName": "*epfid2d1_64",
    "SequenceVariant": "SK",
    "SeriesDate": "18660529",
    "SeriesDescription": "BOLD EPI - Stopvocal2",
    "SeriesNumber": 6,
    "SeriesTime": "144604.250000",
    "SliceThickness": 4.0,
    "SpacingBetweenSlices": 4.0000000961317,
    "StudyID": "1",
    "StudyTime": "135830.062000",
    "dataset": "ds000007",
    "modality": "bold",
    "run_id": 2,
    "subject_id": "08",
    "task_id": "stopvocal"
  },
  "dummy_trs": 0,
  "dvars_nstd": 32.06484092790055,
  "dvars_std": 1.1604368371270717,
  "dvars_vstd": 1.0450255012154703,
  "efc": 0.5467936165319744,
  "fber": 1551.5858154296875,
  "fd_mean": 0.18550677662871595,
  "fd_num": 58,
  "fd_perc": 31.86813186813187,
  "fwhm_avg": 1.8316789323465983,
  "fwhm_x": 1.7785663999999999,
  "fwhm_y": 2.0884128,
  "fwhm_z": 1.6280575970397946,
  "gcor": 0.0227341,
  "gsr_x": -0.01135651022195816,
  "gsr_y": 0.053067728877067566,
  "provenance": {
    "md5sum": "0abaa35174e1832aee4a07c8c11915ce",
    "settings": {
      "fd_thres": 0.2,
      "testing": false
    },
    "software": "mriqc",
    "version": "23.1.0"
  },
  "size_t": 182,
  "size_x": 64,
  "size_y": 64,
  "size_z": 33,
  "snr": 5.781962721861746,
  "spacing_tr": 2.0,
  "spacing_x": 3.125,
  "spacing_y": 3.125,
  "spacing_z": 3.999999761581421,
  "summary_bg_k": 17.48674073168583,
  "summary_bg_mad": 7.156407297454242,
  "summary_bg_mean": 39.4470683344316,
  "summary_bg_median": 14.59615421295166,
  "summary_bg_n": 101988.0,
  "summary_bg_p05": 9.428571701049805,
  "summary_bg_p95": 167.02748107910156,
  "summary_bg_stdv": 60.443470191774324,
  "summary_fg_k": 2.0139022119438517,
  "summary_fg_mad": 78.53312460605568,
  "summary_fg_mean": 564.5164206209924,
  "summary_fg_median": 574.945068359375,
  "summary_fg_n": 33180.0,
  "summary_fg_p05": 369.8681335449219,
  "summary_fg_p95": 701.1181640625,
  "summary_fg_stdv": 99.43620046004077,
  "tsnr": 53.28101877879817
}