{
  "bids_meta": {
    "Columns": 192,
    "EchoTime": 0.0021,
    "EchoTrainLength": 1,
    "FlipAngle": 8.0,
    "ImageType": "ORIGINAL/PRIMARY/M/ND",
    "ImagingFrequency": 123.253343,
    "InplanePhaseEncodingDirection": "ROW",
    "InversionTime": 1.1,
    "MRAcquisitionType": "3D",
    "MagneticFieldStrength": 2.8936200141907,
    "Manufacturer": "SIEMENS",
    "ManufacturersModelName": "Allegra",
    "NumberOfAverages": 1.0,
    "NumberOfPhaseEncodingSteps": 192,
    "PercentPhaseFieldOfView": 100.0,
    "PhaseEncodingDirection": "i-",
    "PixelBandwidth": 320.0,
    "PixelSpacing": [
      1.3333333333333,
      1.3333333333333
    ],
    "RepetitionTime": 2.3,
    "Rows": 192,
    "ScanOptions": "IR",
    "ScanningSequence": [
      "IR",
      "GR"
    ],
    "SequenceName": "*tfl3d1",
    "SequenceVariant": [
      "SP",
      "MP"
    ],
    "SeriesDate": "18661001",
    "SeriesDescription": "MPRage-3T",
    "SeriesNumber": 10,
    "SeriesTime": "130720.281000",
    "SliceThickness": 1.0,
    "StudyID": "1",
    "StudyTime": "120323.781000",
    "dataset": "ds000007",
    "modality": "T1w",
    "subject_id": "16"
  },
  "cjv": 0.5486734987147314,
  "cnr": 1.8030376759933988,
  "efc": 0.5359600650786873,
  "fber": 10848.867036011081,
  "fwhm_avg": 4.582684079285738,
  "fwhm_x": 4.952,
  "fwhm_y": 4.656479861226086,
  "fwhm_z": 4.139572376631129,
  "icvs_csf": 0.28036652773303483,
  "icvs_gm": 0.37872541618478206,
  "icvs_wm": 0.34090805608218305,
  "inu_med": 0.6020386517047882,
  "inu_range": 0.2732206866145134,
  "provenance": {
    "md5sum": "38fbec2314dfb4a5f3264bc443ae8ead",
    "settings": {
      "testing": false
    },
    "software": "mriqc",
    "version": "23.1.0",
    "warnings": {
      "large_rot_frame": true,
      "small_air_mask": false
    }
  },
  "qi_1": 0.0,
  "qi_2": 0.0009172212399620189,
  "rpve_csf": 5.364704130390804,
  "rpve_gm": 5.2829419820811,
  "rpve_wm": 5.429602824669771,
  "size_x": 160,
  "size_y": 192,
  "size_z": 192,
  "snr_csf": 2.2306902969931137,
  "snr_gm": 3.434175525141862,
  "snr_total": 4.597101495195476,
  "snr_wm": 8.126438663451452,
  "snrd_csf": 40.6698912059358,
  "snrd_gm": 65.15130924837726,
  "snrd_total": 71.26170518465243,
  "snrd_wm": 107.96391509964423,
  "spacing_x": 1.0,
  "spacing_y": 1.3333333730697632,
  "spacing_z": 1.3333333730697632,
  "summary_bg_k": 110.68993433776747,
  "summary_bg_mad": 5.738406758792816,
  "summary_bg_mean": 14.19794464307231,
  "summary_bg_median": 3.870496541261673,
  "summary_bg_n": 2023881.0,
  "summary_bg_p05": 0.0,
  "summary_bg_p95": 39.75170347094536,
  "summary_bg_stdv": 45.84248638245695,
  "summary_csf_k": -0.5435576738387771,
  "summary_csf_mad": 115.38167552113605,
  "summary_csf_mean": 354.1077613354318,
  "summary_csf_median": 356.23173826932907,
  "summary_csf_n": 299808.2642679657,
  "summary_csf_p05": 95.88607469201088,
  "summary_csf_p95": 612.9259900152683,
  "summary_csf_stdv": 159.69547393009054,
  "summary_gm_k": -0.0006636536157960116,
  "summary_gm_mad": 110.4372621503523,
  "summary_gm_mean": 573.1943712187091,
  "summary_gm_median": 570.6669837534428,
  "summary_gm_n": 404987.75149307423,
  "summary_gm_p05": 299.7565686106682,
  "summary_gm_p95": 862.9746722280979,
  "summary_gm_stdv": 166.17271744751196,
  "summary_wm_k": -0.5139874045484123,
  "summary_wm_mad": 95.31529716963412,
  "summary_wm_mean": 913.4779842810734,
  "summary_wm_median": 945.6669788360596,
  "summary_wm_n": 364547.9843666902,
  "summary_wm_p05": 686.0029121339321,
  "summary_wm_p95": 1052.82374471426,
  "summary_wm_stdv": 116.36901734677672,
  "tpm_overlap_csf": 0.21854935409028792,
  "tpm_overlap_gm": 0.5472679458576337,
  "tpm_overlap_wm": 0.5428157761964711,
  "wm2max": 0.7188483031716073
}