{
  "aor": 0.0006886187845303867,
  "aqi": 0.010041185027624308,
  "bids_meta": {
    "Columns": 384,
    "EchoTime": 0.03,
    "EchoTrainLength": 1,
    "FlipAngle": 90.0,
    "ImageType": "ORIGINAL/PRIMARY/M/ND/MOSAIC",
    "ImagingFrequency": 123.25311,
    "InplanePhaseEncodingDirection": "COL",
    "InversionTime": 0.0,
    "MRAcquisitionType": "2D",
    "MagneticFieldStrength": 2.8936200141907,
    "Manufacturer": "SIEMENS",
    "ManufacturersModelName": "Allegra",
    "NumberOfAverages": 1.0,
    "NumberOfPhaseEncodingSteps": 64,
    "PercentPhaseFieldOfView": 100.0,
    "PhaseEncodingDirection": "j-",
    "PixelBandwidth": 2605.0,
    "PixelSpacing": [
      3.125,
      3.125
    ],
    "RepetitionTime": 2,
    "Rows": 384,
    "ScanOptions": "FS",
    "ScanningSequence": [
      "SE",
      "EP"
    ],
    "SequenceName": "*epfid2d1_64",
    "SequenceVariant": "SK",
    "SeriesDate": "18660510",
    "SeriesDescription": "BOLD EPI - Stopword1",
    "SeriesNumber": 6,
    "SeriesTime": "094624.781000",
    "SliceThickness": 4.0,
    "SpacingBetweenSlices": 3.9999999622543,
    "StudyID": "1",
    "StudyTime": "090723.203000",
    "dataset": "ds000007",
    "modality": "bold",
    "run_id": 1,
    "subject_id": "02",
    "task_id": "stopword"
  },
  "dummy_trs": 1,
  "dvars_nstd": 30.43295023161111,
  "dvars_std": 1.174504581555556,
  "dvars_vstd": 1.0111871050555559,
  "efc": 0.5082828311964743,
  "fber": 1899.2689208984375,
  "fd_mean": 0.1317392364597845,
  "fd_num": 23,
  "fd_perc": 12.707182320441989,
  "fwhm_avg": 1.8148549,
  "fwhm_x": 1.8564672,
  "fwhm_y": 1.9452,
  "fwhm_z": 1.6428975,
  "gcor": 0.0134313,
  "gsr_x": -0.006108378060162067,
  "gsr_y": 0.02482139877974987,
  "provenance": {
    "md5sum": "e8deabd939489de924970f3fc5d83ebb",
    "settings": {
      "fd_thres": 0.2,
      "testing": false
    },
    "software": "mriqc",
    "version": "23.1.0"
  },
  "size_t": 181,
  "size_x": 64,
  "size_y": 64,
  "size_z": 33,
  "snr": 5.470915272023367,
  "spacing_tr": 2.0,
  "spacing_x": 3.125,
  "spacing_y": 3.125,
  "spacing_z": 4.0,
  "summary_bg_k": 32.51795056013671,
  "summary_bg_mad": 5.037570925505369,
  "summary_bg_mean": 29.340909797705677,
  "summary_bg_median": 12.475138664245605,
  "summary_bg_n": 105075.0,
  "summary_bg_p05": 8.530386924743652,
  "summary_bg_p95": 117.63536071777344,
  "summary_bg_stdv": 48.63642190543763,
  "summary_fg_k": 1.859262615686422,
  "summary_fg_mad": 81.31381818347624,
  "summary_fg_mean": 535.3495123465531,
  "summary_fg_median": 543.674072265625,
  "summary_fg_n": 30093.0,
  "summary_fg_p05": 345.49725341796875,
  "summary_fg_p95": 678.71826171875,
  "summary_fg_stdv": 99.37369012808527,
  "tsnr": 57.936234307824634
}