{
  "aor": 0.0005658241758241759,
  "aqi": 0.009884153626373626,
  "bids_meta": {
    "Columns": 384,
    "EchoTime": 0.03,
    "EchoTrainLength": 1,
    "FlipAngle": 90.0,
    "ImageType": "ORIGINAL/PRIMARY/M/ND/MOSAIC",
    "ImagingFrequency": 123.25311,
    "InplanePhaseEncodingDirection": "COL",
    "InversionTime": 0.0,
    "MRAcquisitionType": "2D",
    "MagneticFieldStrength": 2.8936200141907,
    "Manufacturer": "SIEMENS",
    "ManufacturersModelName": "Allegra",
    "NumberOfAverages": 1.0,
    "NumberOfPhaseEncodingSteps": 64,
    "PercentPhaseFieldOfView": 100.0,
    "PhaseEncodingDirection": "j-",
    "PixelBandwidth": 2605.0,
    "PixelSpacing": [
      3.125,
      3.125
    ],
    "RepetitionTime": 2,
    "Rows": 384,
    "ScanOptions": "FS",
    "ScanningSequence": [
      "SE",
      "EP"
    ],
    "SequenceName": "*epfid2d1_64",
    "SequenceVariant": "SK",
    "SeriesDate": "18660510",
    "SeriesDescription": "BOLD EPI - Stopmanual1",
    "SeriesNumber": 8,
    "SeriesTime": "100216.828000",
    "SliceThickness": 4.0,
    "SpacingBetweenSlices": 3.9999999622543,
    "StudyID": "1",
    "StudyTime": "090723.203000",
    "dataset": "ds000007",
    "modality": "bold",
    "run_id": 1,
    "subject_id": "02",
    "task_id": "stopmanual"
  },
  "dummy_trs": 0,
  "dvars_nstd": 26.756317391491717,
  "dvars_std": 1.1190076246408833,
  "dvars_vstd": 1.003244500441989,
  "efc": 0.5087958391870591,
  "fber": 1890.97216796875,
  "fd_mean": 0.11267088211629417,
  "fd_num": 23,
  "fd_perc": 12.637362637362637,
  "fwhm_avg": 1.8106657000000002,
  "fwhm_x": 1.8432192,
  "fwhm_y": 1.9627904,
  "fwhm_z": 1.6259875,
  "gcor": 0.0241848,
  "gsr_x": -0.0063280644826591015,
  "gsr_y": 0.024573100730776787,
  "provenance": {
    "md5sum": "8c4111bb3601993429d67a56b9504967",
    "settings": {
      "fd_thres": 0.2,
      "testing": false
    },
    "software": "mriqc",
    "version": "23.1.0"
  },
  "size_t": 182,
  "size_x": 64,
  "size_y": 64,
  "size_z": 33,
  "snr": 5.490941915117963,
  "spacing_tr": 2.0,
  "spacing_x": 3.125,
  "spacing_y": 3.125,
  "spacing_z": 4.0,
  "summary_bg_k": 30.860191525293722,
  "summary_bg_mad": 5.466077658586197,
  "summary_bg_mean": 30.365411576782552,
  "summary_bg_median": 12.714285850524902,
  "summary_bg_n": 105191.0,
  "summary_bg_p05": 8.368131637573242,
  "summary_bg_p95": 123.36813354492188,
  "summary_bg_stdv": 50.54580462046985,
  "summary_fg_k": 1.917643778621069,
  "summary_fg_mad": 83.03386841353938,
  "summary_fg_mean": 545.2075112059662,
  "summary_fg_median": 552.8846435546875,
  "summary_fg_n": 29977.0,
  "summary_fg_p05": 356.1318664550781,
  "summary_fg_p95": 691.813232421875,
  "summary_fg_stdv": 100.68863051372936,
  "tsnr": 57.51368867664132
}