{
  "aor": 0.0004951933701657459,
  "aqi": 0.011534538232044199,
  "bids_meta": {
    "Columns": 384,
    "EchoTime": 0.03,
    "EchoTrainLength": 1,
    "FlipAngle": 90.0,
    "ImageType": "ORIGINAL/PRIMARY/M/ND/MOSAIC",
    "ImagingFrequency": 123.25311,
    "InplanePhaseEncodingDirection": "COL",
    "InversionTime": 0.0,
    "MRAcquisitionType": "2D",
    "MagneticFieldStrength": 2.8936200141907,
    "Manufacturer": "SIEMENS",
    "ManufacturersModelName": "Allegra",
    "NumberOfAverages": 1.0,
    "NumberOfPhaseEncodingSteps": 64,
    "PercentPhaseFieldOfView": 100.0,
    "PhaseEncodingDirection": "j-",
    "PixelBandwidth": 2605.0,
    "PixelSpacing": [
      3.125,
      3.125
    ],
    "RepetitionTime": 2,
    "Rows": 384,
    "ScanOptions": "FS",
    "ScanningSequence": [
      "SE",
      "EP"
    ],
    "SequenceName": "*epfid2d1_64",
    "SequenceVariant": "SK",
    "SeriesDate": "18660510",
    "SeriesDescription": "BOLD EPI - Stopmanual2",
    "SeriesNumber": 9,
    "SeriesTime": "100935.828000",
    "SliceThickness": 4.0,
    "SpacingBetweenSlices": 3.9999999622543,
    "StudyID": "1",
    "StudyTime": "090723.203000",
    "dataset": "ds000007",
    "modality": "bold",
    "run_id": 2,
    "subject_id": "02",
    "task_id": "stopmanual"
  },
  "dummy_trs": 1,
  "dvars_nstd": 25.369029341722207,
  "dvars_std": 1.068201569388889,
  "dvars_vstd": 0.9860383338333331,
  "efc": 0.5087801010214664,
  "fber": 1891.92822265625,
  "fd_mean": 0.10793099685047693,
  "fd_num": 21,
  "fd_perc": 11.602209944751381,
  "fwhm_avg": 1.808349233333333,
  "fwhm_x": 1.8300832,
  "fwhm_y": 1.955152,
  "fwhm_z": 1.6398125,
  "gcor": 0.014694,
  "gsr_x": -0.006525813136249781,
  "gsr_y": 0.025516843423247337,
  "provenance": {
    "md5sum": "0de693dfd858fdabf29c7ee2eb2c2444",
    "settings": {
      "fd_thres": 0.2,
      "testing": false
    },
    "software": "mriqc",
    "version": "23.1.0"
  },
  "size_t": 181,
  "size_x": 64,
  "size_y": 64,
  "size_z": 33,
  "snr": 5.51063156760121,
  "spacing_tr": 2.0,
  "spacing_x": 3.125,
  "spacing_y": 3.125,
  "spacing_z": 4.0,
  "summary_bg_k": 32.33451154786677,
  "summary_bg_mad": 5.471703644902338,
  "summary_bg_mean": 30.349351832970058,
  "summary_bg_median": 12.690608024597168,
  "summary_bg_n": 105205.0,
  "summary_bg_p05": 8.320442199707031,
  "summary_bg_p95": 121.98895263671875,
  "summary_bg_stdv": 50.819446227473854,
  "summary_fg_k": 1.8810253787300866,
  "summary_fg_mad": 82.68167799395786,
  "summary_fg_mean": 544.1849824368896,
  "summary_fg_median": 551.9945068359375,
  "summary_fg_n": 29963.0,
  "summary_fg_p05": 356.1270751953125,
  "summary_fg_p95": 690.2044677734375,
  "summary_fg_stdv": 100.16733812061925,
  "tsnr": 54.96781323628966
}