{
  "aor": 0.0006842541436464089,
  "aqi": 0.018074455966850828,
  "bids_meta": {
    "Columns": 384,
    "EchoTime": 0.03,
    "EchoTrainLength": 1,
    "FlipAngle": 90.0,
    "ImageType": "ORIGINAL/PRIMARY/M/ND/MOSAIC",
    "ImagingFrequency": 123.253325,
    "InplanePhaseEncodingDirection": "COL",
    "InversionTime": 0.0,
    "MRAcquisitionType": "2D",
    "MagneticFieldStrength": 2.8936200141907,
    "Manufacturer": "SIEMENS",
    "ManufacturersModelName": "Allegra",
    "NumberOfAverages": 1.0,
    "NumberOfPhaseEncodingSteps": 64,
    "PercentPhaseFieldOfView": 100.0,
    "PhaseEncodingDirection": "j-",
    "PixelBandwidth": 2605.0,
    "PixelSpacing": [
      3.125,
      3.125
    ],
    "RepetitionTime": 2,
    "Rows": 384,
    "ScanOptions": "FS",
    "ScanningSequence": [
      "SE",
      "EP"
    ],
    "SequenceName": "*epfid2d1_64",
    "SequenceVariant": "SK",
    "SeriesDate": "18660927",
    "SeriesDescription": "BOLD EPI - Stopmanual2",
    "SeriesNumber": 7,
    "SeriesTime": "143243.296000",
    "SliceThickness": 4.0,
    "SpacingBetweenSlices": 4.0000000037333,
    "StudyID": "1",
    "StudyTime": "135620.359000",
    "dataset": "ds000007",
    "modality": "bold",
    "run_id": 2,
    "subject_id": "14",
    "task_id": "stopmanual"
  },
  "dummy_trs": 1,
  "dvars_nstd": 27.557804616277775,
  "dvars_std": 1.0528155117222229,
  "dvars_vstd": 0.9384595408888889,
  "efc": 0.5375782460846922,
  "fber": 1626.83837890625,
  "fd_mean": 0.09207806584388961,
  "fd_num": 1,
  "fd_perc": 0.5524861878453039,
  "fwhm_avg": 1.8705116666666666,
  "fwhm_x": 1.8751840000000002,
  "fwhm_y": 2.093696,
  "fwhm_z": 1.642655,
  "gcor": 0.00400519,
  "gsr_x": -0.010018959641456604,
  "gsr_y": 0.0378994457423687,
  "provenance": {
    "md5sum": "c897a7aed20af2092b2c3b405991f96f",
    "settings": {
      "fd_thres": 0.2,
      "testing": false
    },
    "software": "mriqc",
    "version": "23.1.0"
  },
  "size_t": 181,
  "size_x": 64,
  "size_y": 64,
  "size_z": 33,
  "snr": 5.081792385749252,
  "spacing_tr": 2.0,
  "spacing_x": 3.125,
  "spacing_y": 3.125,
  "spacing_z": 4.0,
  "summary_bg_k": 18.56836999724489,
  "summary_bg_mad": 7.503113122685356,
  "summary_bg_mean": 36.862696210574754,
  "summary_bg_median": 14.718232154846191,
  "summary_bg_n": 101405.0,
  "summary_bg_p05": 8.558011054992676,
  "summary_bg_p95": 155.24862670898438,
  "summary_bg_stdv": 58.753692530899826,
  "summary_fg_k": 0.9091780206206854,
  "summary_fg_mad": 101.30026253129587,
  "summary_fg_mean": 592.5685069990134,
  "summary_fg_median": 593.6464233398438,
  "summary_fg_n": 33763.0,
  "summary_fg_p05": 380.8895263671875,
  "summary_fg_p95": 773.0386962890625,
  "summary_fg_stdv": 116.8165849443103,
  "tsnr": 42.88794558227528
}