{
  "aor": 0.004403626373626374,
  "aqi": 0.015476539615384617,
  "bids_meta": {
    "Columns": 384,
    "EchoTime": 0.03,
    "EchoTrainLength": 1,
    "FlipAngle": 90.0,
    "ImageType": "ORIGINAL/PRIMARY/M/ND/MOSAIC",
    "ImagingFrequency": 123.253325,
    "InplanePhaseEncodingDirection": "COL",
    "InversionTime": 0.0,
    "MRAcquisitionType": "2D",
    "MagneticFieldStrength": 2.8936200141907,
    "Manufacturer": "SIEMENS",
    "ManufacturersModelName": "Allegra",
    "NumberOfAverages": 1.0,
    "NumberOfPhaseEncodingSteps": 64,
    "PercentPhaseFieldOfView": 100.0,
    "PhaseEncodingDirection": "j-",
    "PixelBandwidth": 2605.0,
    "PixelSpacing": [
      3.125,
      3.125
    ],
    "RepetitionTime": 2,
    "Rows": 384,
    "ScanOptions": "FS",
    "ScanningSequence": [
      "SE",
      "EP"
    ],
    "SequenceName": "*epfid2d1_64",
    "SequenceVariant": "SK",
    "SeriesDate": "18660927",
    "SeriesDescription": "BOLD EPI - Stopword2",
    "SeriesNumber": 5,
    "SeriesTime": "141809.046000",
    "SliceThickness": 4.0,
    "SpacingBetweenSlices": 4.0000000037333,
    "StudyID": "1",
    "StudyTime": "135620.359000",
    "dataset": "ds000007",
    "modality": "bold",
    "run_id": 2,
    "subject_id": "14",
    "task_id": "stopword"
  },
  "dummy_trs": 0,
  "dvars_nstd": 30.412541120828735,
  "dvars_std": 1.1316330474033154,
  "dvars_vstd": 1.0011087322099443,
  "efc": 0.5283260033637357,
  "fber": 1895.5167236328125,
  "fd_mean": 0.20874212150333998,
  "fd_num": 74,
  "fd_perc": 40.65934065934066,
  "fwhm_avg": 1.8786509333333334,
  "fwhm_x": 1.8705184,
  "fwhm_y": 2.1268544,
  "fwhm_z": 1.63858,
  "gcor": 0.0211602,
  "gsr_x": -0.005553588271141052,
  "gsr_y": 0.03604557365179062,
  "provenance": {
    "md5sum": "113a3d812f6f310bec00c816f8ad3f7b",
    "settings": {
      "fd_thres": 0.2,
      "testing": false
    },
    "software": "mriqc",
    "version": "23.1.0"
  },
  "size_t": 182,
  "size_x": 64,
  "size_y": 64,
  "size_z": 33,
  "snr": 5.047596394132689,
  "spacing_tr": 2.0,
  "spacing_x": 3.125,
  "spacing_y": 3.125,
  "spacing_z": 4.0,
  "summary_bg_k": 20.620537680139538,
  "summary_bg_mad": 6.598394007288565,
  "summary_bg_mean": 34.809954674493014,
  "summary_bg_median": 14.05494499206543,
  "summary_bg_n": 101800.0,
  "summary_bg_p05": 8.05494499206543,
  "summary_bg_p95": 144.30494689941406,
  "summary_bg_stdv": 56.51420915508932,
  "summary_fg_k": 0.8513280576229092,
  "summary_fg_mad": 105.91240058505525,
  "summary_fg_mean": 609.850395508791,
  "summary_fg_median": 611.9176025390625,
  "summary_fg_n": 33368.0,
  "summary_fg_p05": 391.18133544921875,
  "summary_fg_p95": 798.2857055664062,
  "summary_fg_stdv": 121.22768649918272,
  "tsnr": 44.176783158793114
}