{
  "aor": 0.0005675690607734807,
  "aqi": 0.009834547569060773,
  "bids_meta": {
    "Columns": 384,
    "EchoTime": 0.03,
    "EchoTrainLength": 1,
    "FlipAngle": 90.0,
    "ImageType": "ORIGINAL/PRIMARY/M/ND/MOSAIC",
    "ImagingFrequency": 123.253325,
    "InplanePhaseEncodingDirection": "COL",
    "InversionTime": 0.0,
    "MRAcquisitionType": "2D",
    "MagneticFieldStrength": 2.8936200141907,
    "Manufacturer": "SIEMENS",
    "ManufacturersModelName": "Allegra",
    "NumberOfAverages": 1.0,
    "NumberOfPhaseEncodingSteps": 64,
    "PercentPhaseFieldOfView": 100.0,
    "PhaseEncodingDirection": "j-",
    "PixelBandwidth": 2605.0,
    "PixelSpacing": [
      3.125,
      3.125
    ],
    "RepetitionTime": 2,
    "Rows": 384,
    "ScanOptions": "FS",
    "ScanningSequence": [
      "SE",
      "EP"
    ],
    "SequenceName": "*epfid2d1_64",
    "SequenceVariant": "SK",
    "SeriesDate": "18660927",
    "SeriesDescription": "BOLD EPI - Stopmanual1",
    "SeriesNumber": 6,
    "SeriesTime": "142519.437000",
    "SliceThickness": 4.0,
    "SpacingBetweenSlices": 4.0000000037333,
    "StudyID": "1",
    "StudyTime": "135620.359000",
    "dataset": "ds000007",
    "modality": "bold",
    "run_id": 1,
    "subject_id": "14",
    "task_id": "stopmanual"
  },
  "dummy_trs": 1,
  "dvars_nstd": 29.326075384444458,
  "dvars_std": 1.1491403455555556,
  "dvars_vstd": 0.9740410433333329,
  "efc": 0.5317636683910351,
  "fber": 1817.7078857421875,
  "fd_mean": 0.10286487828756709,
  "fd_num": 7,
  "fd_perc": 3.867403314917127,
  "fwhm_avg": 1.8816734000000002,
  "fwhm_x": 1.8651072,
  "fwhm_y": 2.120288,
  "fwhm_z": 1.659625,
  "gcor": 0.00577495,
  "gsr_x": -0.006811500061303377,
  "gsr_y": 0.03938012942671776,
  "provenance": {
    "md5sum": "f8e1ca57a7a4c2ad3d9ec79bdecfcbb9",
    "settings": {
      "fd_thres": 0.2,
      "testing": false
    },
    "software": "mriqc",
    "version": "23.1.0"
  },
  "size_t": 181,
  "size_x": 64,
  "size_y": 64,
  "size_z": 33,
  "snr": 4.994039244908787,
  "spacing_tr": 2.0,
  "spacing_x": 3.125,
  "spacing_y": 3.125,
  "spacing_z": 4.0,
  "summary_bg_k": 20.06545842402849,
  "summary_bg_mad": 6.454645037496381,
  "summary_bg_mean": 35.53108837668104,
  "summary_bg_median": 14.12154769897461,
  "summary_bg_n": 101658.0,
  "summary_bg_p05": 9.033149719238281,
  "summary_bg_p95": 148.35911560058594,
  "summary_bg_stdv": 57.44822002999675,
  "summary_fg_k": 0.8648757206022086,
  "summary_fg_mad": 104.75687757301867,
  "summary_fg_mean": 600.1160442606152,
  "summary_fg_median": 602.0663452148438,
  "summary_fg_n": 33510.0,
  "summary_fg_p05": 378.359130859375,
  "summary_fg_p95": 786.9613647460938,
  "summary_fg_stdv": 120.55519234822746,
  "tsnr": 52.88673916074913
}