{
  "aor": 0.0012990055248618783,
  "aqi": 0.011293341270718233,
  "bids_meta": {
    "Columns": 384,
    "EchoTime": 0.03,
    "EchoTrainLength": 1,
    "FlipAngle": 90.0,
    "ImageType": "ORIGINAL/PRIMARY/M/ND/MOSAIC",
    "ImagingFrequency": 123.253325,
    "InplanePhaseEncodingDirection": "COL",
    "InversionTime": 0.0,
    "MRAcquisitionType": "2D",
    "MagneticFieldStrength": 2.8936200141907,
    "Manufacturer": "SIEMENS",
    "ManufacturersModelName": "Allegra",
    "NumberOfAverages": 1.0,
    "NumberOfPhaseEncodingSteps": 64,
    "PercentPhaseFieldOfView": 100.0,
    "PhaseEncodingDirection": "j-",
    "PixelBandwidth": 2605.0,
    "PixelSpacing": [
      3.125,
      3.125
    ],
    "RepetitionTime": 2,
    "Rows": 384,
    "ScanOptions": "FS",
    "ScanningSequence": [
      "SE",
      "EP"
    ],
    "SequenceName": "*epfid2d1_64",
    "SequenceVariant": "SK",
    "SeriesDate": "18660927",
    "SeriesDescription": "BOLD EPI - Stopvocal1",
    "SeriesNumber": 9,
    "SeriesTime": "144417.750000",
    "SliceThickness": 4.0,
    "SpacingBetweenSlices": 4.0000000037333,
    "StudyID": "1",
    "StudyTime": "135620.359000",
    "dataset": "ds000007",
    "modality": "bold",
    "run_id": 1,
    "subject_id": "14",
    "task_id": "stopvocal"
  },
  "dummy_trs": 1,
  "dvars_nstd": 30.97841037094444,
  "dvars_std": 1.1611060048888893,
  "dvars_vstd": 1.0019807845555557,
  "efc": 0.5344848534297311,
  "fber": 1646.7711181640625,
  "fd_mean": 0.1960386231141911,
  "fd_num": 72,
  "fd_perc": 39.77900552486188,
  "fwhm_avg": 1.8700254666666665,
  "fwhm_x": 1.8553312,
  "fwhm_y": 2.1045952,
  "fwhm_z": 1.65015,
  "gcor": 0.0105507,
  "gsr_x": -0.007836315780878067,
  "gsr_y": 0.038149088621139526,
  "provenance": {
    "md5sum": "ee52b5c4b8762eaf3b8c8addc5fc6575",
    "settings": {
      "fd_thres": 0.2,
      "testing": false
    },
    "software": "mriqc",
    "version": "23.1.0"
  },
  "size_t": 181,
  "size_x": 64,
  "size_y": 64,
  "size_z": 33,
  "snr": 5.0117251425498806,
  "spacing_tr": 2.0,
  "spacing_x": 3.125,
  "spacing_y": 3.125,
  "spacing_z": 4.0,
  "summary_bg_k": 19.266161615169064,
  "summary_bg_mad": 7.773422040996709,
  "summary_bg_mean": 36.03432128339324,
  "summary_bg_median": 14.734807014465332,
  "summary_bg_n": 101511.0,
  "summary_bg_p05": 7.861878871917725,
  "summary_bg_p95": 150.0773468017578,
  "summary_bg_stdv": 57.52234411897476,
  "summary_fg_k": 0.9641688736067362,
  "summary_fg_mad": 102.6599781645518,
  "summary_fg_mean": 595.9477330072468,
  "summary_fg_median": 597.9447631835938,
  "summary_fg_n": 33657.0,
  "summary_fg_p05": 379.37017822265625,
  "summary_fg_p95": 780.0386962890625,
  "summary_fg_stdv": 119.30739679292968,
  "tsnr": 47.97427186963614
}