{
  "aor": 0.0009250276243093921,
  "aqi": 0.00972572,
  "bids_meta": {
    "Columns": 384,
    "EchoTime": 0.03,
    "EchoTrainLength": 1,
    "FlipAngle": 90.0,
    "ImageType": "ORIGINAL/PRIMARY/M/ND/MOSAIC",
    "ImagingFrequency": 123.253325,
    "InplanePhaseEncodingDirection": "COL",
    "InversionTime": 0.0,
    "MRAcquisitionType": "2D",
    "MagneticFieldStrength": 2.8936200141907,
    "Manufacturer": "SIEMENS",
    "ManufacturersModelName": "Allegra",
    "NumberOfAverages": 1.0,
    "NumberOfPhaseEncodingSteps": 64,
    "PercentPhaseFieldOfView": 100.0,
    "PhaseEncodingDirection": "j-",
    "PixelBandwidth": 2605.0,
    "PixelSpacing": [
      3.125,
      3.125
    ],
    "RepetitionTime": 2,
    "Rows": 384,
    "ScanOptions": "FS",
    "ScanningSequence": [
      "SE",
      "EP"
    ],
    "SequenceName": "*epfid2d1_64",
    "SequenceVariant": "SK",
    "SeriesDate": "18660927",
    "SeriesDescription": "BOLD EPI - Stopvocal2",
    "SeriesNumber": 10,
    "SeriesTime": "145149.625000",
    "SliceThickness": 4.0,
    "SpacingBetweenSlices": 4.0000000037333,
    "StudyID": "1",
    "StudyTime": "135620.359000",
    "dataset": "ds000007",
    "modality": "bold",
    "run_id": 2,
    "subject_id": "14",
    "task_id": "stopvocal"
  },
  "dummy_trs": 1,
  "dvars_nstd": 30.70448434627777,
  "dvars_std": 1.1730458987777774,
  "dvars_vstd": 1.0006777922777772,
  "efc": 0.5355643229661811,
  "fber": 1637.025390625,
  "fd_mean": 0.16850122192389508,
  "fd_num": 46,
  "fd_perc": 25.414364640883978,
  "fwhm_avg": 1.8519189333333335,
  "fwhm_x": 1.8327456,
  "fwhm_y": 2.0766112000000003,
  "fwhm_z": 1.6464,
  "gcor": 0.00950359,
  "gsr_x": -0.00821128860116005,
  "gsr_y": 0.039516475051641464,
  "provenance": {
    "md5sum": "93bbd02bf81dd5f9a7c46dfb395411ca",
    "settings": {
      "fd_thres": 0.2,
      "testing": false
    },
    "software": "mriqc",
    "version": "23.1.0"
  },
  "size_t": 181,
  "size_x": 64,
  "size_y": 64,
  "size_z": 33,
  "snr": 5.046816279569476,
  "spacing_tr": 2.0,
  "spacing_x": 3.125,
  "spacing_y": 3.125,
  "spacing_z": 4.0,
  "summary_bg_k": 18.403130623458406,
  "summary_bg_mad": 8.04373237322772,
  "summary_bg_mean": 36.473784259236865,
  "summary_bg_median": 14.773481369018555,
  "summary_bg_n": 101490.0,
  "summary_bg_p05": 7.486187934875488,
  "summary_bg_p95": 153.2209930419922,
  "summary_bg_stdv": 58.19262280231869,
  "summary_fg_k": 1.105896394914315,
  "summary_fg_mad": 101.34120964456943,
  "summary_fg_mean": 596.5464188552354,
  "summary_fg_median": 597.7375793457031,
  "summary_fg_n": 33678.0,
  "summary_fg_p05": 381.6077575683594,
  "summary_fg_p95": 778.1713256835938,
  "summary_fg_stdv": 118.43678704853167,
  "tsnr": 51.7437775793951
}