{
  "aor": 0.0014337912087912085,
  "aqi": 0.009026057252747252,
  "bids_meta": {
    "Columns": 384,
    "EchoTime": 0.03,
    "EchoTrainLength": 1,
    "FlipAngle": 90.0,
    "ImageType": "ORIGINAL/PRIMARY/M/ND/MOSAIC",
    "ImagingFrequency": 123.253325,
    "InplanePhaseEncodingDirection": "COL",
    "InversionTime": 0.0,
    "MRAcquisitionType": "2D",
    "MagneticFieldStrength": 2.8936200141907,
    "Manufacturer": "SIEMENS",
    "ManufacturersModelName": "Allegra",
    "NumberOfAverages": 1.0,
    "NumberOfPhaseEncodingSteps": 64,
    "PercentPhaseFieldOfView": 100.0,
    "PhaseEncodingDirection": "j-",
    "PixelBandwidth": 2605.0,
    "PixelSpacing": [
      3.125,
      3.125
    ],
    "RepetitionTime": 2,
    "Rows": 384,
    "ScanOptions": "FS",
    "ScanningSequence": [
      "SE",
      "EP"
    ],
    "SequenceName": "*epfid2d1_64",
    "SequenceVariant": "SK",
    "SeriesDate": "18660927",
    "SeriesDescription": "BOLD EPI - Stopword1",
    "SeriesNumber": 4,
    "SeriesTime": "141030.515000",
    "SliceThickness": 4.0,
    "SpacingBetweenSlices": 4.0000000037333,
    "StudyID": "1",
    "StudyTime": "135620.359000",
    "dataset": "ds000007",
    "modality": "bold",
    "run_id": 1,
    "subject_id": "14",
    "task_id": "stopword"
  },
  "dummy_trs": 0,
  "dvars_nstd": 29.486555373591166,
  "dvars_std": 1.1636725727624309,
  "dvars_vstd": 1.018410702596685,
  "efc": 0.5308391073702037,
  "fber": 1836.1378173828125,
  "fd_mean": 0.15710224237506984,
  "fd_num": 34,
  "fd_perc": 18.681318681318682,
  "fwhm_avg": 1.8372382333333332,
  "fwhm_x": 1.8391744,
  "fwhm_y": 2.0488928,
  "fwhm_z": 1.6236475,
  "gcor": 0.00924756,
  "gsr_x": -0.00588409136980772,
  "gsr_y": 0.034391723573207855,
  "provenance": {
    "md5sum": "793ac6a98e6cb0a89dce22d269fb40dc",
    "settings": {
      "fd_thres": 0.2,
      "testing": false
    },
    "software": "mriqc",
    "version": "23.1.0"
  },
  "size_t": 182,
  "size_x": 64,
  "size_y": 64,
  "size_z": 33,
  "snr": 5.070489319855939,
  "spacing_tr": 2.0,
  "spacing_x": 3.125,
  "spacing_y": 3.125,
  "spacing_z": 4.0,
  "summary_bg_k": 20.55963488627236,
  "summary_bg_mad": 6.54951763257724,
  "summary_bg_mean": 34.54492862483449,
  "summary_bg_median": 14.027472496032715,
  "summary_bg_n": 101520.0,
  "summary_bg_p05": 8.307692527770996,
  "summary_bg_p95": 143.5,
  "summary_bg_stdv": 55.43369849651982,
  "summary_fg_k": 1.0764064010911918,
  "summary_fg_mad": 103.09379133810624,
  "summary_fg_mean": 600.5721662857393,
  "summary_fg_median": 601.0797119140625,
  "summary_fg_n": 33648.0,
  "summary_fg_p05": 388.1373596191406,
  "summary_fg_p95": 784.6373901367188,
  "summary_fg_stdv": 118.54295355976274,
  "tsnr": 53.58913969248533
}