{
  "aor": 0.0004652486187845304,
  "aqi": 0.009876750994475138,
  "bids_meta": {
    "Columns": 384,
    "EchoTime": 0.03,
    "EchoTrainLength": 1,
    "FlipAngle": 90.0,
    "ImageType": "ORIGINAL/PRIMARY/M/ND/MOSAIC",
    "ImagingFrequency": 123.253151,
    "InplanePhaseEncodingDirection": "COL",
    "InversionTime": 0.0,
    "MRAcquisitionType": "2D",
    "MagneticFieldStrength": 2.8936200141907,
    "Manufacturer": "SIEMENS",
    "ManufacturersModelName": "Allegra",
    "NumberOfAverages": 1.0,
    "NumberOfPhaseEncodingSteps": 64,
    "PercentPhaseFieldOfView": 100.0,
    "PhaseEncodingDirection": "j-",
    "PixelBandwidth": 2605.0,
    "PixelSpacing": [
      3.125,
      3.125
    ],
    "RepetitionTime": 2,
    "Rows": 384,
    "ScanOptions": "FS",
    "ScanningSequence": [
      "SE",
      "EP"
    ],
    "SequenceName": "*epfid2d1_64",
    "SequenceVariant": "SK",
    "SeriesDate": "18660526",
    "SeriesDescription": "BOLD EPI - Stopmanual1",
    "SeriesNumber": 5,
    "SeriesTime": "155748.640000",
    "SliceThickness": 4.0,
    "SpacingBetweenSlices": 3.9999999779889,
    "StudyID": "1",
    "StudyTime": "152202.781000",
    "dataset": "ds000007",
    "modality": "bold",
    "run_id": 1,
    "subject_id": "06",
    "task_id": "stopmanual"
  },
  "dummy_trs": 1,
  "dvars_nstd": 29.54052963277778,
  "dvars_std": 1.147946839111111,
  "dvars_vstd": 1.0030193785555548,
  "efc": 0.5622137025564077,
  "fber": 1249.78515625,
  "fd_mean": 0.06087380107494869,
  "fd_num": 0,
  "fd_perc": 0.0,
  "fwhm_avg": 1.6940981297700877,
  "fwhm_x": 1.6927008000000001,
  "fwhm_y": 1.891216,
  "fwhm_z": 1.4983775893102638,
  "gcor": 0.00547197,
  "gsr_x": -0.0008651264361105859,
  "gsr_y": 0.0353132039308548,
  "provenance": {
    "md5sum": "1622ec01e5a084d82f4bcd14fff6b8f0",
    "settings": {
      "fd_thres": 0.2,
      "testing": false
    },
    "software": "mriqc",
    "version": "23.1.0"
  },
  "size_t": 181,
  "size_x": 64,
  "size_y": 64,
  "size_z": 33,
  "snr": 5.528626179311299,
  "spacing_tr": 2.0,
  "spacing_x": 3.125,
  "spacing_y": 3.125,
  "spacing_z": 3.999999761581421,
  "summary_bg_k": 16.842413240566835,
  "summary_bg_mad": 8.330422964687806,
  "summary_bg_mean": 39.30792778487855,
  "summary_bg_median": 15.72928237915039,
  "summary_bg_n": 99436.0,
  "summary_bg_p05": 9.585636138916016,
  "summary_bg_p95": 161.3812255859375,
  "summary_bg_stdv": 58.09982473257197,
  "summary_fg_k": 2.356244029118173,
  "summary_fg_mad": 78.49597810882078,
  "summary_fg_mean": 549.7901519783718,
  "summary_fg_median": 556.0663146972656,
  "summary_fg_n": 35732.0,
  "summary_fg_p05": 357.0663146972656,
  "summary_fg_p95": 694.9889526367188,
  "summary_fg_stdv": 100.57806687213875,
  "tsnr": 56.204565285297576
}