{
  "aor": 0.0006313736263736263,
  "aqi": 0.011888857967032965,
  "bids_meta": {
    "Columns": 384,
    "EchoTime": 0.03,
    "EchoTrainLength": 1,
    "FlipAngle": 90.0,
    "ImageType": "ORIGINAL/PRIMARY/M/ND/MOSAIC",
    "ImagingFrequency": 123.253096,
    "InplanePhaseEncodingDirection": "COL",
    "InversionTime": 0.0,
    "MRAcquisitionType": "2D",
    "MagneticFieldStrength": 2.8936200141907,
    "Manufacturer": "SIEMENS",
    "ManufacturersModelName": "Allegra",
    "NumberOfAverages": 1.0,
    "NumberOfPhaseEncodingSteps": 64,
    "PercentPhaseFieldOfView": 100.0,
    "PhaseEncodingDirection": "j-",
    "PixelBandwidth": 2605.0,
    "PixelSpacing": [
      3.125,
      3.125
    ],
    "RepetitionTime": 2,
    "Rows": 384,
    "ScanOptions": "FS",
    "ScanningSequence": [
      "SE",
      "EP"
    ],
    "SequenceName": "*epfid2d1_64",
    "SequenceVariant": "SK",
    "SeriesDate": "18660506",
    "SeriesDescription": "BOLD EPI - Stopmanual2",
    "SeriesNumber": 6,
    "SeriesTime": "162954.968000",
    "SliceThickness": 4.0,
    "SpacingBetweenSlices": 3.9999999858594,
    "StudyID": "1",
    "StudyTime": "160330.968000",
    "dataset": "ds000007",
    "modality": "bold",
    "run_id": 2,
    "subject_id": "01",
    "task_id": "stopmanual"
  },
  "dummy_trs": 0,
  "dvars_nstd": 28.16210021762431,
  "dvars_std": 1.0918794488397794,
  "dvars_vstd": 0.9702260765193378,
  "efc": 0.5649209480770073,
  "fber": 1745.083984375,
  "fd_mean": 0.1191968625509236,
  "fd_num": 20,
  "fd_perc": 10.989010989010989,
  "fwhm_avg": 1.9559860666666669,
  "fwhm_x": 1.9142016000000002,
  "fwhm_y": 2.1571616000000002,
  "fwhm_z": 1.796595,
  "gcor": 0.037635,
  "gsr_x": -0.0015532027464359999,
  "gsr_y": 0.041395362466573715,
  "provenance": {
    "md5sum": "3ce1c295f77c0b7bb7b9cc2a51213524",
    "settings": {
      "fd_thres": 0.2,
      "testing": false
    },
    "software": "mriqc",
    "version": "23.1.0"
  },
  "size_t": 182,
  "size_x": 64,
  "size_y": 64,
  "size_z": 33,
  "snr": 4.809207414274307,
  "spacing_tr": 2.0,
  "spacing_x": 3.125,
  "spacing_y": 3.125,
  "spacing_z": 4.0,
  "summary_bg_k": 13.49771109981965,
  "summary_bg_mad": 7.3396965304610235,
  "summary_bg_mean": 36.07901538053016,
  "summary_bg_median": 14.016484260559082,
  "summary_bg_n": 96132.0,
  "summary_bg_p05": 7.939560413360596,
  "summary_bg_p95": 146.06044006347656,
  "summary_bg_stdv": 53.34114433547636,
  "summary_fg_k": 0.6148864218475745,
  "summary_fg_mad": 107.57421994795479,
  "summary_fg_mean": 583.5688134293683,
  "summary_fg_median": 585.5274658203125,
  "summary_fg_n": 39036.0,
  "summary_fg_p05": 359.70880126953125,
  "summary_fg_p95": 773.3681640625,
  "summary_fg_stdv": 121.74978442288287,
  "tsnr": 48.30100909760222
}