{
  "aor": 0.0006996703296703297,
  "aqi": 0.01238547576923077,
  "bids_meta": {
    "Columns": 384,
    "EchoTime": 0.03,
    "EchoTrainLength": 1,
    "FlipAngle": 90.0,
    "ImageType": "ORIGINAL/PRIMARY/M/ND/MOSAIC",
    "ImagingFrequency": 123.253096,
    "InplanePhaseEncodingDirection": "COL",
    "InversionTime": 0.0,
    "MRAcquisitionType": "2D",
    "MagneticFieldStrength": 2.8936200141907,
    "Manufacturer": "SIEMENS",
    "ManufacturersModelName": "Allegra",
    "NumberOfAverages": 1.0,
    "NumberOfPhaseEncodingSteps": 64,
    "PercentPhaseFieldOfView": 100.0,
    "PhaseEncodingDirection": "j-",
    "PixelBandwidth": 2605.0,
    "PixelSpacing": [
      3.125,
      3.125
    ],
    "RepetitionTime": 2,
    "Rows": 384,
    "ScanOptions": "FS",
    "ScanningSequence": [
      "SE",
      "EP"
    ],
    "SequenceName": "*epfid2d1_64",
    "SequenceVariant": "SK",
    "SeriesDate": "18660506",
    "SeriesDescription": "BOLD EPI - Stopvocal2",
    "SeriesNumber": 8,
    "SeriesTime": "164617.500000",
    "SliceThickness": 4.0,
    "SpacingBetweenSlices": 3.9999999858594,
    "StudyID": "1",
    "StudyTime": "160330.968000",
    "dataset": "ds000007",
    "modality": "bold",
    "run_id": 2,
    "subject_id": "01",
    "task_id": "stopvocal"
  },
  "dummy_trs": 0,
  "dvars_nstd": 27.837457846574583,
  "dvars_std": 1.073539688287293,
  "dvars_vstd": 0.9849314935911607,
  "efc": 0.5645692562837468,
  "fber": 1792.3006591796875,
  "fd_mean": 0.17707622266469056,
  "fd_num": 67,
  "fd_perc": 36.81318681318681,
  "fwhm_avg": 1.9891331,
  "fwhm_x": 1.9539840000000002,
  "fwhm_y": 2.1692128,
  "fwhm_z": 1.8442025,
  "gcor": 0.0315175,
  "gsr_x": -0.0009926232742145658,
  "gsr_y": 0.04156963899731636,
  "provenance": {
    "md5sum": "25c7aece83f36be6e10fb1dedf9a3d3b",
    "settings": {
      "fd_thres": 0.2,
      "testing": false
    },
    "software": "mriqc",
    "version": "23.1.0"
  },
  "size_t": 182,
  "size_x": 64,
  "size_y": 64,
  "size_z": 33,
  "snr": 4.7614751498905745,
  "spacing_tr": 2.0,
  "spacing_x": 3.125,
  "spacing_y": 3.125,
  "spacing_z": 4.0,
  "summary_bg_k": 13.893928973666604,
  "summary_bg_mad": 7.09531041514543,
  "summary_bg_mean": 35.811933199819855,
  "summary_bg_median": 13.884615898132324,
  "summary_bg_n": 96027.0,
  "summary_bg_p05": 8.10988998413086,
  "summary_bg_p95": 143.23077392578125,
  "summary_bg_stdv": 52.89814409684837,
  "summary_fg_k": 0.6309847402729596,
  "summary_fg_mad": 108.51500815380766,
  "summary_fg_mean": 584.3322727420414,
  "summary_fg_median": 587.8131713867188,
  "summary_fg_n": 39141.0,
  "summary_fg_p05": 354.5659484863281,
  "summary_fg_p95": 776.032958984375,
  "summary_fg_stdv": 123.45032661434665,
  "tsnr": 46.385981923900545
}