{
  "aor": 0.0010303296703296702,
  "aqi": 0.006900762087912088,
  "bids_meta": {
    "Columns": 384,
    "EchoTime": 0.03,
    "EchoTrainLength": 1,
    "FlipAngle": 90.0,
    "ImageType": "ORIGINAL/PRIMARY/M/ND/MOSAIC",
    "ImagingFrequency": 123.253096,
    "InplanePhaseEncodingDirection": "COL",
    "InversionTime": 0.0,
    "MRAcquisitionType": "2D",
    "MagneticFieldStrength": 2.8936200141907,
    "Manufacturer": "SIEMENS",
    "ManufacturersModelName": "Allegra",
    "NumberOfAverages": 1.0,
    "NumberOfPhaseEncodingSteps": 64,
    "PercentPhaseFieldOfView": 100.0,
    "PhaseEncodingDirection": "j-",
    "PixelBandwidth": 2605.0,
    "PixelSpacing": [
      3.125,
      3.125
    ],
    "RepetitionTime": 2,
    "Rows": 384,
    "ScanOptions": "FS",
    "ScanningSequence": [
      "SE",
      "EP"
    ],
    "SequenceName": "*epfid2d1_64",
    "SequenceVariant": "SK",
    "SeriesDate": "18660506",
    "SeriesDescription": "BOLD EPI - Stopword1",
    "SeriesNumber": 9,
    "SeriesTime": "165435.765000",
    "SliceThickness": 4.0,
    "SpacingBetweenSlices": 3.9999999858594,
    "StudyID": "1",
    "StudyTime": "160330.968000",
    "dataset": "ds000007",
    "modality": "bold",
    "run_id": 1,
    "subject_id": "01",
    "task_id": "stopword"
  },
  "dummy_trs": 0,
  "dvars_nstd": 27.532533613812177,
  "dvars_std": 1.12809241961326,
  "dvars_vstd": 1.0250770324309395,
  "efc": 0.563183117349178,
  "fber": 1783.0648193359375,
  "fd_mean": 0.1552330772809543,
  "fd_num": 42,
  "fd_perc": 23.076923076923077,
  "fwhm_avg": 1.9599254000000002,
  "fwhm_x": 1.9076895999999999,
  "fwhm_y": 2.1416416000000003,
  "fwhm_z": 1.830445,
  "gcor": 0.0336648,
  "gsr_x": 0.0005844659171998501,
  "gsr_y": 0.040959566831588745,
  "provenance": {
    "md5sum": "d5676a8b3938137f3d26c410597fee4b",
    "settings": {
      "fd_thres": 0.2,
      "testing": false
    },
    "software": "mriqc",
    "version": "23.1.0"
  },
  "size_t": 182,
  "size_x": 64,
  "size_y": 64,
  "size_z": 33,
  "snr": 4.777978924852515,
  "spacing_tr": 2.0,
  "spacing_x": 3.125,
  "spacing_y": 3.125,
  "spacing_z": 4.0,
  "summary_bg_k": 14.72119756466897,
  "summary_bg_mad": 7.470034472304326,
  "summary_bg_mean": 35.1788520219967,
  "summary_bg_median": 13.884615898132324,
  "summary_bg_n": 96087.0,
  "summary_bg_p05": 7.593406677246094,
  "summary_bg_p95": 139.93406677246094,
  "summary_bg_stdv": 52.31049215883651,
  "summary_fg_k": 0.821912164727685,
  "summary_fg_mad": 106.42150215251817,
  "summary_fg_mean": 582.5107193175572,
  "summary_fg_median": 586.2966918945312,
  "summary_fg_n": 39081.0,
  "summary_fg_p05": 355.4505615234375,
  "summary_fg_p95": 773.1428833007812,
  "summary_fg_stdv": 122.70652508570508,
  "tsnr": 56.8624511200469
}