{
  "aor": 0.0007329120879120879,
  "aqi": 0.0056352237362637374,
  "bids_meta": {
    "Columns": 384,
    "EchoTime": 0.03,
    "EchoTrainLength": 1,
    "FlipAngle": 90.0,
    "ImageType": "ORIGINAL/PRIMARY/M/ND/MOSAIC",
    "ImagingFrequency": 123.253096,
    "InplanePhaseEncodingDirection": "COL",
    "InversionTime": 0.0,
    "MRAcquisitionType": "2D",
    "MagneticFieldStrength": 2.8936200141907,
    "Manufacturer": "SIEMENS",
    "ManufacturersModelName": "Allegra",
    "NumberOfAverages": 1.0,
    "NumberOfPhaseEncodingSteps": 64,
    "PercentPhaseFieldOfView": 100.0,
    "PhaseEncodingDirection": "j-",
    "PixelBandwidth": 2605.0,
    "PixelSpacing": [
      3.125,
      3.125
    ],
    "RepetitionTime": 2,
    "Rows": 384,
    "ScanOptions": "FS",
    "ScanningSequence": [
      "SE",
      "EP"
    ],
    "SequenceName": "*epfid2d1_64",
    "SequenceVariant": "SK",
    "SeriesDate": "18660506",
    "SeriesDescription": "BOLD EPI - Stopmanual1",
    "SeriesNumber": 5,
    "SeriesTime": "162243.859000",
    "SliceThickness": 4.0,
    "SpacingBetweenSlices": 3.9999999858594,
    "StudyID": "1",
    "StudyTime": "160330.968000",
    "dataset": "ds000007",
    "modality": "bold",
    "run_id": 1,
    "subject_id": "01",
    "task_id": "stopmanual"
  },
  "dummy_trs": 0,
  "dvars_nstd": 28.569340036629846,
  "dvars_std": 1.182898773259669,
  "dvars_vstd": 1.0171098898342545,
  "efc": 0.5645819592316894,
  "fber": 1802.440673828125,
  "fd_mean": 0.08181433091805672,
  "fd_num": 8,
  "fd_perc": 4.395604395604396,
  "fwhm_avg": 1.9414167000000002,
  "fwhm_x": 1.9003872000000002,
  "fwhm_y": 2.1194304,
  "fwhm_z": 1.8044325,
  "gcor": 0.0319338,
  "gsr_x": -0.0010043939109891653,
  "gsr_y": 0.04182881861925125,
  "provenance": {
    "md5sum": "c6cde4ef0b9da68dd44c0ec610b0729f",
    "settings": {
      "fd_thres": 0.2,
      "testing": false
    },
    "software": "mriqc",
    "version": "23.1.0"
  },
  "size_t": 182,
  "size_x": 64,
  "size_y": 64,
  "size_z": 33,
  "snr": 4.847556596053817,
  "spacing_tr": 2.0,
  "spacing_x": 3.125,
  "spacing_y": 3.125,
  "spacing_z": 4.0,
  "summary_bg_k": 14.25521571412548,
  "summary_bg_mad": 6.704295175695863,
  "summary_bg_mean": 35.87956791495828,
  "summary_bg_median": 13.84615421295166,
  "summary_bg_n": 96077.0,
  "summary_bg_p05": 8.895605087280273,
  "summary_bg_p95": 145.86264038085938,
  "summary_bg_stdv": 53.55851965691669,
  "summary_fg_k": 0.7211125218297103,
  "summary_fg_mad": 106.8940454133236,
  "summary_fg_mean": 585.8301129945664,
  "summary_fg_median": 587.8406982421875,
  "summary_fg_n": 39091.0,
  "summary_fg_p05": 364.25274658203125,
  "summary_fg_p95": 776.7417602539062,
  "summary_fg_stdv": 121.26380944112427,
  "tsnr": 62.56405829265714
}