{
  "aor": 0.002688736263736264,
  "aqi": 0.01071461934065934,
  "bids_meta": {
    "Columns": 384,
    "EchoTime": 0.03,
    "EchoTrainLength": 1,
    "FlipAngle": 90.0,
    "ImageType": "ORIGINAL/PRIMARY/M/ND/MOSAIC",
    "ImagingFrequency": 123.253357,
    "InplanePhaseEncodingDirection": "COL",
    "InversionTime": 0.0,
    "MRAcquisitionType": "2D",
    "MagneticFieldStrength": 2.8936200141907,
    "Manufacturer": "SIEMENS",
    "ManufacturersModelName": "Allegra",
    "NumberOfAverages": 1.0,
    "NumberOfPhaseEncodingSteps": 64,
    "PercentPhaseFieldOfView": 100.0,
    "PhaseEncodingDirection": "j-",
    "PixelBandwidth": 2605.0,
    "PixelSpacing": [
      3.125,
      3.125
    ],
    "RepetitionTime": 2,
    "Rows": 384,
    "ScanOptions": "FS",
    "ScanningSequence": [
      "SE",
      "EP"
    ],
    "SequenceName": "*epfid2d1_64",
    "SequenceVariant": "SK",
    "SeriesDate": "18660529",
    "SeriesDescription": "BOLD EPI - Stopmanual1",
    "SeriesNumber": 8,
    "SeriesTime": "145755.906000",
    "SliceThickness": 4.0,
    "SpacingBetweenSlices": 4.0000000961317,
    "StudyID": "1",
    "StudyTime": "135830.062000",
    "dataset": "ds000007",
    "modality": "bold",
    "run_id": 1,
    "subject_id": "08",
    "task_id": "stopmanual"
  },
  "dummy_trs": 0,
  "dvars_nstd": 26.172851056685058,
  "dvars_std": 1.102177028784531,
  "dvars_vstd": 1.0361979655248628,
  "efc": 0.5474040325260305,
  "fber": 1558.278564453125,
  "fd_mean": 0.11477031013152465,
  "fd_num": 13,
  "fd_perc": 7.142857142857143,
  "fwhm_avg": 1.8142026321045535,
  "fwhm_x": 1.7629312,
  "fwhm_y": 2.0638015999999997,
  "fwhm_z": 1.615875096313661,
  "gcor": 0.0173999,
  "gsr_x": -0.013865320943295956,
  "gsr_y": 0.0480903722345829,
  "provenance": {
    "md5sum": "cd960c065da988acaa3d2fc0b18f300b",
    "settings": {
      "fd_thres": 0.2,
      "testing": false
    },
    "software": "mriqc",
    "version": "23.1.0"
  },
  "size_t": 182,
  "size_x": 64,
  "size_y": 64,
  "size_z": 33,
  "snr": 5.763016012930328,
  "spacing_tr": 2.0,
  "spacing_x": 3.125,
  "spacing_y": 3.125,
  "spacing_z": 3.999999761581421,
  "summary_bg_k": 16.860671684369613,
  "summary_bg_mad": 7.5759356407116245,
  "summary_bg_mean": 39.72718416118186,
  "summary_bg_median": 14.74725341796875,
  "summary_bg_n": 101853.0,
  "summary_bg_p05": 9.038461685180664,
  "summary_bg_p95": 166.010986328125,
  "summary_bg_stdv": 59.82556319600965,
  "summary_fg_k": 1.9293690618694148,
  "summary_fg_mad": 79.12366794577538,
  "summary_fg_mean": 571.2271608867356,
  "summary_fg_median": 582.1483764648438,
  "summary_fg_n": 33315.0,
  "summary_fg_p05": 373.7912292480469,
  "summary_fg_p95": 710.5934448242188,
  "summary_fg_stdv": 101.01301784727536,
  "tsnr": 56.63221357797738
}