{
  "aor": 0.0020773626373626376,
  "aqi": 0.011885835384615384,
  "bids_meta": {
    "Columns": 384,
    "EchoTime": 0.03,
    "EchoTrainLength": 1,
    "FlipAngle": 90.0,
    "ImageType": "ORIGINAL/PRIMARY/M/ND/MOSAIC",
    "ImagingFrequency": 123.253357,
    "InplanePhaseEncodingDirection": "COL",
    "InversionTime": 0.0,
    "MRAcquisitionType": "2D",
    "MagneticFieldStrength": 2.8936200141907,
    "Manufacturer": "SIEMENS",
    "ManufacturersModelName": "Allegra",
    "NumberOfAverages": 1.0,
    "NumberOfPhaseEncodingSteps": 64,
    "PercentPhaseFieldOfView": 100.0,
    "PhaseEncodingDirection": "j-",
    "PixelBandwidth": 2605.0,
    "PixelSpacing": [
      3.125,
      3.125
    ],
    "RepetitionTime": 2,
    "Rows": 384,
    "ScanOptions": "FS",
    "ScanningSequence": [
      "SE",
      "EP"
    ],
    "SequenceName": "*epfid2d1_64",
    "SequenceVariant": "SK",
    "SeriesDate": "18660529",
    "SeriesDescription": "BOLD EPI - Stopvocal1",
    "SeriesNumber": 5,
    "SeriesTime": "143813.062000",
    "SliceThickness": 4.0,
    "SpacingBetweenSlices": 4.0000000961317,
    "StudyID": "1",
    "StudyTime": "135830.062000",
    "dataset": "ds000007",
    "modality": "bold",
    "run_id": 1,
    "subject_id": "08",
    "task_id": "stopvocal"
  },
  "dummy_trs": 0,
  "dvars_nstd": 32.23822778116023,
  "dvars_std": 1.1643554801104978,
  "dvars_vstd": 1.0414996278453041,
  "efc": 0.5459196986797107,
  "fber": 1575.9608154296875,
  "fd_mean": 0.19122628726320026,
  "fd_num": 71,
  "fd_perc": 39.010989010989015,
  "fwhm_avg": 1.819206898848309,
  "fwhm_x": 1.7743552,
  "fwhm_y": 2.0635104,
  "fwhm_z": 1.6197550965449272,
  "gcor": 0.0288466,
  "gsr_x": -0.011352929286658764,
  "gsr_y": 0.05159379169344902,
  "provenance": {
    "md5sum": "6f92a69461198c7f97b8b952b033eadf",
    "settings": {
      "fd_thres": 0.2,
      "testing": false
    },
    "software": "mriqc",
    "version": "23.1.0"
  },
  "size_t": 182,
  "size_x": 64,
  "size_y": 64,
  "size_z": 33,
  "snr": 5.774397316164902,
  "spacing_tr": 2.0,
  "spacing_x": 3.125,
  "spacing_y": 3.125,
  "spacing_z": 3.999999761581421,
  "summary_bg_k": 17.348867058538097,
  "summary_bg_mad": 7.038287035369113,
  "summary_bg_mean": 39.07301340088351,
  "summary_bg_median": 14.5,
  "summary_bg_n": 101971.0,
  "summary_bg_p05": 9.373626708984375,
  "summary_bg_p95": 164.6538543701172,
  "summary_bg_stdv": 59.88776910149982,
  "summary_fg_k": 1.998643138423331,
  "summary_fg_mad": 79.29478615837267,
  "summary_fg_mean": 565.3600312521232,
  "summary_fg_median": 575.6264038085938,
  "summary_fg_n": 33197.0,
  "summary_fg_p05": 370.3955993652344,
  "summary_fg_p95": 702.3736572265625,
  "summary_fg_stdv": 99.68446962874289,
  "tsnr": 54.07310796238016
}