{
  "aor": 0.0030168131868131866,
  "aqi": 0.01491621054945055,
  "bids_meta": {
    "Columns": 384,
    "EchoTime": 0.03,
    "EchoTrainLength": 1,
    "FlipAngle": 90.0,
    "ImageType": "ORIGINAL/PRIMARY/M/ND/MOSAIC",
    "ImagingFrequency": 123.253357,
    "InplanePhaseEncodingDirection": "COL",
    "InversionTime": 0.0,
    "MRAcquisitionType": "2D",
    "MagneticFieldStrength": 2.8936200141907,
    "Manufacturer": "SIEMENS",
    "ManufacturersModelName": "Allegra",
    "NumberOfAverages": 1.0,
    "NumberOfPhaseEncodingSteps": 64,
    "PercentPhaseFieldOfView": 100.0,
    "PhaseEncodingDirection": "j-",
    "PixelBandwidth": 2605.0,
    "PixelSpacing": [
      3.125,
      3.125
    ],
    "RepetitionTime": 2,
    "Rows": 384,
    "ScanOptions": "FS",
    "ScanningSequence": [
      "SE",
      "EP"
    ],
    "SequenceName": "*epfid2d1_64",
    "SequenceVariant": "SK",
    "SeriesDate": "18660529",
    "SeriesDescription": "BOLD EPI - Stopmanual2",
    "SeriesNumber": 9,
    "SeriesTime": "150504.000000",
    "SliceThickness": 4.0,
    "SpacingBetweenSlices": 4.0000000961317,
    "StudyID": "1",
    "StudyTime": "135830.062000",
    "dataset": "ds000007",
    "modality": "bold",
    "run_id": 2,
    "subject_id": "08",
    "task_id": "stopmanual"
  },
  "dummy_trs": 0,
  "dvars_nstd": 26.769629357403304,
  "dvars_std": 1.0533387686740334,
  "dvars_vstd": 1.0006606704419894,
  "efc": 0.5482271947942582,
  "fber": 1530.15478515625,
  "fd_mean": 0.15086681845235878,
  "fd_num": 19,
  "fd_perc": 10.43956043956044,
  "fwhm_avg": 1.8161938321804503,
  "fwhm_x": 1.7676223999999998,
  "fwhm_y": 2.061264,
  "fwhm_z": 1.619695096541351,
  "gcor": 0.030964,
  "gsr_x": -0.01365002803504467,
  "gsr_y": 0.049297139048576355,
  "provenance": {
    "md5sum": "4f49c678e2de1f3f872618edb34c5dbf",
    "settings": {
      "fd_thres": 0.2,
      "testing": false
    },
    "software": "mriqc",
    "version": "23.1.0"
  },
  "size_t": 182,
  "size_x": 64,
  "size_y": 64,
  "size_z": 33,
  "snr": 5.780953187071566,
  "spacing_tr": 2.0,
  "spacing_x": 3.125,
  "spacing_y": 3.125,
  "spacing_z": 3.999999761581421,
  "summary_bg_k": 16.59366620081163,
  "summary_bg_mad": 7.8040263319775764,
  "summary_bg_mean": 39.85366683990142,
  "summary_bg_median": 14.862637519836426,
  "summary_bg_n": 101802.0,
  "summary_bg_p05": 9.027472496032715,
  "summary_bg_p95": 166.23077392578125,
  "summary_bg_stdv": 59.839870358014345,
  "summary_fg_k": 1.9051335305736847,
  "summary_fg_mad": 78.89970307206923,
  "summary_fg_mean": 570.2639798501237,
  "summary_fg_median": 581.3846435546875,
  "summary_fg_n": 33366.0,
  "summary_fg_p05": 372.0824279785156,
  "summary_fg_p95": 709.4560546875,
  "summary_fg_stdv": 100.56748644115,
  "tsnr": 50.255884660058655
}