{
  "aor": 0.001520386740331492,
  "aqi": 0.01349688132596685,
  "bids_meta": {
    "Columns": 384,
    "EchoTime": 0.03,
    "EchoTrainLength": 1,
    "FlipAngle": 90.0,
    "ImageType": "ORIGINAL/PRIMARY/M/ND/MOSAIC",
    "ImagingFrequency": 123.253357,
    "InplanePhaseEncodingDirection": "COL",
    "InversionTime": 0.0,
    "MRAcquisitionType": "2D",
    "MagneticFieldStrength": 2.8936200141907,
    "Manufacturer": "SIEMENS",
    "ManufacturersModelName": "Allegra",
    "NumberOfAverages": 1.0,
    "NumberOfPhaseEncodingSteps": 64,
    "PercentPhaseFieldOfView": 100.0,
    "PhaseEncodingDirection": "j-",
    "PixelBandwidth": 2605.0,
    "PixelSpacing": [
      3.125,
      3.125
    ],
    "RepetitionTime": 2,
    "Rows": 384,
    "ScanOptions": "FS",
    "ScanningSequence": [
      "SE",
      "EP"
    ],
    "SequenceName": "*epfid2d1_64",
    "SequenceVariant": "SK",
    "SeriesDate": "18660529",
    "SeriesDescription": "BOLD EPI - Stopword2",
    "SeriesNumber": 4,
    "SeriesTime": "143002.187000",
    "SliceThickness": 4.0,
    "SpacingBetweenSlices": 4.0000000961317,
    "StudyID": "1",
    "StudyTime": "135830.062000",
    "dataset": "ds000007",
    "modality": "bold",
    "run_id": 2,
    "subject_id": "08",
    "task_id": "stopword"
  },
  "dummy_trs": 1,
  "dvars_nstd": 32.96448587838891,
  "dvars_std": 1.1311307114444442,
  "dvars_vstd": 1.0213808124444446,
  "efc": 0.5462237263143194,
  "fber": 1555.7374267578125,
  "fd_mean": 0.22066156433274978,
  "fd_num": 89,
  "fd_perc": 49.171270718232044,
  "fwhm_avg": 1.8294627985990128,
  "fwhm_x": 1.7898336000000001,
  "fwhm_y": 2.0913472,
  "fwhm_z": 1.6072075957970378,
  "gcor": 0.0262387,
  "gsr_x": -0.010961229912936687,
  "gsr_y": 0.05209777504205704,
  "provenance": {
    "md5sum": "a2852b228aaab910fbb346f40d39f688",
    "settings": {
      "fd_thres": 0.2,
      "testing": false
    },
    "software": "mriqc",
    "version": "23.1.0"
  },
  "size_t": 181,
  "size_x": 64,
  "size_y": 64,
  "size_z": 33,
  "snr": 5.72962107266156,
  "spacing_tr": 2.0,
  "spacing_x": 3.125,
  "spacing_y": 3.125,
  "spacing_z": 3.999999761581421,
  "summary_bg_k": 17.34479037629224,
  "summary_bg_mad": 7.519496209753746,
  "summary_bg_mean": 38.72007096467868,
  "summary_bg_median": 14.497238159179688,
  "summary_bg_n": 101839.0,
  "summary_bg_p05": 8.39778995513916,
  "summary_bg_p95": 164.03868103027344,
  "summary_bg_stdv": 59.56037949090261,
  "summary_fg_k": 1.9383128692098248,
  "summary_fg_mad": 79.47893505453105,
  "summary_fg_mean": 561.0695173644057,
  "summary_fg_median": 571.8121948242188,
  "summary_fg_n": 33329.0,
  "summary_fg_p05": 364.5027770996094,
  "summary_fg_p95": 698.2320556640625,
  "summary_fg_stdv": 99.79780673281998,
  "tsnr": 50.780829886789434
}