{
  "aor": 0.001467857142857143,
  "aqi": 0.018011362637362634,
  "bids_meta": {
    "Columns": 384,
    "EchoTime": 0.03,
    "EchoTrainLength": 1,
    "FlipAngle": 90.0,
    "ImageType": "ORIGINAL/PRIMARY/M/ND/MOSAIC",
    "ImagingFrequency": 123.253357,
    "InplanePhaseEncodingDirection": "COL",
    "InversionTime": 0.0,
    "MRAcquisitionType": "2D",
    "MagneticFieldStrength": 2.8936200141907,
    "Manufacturer": "SIEMENS",
    "ManufacturersModelName": "Allegra",
    "NumberOfAverages": 1.0,
    "NumberOfPhaseEncodingSteps": 64,
    "PercentPhaseFieldOfView": 100.0,
    "PhaseEncodingDirection": "j-",
    "PixelBandwidth": 2605.0,
    "PixelSpacing": [
      3.125,
      3.125
    ],
    "RepetitionTime": 2,
    "Rows": 384,
    "ScanOptions": "FS",
    "ScanningSequence": [
      "SE",
      "EP"
    ],
    "SequenceName": "*epfid2d1_64",
    "SequenceVariant": "SK",
    "SeriesDate": "18660529",
    "SeriesDescription": "BOLD EPI - Stopword1",
    "SeriesNumber": 3,
    "SeriesTime": "142213.453000",
    "SliceThickness": 4.0,
    "SpacingBetweenSlices": 4.0000000961317,
    "StudyID": "1",
    "StudyTime": "135830.062000",
    "dataset": "ds000007",
    "modality": "bold",
    "run_id": 1,
    "subject_id": "08",
    "task_id": "stopword"
  },
  "dummy_trs": 0,
  "dvars_nstd": 37.24763087281769,
  "dvars_std": 1.1439677481767956,
  "dvars_vstd": 1.0193211211602213,
  "efc": 0.5462178807099564,
  "fber": 1499.352783203125,
  "fd_mean": 0.27966285903131993,
  "fd_num": 115,
  "fd_perc": 63.18681318681319,
  "fwhm_avg": 1.8423880656597653,
  "fwhm_x": 1.7963072,
  "fwhm_y": 2.1038144,
  "fwhm_z": 1.6270425969792959,
  "gcor": 0.0618737,
  "gsr_x": -0.010773049667477608,
  "gsr_y": 0.050910286605358124,
  "provenance": {
    "md5sum": "d5945df96ba4844bd13c93f17c8ca980",
    "settings": {
      "fd_thres": 0.2,
      "testing": false
    },
    "software": "mriqc",
    "version": "23.1.0"
  },
  "size_t": 182,
  "size_x": 64,
  "size_y": 64,
  "size_z": 33,
  "snr": 5.773042236422044,
  "spacing_tr": 2.0,
  "spacing_x": 3.125,
  "spacing_y": 3.125,
  "spacing_z": 3.999999761581421,
  "summary_bg_k": 17.18015971616782,
  "summary_bg_mad": 8.040266856147834,
  "summary_bg_mean": 38.60964092165245,
  "summary_bg_median": 14.7362642288208,
  "summary_bg_n": 101915.0,
  "summary_bg_p05": 7.857142925262451,
  "summary_bg_p95": 162.21978759765625,
  "summary_bg_stdv": 58.73500031770437,
  "summary_fg_k": 1.9165014162375833,
  "summary_fg_mad": 78.97707275571318,
  "summary_fg_mean": 560.1519303315815,
  "summary_fg_median": 570.6099243164062,
  "summary_fg_n": 33253.0,
  "summary_fg_p05": 364.8846130371094,
  "summary_fg_p95": 696.510986328125,
  "summary_fg_stdv": 98.83893466528603,
  "tsnr": 43.21602616470773
}