{
  "bids_meta": {
    "Columns": 192,
    "EchoTime": 0.0021,
    "EchoTrainLength": 1,
    "FlipAngle": 8.0,
    "ImageType": "ORIGINAL/PRIMARY/M/ND",
    "ImagingFrequency": 123.253154,
    "InplanePhaseEncodingDirection": "ROW",
    "InversionTime": 1.1,
    "MRAcquisitionType": "3D",
    "MagneticFieldStrength": 2.8936200141907,
    "Manufacturer": "SIEMENS",
    "ManufacturersModelName": "Allegra",
    "NumberOfAverages": 1.0,
    "NumberOfPhaseEncodingSteps": 192,
    "PercentPhaseFieldOfView": 100.0,
    "PhaseEncodingDirection": "i-",
    "PixelBandwidth": 320.0,
    "PixelSpacing": [
      1.3333333333333,
      1.3333333333333
    ],
    "RepetitionTime": 2.3,
    "Rows": 192,
    "ScanOptions": "IR",
    "ScanningSequence": [
      "IR",
      "GR"
    ],
    "SequenceName": "*tfl3d1",
    "SequenceVariant": [
      "SP",
      "MP"
    ],
    "SeriesDate": "18660526",
    "SeriesDescription": "MPRage-3T",
    "SeriesNumber": 10,
    "SeriesTime": "164216.687000",
    "SliceThickness": 1.0,
    "StudyID": "1",
    "StudyTime": "152202.781000",
    "dataset": "ds000007",
    "modality": "T1w",
    "subject_id": "06"
  },
  "cjv": 0.5684618995330849,
  "cnr": 1.7271104522749978,
  "efc": 0.5547027811542808,
  "fber": 11189.6728515625,
  "fwhm_avg": 4.21734492164478,
  "fwhm_x": 4.76454,
  "fwhm_y": 3.9467323823782094,
  "fwhm_z": 3.940762382556129,
  "icvs_csf": 0.27625057284619203,
  "icvs_gm": 0.3783409986573919,
  "icvs_wm": 0.34540842849641595,
  "inu_med": 0.6226693391799927,
  "inu_range": 0.2482624351978302,
  "provenance": {
    "md5sum": "54ead7b247a73bdbf3a292dae355e400",
    "settings": {
      "testing": false
    },
    "software": "mriqc",
    "version": "23.1.0",
    "warnings": {
      "large_rot_frame": true,
      "small_air_mask": false
    }
  },
  "qi_1": 0.0,
  "qi_2": 0.0008006783096475719,
  "rpve_csf": 6.28649882573,
  "rpve_gm": 6.200348671423502,
  "rpve_wm": 6.335231733893787,
  "size_x": 160,
  "size_y": 192,
  "size_z": 192,
  "snr_csf": 1.9731851128794415,
  "snr_gm": 3.6555926634877465,
  "snr_total": 4.795541038094832,
  "snr_wm": 8.757845337917308,
  "snrd_csf": 38.65619914850952,
  "snrd_gm": 64.41235053266864,
  "snrd_total": 68.25583561915785,
  "snrd_wm": 101.6989571762954,
  "spacing_x": 1.0,
  "spacing_y": 1.3333333730697632,
  "spacing_z": 1.3333333730697632,
  "summary_bg_k": 100.83149963342133,
  "summary_bg_mad": 6.111387146480977,
  "summary_bg_mean": 15.097875254644114,
  "summary_bg_median": 4.122067989781499,
  "summary_bg_n": 1639013.0,
  "summary_bg_p05": 0.0,
  "summary_bg_p95": 46.32202370837331,
  "summary_bg_stdv": 42.51181936198969,
  "summary_csf_k": -0.8361624909954499,
  "summary_csf_mad": 135.2271023295929,
  "summary_csf_mean": 356.5914155275323,
  "summary_csf_median": 360.6012406088412,
  "summary_csf_n": 253500.50952068562,
  "summary_csf_p05": 68.18492575362325,
  "summary_csf_p95": 649.6925724446774,
  "summary_csf_stdv": 182.7504814478858,
  "summary_gm_k": -0.46775508410899835,
  "summary_gm_mad": 111.35555143146001,
  "summary_gm_mean": 604.5530612291744,
  "summary_gm_median": 600.8654245436192,
  "summary_gm_n": 347183.48253204697,
  "summary_gm_p05": 337.14416862279177,
  "summary_gm_p95": 903.3250100258738,
  "summary_gm_stdv": 164.36857563527394,
  "summary_wm_k": -0.39511350350331975,
  "summary_wm_mad": 86.36976972761514,
  "summary_wm_mean": 920.8660863524372,
  "summary_wm_median": 948.6905317697674,
  "summary_wm_n": 316963.0083096051,
  "summary_wm_p05": 708.1302877031267,
  "summary_wm_p95": 1053.7007831558585,
  "summary_wm_stdv": 108.32447921057408,
  "tpm_overlap_csf": 0.22287778597325092,
  "tpm_overlap_gm": 0.536639783569178,
  "tpm_overlap_wm": 0.5462179316218138,
  "wm2max": 0.6892061811323252
}