{
  "bids_meta": {
    "Columns": 192,
    "EchoTime": 0.0021,
    "EchoTrainLength": 1,
    "FlipAngle": 8.0,
    "ImageType": "ORIGINAL/PRIMARY/M/ND",
    "ImagingFrequency": 123.253435,
    "InplanePhaseEncodingDirection": "ROW",
    "InversionTime": 1.1,
    "MRAcquisitionType": "3D",
    "MagneticFieldStrength": 2.8936200141907,
    "Manufacturer": "SIEMENS",
    "ManufacturersModelName": "Allegra",
    "NumberOfAverages": 1.0,
    "NumberOfPhaseEncodingSteps": 192,
    "PercentPhaseFieldOfView": 100.0,
    "PhaseEncodingDirection": "i-",
    "PixelBandwidth": 320.0,
    "PixelSpacing": [
      1.3333333333333,
      1.3333333333333
    ],
    "RepetitionTime": 2.3,
    "Rows": 192,
    "ScanOptions": "IR",
    "ScanningSequence": [
      "IR",
      "GR"
    ],
    "SequenceName": "*tfl3d1",
    "SequenceVariant": [
      "SP",
      "MP"
    ],
    "SeriesDate": "18660511",
    "SeriesDescription": "MPRage-3T",
    "SeriesNumber": 10,
    "SeriesTime": "112747.390000",
    "SliceThickness": 1.0,
    "StudyID": "1",
    "StudyTime": "102438.046000",
    "dataset": "ds000007",
    "modality": "T1w",
    "subject_id": "05"
  },
  "cjv": 0.5689909794398026,
  "cnr": 1.8314034465261309,
  "efc": 0.5187105204912414,
  "fber": 11352.965547424808,
  "fwhm_avg": 4.257075754026897,
  "fwhm_x": 4.78798,
  "fwhm_y": 3.932557382800657,
  "fwhm_z": 4.050689879280035,
  "icvs_csf": 0.27542484947059753,
  "icvs_gm": 0.3808778578818074,
  "icvs_wm": 0.343697292647595,
  "inu_med": 0.6603934466838837,
  "inu_range": 0.3034657686948776,
  "provenance": {
    "md5sum": "2deb2843e87348f69b4196920505fb1f",
    "settings": {
      "testing": false
    },
    "software": "mriqc",
    "version": "23.1.0",
    "warnings": {
      "large_rot_frame": true,
      "small_air_mask": false
    }
  },
  "qi_1": 0.0,
  "qi_2": 0.0008719684343870695,
  "rpve_csf": 6.696229041158212,
  "rpve_gm": 6.617490655598511,
  "rpve_wm": 6.743257207154558,
  "size_x": 160,
  "size_y": 192,
  "size_z": 192,
  "snr_csf": 1.9334711910370905,
  "snr_gm": 3.923718288737845,
  "snr_total": 4.872888133295012,
  "snr_wm": 8.7614749201101,
  "snrd_csf": 39.09638431381201,
  "snrd_gm": 67.01693841097371,
  "snrd_total": 70.8914603294982,
  "snrd_wm": 106.56105826370887,
  "spacing_x": 1.0,
  "spacing_y": 1.3333333730697632,
  "spacing_z": 1.3333333730697632,
  "summary_bg_k": 207.49247907871333,
  "summary_bg_mad": 5.854264594778905,
  "summary_bg_mean": 13.78527320577404,
  "summary_bg_median": 3.948641464114189,
  "summary_bg_n": 2173300.0,
  "summary_bg_p05": 0.0,
  "summary_bg_p95": 44.29800423979759,
  "summary_bg_stdv": 46.06682180363631,
  "summary_csf_k": -0.8583458869781606,
  "summary_csf_mad": 132.82589736233462,
  "summary_csf_mean": 348.1666243888377,
  "summary_csf_median": 349.3632447719574,
  "summary_csf_n": 237945.58692934917,
  "summary_csf_p05": 62.99521382153034,
  "summary_csf_p95": 640.621315151453,
  "summary_csf_stdv": 180.69186252501416,
  "summary_gm_k": -0.7532150533543169,
  "summary_gm_mad": 112.58797604793338,
  "summary_gm_mean": 604.4783155933975,
  "summary_gm_median": 598.859855428338,
  "summary_gm_n": 329048.7609098421,
  "summary_gm_p05": 362.15056712925434,
  "summary_gm_p95": 873.7742111384869,
  "summary_gm_stdv": 152.6253674123458,
  "summary_wm_k": -0.11326483472097593,
  "summary_wm_mad": 88.47305831314875,
  "summary_wm_mean": 927.1504413507935,
  "summary_wm_median": 952.2240415513515,
  "summary_wm_n": 296927.65261469514,
  "summary_wm_p05": 716.7438005954027,
  "summary_wm_p95": 1065.5055966675282,
  "summary_wm_stdv": 108.68289263751785,
  "tpm_overlap_csf": 0.21599144631525338,
  "tpm_overlap_gm": 0.5474758816445724,
  "tpm_overlap_wm": 0.5474019193927212,
  "wm2max": 0.6215902495647128
}