{
  "aor": 0.0016770491803278693,
  "aqi": 0.008792014098360654,
  "bids_meta": {
    "Columns": 384,
    "EchoTime": 0.03,
    "EchoTrainLength": 1,
    "FlipAngle": 90.0,
    "ImageType": "ORIGINAL/PRIMARY/M/ND/MOSAIC",
    "ImagingFrequency": 123.253281,
    "InplanePhaseEncodingDirection": "COL",
    "InversionTime": 0.0,
    "MRAcquisitionType": "2D",
    "MagneticFieldStrength": 2.8936200141907,
    "Manufacturer": "SIEMENS",
    "ManufacturersModelName": "Allegra",
    "NumberOfAverages": 1.0,
    "NumberOfPhaseEncodingSteps": 64,
    "PercentPhaseFieldOfView": 100.0,
    "PhaseEncodingDirection": "j-",
    "PixelBandwidth": 2605.0,
    "PixelSpacing": [
      3.125,
      3.125
    ],
    "RepetitionTime": 2,
    "Rows": 384,
    "ScanOptions": "FS",
    "ScanningSequence": [
      "SE",
      "EP"
    ],
    "SequenceName": "*epfid2d1_64",
    "SequenceVariant": "SK",
    "SeriesDate": "18660815",
    "SeriesDescription": "BOLD EPI - StopWord2",
    "SeriesNumber": 9,
    "SeriesTime": "101144.890000",
    "SliceThickness": 4.0,
    "SpacingBetweenSlices": 3.9999999711549,
    "StudyID": "1",
    "StudyTime": "091159.968000",
    "dataset": "ds000007",
    "modality": "bold",
    "run_id": 2,
    "subject_id": "12",
    "task_id": "stopword"
  },
  "dummy_trs": 0,
  "dvars_nstd": 24.1225605956044,
  "dvars_std": 1.0653439621978025,
  "dvars_vstd": 1.0057532782967036,
  "efc": 0.5315300128397191,
  "fber": 2133.160400390625,
  "fd_mean": 0.13394950193605545,
  "fd_num": 32,
  "fd_perc": 17.48633879781421,
  "fwhm_avg": 1.774589,
  "fwhm_x": 1.7560288,
  "fwhm_y": 1.9816832,
  "fwhm_z": 1.586055,
  "gcor": 0.138906,
  "gsr_x": -0.003871265333145857,
  "gsr_y": 0.04418225586414337,
  "provenance": {
    "md5sum": "849a33e7d3d0dbcecc469d480097b69c",
    "settings": {
      "fd_thres": 0.2,
      "testing": false
    },
    "software": "mriqc",
    "version": "23.1.0"
  },
  "size_t": 183,
  "size_x": 64,
  "size_y": 64,
  "size_z": 33,
  "snr": 5.577713659958381,
  "spacing_tr": 2.0,
  "spacing_x": 3.125,
  "spacing_y": 3.125,
  "spacing_z": 4.0,
  "summary_bg_k": 20.725106857232184,
  "summary_bg_mad": 6.756777045533139,
  "summary_bg_mean": 35.20349608611758,
  "summary_bg_median": 13.928961753845215,
  "summary_bg_n": 100996.0,
  "summary_bg_p05": 8.540983200073242,
  "summary_bg_p95": 147.38796997070312,
  "summary_bg_stdv": 57.50849799683037,
  "summary_fg_k": 1.5913630382282005,
  "summary_fg_mad": 99.40723902604515,
  "summary_fg_mean": 639.9362915367931,
  "summary_fg_median": 643.3251342773438,
  "summary_fg_n": 34172.0,
  "summary_fg_p05": 427.7650146484375,
  "summary_fg_p95": 810.7213134765625,
  "summary_fg_stdv": 115.33681368083546,
  "tsnr": 53.887841214076616
}