{
  "aor": 0.0031452459016393436,
  "aqi": 0.009559406557377048,
  "bids_meta": {
    "Columns": 384,
    "EchoTime": 0.03,
    "EchoTrainLength": 1,
    "FlipAngle": 90.0,
    "ImageType": "ORIGINAL/PRIMARY/M/ND/MOSAIC",
    "ImagingFrequency": 123.253281,
    "InplanePhaseEncodingDirection": "COL",
    "InversionTime": 0.0,
    "MRAcquisitionType": "2D",
    "MagneticFieldStrength": 2.8936200141907,
    "Manufacturer": "SIEMENS",
    "ManufacturersModelName": "Allegra",
    "NumberOfAverages": 1.0,
    "NumberOfPhaseEncodingSteps": 64,
    "PercentPhaseFieldOfView": 100.0,
    "PhaseEncodingDirection": "j-",
    "PixelBandwidth": 2605.0,
    "PixelSpacing": [
      3.125,
      3.125
    ],
    "RepetitionTime": 2.0,
    "Rows": 384,
    "ScanOptions": "FS",
    "ScanningSequence": [
      "SE",
      "EP"
    ],
    "SequenceName": "*epfid2d1_64",
    "SequenceVariant": "SK",
    "SeriesDate": "18660815",
    "SeriesDescription": "BOLD EPI -StopVocal2",
    "SeriesNumber": 6,
    "SeriesTime": "095201.906000",
    "SliceThickness": 4.0,
    "SpacingBetweenSlices": 3.9999999711549,
    "StudyID": "1",
    "StudyTime": "091159.968000",
    "dataset": "ds000007",
    "modality": "bold",
    "run_id": 2,
    "subject_id": "12",
    "task_id": "stopvocal"
  },
  "dummy_trs": 0,
  "dvars_nstd": 24.36535647681319,
  "dvars_std": 1.0922574335164836,
  "dvars_vstd": 1.0283236825824176,
  "efc": 0.5298330451346963,
  "fber": 2222.57666015625,
  "fd_mean": 0.13910366253034798,
  "fd_num": 28,
  "fd_perc": 15.300546448087431,
  "fwhm_avg": 1.7776878,
  "fwhm_x": 1.7516576000000001,
  "fwhm_y": 1.9917408,
  "fwhm_z": 1.589665,
  "gcor": 0.0261401,
  "gsr_x": -0.004463836085051298,
  "gsr_y": 0.04593653231859207,
  "provenance": {
    "md5sum": "8e0ad57ad3665800dc298ccab6c43ec5",
    "settings": {
      "fd_thres": 0.2,
      "testing": false
    },
    "software": "mriqc",
    "version": "23.1.0"
  },
  "size_t": 183,
  "size_x": 64,
  "size_y": 64,
  "size_z": 33,
  "snr": 5.61590664933828,
  "spacing_tr": 2.0,
  "spacing_x": 3.125,
  "spacing_y": 3.125,
  "spacing_z": 4.0,
  "summary_bg_k": 21.57353740185396,
  "summary_bg_mad": 6.290932229103857,
  "summary_bg_mean": 34.232638722848584,
  "summary_bg_median": 13.54644775390625,
  "summary_bg_n": 101044.0,
  "summary_bg_p05": 8.551912307739258,
  "summary_bg_p95": 142.69398498535156,
  "summary_bg_stdv": 56.208536284325746,
  "summary_fg_k": 1.4968299069661102,
  "summary_fg_mad": 98.43097840383155,
  "summary_fg_mean": 635.2093608464603,
  "summary_fg_median": 638.6365966796875,
  "summary_fg_n": 34124.0,
  "summary_fg_p05": 425.7267761230469,
  "summary_fg_p95": 803.9945068359375,
  "summary_fg_stdv": 113.717566708377,
  "tsnr": 57.35982071526814
}