{
  "bids_meta": {
    "Columns": 192,
    "EchoTime": 0.0021,
    "EchoTrainLength": 1,
    "FlipAngle": 8.0,
    "ImageType": "ORIGINAL/PRIMARY/M/ND",
    "ImagingFrequency": 123.253448,
    "InplanePhaseEncodingDirection": "ROW",
    "InversionTime": 1.1,
    "MRAcquisitionType": "3D",
    "MagneticFieldStrength": 2.8936200141907,
    "Manufacturer": "SIEMENS",
    "ManufacturersModelName": "Allegra",
    "NumberOfAverages": 1.0,
    "NumberOfPhaseEncodingSteps": 192,
    "PercentPhaseFieldOfView": 100.0,
    "PhaseEncodingDirection": "i-",
    "PixelBandwidth": 320.0,
    "PixelSpacing": [
      1.3333333333333,
      1.3333333333333
    ],
    "RepetitionTime": 2.3,
    "Rows": 192,
    "ScanOptions": "IR",
    "ScanningSequence": [
      "IR",
      "GR"
    ],
    "SequenceName": "*tfl3d1",
    "SequenceVariant": [
      "SP",
      "MP"
    ],
    "SeriesDate": "18660909",
    "SeriesDescription": "MPRage-3T",
    "SeriesNumber": 12,
    "SeriesTime": "142955.890000",
    "SliceThickness": 1.0,
    "StudyID": "1",
    "StudyTime": "131355.156000",
    "dataset": "ds000007",
    "modality": "T1w",
    "subject_id": "11"
  },
  "cjv": 0.5217414226606045,
  "cnr": 2.192226971033933,
  "efc": 0.4242328300278605,
  "fber": 17400.501079001693,
  "fwhm_avg": 4.235590421369611,
  "fwhm_x": 4.857428998037462,
  "fwhm_y": 3.84103488552824,
  "fwhm_z": 4.0083073805431315,
  "icvs_csf": 0.2833716747910788,
  "icvs_gm": 0.38318748056347895,
  "icvs_wm": 0.33344084464544227,
  "inu_med": 0.5042122602462769,
  "inu_range": 0.16700899153947835,
  "provenance": {
    "md5sum": "c56aceffa422a6d709fc94a03b43afba",
    "settings": {
      "testing": false
    },
    "software": "mriqc",
    "version": "23.1.0",
    "warnings": {
      "large_rot_frame": true,
      "small_air_mask": false
    }
  },
  "qi_1": 0.0,
  "qi_2": 0.000309424044003184,
  "rpve_csf": 8.06379402389943,
  "rpve_gm": 8.001878630360494,
  "rpve_wm": 8.120020117065833,
  "size_x": 160,
  "size_y": 192,
  "size_z": 192,
  "snr_csf": 1.9090916118346128,
  "snr_gm": 4.317529974240284,
  "snr_total": 4.912491393942317,
  "snr_wm": 8.510852595752054,
  "snrd_csf": 48.62935963582137,
  "snrd_gm": 86.1798594735884,
  "snrd_total": 92.81128028814834,
  "snrd_wm": 143.62462175503524,
  "spacing_x": 1.0000022649765015,
  "spacing_y": 1.3333333730697632,
  "spacing_z": 1.3333333730697632,
  "summary_bg_k": 179.19827672400504,
  "summary_bg_mad": 4.331722901680483,
  "summary_bg_mean": 6.818248544159236,
  "summary_bg_median": 2.9217026978731155,
  "summary_bg_n": 2669470.0,
  "summary_bg_p05": 0.0,
  "summary_bg_p95": 26.190227061510086,
  "summary_bg_stdv": 12.26802942715839,
  "summary_csf_k": -0.7598660104578765,
  "summary_csf_mad": 124.80971382180098,
  "summary_csf_mean": 324.3137899835273,
  "summary_csf_median": 321.53443287312984,
  "summary_csf_n": 204174.3924856732,
  "summary_csf_p05": 58.286917850375175,
  "summary_csf_p95": 601.3662891089916,
  "summary_csf_stdv": 168.42232372584132,
  "summary_gm_k": -0.42653231381848844,
  "summary_gm_mad": 106.42326409524354,
  "summary_gm_mean": 573.2389882739897,
  "summary_gm_median": 569.8161038607359,
  "summary_gm_n": 276093.4772674291,
  "summary_gm_p05": 361.30322067439556,
  "summary_gm_p95": 791.4241005778313,
  "summary_gm_stdv": 131.9770969358504,
  "summary_wm_k": -0.6507079938179801,
  "summary_wm_mad": 91.74526778811038,
  "summary_wm_mean": 916.3814055017631,
  "summary_wm_median": 949.6374545842409,
  "summary_wm_n": 240250.1306299801,
  "summary_wm_p05": 699.9054419696331,
  "summary_wm_p95": 1045.4440797418356,
  "summary_wm_stdv": 111.57935912373563,
  "tpm_overlap_csf": 0.20184148236448426,
  "tpm_overlap_gm": 0.5572370065823026,
  "tpm_overlap_wm": 0.5522671862468884,
  "wm2max": 0.7466862790467061
}