{
  "aor": 0.001220714285714286,
  "aqi": 0.026724698351648354,
  "bids_meta": {
    "Columns": 384,
    "EchoTime": 0.03,
    "EchoTrainLength": 1,
    "FlipAngle": 90.0,
    "ImageType": "ORIGINAL/PRIMARY/M/ND/MOSAIC",
    "ImagingFrequency": 123.253239,
    "InplanePhaseEncodingDirection": "COL",
    "InversionTime": 0.0,
    "MRAcquisitionType": "2D",
    "MagneticFieldStrength": 2.8936200141907,
    "Manufacturer": "SIEMENS",
    "ManufacturersModelName": "Allegra",
    "NumberOfAverages": 1.0,
    "NumberOfPhaseEncodingSteps": 64,
    "PercentPhaseFieldOfView": 100.0,
    "PhaseEncodingDirection": "j-",
    "PixelBandwidth": 2605.0,
    "PixelSpacing": [
      3.125,
      3.125
    ],
    "RepetitionTime": 2,
    "Rows": 384,
    "ScanOptions": "FS",
    "ScanningSequence": [
      "SE",
      "EP"
    ],
    "SequenceName": "*epfid2d1_64",
    "SequenceVariant": "SK",
    "SeriesDate": "18660811",
    "SeriesDescription": "BOLD EPI - StopManual1",
    "SeriesNumber": 12,
    "SeriesTime": "180453.250000",
    "SliceThickness": 4.0,
    "SpacingBetweenSlices": 4.0000000556396,
    "StudyID": "1",
    "StudyTime": "165845.156000",
    "dataset": "ds000007",
    "modality": "bold",
    "run_id": 1,
    "subject_id": "10",
    "task_id": "stopmanual"
  },
  "dummy_trs": 1,
  "dvars_nstd": 24.571024562707198,
  "dvars_std": 0.9775043573480672,
  "dvars_vstd": 0.9316164010497235,
  "efc": 0.49690436230395674,
  "fber": 2338.42138671875,
  "fd_mean": 0.2076591564686342,
  "fd_num": 60,
  "fd_perc": 32.967032967032964,
  "fwhm_avg": 1.9109107666666667,
  "fwhm_x": 1.8877824,
  "fwhm_y": 2.1345823999999998,
  "fwhm_z": 1.7103675,
  "gcor": 0.0226451,
  "gsr_x": -0.0036370286252349615,
  "gsr_y": 0.019157899543642998,
  "provenance": {
    "md5sum": "145a540fb709cc7f5a55ed74edcb4434",
    "settings": {
      "fd_thres": 0.2,
      "testing": false
    },
    "software": "mriqc",
    "version": "23.1.0"
  },
  "size_t": 182,
  "size_x": 64,
  "size_y": 64,
  "size_z": 33,
  "snr": 5.659407485394344,
  "spacing_tr": 2.0,
  "spacing_x": 3.125,
  "spacing_y": 3.125,
  "spacing_z": 4.0,
  "summary_bg_k": 21.594474335380397,
  "summary_bg_mad": 6.964972473302127,
  "summary_bg_mean": 36.13613694422831,
  "summary_bg_median": 14.219780921936035,
  "summary_bg_n": 106732.0,
  "summary_bg_p05": 7.8406596183776855,
  "summary_bg_p95": 155.02198791503906,
  "summary_bg_stdv": 60.07545082070794,
  "summary_fg_k": 1.126352588279829,
  "summary_fg_mad": 101.61118911960064,
  "summary_fg_mean": 672.7977158948496,
  "summary_fg_median": 687.629150390625,
  "summary_fg_n": 28436.0,
  "summary_fg_p05": 430.3791198730469,
  "summary_fg_p95": 842.32421875,
  "summary_fg_stdv": 121.49983213583539,
  "tsnr": 38.02042610861827
}