{
  "aor": 0.0027538797814207648,
  "aqi": 0.020732598087431695,
  "bids_meta": {
    "Columns": 384,
    "EchoTime": 0.03,
    "EchoTrainLength": 1,
    "FlipAngle": 90.0,
    "ImageType": "ORIGINAL/PRIMARY/M/ND/MOSAIC",
    "ImagingFrequency": 123.253239,
    "InplanePhaseEncodingDirection": "COL",
    "InversionTime": 0.0,
    "MRAcquisitionType": "2D",
    "MagneticFieldStrength": 2.8936200141907,
    "Manufacturer": "SIEMENS",
    "ManufacturersModelName": "Allegra",
    "NumberOfAverages": 1.0,
    "NumberOfPhaseEncodingSteps": 64,
    "PercentPhaseFieldOfView": 100.0,
    "PhaseEncodingDirection": "j-",
    "PixelBandwidth": 2605.0,
    "PixelSpacing": [
      3.125,
      3.125
    ],
    "RepetitionTime": 2,
    "Rows": 384,
    "ScanOptions": "FS",
    "ScanningSequence": [
      "SE",
      "EP"
    ],
    "SequenceName": "*epfid2d1_64",
    "SequenceVariant": "SK",
    "SeriesDate": "18660811",
    "SeriesDescription": "BOLD EPI - StopVocal2",
    "SeriesNumber": 7,
    "SeriesTime": "173338.171000",
    "SliceThickness": 4.0,
    "SpacingBetweenSlices": 4.0000000556396,
    "StudyID": "1",
    "StudyTime": "165845.156000",
    "dataset": "ds000007",
    "modality": "bold",
    "run_id": 2,
    "subject_id": "10",
    "task_id": "stopvocal"
  },
  "dummy_trs": 0,
  "dvars_nstd": 37.97363017153844,
  "dvars_std": 1.112942976978022,
  "dvars_vstd": 1.01111824,
  "efc": 0.49867513076406206,
  "fber": 2396.869873046875,
  "fd_mean": 0.43421349132694026,
  "fd_num": 150,
  "fd_perc": 81.9672131147541,
  "fwhm_avg": 1.9123437666666667,
  "fwhm_x": 1.8674655999999998,
  "fwhm_y": 2.1341632,
  "fwhm_z": 1.7354025,
  "gcor": 0.0489097,
  "gsr_x": -0.004471959080547094,
  "gsr_y": 0.021510405465960503,
  "provenance": {
    "md5sum": "be9b7757c960a5b1dfb8c6d34929e4df",
    "settings": {
      "fd_thres": 0.2,
      "testing": false
    },
    "software": "mriqc",
    "version": "23.1.0"
  },
  "size_t": 183,
  "size_x": 64,
  "size_y": 64,
  "size_z": 33,
  "snr": 5.606009202177741,
  "spacing_tr": 2.0,
  "spacing_x": 3.125,
  "spacing_y": 3.125,
  "spacing_z": 4.0,
  "summary_bg_k": 22.080238887849518,
  "summary_bg_mad": 6.149153556354031,
  "summary_bg_mean": 35.58627233755171,
  "summary_bg_median": 13.737704277038574,
  "summary_bg_n": 106511.0,
  "summary_bg_p05": 8.994535446166992,
  "summary_bg_p95": 152.3934326171875,
  "summary_bg_stdv": 59.41655218837048,
  "summary_fg_k": 1.30155605915989,
  "summary_fg_mad": 98.27307185651145,
  "summary_fg_mean": 656.6499556471457,
  "summary_fg_median": 672.5682983398438,
  "summary_fg_n": 28657.0,
  "summary_fg_p05": 419.4425964355469,
  "summary_fg_p95": 823.185791015625,
  "summary_fg_stdv": 119.97064920562522,
  "tsnr": 39.37050071300473
}