{
  "aor": 0.005063825136612021,
  "aqi": 0.02206738207650273,
  "bids_meta": {
    "Columns": 384,
    "EchoTime": 0.03,
    "EchoTrainLength": 1,
    "FlipAngle": 90.0,
    "ImageType": "ORIGINAL/PRIMARY/M/ND/MOSAIC",
    "ImagingFrequency": 123.253239,
    "InplanePhaseEncodingDirection": "COL",
    "InversionTime": 0.0,
    "MRAcquisitionType": "2D",
    "MagneticFieldStrength": 2.8936200141907,
    "Manufacturer": "SIEMENS",
    "ManufacturersModelName": "Allegra",
    "NumberOfAverages": 1.0,
    "NumberOfPhaseEncodingSteps": 64,
    "PercentPhaseFieldOfView": 100.0,
    "PhaseEncodingDirection": "j-",
    "PixelBandwidth": 2605.0,
    "PixelSpacing": [
      3.125,
      3.125
    ],
    "RepetitionTime": 2,
    "Rows": 384,
    "ScanOptions": "FS",
    "ScanningSequence": [
      "SE",
      "EP"
    ],
    "SequenceName": "*epfid2d1_64",
    "SequenceVariant": "SK",
    "SeriesDate": "18660811",
    "SeriesDescription": "BOLD EPI - StopWord1",
    "SeriesNumber": 8,
    "SeriesTime": "174156.921000",
    "SliceThickness": 4.0,
    "SpacingBetweenSlices": 4.0000000556396,
    "StudyID": "1",
    "StudyTime": "165845.156000",
    "dataset": "ds000007",
    "modality": "bold",
    "run_id": 1,
    "subject_id": "10",
    "task_id": "stopword"
  },
  "dummy_trs": 0,
  "dvars_nstd": 44.193817463901105,
  "dvars_std": 1.1807326075274729,
  "dvars_vstd": 1.0602315490109886,
  "efc": 0.49906302033818556,
  "fber": 2397.34912109375,
  "fd_mean": 0.5282673145484155,
  "fd_num": 166,
  "fd_perc": 90.7103825136612,
  "fwhm_avg": 1.8860130666666668,
  "fwhm_x": 1.8614528000000001,
  "fwhm_y": 2.1197664,
  "fwhm_z": 1.67682,
  "gcor": 0.0450755,
  "gsr_x": -0.0038251089863479137,
  "gsr_y": 0.021015290170907974,
  "provenance": {
    "md5sum": "e3a745c618b1b762881ed11bf8cea984",
    "settings": {
      "fd_thres": 0.2,
      "testing": false
    },
    "software": "mriqc",
    "version": "23.1.0"
  },
  "size_t": 183,
  "size_x": 64,
  "size_y": 64,
  "size_z": 33,
  "snr": 5.6163389345116075,
  "spacing_tr": 2.0,
  "spacing_x": 3.125,
  "spacing_y": 3.125,
  "spacing_z": 4.0,
  "summary_bg_k": 21.17455421318716,
  "summary_bg_mad": 6.359796479049694,
  "summary_bg_mean": 35.52231231777248,
  "summary_bg_median": 13.710382461547852,
  "summary_bg_n": 106442.0,
  "summary_bg_p05": 8.322403907775879,
  "summary_bg_p95": 153.97813415527344,
  "summary_bg_stdv": 59.03173399321454,
  "summary_fg_k": 1.3111809238004692,
  "summary_fg_mad": 97.82337753736695,
  "summary_fg_mean": 656.0290874350264,
  "summary_fg_median": 671.2977905273438,
  "summary_fg_n": 28726.0,
  "summary_fg_p05": 419.415283203125,
  "summary_fg_p95": 821.672119140625,
  "summary_fg_stdv": 119.52378831742075,
  "tsnr": 37.27857129316544
}