{
  "aor": 0.005817540983606558,
  "aqi": 0.023825301639344265,
  "bids_meta": {
    "Columns": 384,
    "EchoTime": 0.03,
    "EchoTrainLength": 1,
    "FlipAngle": 90.0,
    "ImageType": "ORIGINAL/PRIMARY/M/ND/MOSAIC",
    "ImagingFrequency": 123.253239,
    "InplanePhaseEncodingDirection": "COL",
    "InversionTime": 0.0,
    "MRAcquisitionType": "2D",
    "MagneticFieldStrength": 2.8936200141907,
    "Manufacturer": "SIEMENS",
    "ManufacturersModelName": "Allegra",
    "NumberOfAverages": 1.0,
    "NumberOfPhaseEncodingSteps": 64,
    "PercentPhaseFieldOfView": 100.0,
    "PhaseEncodingDirection": "j-",
    "PixelBandwidth": 2605.0,
    "PixelSpacing": [
      3.125,
      3.125
    ],
    "RepetitionTime": 2,
    "Rows": 384,
    "ScanOptions": "FS",
    "ScanningSequence": [
      "SE",
      "EP"
    ],
    "SequenceName": "*epfid2d1_64",
    "SequenceVariant": "SK",
    "SeriesDate": "18660811",
    "SeriesDescription": "BOLD EPI - StopManual2",
    "SeriesNumber": 13,
    "SeriesTime": "181151.031000",
    "SliceThickness": 4.0,
    "SpacingBetweenSlices": 4.0000000556396,
    "StudyID": "1",
    "StudyTime": "165845.156000",
    "dataset": "ds000007",
    "modality": "bold",
    "run_id": 2,
    "subject_id": "10",
    "task_id": "stopmanual"
  },
  "dummy_trs": 0,
  "dvars_nstd": 26.05464702664836,
  "dvars_std": 1.0582763279670326,
  "dvars_vstd": 1.005324557197803,
  "efc": 0.4981114796049097,
  "fber": 2190.930419921875,
  "fd_mean": 0.3034129151265886,
  "fd_num": 74,
  "fd_perc": 40.43715846994535,
  "fwhm_avg": 1.8717891666666668,
  "fwhm_x": 1.8676928000000002,
  "fwhm_y": 2.0834272,
  "fwhm_z": 1.6642475,
  "gcor": 0.00823291,
  "gsr_x": -0.0031266643200069666,
  "gsr_y": 0.01733717881143093,
  "provenance": {
    "md5sum": "cf1fdf9e99b894bec4976dc16c17155c",
    "settings": {
      "fd_thres": 0.2,
      "testing": false
    },
    "software": "mriqc",
    "version": "23.1.0"
  },
  "size_t": 183,
  "size_x": 64,
  "size_y": 64,
  "size_z": 33,
  "snr": 5.656428929510363,
  "spacing_tr": 2.0,
  "spacing_x": 3.125,
  "spacing_y": 3.125,
  "spacing_z": 4.0,
  "summary_bg_k": 21.26385597378998,
  "summary_bg_mad": 7.947720158903128,
  "summary_bg_mean": 36.80890292355623,
  "summary_bg_median": 14.666666030883789,
  "summary_bg_n": 106831.0,
  "summary_bg_p05": 6.841529846191406,
  "summary_bg_p95": 158.90164184570312,
  "summary_bg_stdv": 60.86782465652272,
  "summary_fg_k": 1.1295955815731569,
  "summary_fg_mad": 98.5565797148231,
  "summary_fg_mean": 671.1140929814195,
  "summary_fg_median": 686.5081787109375,
  "summary_fg_n": 28337.0,
  "summary_fg_p05": 426.5628356933594,
  "summary_fg_p95": 839.0491333007812,
  "summary_fg_stdv": 121.36563083819767,
  "tsnr": 39.30511020554695
}