{
  "aor": 0.0013499447513812156,
  "aqi": 0.011995215635359116,
  "bids_meta": {
    "Columns": 384,
    "EchoTime": 0.03,
    "EchoTrainLength": 1,
    "FlipAngle": 90.0,
    "ImageType": "ORIGINAL/PRIMARY/M/ND/MOSAIC",
    "ImagingFrequency": 123.253239,
    "InplanePhaseEncodingDirection": "COL",
    "InversionTime": 0.0,
    "MRAcquisitionType": "2D",
    "MagneticFieldStrength": 2.8936200141907,
    "Manufacturer": "SIEMENS",
    "ManufacturersModelName": "Allegra",
    "NumberOfAverages": 1.0,
    "NumberOfPhaseEncodingSteps": 64,
    "PercentPhaseFieldOfView": 100.0,
    "PhaseEncodingDirection": "j-",
    "PixelBandwidth": 2605.0,
    "PixelSpacing": [
      3.125,
      3.125
    ],
    "RepetitionTime": 2,
    "Rows": 384,
    "ScanOptions": "FS",
    "ScanningSequence": [
      "SE",
      "EP"
    ],
    "SequenceName": "*epfid2d1_64",
    "SequenceVariant": "SK",
    "SeriesDate": "18660811",
    "SeriesDescription": "BOLD EPI - StopVocal1",
    "SeriesNumber": 6,
    "SeriesTime": "172259.328000",
    "SliceThickness": 4.0,
    "SpacingBetweenSlices": 4.0000000556396,
    "StudyID": "1",
    "StudyTime": "165845.156000",
    "dataset": "ds000007",
    "modality": "bold",
    "run_id": 1,
    "subject_id": "10",
    "task_id": "stopvocal"
  },
  "dummy_trs": 2,
  "dvars_nstd": 32.14484406605553,
  "dvars_std": 1.12459771161111,
  "dvars_vstd": 1.0158299258888885,
  "efc": 0.4977215103446186,
  "fber": 2397.009765625,
  "fd_mean": 0.3240666293923744,
  "fd_num": 130,
  "fd_perc": 71.8232044198895,
  "fwhm_avg": 1.8804454999999998,
  "fwhm_x": 1.8498272,
  "fwhm_y": 2.0886367999999997,
  "fwhm_z": 1.7028725,
  "gcor": 0.0230666,
  "gsr_x": -0.0033284344244748354,
  "gsr_y": 0.020144445821642876,
  "provenance": {
    "md5sum": "c41a4e177d57085b5a38e13ed37e5e19",
    "settings": {
      "fd_thres": 0.2,
      "testing": false
    },
    "software": "mriqc",
    "version": "23.1.0"
  },
  "size_t": 181,
  "size_x": 64,
  "size_y": 64,
  "size_z": 33,
  "snr": 5.5736723545071865,
  "spacing_tr": 2.0,
  "spacing_x": 3.125,
  "spacing_y": 3.125,
  "spacing_z": 4.0,
  "summary_bg_k": 21.803407986224798,
  "summary_bg_mad": 6.872393255905304,
  "summary_bg_mean": 35.5422260873099,
  "summary_bg_median": 13.834254264831543,
  "summary_bg_n": 106502.0,
  "summary_bg_p05": 7.729281902313232,
  "summary_bg_p95": 153.28176879882812,
  "summary_bg_stdv": 59.43051936522824,
  "summary_fg_k": 1.2820934202645224,
  "summary_fg_mad": 101.1118153193795,
  "summary_fg_mean": 662.7841117932477,
  "summary_fg_median": 677.3149719238281,
  "summary_fg_n": 28666.0,
  "summary_fg_p05": 424.02764892578125,
  "summary_fg_p95": 833.0939331054688,
  "summary_fg_stdv": 121.51829437285038,
  "tsnr": 51.23294370115036
}