{
  "aor": 0.006748688524590164,
  "aqi": 0.02459569382513661,
  "bids_meta": {
    "Columns": 384,
    "EchoTime": 0.03,
    "EchoTrainLength": 1,
    "FlipAngle": 90.0,
    "ImageType": "ORIGINAL/PRIMARY/M/ND/MOSAIC",
    "ImagingFrequency": 123.253239,
    "InplanePhaseEncodingDirection": "COL",
    "InversionTime": 0.0,
    "MRAcquisitionType": "2D",
    "MagneticFieldStrength": 2.8936200141907,
    "Manufacturer": "SIEMENS",
    "ManufacturersModelName": "Allegra",
    "NumberOfAverages": 1.0,
    "NumberOfPhaseEncodingSteps": 64,
    "PercentPhaseFieldOfView": 100.0,
    "PhaseEncodingDirection": "j-",
    "PixelBandwidth": 2605.0,
    "PixelSpacing": [
      3.125,
      3.125
    ],
    "RepetitionTime": 2,
    "Rows": 384,
    "ScanOptions": "FS",
    "ScanningSequence": [
      "SE",
      "EP"
    ],
    "SequenceName": "*epfid2d1_64",
    "SequenceVariant": "SK",
    "SeriesDate": "18660811",
    "SeriesDescription": "BOLD EPI - StopWord2",
    "SeriesNumber": 9,
    "SeriesTime": "175128.281000",
    "SliceThickness": 4.0,
    "SpacingBetweenSlices": 4.0000000556396,
    "StudyID": "1",
    "StudyTime": "165845.156000",
    "dataset": "ds000007",
    "modality": "bold",
    "run_id": 2,
    "subject_id": "10",
    "task_id": "stopword"
  },
  "dummy_trs": 0,
  "dvars_nstd": 41.018924629615384,
  "dvars_std": 1.1859722160989015,
  "dvars_vstd": 1.0745425551648342,
  "efc": 0.4979884408746161,
  "fber": 2390.82177734375,
  "fd_mean": 0.5935375726948169,
  "fd_num": 177,
  "fd_perc": 96.72131147540983,
  "fwhm_avg": 1.8657559666666668,
  "fwhm_x": 1.8593951999999998,
  "fwhm_y": 2.0777152,
  "fwhm_z": 1.6601575,
  "gcor": 0.0279767,
  "gsr_x": -0.003005102975293994,
  "gsr_y": 0.01963995024561882,
  "provenance": {
    "md5sum": "22e51894f0c809c60ba62d0b51956802",
    "settings": {
      "fd_thres": 0.2,
      "testing": false
    },
    "software": "mriqc",
    "version": "23.1.0"
  },
  "size_t": 183,
  "size_x": 64,
  "size_y": 64,
  "size_z": 33,
  "snr": 5.597770400782578,
  "spacing_tr": 2.0,
  "spacing_x": 3.125,
  "spacing_y": 3.125,
  "spacing_z": 4.0,
  "summary_bg_k": 21.02131444716701,
  "summary_bg_mad": 6.9350143436046165,
  "summary_bg_mean": 35.404222758950134,
  "summary_bg_median": 13.770491600036621,
  "summary_bg_n": 106471.0,
  "summary_bg_p05": 4.366119861602783,
  "summary_bg_p95": 153.10382080078125,
  "summary_bg_stdv": 59.168061651705706,
  "summary_fg_k": 1.2439112652972488,
  "summary_fg_mad": 99.48827358944064,
  "summary_fg_mean": 658.4951352806263,
  "summary_fg_median": 673.3223876953125,
  "summary_fg_n": 28697.0,
  "summary_fg_p05": 419.4699401855469,
  "summary_fg_p95": 826.2076416015625,
  "summary_fg_stdv": 120.28193509285312,
  "tsnr": 35.98297135019675
}