{
  "bids_meta": {
    "Columns": 192,
    "EchoTime": 0.0021,
    "EchoTrainLength": 1,
    "FlipAngle": 8.0,
    "ImageType": "ORIGINAL/PRIMARY/M/ND",
    "ImagingFrequency": 123.253195,
    "InplanePhaseEncodingDirection": "ROW",
    "InversionTime": 1.1,
    "MRAcquisitionType": "3D",
    "MagneticFieldStrength": 2.8936200141907,
    "Manufacturer": "SIEMENS",
    "ManufacturersModelName": "Allegra",
    "NumberOfAverages": 1.0,
    "NumberOfPhaseEncodingSteps": 192,
    "PercentPhaseFieldOfView": 100.0,
    "PhaseEncodingDirection": "i-",
    "PixelBandwidth": 320.0,
    "PixelSpacing": [
      1.3333333333333,
      1.3333333333333
    ],
    "RepetitionTime": 2.3,
    "Rows": 192,
    "ScanOptions": "IR",
    "ScanningSequence": [
      "IR",
      "GR"
    ],
    "SequenceName": "*tfl3d1",
    "SequenceVariant": [
      "SP",
      "MP"
    ],
    "SeriesDate": "18660510",
    "SeriesDescription": "MPRage-3T",
    "SeriesNumber": 10,
    "SeriesTime": "114334.375000",
    "SliceThickness": 1.0,
    "StudyID": "1",
    "StudyTime": "103103.187000",
    "dataset": "ds000007",
    "modality": "T1w",
    "subject_id": "03"
  },
  "cjv": 0.5098659704898509,
  "cnr": 2.14156880067094,
  "efc": 0.5005648566430994,
  "fber": 13656.743162901308,
  "fwhm_avg": 4.226396587259573,
  "fwhm_x": 4.68581,
  "fwhm_y": 4.030132379892695,
  "fwhm_z": 3.9632473818860237,
  "icvs_csf": 0.2726994711147047,
  "icvs_gm": 0.38646735025842016,
  "icvs_wm": 0.3408331786268752,
  "inu_med": 0.542100191116333,
  "inu_range": 0.20116232633590697,
  "provenance": {
    "md5sum": "a4152fc68cb4aeaa80bfe41edecb5a66",
    "settings": {
      "testing": false
    },
    "software": "mriqc",
    "version": "23.1.0",
    "warnings": {
      "large_rot_frame": true,
      "small_air_mask": false
    }
  },
  "qi_1": 0.0,
  "qi_2": 0.0005280892851487753,
  "rpve_csf": 6.657301619976172,
  "rpve_gm": 6.594988551115449,
  "rpve_wm": 6.7201740184558165,
  "size_x": 160,
  "size_y": 192,
  "size_z": 192,
  "snr_csf": 1.9527660589257037,
  "snr_gm": 4.44255657052892,
  "snr_total": 5.43275468357416,
  "snr_wm": 9.902941421267855,
  "snrd_csf": 42.19852901964354,
  "snrd_gm": 67.87115266085394,
  "snrd_total": 72.85106098431892,
  "snrd_wm": 108.4835012724593,
  "spacing_x": 1.0,
  "spacing_y": 1.3333333730697632,
  "spacing_z": 1.3333333730697632,
  "summary_bg_k": 217.7660623349078,
  "summary_bg_mad": 5.818874613800379,
  "summary_bg_mean": 10.096221456954511,
  "summary_bg_median": 3.924771284684539,
  "summary_bg_n": 1672415.0,
  "summary_bg_p05": 0.0,
  "summary_bg_p95": 34.801151160150766,
  "summary_bg_stdv": 22.15345463405269,
  "summary_csf_k": -0.8138363626337006,
  "summary_csf_mad": 142.7474211616694,
  "summary_csf_mean": 366.7264775180478,
  "summary_csf_median": 374.80431441776454,
  "summary_csf_n": 236895.39416745538,
  "summary_csf_p05": 65.17842717282474,
  "summary_csf_p95": 668.9126088377088,
  "summary_csf_stdv": 191.93467728928155,
  "summary_gm_k": -0.7688936882837583,
  "summary_gm_mad": 106.62330939738266,
  "summary_gm_mean": 610.1974655994924,
  "summary_gm_median": 602.8267200961709,
  "summary_gm_n": 335726.1196660375,
  "summary_gm_p05": 399.124284459278,
  "summary_gm_p95": 843.2132896482944,
  "summary_gm_stdv": 135.69344874506547,
  "summary_wm_k": -0.5476594267158843,
  "summary_wm_mad": 77.29349053475879,
  "summary_wm_mean": 936.5579763840723,
  "summary_wm_median": 963.5426936596632,
  "summary_wm_n": 296083.4865799874,
  "summary_wm_p05": 744.0957998055965,
  "summary_wm_p95": 1053.2452697269619,
  "summary_wm_stdv": 97.29847178960323,
  "tpm_overlap_csf": 0.22635106732257604,
  "tpm_overlap_gm": 0.5462626656418926,
  "tpm_overlap_wm": 0.5420807520217582,
  "wm2max": 0.7088973916591833
}