{
  "aor": 0.00297672131147541,
  "aqi": 0.013025177213114754,
  "bids_meta": {
    "Columns": 384,
    "EchoTime": 0.03,
    "EchoTrainLength": 1,
    "FlipAngle": 90.0,
    "ImageType": "ORIGINAL/PRIMARY/M/ND/MOSAIC",
    "ImagingFrequency": 123.253433,
    "InplanePhaseEncodingDirection": "COL",
    "InversionTime": 0.0,
    "MRAcquisitionType": "2D",
    "MagneticFieldStrength": 2.8936200141907,
    "Manufacturer": "SIEMENS",
    "ManufacturersModelName": "Allegra",
    "NumberOfAverages": 1.0,
    "NumberOfPhaseEncodingSteps": 64,
    "PercentPhaseFieldOfView": 100.0,
    "PhaseEncodingDirection": "j-",
    "PixelBandwidth": 2605.0,
    "PixelSpacing": [
      3.125,
      3.125
    ],
    "RepetitionTime": 2,
    "Rows": 384,
    "ScanOptions": "FS",
    "ScanningSequence": [
      "SE",
      "EP"
    ],
    "SequenceName": "*epfid2d1_64",
    "SequenceVariant": "SK",
    "SeriesDate": "18660909",
    "SeriesDescription": "BOLD EPI - StopVocal1",
    "SeriesNumber": 5,
    "SeriesTime": "133302.812000",
    "SliceThickness": 4.0,
    "SpacingBetweenSlices": 3.9999999314767,
    "StudyID": "1",
    "StudyTime": "131355.156000",
    "dataset": "ds000007",
    "modality": "bold",
    "run_id": 1,
    "subject_id": "11",
    "task_id": "stopvocal"
  },
  "dummy_trs": 0,
  "dvars_nstd": 25.662016543681307,
  "dvars_std": 1.0431217294505495,
  "dvars_vstd": 0.9873271196153839,
  "efc": 0.47998251803558334,
  "fber": 2654.404296875,
  "fd_mean": 0.2085536622332078,
  "fd_num": 67,
  "fd_perc": 36.612021857923494,
  "fwhm_avg": 2.0141058333333333,
  "fwhm_x": 2.0386496,
  "fwhm_y": 2.2296704,
  "fwhm_z": 1.7739975,
  "gcor": 0.0121093,
  "gsr_x": 0.003649082500487566,
  "gsr_y": 0.01756701059639454,
  "provenance": {
    "md5sum": "8891abb8d21415de5f37b8c571402c38",
    "settings": {
      "fd_thres": 0.2,
      "testing": false
    },
    "software": "mriqc",
    "version": "23.1.0"
  },
  "size_t": 183,
  "size_x": 64,
  "size_y": 64,
  "size_z": 33,
  "snr": 5.233626347945141,
  "spacing_tr": 2.0,
  "spacing_x": 3.125,
  "spacing_y": 3.125,
  "spacing_z": 4.0,
  "summary_bg_k": 19.256435338249084,
  "summary_bg_mad": 5.468614230451278,
  "summary_bg_mean": 33.549048319668046,
  "summary_bg_median": 13.196721076965332,
  "summary_bg_n": 108535.0,
  "summary_bg_p05": 7.978141784667969,
  "summary_bg_p95": 143.90164184570312,
  "summary_bg_stdv": 56.748828002565986,
  "summary_fg_k": 0.6640236388160905,
  "summary_fg_mad": 116.08855002853959,
  "summary_fg_mean": 664.4467194094944,
  "summary_fg_median": 679.9071044921875,
  "summary_fg_n": 26633.0,
  "summary_fg_p05": 413.8524475097656,
  "summary_fg_p95": 845.9398803710938,
  "summary_fg_stdv": 129.9088423204079,
  "tsnr": 48.95813003391959
}