{
  "bids_meta": {
    "Columns": 192,
    "EchoTime": 0.0021,
    "EchoTrainLength": 1,
    "FlipAngle": 8.0,
    "ImageType": "ORIGINAL/PRIMARY/M/ND",
    "ImagingFrequency": 123.253407,
    "InplanePhaseEncodingDirection": "ROW",
    "InversionTime": 1.1,
    "MRAcquisitionType": "3D",
    "MagneticFieldStrength": 3.0,
    "Manufacturer": "SIEMENS",
    "ManufacturersModelName": "Allegra",
    "NumberOfAverages": 1.0,
    "NumberOfPhaseEncodingSteps": 192,
    "PercentPhaseFieldOfView": 100.0,
    "PhaseEncodingDirection": "i-",
    "PixelBandwidth": 320.0,
    "PixelSpacing": [
      1.3333333333333,
      1.3333333333333
    ],
    "RepetitionTime": 2.3,
    "Rows": 192,
    "ScanOptions": "IR",
    "ScanningSequence": [
      "IR",
      "GR"
    ],
    "SequenceName": "*tfl3d1",
    "SequenceVariant": [
      "SP",
      "MP"
    ],
    "SeriesDate": "18661021",
    "SeriesDescription": "MPRage-3T",
    "SeriesNumber": 12,
    "SeriesTime": "103440.515000",
    "SliceThickness": 1.0,
    "StudyID": "1",
    "StudyTime": "091445.953000",
    "dataset": "ds000007",
    "modality": "T1w",
    "subject_id": "18"
  },
  "cjv": 0.6108330287873612,
  "cnr": 1.7772613761479923,
  "efc": 0.45407449694395247,
  "fber": 13629.32050701675,
  "fwhm_avg": 4.668691579050971,
  "fwhm_x": 5.18639,
  "fwhm_y": 4.4188723683073405,
  "fwhm_z": 4.400812368845571,
  "icvs_csf": 0.2880497174328399,
  "icvs_gm": 0.3765492260654506,
  "icvs_wm": 0.3354010565017095,
  "inu_med": 0.6936938762664795,
  "inu_range": 0.3695160627365112,
  "provenance": {
    "md5sum": "0a947b91a94392338650d91de9f14921",
    "settings": {
      "testing": false
    },
    "software": "mriqc",
    "version": "23.1.0",
    "warnings": {
      "large_rot_frame": true,
      "small_air_mask": false
    }
  },
  "qi_1": 0.0,
  "qi_2": 0.00060741436525521,
  "rpve_csf": 6.912541098837582,
  "rpve_gm": 6.825189511170178,
  "rpve_wm": 6.952403291705645,
  "size_x": 160,
  "size_y": 192,
  "size_z": 192,
  "snr_csf": 1.9765999500019265,
  "snr_gm": 3.706688279515099,
  "snr_total": 4.302652281453713,
  "snr_wm": 7.224668614844115,
  "snrd_csf": 38.35741934871623,
  "snrd_gm": 68.21939293955741,
  "snrd_total": 72.62493109948792,
  "snrd_wm": 111.29798101019013,
  "spacing_x": 1.0,
  "spacing_y": 1.3333333730697632,
  "spacing_z": 1.3333333730697632,
  "summary_bg_k": 124.36639187158603,
  "summary_bg_mad": 5.46236986968692,
  "summary_bg_mean": 10.763556451047323,
  "summary_bg_median": 3.6843124888837337,
  "summary_bg_n": 2843900.0,
  "summary_bg_p05": 0.0,
  "summary_bg_p95": 36.28909293562174,
  "summary_bg_stdv": 28.243029384825075,
  "summary_csf_k": -0.44737507546106636,
  "summary_csf_mad": 119.59715083103993,
  "summary_csf_mean": 326.37219042883413,
  "summary_csf_median": 319.81494499370456,
  "summary_csf_n": 241177.4032644636,
  "summary_csf_p05": 73.99096735194325,
  "summary_csf_p95": 599.4071701839566,
  "summary_csf_stdv": 161.8002074543643,
  "summary_gm_k": -0.21764612030903896,
  "summary_gm_mad": 108.46705884092597,
  "summary_gm_mean": 568.6170775304296,
  "summary_gm_median": 568.7969047687948,
  "summary_gm_n": 315276.0063542948,
  "summary_gm_p05": 311.69837687909603,
  "summary_gm_p95": 825.5907150842249,
  "summary_gm_stdv": 153.4512642591717,
  "summary_wm_k": -0.7790738975367733,
  "summary_wm_mad": 110.9312858498073,
  "summary_wm_mean": 893.5318152668198,
  "summary_wm_median": 927.9758200384676,
  "summary_wm_n": 280823.5903862675,
  "summary_wm_p05": 647.7464581020176,
  "summary_wm_p95": 1047.39740755409,
  "summary_wm_stdv": 128.4452225103517,
  "tpm_overlap_csf": 0.19502842840415027,
  "tpm_overlap_gm": 0.5382207267378524,
  "tpm_overlap_wm": 0.5506347776612908,
  "wm2max": 0.653334595964509
}