{
  "aor": 0.0005497237569060774,
  "aqi": 0.004726198950276243,
  "bids_meta": {
    "Columns": 384,
    "EchoTime": 0.03,
    "EchoTrainLength": 1,
    "FlipAngle": 90.0,
    "ImageType": "ORIGINAL/PRIMARY/M/ND/MOSAIC",
    "ImagingFrequency": 123.253433,
    "InplanePhaseEncodingDirection": "COL",
    "InversionTime": 0.0,
    "MRAcquisitionType": "2D",
    "MagneticFieldStrength": 2.8936200141907,
    "Manufacturer": "SIEMENS",
    "ManufacturersModelName": "Allegra",
    "NumberOfAverages": 1.0,
    "NumberOfPhaseEncodingSteps": 64,
    "PercentPhaseFieldOfView": 100.0,
    "PhaseEncodingDirection": "j-",
    "PixelBandwidth": 2605.0,
    "PixelSpacing": [
      3.125,
      3.125
    ],
    "RepetitionTime": 2,
    "Rows": 384,
    "ScanOptions": "FS",
    "ScanningSequence": [
      "SE",
      "EP"
    ],
    "SequenceName": "*epfid2d1_64",
    "SequenceVariant": "SK",
    "SeriesDate": "18660909",
    "SeriesDescription": "BOLD EPI - Stopmanual1",
    "SeriesNumber": 10,
    "SeriesTime": "140919.109000",
    "SliceThickness": 4.0,
    "SpacingBetweenSlices": 3.9999999314767,
    "StudyID": "1",
    "StudyTime": "131355.156000",
    "dataset": "ds000007",
    "modality": "bold",
    "run_id": 1,
    "subject_id": "11",
    "task_id": "stopmanual"
  },
  "dummy_trs": 1,
  "dvars_nstd": 20.214901648333335,
  "dvars_std": 1.0452433881111114,
  "dvars_vstd": 1.0100665105000002,
  "efc": 0.4826673366702135,
  "fber": 2682.18408203125,
  "fd_mean": 0.0908428261784441,
  "fd_num": 0,
  "fd_perc": 0.0,
  "fwhm_avg": 1.9626457666666666,
  "fwhm_x": 1.9725504,
  "fwhm_y": 2.1493344,
  "fwhm_z": 1.7660525,
  "gcor": 0.0258326,
  "gsr_x": 0.004338177852332592,
  "gsr_y": 0.016932299360632896,
  "provenance": {
    "md5sum": "998f24e254a2a57d58f8ee6cd6c9ed45",
    "settings": {
      "fd_thres": 0.2,
      "testing": false
    },
    "software": "mriqc",
    "version": "23.1.0"
  },
  "size_t": 181,
  "size_x": 64,
  "size_y": 64,
  "size_z": 33,
  "snr": 5.157256439861278,
  "spacing_tr": 2.0,
  "spacing_x": 3.125,
  "spacing_y": 3.125,
  "spacing_z": 4.0,
  "summary_bg_k": 20.380075165718072,
  "summary_bg_mad": 4.947468895348022,
  "summary_bg_mean": 34.044963537807696,
  "summary_bg_median": 13.0110502243042,
  "summary_bg_n": 108342.0,
  "summary_bg_p05": 9.33149242401123,
  "summary_bg_p95": 144.59117126464844,
  "summary_bg_stdv": 57.9322704718109,
  "summary_fg_k": 0.9074276417601479,
  "summary_fg_mad": 115.0695777213202,
  "summary_fg_mean": 658.0360287280101,
  "summary_fg_median": 673.8397827148438,
  "summary_fg_n": 26826.0,
  "summary_fg_p05": 405.1215515136719,
  "summary_fg_p95": 838.7680053710938,
  "summary_fg_stdv": 130.65614072173767,
  "tsnr": 70.56128480890766
}