{
  "aor": 0.0013110928961748633,
  "aqi": 0.0085525768852459,
  "bids_meta": {
    "Columns": 384,
    "EchoTime": 0.03,
    "EchoTrainLength": 1,
    "FlipAngle": 90.0,
    "ImageType": "ORIGINAL/PRIMARY/M/ND/MOSAIC",
    "ImagingFrequency": 123.253433,
    "InplanePhaseEncodingDirection": "COL",
    "InversionTime": 0.0,
    "MRAcquisitionType": "2D",
    "MagneticFieldStrength": 2.8936200141907,
    "Manufacturer": "SIEMENS",
    "ManufacturersModelName": "Allegra",
    "NumberOfAverages": 1.0,
    "NumberOfPhaseEncodingSteps": 64,
    "PercentPhaseFieldOfView": 100.0,
    "PhaseEncodingDirection": "j-",
    "PixelBandwidth": 2605.0,
    "PixelSpacing": [
      3.125,
      3.125
    ],
    "RepetitionTime": 2,
    "Rows": 384,
    "ScanOptions": "FS",
    "ScanningSequence": [
      "SE",
      "EP"
    ],
    "SequenceName": "*epfid2d1_64",
    "SequenceVariant": "SK",
    "SeriesDate": "18660909",
    "SeriesDescription": "BOLD EPI - StopVocal2",
    "SeriesNumber": 6,
    "SeriesTime": "134115.109000",
    "SliceThickness": 4.0,
    "SpacingBetweenSlices": 3.9999999314767,
    "StudyID": "1",
    "StudyTime": "131355.156000",
    "dataset": "ds000007",
    "modality": "bold",
    "run_id": 2,
    "subject_id": "11",
    "task_id": "stopvocal"
  },
  "dummy_trs": 0,
  "dvars_nstd": 26.66764288686813,
  "dvars_std": 1.0803350200000001,
  "dvars_vstd": 1.0059434031318686,
  "efc": 0.4804362268665245,
  "fber": 2675.69287109375,
  "fd_mean": 0.2134483236015872,
  "fd_num": 84,
  "fd_perc": 45.90163934426229,
  "fwhm_avg": 1.9938952333333333,
  "fwhm_x": 1.9972576000000002,
  "fwhm_y": 2.2072255999999997,
  "fwhm_z": 1.7772025,
  "gcor": 0.0188158,
  "gsr_x": 0.004407526925206184,
  "gsr_y": 0.01861654967069626,
  "provenance": {
    "md5sum": "d30d54dfd257c6e9182b0080761159e4",
    "settings": {
      "fd_thres": 0.2,
      "testing": false
    },
    "software": "mriqc",
    "version": "23.1.0"
  },
  "size_t": 183,
  "size_x": 64,
  "size_y": 64,
  "size_z": 33,
  "snr": 5.169551452211448,
  "spacing_tr": 2.0,
  "spacing_x": 3.125,
  "spacing_y": 3.125,
  "spacing_z": 4.0,
  "summary_bg_k": 21.121376819695392,
  "summary_bg_mad": 5.28227517274384,
  "summary_bg_mean": 33.17312856789814,
  "summary_bg_median": 13.065573692321777,
  "summary_bg_n": 108356.0,
  "summary_bg_p05": 8.459015846252441,
  "summary_bg_p95": 140.1475372314453,
  "summary_bg_stdv": 56.36183037829175,
  "summary_fg_k": 0.7398555152617745,
  "summary_fg_mad": 116.09262211715242,
  "summary_fg_mean": 659.7841746424021,
  "summary_fg_median": 675.84423828125,
  "summary_fg_n": 26812.0,
  "summary_fg_p05": 407.5956115722656,
  "summary_fg_p95": 841.2622680664062,
  "summary_fg_stdv": 130.7331285935137,
  "tsnr": 55.84710755897686
}