{
  "aor": 0.0010748618784530387,
  "aqi": 0.004582621491712707,
  "bids_meta": {
    "Columns": 384,
    "EchoTime": 0.03,
    "EchoTrainLength": 1,
    "FlipAngle": 90.0,
    "ImageType": "ORIGINAL/PRIMARY/M/ND/MOSAIC",
    "ImagingFrequency": 123.253433,
    "InplanePhaseEncodingDirection": "COL",
    "InversionTime": 0.0,
    "MRAcquisitionType": "2D",
    "MagneticFieldStrength": 2.8936200141907,
    "Manufacturer": "SIEMENS",
    "ManufacturersModelName": "Allegra",
    "NumberOfAverages": 1.0,
    "NumberOfPhaseEncodingSteps": 64,
    "PercentPhaseFieldOfView": 100.0,
    "PhaseEncodingDirection": "j-",
    "PixelBandwidth": 2605.0,
    "PixelSpacing": [
      3.125,
      3.125
    ],
    "RepetitionTime": 2,
    "Rows": 384,
    "ScanOptions": "FS",
    "ScanningSequence": [
      "SE",
      "EP"
    ],
    "SequenceName": "*epfid2d1_64",
    "SequenceVariant": "SK",
    "SeriesDate": "18660909",
    "SeriesDescription": "BOLD EPI - Stopmanual2",
    "SeriesNumber": 11,
    "SeriesTime": "141617.203000",
    "SliceThickness": 4.0,
    "SpacingBetweenSlices": 3.9999999314767,
    "StudyID": "1",
    "StudyTime": "131355.156000",
    "dataset": "ds000007",
    "modality": "bold",
    "run_id": 2,
    "subject_id": "11",
    "task_id": "stopmanual"
  },
  "dummy_trs": 1,
  "dvars_nstd": 20.286856672333325,
  "dvars_std": 1.0486980333333331,
  "dvars_vstd": 1.0133245691666675,
  "efc": 0.48335245274310024,
  "fber": 2652.61962890625,
  "fd_mean": 0.09527364279064447,
  "fd_num": 2,
  "fd_perc": 1.1049723756906078,
  "fwhm_avg": 1.9619853,
  "fwhm_x": 1.9775904,
  "fwhm_y": 2.147568,
  "fwhm_z": 1.7607975,
  "gcor": 0.0119163,
  "gsr_x": 0.003737503895536065,
  "gsr_y": 0.017051437869668007,
  "provenance": {
    "md5sum": "7f82e3edb2a39a94ead7155fc4531959",
    "settings": {
      "fd_thres": 0.2,
      "testing": false
    },
    "software": "mriqc",
    "version": "23.1.0"
  },
  "size_t": 181,
  "size_x": 64,
  "size_y": 64,
  "size_z": 33,
  "snr": 5.164962662679466,
  "spacing_tr": 2.0,
  "spacing_x": 3.125,
  "spacing_y": 3.125,
  "spacing_z": 4.0,
  "summary_bg_k": 20.264832487179678,
  "summary_bg_mad": 4.996615328713879,
  "summary_bg_mean": 34.2782920445782,
  "summary_bg_median": 13.077348709106445,
  "summary_bg_n": 108327.0,
  "summary_bg_p05": 9.375691413879395,
  "summary_bg_p95": 146.2209930419922,
  "summary_bg_stdv": 58.27499718584339,
  "summary_fg_k": 0.9590745654679012,
  "summary_fg_mad": 114.74195556970281,
  "summary_fg_mean": 657.9086576512387,
  "summary_fg_median": 673.5303955078125,
  "summary_fg_n": 26841.0,
  "summary_fg_p05": 407.2375793457031,
  "summary_fg_p95": 837.6685180664062,
  "summary_fg_stdv": 130.40130059149152,
  "tsnr": 72.0091265514493
}