{
  "aor": 0.0008468508287292819,
  "aqi": 0.006017532872928176,
  "bids_meta": {
    "Columns": 384,
    "EchoTime": 0.03,
    "EchoTrainLength": 1,
    "FlipAngle": 90.0,
    "ImageType": "ORIGINAL/PRIMARY/M/ND/MOSAIC",
    "ImagingFrequency": 123.253433,
    "InplanePhaseEncodingDirection": "COL",
    "InversionTime": 0.0,
    "MRAcquisitionType": "2D",
    "MagneticFieldStrength": 2.8936200141907,
    "Manufacturer": "SIEMENS",
    "ManufacturersModelName": "Allegra",
    "NumberOfAverages": 1.0,
    "NumberOfPhaseEncodingSteps": 64,
    "PercentPhaseFieldOfView": 100.0,
    "PhaseEncodingDirection": "j-",
    "PixelBandwidth": 2605.0,
    "PixelSpacing": [
      3.125,
      3.125
    ],
    "RepetitionTime": 2,
    "Rows": 384,
    "ScanOptions": "FS",
    "ScanningSequence": [
      "SE",
      "EP"
    ],
    "SequenceName": "*epfid2d1_64",
    "SequenceVariant": "SK",
    "SeriesDate": "18660909",
    "SeriesDescription": "BOLD EPI - Stopword1",
    "SeriesNumber": 7,
    "SeriesTime": "134934.046000",
    "SliceThickness": 4.0,
    "SpacingBetweenSlices": 3.9999999314767,
    "StudyID": "1",
    "StudyTime": "131355.156000",
    "dataset": "ds000007",
    "modality": "bold",
    "run_id": 1,
    "subject_id": "11",
    "task_id": "stopword"
  },
  "dummy_trs": 1,
  "dvars_nstd": 22.36835284755556,
  "dvars_std": 1.0599971742222216,
  "dvars_vstd": 1.0104573912222226,
  "efc": 0.4811205560311316,
  "fber": 2701.1328125,
  "fd_mean": 0.12386898053374479,
  "fd_num": 18,
  "fd_perc": 9.94475138121547,
  "fwhm_avg": 1.9766554,
  "fwhm_x": 1.9829568,
  "fwhm_y": 2.1807744,
  "fwhm_z": 1.766235,
  "gcor": 0.0150378,
  "gsr_x": 0.0045944275334477425,
  "gsr_y": 0.01760583184659481,
  "provenance": {
    "md5sum": "208b83121b6ab734158312ade8f1fd5c",
    "settings": {
      "fd_thres": 0.2,
      "testing": false
    },
    "software": "mriqc",
    "version": "23.1.0"
  },
  "size_t": 181,
  "size_x": 64,
  "size_y": 64,
  "size_z": 33,
  "snr": 5.207044625306063,
  "spacing_tr": 2.0,
  "spacing_x": 3.125,
  "spacing_y": 3.125,
  "spacing_z": 4.0,
  "summary_bg_k": 20.5146911342799,
  "summary_bg_mad": 4.9720414050711215,
  "summary_bg_mean": 33.67694484789871,
  "summary_bg_median": 13.022099494934082,
  "summary_bg_n": 108428.0,
  "summary_bg_p05": 9.154696464538574,
  "summary_bg_p95": 142.7734832763672,
  "summary_bg_stdv": 57.28800211097222,
  "summary_fg_k": 0.7881586284569893,
  "summary_fg_mad": 115.94195483847739,
  "summary_fg_mean": 661.1401212160856,
  "summary_fg_median": 676.7900695800781,
  "summary_fg_n": 26740.0,
  "summary_fg_p05": 411.2762451171875,
  "summary_fg_p95": 842.7597045898438,
  "summary_fg_stdv": 129.9734231506534,
  "tsnr": 63.192950778175145
}