{
  "aor": 0.0006419337016574585,
  "aqi": 0.006237322375690606,
  "bids_meta": {
    "Columns": 384,
    "EchoTime": 0.03,
    "EchoTrainLength": 1,
    "FlipAngle": 90.0,
    "ImageType": "ORIGINAL/PRIMARY/M/ND/MOSAIC",
    "ImagingFrequency": 123.253433,
    "InplanePhaseEncodingDirection": "COL",
    "InversionTime": 0.0,
    "MRAcquisitionType": "2D",
    "MagneticFieldStrength": 2.8936200141907,
    "Manufacturer": "SIEMENS",
    "ManufacturersModelName": "Allegra",
    "NumberOfAverages": 1.0,
    "NumberOfPhaseEncodingSteps": 64,
    "PercentPhaseFieldOfView": 100.0,
    "PhaseEncodingDirection": "j-",
    "PixelBandwidth": 2605.0,
    "PixelSpacing": [
      3.125,
      3.125
    ],
    "RepetitionTime": 2,
    "Rows": 384,
    "ScanOptions": "FS",
    "ScanningSequence": [
      "SE",
      "EP"
    ],
    "SequenceName": "*epfid2d1_64",
    "SequenceVariant": "SK",
    "SeriesDate": "18660909",
    "SeriesDescription": "BOLD EPI - Stopword2",
    "SeriesNumber": 8,
    "SeriesTime": "135728.250000",
    "SliceThickness": 4.0,
    "SpacingBetweenSlices": 3.9999999314767,
    "StudyID": "1",
    "StudyTime": "131355.156000",
    "dataset": "ds000007",
    "modality": "bold",
    "run_id": 2,
    "subject_id": "11",
    "task_id": "stopword"
  },
  "dummy_trs": 1,
  "dvars_nstd": 22.152935388388883,
  "dvars_std": 1.0619277427222227,
  "dvars_vstd": 1.0071084974999995,
  "efc": 0.4814997896141791,
  "fber": 2696.9130859375,
  "fd_mean": 0.10774191067711734,
  "fd_num": 9,
  "fd_perc": 4.972375690607735,
  "fwhm_avg": 1.9741642333333334,
  "fwhm_x": 1.9764992000000001,
  "fwhm_y": 2.173056,
  "fwhm_z": 1.7729375,
  "gcor": 0.0131789,
  "gsr_x": 0.004391777329146862,
  "gsr_y": 0.017529044300317764,
  "provenance": {
    "md5sum": "38041f2eae1b94ea42d4f604f9eeef2b",
    "settings": {
      "fd_thres": 0.2,
      "testing": false
    },
    "software": "mriqc",
    "version": "23.1.0"
  },
  "size_t": 181,
  "size_x": 64,
  "size_y": 64,
  "size_z": 33,
  "snr": 5.205911700951633,
  "spacing_tr": 2.0,
  "spacing_x": 3.125,
  "spacing_y": 3.125,
  "spacing_z": 4.0,
  "summary_bg_k": 20.489163093021922,
  "summary_bg_mad": 5.012997001862612,
  "summary_bg_mean": 33.751100903073,
  "summary_bg_median": 13.044198989868164,
  "summary_bg_n": 108392.0,
  "summary_bg_p05": 9.20442008972168,
  "summary_bg_p95": 143.1768035888672,
  "summary_bg_stdv": 57.23651562340134,
  "summary_fg_k": 0.8204011741311739,
  "summary_fg_mad": 115.77812113995418,
  "summary_fg_mean": 661.7677048287678,
  "summary_fg_median": 677.4088745117188,
  "summary_fg_n": 26776.0,
  "summary_fg_p05": 412.6353759765625,
  "summary_fg_p95": 843.9889526367188,
  "summary_fg_stdv": 130.1205751754405,
  "tsnr": 65.69347972224932
}