{
  "aor": 0.0036933516483516485,
  "aqi": 0.017474629285714284,
  "bids_meta": {
    "Columns": 384,
    "EchoTime": 0.03,
    "EchoTrainLength": 1,
    "FlipAngle": 90.0,
    "ImageType": "ORIGINAL/PRIMARY/M/ND/MOSAIC",
    "ImagingFrequency": 123.253291,
    "InplanePhaseEncodingDirection": "COL",
    "InversionTime": 0.0,
    "MRAcquisitionType": "2D",
    "MagneticFieldStrength": 2.8936200141907,
    "Manufacturer": "SIEMENS",
    "ManufacturersModelName": "Allegra",
    "NumberOfAverages": 1.0,
    "NumberOfPhaseEncodingSteps": 64,
    "PercentPhaseFieldOfView": 100.0,
    "PhaseEncodingDirection": "j-",
    "PixelBandwidth": 2605.0,
    "PixelSpacing": [
      3.125,
      3.125
    ],
    "RepetitionTime": 2,
    "Rows": 384,
    "ScanOptions": "FS",
    "ScanningSequence": [
      "SE",
      "EP"
    ],
    "SequenceName": "*epfid2d1_64",
    "SequenceVariant": "SK",
    "SeriesDate": "18660527",
    "SeriesDescription": "BOLD EPI - Stopmanual1",
    "SeriesNumber": 5,
    "SeriesTime": "140059.359000",
    "SliceThickness": 4.0,
    "SpacingBetweenSlices": 4.0000000005081,
    "StudyID": "1",
    "StudyTime": "133139.312000",
    "dataset": "ds000007",
    "modality": "bold",
    "run_id": 1,
    "subject_id": "07",
    "task_id": "stopmanual"
  },
  "dummy_trs": 0,
  "dvars_nstd": 25.48462523110498,
  "dvars_std": 1.1147957670718225,
  "dvars_vstd": 1.0414956569613263,
  "efc": 0.5702892925683797,
  "fber": 1457.01611328125,
  "fd_mean": 0.12200302341746758,
  "fd_num": 20,
  "fd_perc": 10.989010989010989,
  "fwhm_avg": 1.8502258333333332,
  "fwhm_x": 1.7938368,
  "fwhm_y": 2.1142431999999998,
  "fwhm_z": 1.6425975,
  "gcor": 0.0173034,
  "gsr_x": -0.011920866556465626,
  "gsr_y": 0.05275742709636688,
  "provenance": {
    "md5sum": "20863e1d73d700ce17c1e6a954e01787",
    "settings": {
      "fd_thres": 0.2,
      "testing": false
    },
    "software": "mriqc",
    "version": "23.1.0"
  },
  "size_t": 182,
  "size_x": 64,
  "size_y": 64,
  "size_z": 33,
  "snr": 5.587751843133959,
  "spacing_tr": 2.0,
  "spacing_x": 3.125,
  "spacing_y": 3.125,
  "spacing_z": 4.0,
  "summary_bg_k": 24.25687891149372,
  "summary_bg_mad": 9.384382713825485,
  "summary_bg_mean": 38.01359369248823,
  "summary_bg_median": 15.208791732788086,
  "summary_bg_n": 96415.0,
  "summary_bg_p05": 7.148351669311523,
  "summary_bg_p95": 157.84616088867188,
  "summary_bg_stdv": 60.15032220195257,
  "summary_fg_k": 1.5372380860996966,
  "summary_fg_mad": 84.30472202417737,
  "summary_fg_mean": 572.8530417889764,
  "summary_fg_median": 580.532958984375,
  "summary_fg_n": 38753.0,
  "summary_fg_p05": 376.24176025390625,
  "summary_fg_p95": 724.7088012695312,
  "summary_fg_stdv": 103.89249291401707,
  "tsnr": 47.26743304578122
}