{
  "bids_meta": {
    "Columns": 192,
    "EchoTime": 0.0021,
    "EchoTrainLength": 1,
    "FlipAngle": 8.0,
    "ImageType": "ORIGINAL/PRIMARY/M/ND",
    "ImagingFrequency": 123.253116,
    "InplanePhaseEncodingDirection": "ROW",
    "InversionTime": 1.1,
    "MRAcquisitionType": "3D",
    "MagneticFieldStrength": 2.8936200141907,
    "Manufacturer": "SIEMENS",
    "ManufacturersModelName": "Allegra",
    "NumberOfAverages": 1.0,
    "NumberOfPhaseEncodingSteps": 192,
    "PercentPhaseFieldOfView": 100.0,
    "PhaseEncodingDirection": "i-",
    "PixelBandwidth": 320.0,
    "PixelSpacing": [
      1.3333333333333,
      1.3333333333333
    ],
    "RepetitionTime": 2.3,
    "Rows": 192,
    "ScanOptions": "IR",
    "ScanningSequence": [
      "IR",
      "GR"
    ],
    "SequenceName": "*tfl3d1",
    "SequenceVariant": [
      "SP",
      "MP"
    ],
    "SeriesDate": "18660506",
    "SeriesDescription": "MPRage-3T",
    "SeriesNumber": 11,
    "SeriesTime": "171732.437000",
    "SliceThickness": 1.0,
    "StudyID": "1",
    "StudyTime": "160330.968000",
    "dataset": "ds000007",
    "modality": "T1w",
    "subject_id": "01"
  },
  "cjv": 0.5445997668920439,
  "cnr": 1.919281364990084,
  "efc": 0.5004036435585093,
  "fber": 15640.531808186413,
  "fwhm_avg": 4.7432717928426245,
  "fwhm_x": 5.386220642087536,
  "fwhm_y": 4.425899868097906,
  "fwhm_z": 4.417694868342433,
  "icvs_csf": 0.2806569214481644,
  "icvs_gm": 0.3803652341493931,
  "icvs_wm": 0.3389778444024425,
  "inu_med": 0.5516470074653625,
  "inu_range": 0.1887159645557403,
  "provenance": {
    "md5sum": "b51b98eca1e49fe6ee384abb61fcb773",
    "settings": {
      "testing": false
    },
    "software": "mriqc",
    "version": "23.1.0",
    "warnings": {
      "large_rot_frame": true,
      "small_air_mask": false
    }
  },
  "qi_1": 0.0,
  "qi_2": 0.0008384220863307399,
  "rpve_csf": 5.966977827907292,
  "rpve_gm": 5.899972563460822,
  "rpve_wm": 6.016918229476094,
  "size_x": 160,
  "size_y": 192,
  "size_z": 192,
  "snr_csf": 1.6972306804931727,
  "snr_gm": 3.4102220923950246,
  "snr_total": 4.937531599259091,
  "snr_wm": 9.705142024889076,
  "snrd_csf": 38.6053182271283,
  "snrd_gm": 79.80098382503802,
  "snrd_total": 83.7098687986721,
  "snrd_wm": 132.72330434385,
  "spacing_x": 0.9999998807907104,
  "spacing_y": 1.3333333730697632,
  "spacing_z": 1.3333333730697632,
  "summary_bg_k": 185.7657375288718,
  "summary_bg_mad": 4.740926820170102,
  "summary_bg_mean": 10.693888423786408,
  "summary_bg_median": 3.1977065466344357,
  "summary_bg_n": 2334674.0,
  "summary_bg_p05": 0.0,
  "summary_bg_p95": 31.778587128967047,
  "summary_bg_stdv": 36.70260030048179,
  "summary_csf_k": -0.6961174858597645,
  "summary_csf_mad": 135.8193793861145,
  "summary_csf_mean": 290.7488381046078,
  "summary_csf_median": 279.3692864328623,
  "summary_csf_n": 272015.2144921781,
  "summary_csf_p05": 50.43555084243417,
  "summary_csf_p95": 575.7415504343808,
  "summary_csf_stdv": 164.60271200933883,
  "summary_gm_k": -0.422690581294328,
  "summary_gm_mad": 126.37022179280994,
  "summary_gm_mean": 578.0856865811086,
  "summary_gm_median": 577.4837491735816,
  "summary_gm_n": 368653.40864798194,
  "summary_gm_p05": 298.62168515846133,
  "summary_gm_p95": 865.6742950454354,
  "summary_gm_stdv": 169.33881439185242,
  "summary_wm_k": -0.22942245838695818,
  "summary_wm_mad": 82.19786224763887,
  "summary_wm_mean": 935.886663088792,
  "summary_wm_median": 960.4587277173996,
  "summary_wm_n": 328540.37797267246,
  "summary_wm_p05": 743.0367356948555,
  "summary_wm_p95": 1057.9336445182562,
  "summary_wm_stdv": 98.96375174597219,
  "tpm_overlap_csf": 0.20424502235018133,
  "tpm_overlap_gm": 0.5379970278343912,
  "tpm_overlap_wm": 0.5457433315826304,
  "wm2max": 0.7349461795193464
}