{
  "bids_meta": {
    "Columns": 192,
    "EchoTime": 0.0021,
    "EchoTrainLength": 1,
    "FlipAngle": 8.0,
    "ImageType": "ORIGINAL/PRIMARY/M/ND",
    "ImagingFrequency": 123.25352,
    "InplanePhaseEncodingDirection": "ROW",
    "InversionTime": 1.1,
    "MRAcquisitionType": "3D",
    "MagneticFieldStrength": 3.0,
    "Manufacturer": "SIEMENS",
    "ManufacturersModelName": "Allegra",
    "NumberOfAverages": 1.0,
    "NumberOfPhaseEncodingSteps": 192,
    "PercentPhaseFieldOfView": 100.0,
    "PhaseEncodingDirection": "i-",
    "PixelBandwidth": 320.0,
    "PixelSpacing": [
      1.3333333333333,
      1.3333333333333
    ],
    "RepetitionTime": 2.3,
    "Rows": 192,
    "ScanOptions": "IR",
    "ScanningSequence": [
      "IR",
      "GR"
    ],
    "SequenceName": "*tfl3d1",
    "SequenceVariant": [
      "SP",
      "MP"
    ],
    "SeriesDate": "18661027",
    "SeriesDescription": "MPRage-3T",
    "SeriesNumber": 11,
    "SeriesTime": "193638.109000",
    "SliceThickness": 1.0,
    "StudyID": "1",
    "StudyTime": "182445.203000",
    "dataset": "ds000007",
    "modality": "T1w",
    "subject_id": "20"
  },
  "cjv": 0.5454614653103028,
  "cnr": 1.882460482786215,
  "efc": 0.49857748282011527,
  "fber": 14622.390532544377,
  "fwhm_avg": 4.265137421093958,
  "fwhm_x": 4.85247,
  "fwhm_y": 3.845017385409552,
  "fwhm_z": 4.097924877872321,
  "icvs_csf": 0.2684717625603435,
  "icvs_gm": 0.38345789885441667,
  "icvs_wm": 0.3480703385852399,
  "inu_med": 0.5770397186279297,
  "inu_range": 0.2812150925397873,
  "provenance": {
    "md5sum": "16a2a2bd23d048f3d433da8ad327b7e6",
    "settings": {
      "testing": false
    },
    "software": "mriqc",
    "version": "23.1.0",
    "warnings": {
      "large_rot_frame": true,
      "small_air_mask": false
    }
  },
  "qi_1": 0.0,
  "qi_2": 0.0010987611689459089,
  "rpve_csf": 6.762734719948924,
  "rpve_gm": 6.693080701148246,
  "rpve_wm": 6.826772069047659,
  "size_x": 160,
  "size_y": 192,
  "size_z": 192,
  "snr_csf": 2.355927717471702,
  "snr_gm": 4.602474921818598,
  "snr_total": 5.718379784501271,
  "snr_wm": 10.196736714213515,
  "snrd_csf": 47.84575444699508,
  "snrd_gm": 69.33379780144274,
  "snrd_total": 74.22237493807592,
  "snrd_wm": 105.48757256578992,
  "spacing_x": 1.0,
  "spacing_y": 1.3333333730697632,
  "spacing_z": 1.3333333730697632,
  "summary_bg_k": 277.23678700138015,
  "summary_bg_mad": 5.9764437893963125,
  "summary_bg_mean": 13.271132851934189,
  "summary_bg_median": 4.031050078570843,
  "summary_bg_n": 2024735.0,
  "summary_bg_p05": 0.0,
  "summary_bg_p95": 37.123792277649045,
  "summary_bg_stdv": 53.887504766064396,
  "summary_csf_k": -0.4222353343020586,
  "summary_csf_mad": 125.26303131559028,
  "summary_csf_mean": 423.09321895797115,
  "summary_csf_median": 436.47011830471456,
  "summary_csf_n": 229309.78667349846,
  "summary_csf_p05": 101.67506718449295,
  "summary_csf_p95": 709.4375770036131,
  "summary_csf_stdv": 185.26424361949526,
  "summary_gm_k": -0.6915183994853531,
  "summary_gm_mad": 105.19348696876618,
  "summary_gm_mean": 640.0693952548179,
  "summary_gm_median": 632.4935467876494,
  "summary_gm_n": 327522.8953168226,
  "summary_gm_p05": 427.2095978539437,
  "summary_gm_p95": 884.5703608226031,
  "summary_gm_stdv": 137.4244492277412,
  "summary_wm_k": 0.8709010107826991,
  "summary_wm_mad": 74.7055473674539,
  "summary_wm_mean": 942.4071592801545,
  "summary_wm_median": 962.3042589593679,
  "summary_wm_n": 297297.31844857906,
  "summary_wm_p05": 761.051360104233,
  "summary_wm_p95": 1062.1272220537066,
  "summary_wm_stdv": 94.37358907148622,
  "tpm_overlap_csf": 0.2194939326939496,
  "tpm_overlap_gm": 0.5441707324244741,
  "tpm_overlap_wm": 0.5401932880649913,
  "wm2max": 0.6371801114537683
}