{
  "bids_meta": {
    "Columns": 192,
    "EchoTime": 0.0021,
    "EchoTrainLength": 1,
    "FlipAngle": 8.0,
    "ImageType": "ORIGINAL/PRIMARY/M/ND",
    "ImagingFrequency": 123.253374,
    "InplanePhaseEncodingDirection": "ROW",
    "InversionTime": 1.1,
    "MRAcquisitionType": "3D",
    "MagneticFieldStrength": 2.8936200141907,
    "Manufacturer": "SIEMENS",
    "ManufacturersModelName": "Allegra",
    "NumberOfAverages": 1.0,
    "NumberOfPhaseEncodingSteps": 192,
    "PercentPhaseFieldOfView": 100.0,
    "PhaseEncodingDirection": "i-",
    "PixelBandwidth": 320.0,
    "PixelSpacing": [
      1.3333333333333,
      1.3333333333333
    ],
    "RepetitionTime": 2.3,
    "Rows": 192,
    "ScanOptions": "IR",
    "ScanningSequence": [
      "IR",
      "GR"
    ],
    "SequenceName": "*tfl3d1",
    "SequenceVariant": [
      "SP",
      "MP"
    ],
    "SeriesDate": "18660529",
    "SeriesDescription": "MPRage-3T",
    "SeriesNumber": 10,
    "SeriesTime": "151854.796000",
    "SliceThickness": 1.0,
    "StudyID": "1",
    "StudyTime": "135830.062000",
    "dataset": "ds000007",
    "modality": "T1w",
    "subject_id": "08"
  },
  "cjv": 0.5259481840007693,
  "cnr": 2.1095676329997293,
  "efc": 0.5215831058227905,
  "fber": 15254.60996389306,
  "fwhm_avg": 4.161334922430965,
  "fwhm_x": 4.67565,
  "fwhm_y": 3.9174073832521623,
  "fwhm_z": 3.8909473840407314,
  "icvs_csf": 0.2729902455460472,
  "icvs_gm": 0.3861841538181267,
  "icvs_wm": 0.3408256006358261,
  "inu_med": 0.5751297473907471,
  "inu_range": 0.2335720658302307,
  "provenance": {
    "md5sum": "bcff553774afdc5048f81ccc8b230a61",
    "settings": {
      "testing": false
    },
    "software": "mriqc",
    "version": "23.1.0",
    "warnings": {
      "large_rot_frame": true,
      "small_air_mask": false
    }
  },
  "qi_1": 0.0,
  "qi_2": 0.0005609360899863732,
  "rpve_csf": 6.6681811566535645,
  "rpve_gm": 6.607609341346754,
  "rpve_wm": 6.7444310233602875,
  "size_x": 160,
  "size_y": 192,
  "size_z": 192,
  "snr_csf": 2.190924123331625,
  "snr_gm": 4.484675574170057,
  "snr_total": 5.399349861355719,
  "snr_wm": 9.522449886565473,
  "snrd_csf": 48.81291496707979,
  "snrd_gm": 73.13160121214962,
  "snrd_total": 79.52074205388483,
  "snrd_wm": 116.61770998242507,
  "spacing_x": 1.0,
  "spacing_y": 1.3333333730697632,
  "spacing_z": 1.3333333730697632,
  "summary_bg_k": 228.19656133311116,
  "summary_bg_mad": 5.386450928365665,
  "summary_bg_mean": 10.390193329360303,
  "summary_bg_median": 3.63310594111681,
  "summary_bg_n": 1964316.0,
  "summary_bg_p05": 0.0,
  "summary_bg_p95": 38.19738095626235,
  "summary_bg_stdv": 24.70744320716435,
  "summary_csf_k": -0.6074968876247477,
  "summary_csf_mad": 127.28257330727085,
  "summary_csf_mean": 390.4624533729006,
  "summary_csf_median": 401.33378505706787,
  "summary_csf_n": 236344.3080382012,
  "summary_csf_p05": 82.49141229316592,
  "summary_csf_p95": 676.2056222185493,
  "summary_csf_stdv": 183.1797512919523,
  "summary_gm_k": -0.6850006467873238,
  "summary_gm_mad": 104.74064510705564,
  "summary_gm_mean": 605.7262200768746,
  "summary_gm_median": 601.279033254832,
  "summary_gm_n": 334343.17928428634,
  "summary_gm_p05": 392.7487059496343,
  "summary_gm_p95": 832.4789462611079,
  "summary_gm_stdv": 134.07394227642143,
  "summary_wm_k": -0.3076796359894458,
  "summary_wm_mad": 83.30552189212104,
  "summary_wm_mean": 935.1959805909323,
  "summary_wm_median": 958.8164727203548,
  "summary_wm_n": 295073.51291198906,
  "summary_wm_p05": 739.6356704644859,
  "summary_wm_p95": 1060.991356242448,
  "summary_wm_stdv": 100.68993372849413,
  "tpm_overlap_csf": 0.2256909834676736,
  "tpm_overlap_gm": 0.5493063366386446,
  "tpm_overlap_wm": 0.5469760635307045,
  "wm2max": 0.6804846320031356
}