{
  "bids_meta": {
    "Columns": 192,
    "EchoTime": 0.0021,
    "EchoTrainLength": 1,
    "FlipAngle": 8.0,
    "ImageType": "ORIGINAL/PRIMARY/M/ND",
    "ImagingFrequency": 123.253313,
    "InplanePhaseEncodingDirection": "ROW",
    "InversionTime": 1.1,
    "MRAcquisitionType": "3D",
    "MagneticFieldStrength": 2.8936200141907,
    "Manufacturer": "SIEMENS",
    "ManufacturersModelName": "Allegra",
    "NumberOfAverages": 1.0,
    "NumberOfPhaseEncodingSteps": 192,
    "PercentPhaseFieldOfView": 100.0,
    "PhaseEncodingDirection": "i-",
    "PixelBandwidth": 320.0,
    "PixelSpacing": [
      1.3333333333333,
      1.3333333333333
    ],
    "RepetitionTime": 2.3,
    "Rows": 192,
    "ScanOptions": "IR",
    "ScanningSequence": [
      "IR",
      "GR"
    ],
    "SequenceName": "*tfl3d1",
    "SequenceVariant": [
      "SP",
      "MP"
    ],
    "SeriesDate": "18660527",
    "SeriesDescription": "MPRage-3T",
    "SeriesNumber": 10,
    "SeriesTime": "144145.984000",
    "SliceThickness": 1.0,
    "StudyID": "1",
    "StudyTime": "133139.312000",
    "dataset": "ds000007",
    "modality": "T1w",
    "subject_id": "07"
  },
  "cjv": 0.5271147357457692,
  "cnr": 1.8761222339971009,
  "efc": 0.52313140485666,
  "fber": 15781.232754258728,
  "fwhm_avg": 4.319995753118523,
  "fwhm_x": 4.8853,
  "fwhm_y": 4.0296973799056595,
  "fwhm_z": 4.044989879449908,
  "icvs_csf": 0.28051997887993235,
  "icvs_gm": 0.3792526977549885,
  "icvs_wm": 0.3402273233650792,
  "inu_med": 0.5229045748710632,
  "inu_range": 0.20014072954654694,
  "provenance": {
    "md5sum": "3ac2a72173cacaacb9c9cd1d50fa4cc7",
    "settings": {
      "testing": false
    },
    "software": "mriqc",
    "version": "23.1.0",
    "warnings": {
      "large_rot_frame": true,
      "small_air_mask": false
    }
  },
  "qi_1": 0.0,
  "qi_2": 0.0008225428141330057,
  "rpve_csf": 5.842436115957554,
  "rpve_gm": 5.7662573341013195,
  "rpve_wm": 5.900818947025372,
  "size_x": 160,
  "size_y": 192,
  "size_z": 192,
  "snr_csf": 2.009634570333124,
  "snr_gm": 3.6666065345729755,
  "snr_total": 4.979215592374726,
  "snr_wm": 9.261405672218077,
  "snrd_csf": 49.62343695543445,
  "snrd_gm": 82.22491770296546,
  "snrd_total": 88.30817073430842,
  "snrd_wm": 133.07615754452533,
  "spacing_x": 1.0,
  "spacing_y": 1.3333333730697632,
  "spacing_z": 1.3333333730697632,
  "summary_bg_k": 204.95047126711412,
  "summary_bg_mad": 4.710198286522479,
  "summary_bg_mean": 10.97539448825804,
  "summary_bg_median": 3.1769804656505585,
  "summary_bg_n": 1994032.0,
  "summary_bg_p05": 0.0,
  "summary_bg_p95": 34.19792544096708,
  "summary_bg_stdv": 36.15706765910266,
  "summary_csf_k": -0.5245214148457458,
  "summary_csf_mad": 130.20333834887137,
  "summary_csf_mean": 352.01205368735555,
  "summary_csf_median": 356.7749062925577,
  "summary_csf_n": 276600.27334753145,
  "summary_csf_p05": 68.62277805805206,
  "summary_csf_p95": 636.8030416220427,
  "summary_csf_stdv": 177.5319088505431,
  "summary_gm_k": 0.02813139282665844,
  "summary_gm_mad": 112.50645050093691,
  "summary_gm_mean": 597.1114886214824,
  "summary_gm_median": 591.1679865047336,
  "summary_gm_n": 373953.39998837747,
  "summary_gm_p05": 338.7341957911849,
  "summary_gm_p95": 887.4668003618717,
  "summary_gm_stdv": 161.23006122963636,
  "summary_wm_k": -0.19602291358824164,
  "summary_wm_mad": 80.20794796478278,
  "summary_wm_mean": 928.2691631088643,
  "summary_wm_median": 956.7703599482775,
  "summary_wm_n": 335473.3271363869,
  "summary_wm_p05": 722.3999724537134,
  "summary_wm_p95": 1050.5139764025807,
  "summary_wm_stdv": 103.3070969795268,
  "tpm_overlap_csf": 0.20754706999617525,
  "tpm_overlap_gm": 0.5384809764104572,
  "tpm_overlap_wm": 0.5322550304726451,
  "wm2max": 0.7239881350567402
}