{
  "bids_meta": {
    "Columns": 192,
    "EchoTime": 0.0021,
    "EchoTrainLength": 1,
    "FlipAngle": 8.0,
    "ImageType": "ORIGINAL/PRIMARY/M/ND",
    "ImagingFrequency": 123.253371,
    "InplanePhaseEncodingDirection": "ROW",
    "InversionTime": 1.1,
    "MRAcquisitionType": "3D",
    "MagneticFieldStrength": 2.8936200141907,
    "Manufacturer": "SIEMENS",
    "ManufacturersModelName": "Allegra",
    "NumberOfAverages": 1.0,
    "NumberOfPhaseEncodingSteps": 192,
    "PercentPhaseFieldOfView": 100.0,
    "PhaseEncodingDirection": "i-",
    "PixelBandwidth": 320.0,
    "PixelSpacing": [
      1.3333333333333,
      1.3333333333333
    ],
    "RepetitionTime": 2.3,
    "Rows": 192,
    "ScanOptions": "IR",
    "ScanningSequence": [
      "IR",
      "GR"
    ],
    "SequenceName": "*tfl3d1",
    "SequenceVariant": [
      "SP",
      "MP"
    ],
    "SeriesDate": "18660511",
    "SeriesDescription": "MPRage-3T",
    "SeriesNumber": 10,
    "SeriesTime": "100214.421000",
    "SliceThickness": 1.0,
    "StudyID": "1",
    "StudyTime": "084636.203000",
    "dataset": "ds000007",
    "modality": "T1w",
    "subject_id": "04"
  },
  "cjv": 0.6174654189184344,
  "cnr": 1.6737510829813278,
  "efc": 0.5376645199648111,
  "fber": 11247.587685508674,
  "fwhm_avg": 4.141559089346257,
  "fwhm_x": 4.64135,
  "fwhm_y": 3.8559823850827697,
  "fwhm_z": 3.927344882956002,
  "icvs_csf": 0.27071412000587847,
  "icvs_gm": 0.3800494509424354,
  "icvs_wm": 0.34923642905168617,
  "inu_med": 0.6454461812973022,
  "inu_range": 0.31265801191329956,
  "provenance": {
    "md5sum": "25b51af3cb1ed56ff5493723f441ed1c",
    "settings": {
      "testing": false
    },
    "software": "mriqc",
    "version": "23.1.0",
    "warnings": {
      "large_rot_frame": true,
      "small_air_mask": false
    }
  },
  "qi_1": 0.0,
  "qi_2": 0.0005955245460891222,
  "rpve_csf": 6.37363751031912,
  "rpve_gm": 6.278403270824039,
  "rpve_wm": 6.412357018560069,
  "size_x": 160,
  "size_y": 192,
  "size_z": 192,
  "snr_csf": 2.1695554421821237,
  "snr_gm": 3.948178894420535,
  "snr_total": 4.570978574518515,
  "snr_wm": 7.595201386952885,
  "snrd_csf": 39.6635023057997,
  "snrd_gm": 62.535458713945715,
  "snrd_total": 66.46675118736788,
  "snrd_wm": 97.20129254235819,
  "spacing_x": 1.0,
  "spacing_y": 1.3333333730697632,
  "spacing_z": 1.3333333730697632,
  "summary_bg_k": 167.7156208797641,
  "summary_bg_mad": 6.3000092425849585,
  "summary_bg_mean": 14.468367546757133,
  "summary_bg_median": 4.249291660264134,
  "summary_bg_n": 1990258.0,
  "summary_bg_p05": 0.0,
  "summary_bg_p95": 50.444807428866625,
  "summary_bg_stdv": 36.374982084750485,
  "summary_csf_k": -0.6503486632475446,
  "summary_csf_mad": 122.38965323898965,
  "summary_csf_mean": 375.7677459368783,
  "summary_csf_median": 381.417413411662,
  "summary_csf_n": 245071.8078499555,
  "summary_csf_p05": 87.76899499446154,
  "summary_csf_p95": 655.4097516927868,
  "summary_csf_stdv": 175.80405083007943,
  "summary_gm_k": -0.6445277133282556,
  "summary_gm_mad": 106.28962961905032,
  "summary_gm_mean": 606.0316455794867,
  "summary_gm_median": 601.3617437332869,
  "summary_gm_n": 344050.7869069524,
  "summary_gm_p05": 362.0595291815698,
  "summary_gm_p95": 876.7456629090011,
  "summary_gm_stdv": 152.3134806883253,
  "summary_wm_k": -0.46248569374314297,
  "summary_wm_mad": 99.54751446470502,
  "summary_wm_mean": 908.0056365893795,
  "summary_wm_median": 934.7199169639498,
  "summary_wm_n": 316156.4052621302,
  "summary_wm_p05": 672.8542121928185,
  "summary_wm_p95": 1069.4299174919724,
  "summary_wm_stdv": 123.06697230081444,
  "tpm_overlap_csf": 0.2319852630426527,
  "tpm_overlap_gm": 0.5500823295322613,
  "tpm_overlap_wm": 0.5579107182310846,
  "wm2max": 0.6646976196164815
}