{
  "bids_meta": {
    "Columns": 192,
    "EchoTime": 0.0021,
    "EchoTrainLength": 1,
    "FlipAngle": 8.0,
    "ImageType": "ORIGINAL/PRIMARY/M/ND",
    "ImagingFrequency": 123.253129,
    "InplanePhaseEncodingDirection": "ROW",
    "InversionTime": 1.1,
    "MRAcquisitionType": "3D",
    "MagneticFieldStrength": 2.8936200141907,
    "Manufacturer": "SIEMENS",
    "ManufacturersModelName": "Allegra",
    "NumberOfAverages": 1.0,
    "NumberOfPhaseEncodingSteps": 192,
    "PercentPhaseFieldOfView": 100.0,
    "PhaseEncodingDirection": "i-",
    "PixelBandwidth": 320.0,
    "PixelSpacing": [
      1.3333333333333,
      1.3333333333333
    ],
    "RepetitionTime": 2.3,
    "Rows": 192,
    "ScanOptions": "IR",
    "ScanningSequence": [
      "IR",
      "GR"
    ],
    "SequenceName": "*tfl3d1",
    "SequenceVariant": [
      "SP",
      "MP"
    ],
    "SeriesDate": "18660510",
    "SeriesDescription": "MPRage-3T",
    "SeriesNumber": 4,
    "SeriesTime": "093600.312000",
    "SliceThickness": 1.0,
    "StudyID": "1",
    "StudyTime": "090723.203000",
    "dataset": "ds000007",
    "modality": "T1w",
    "subject_id": "02"
  },
  "cjv": 0.5942466812857495,
  "cnr": 1.7136891185134477,
  "efc": 0.5006771085790246,
  "fber": 7849.60382313578,
  "fwhm_avg": 4.193963256732128,
  "fwhm_x": 4.87096,
  "fwhm_y": 3.783449887244407,
  "fwhm_z": 3.9274798829519786,
  "icvs_csf": 0.2727767223171332,
  "icvs_gm": 0.37941780626638844,
  "icvs_wm": 0.3478054714164785,
  "inu_med": 0.6321567296981812,
  "inu_range": 0.28557054847478863,
  "provenance": {
    "md5sum": "3d4d3fbeefca59e01d45d5bbec4818dd",
    "settings": {
      "testing": false
    },
    "software": "mriqc",
    "version": "23.1.0",
    "warnings": {
      "large_rot_frame": true,
      "small_air_mask": false
    }
  },
  "qi_1": 0.0,
  "qi_2": 0.0008509951893290312,
  "rpve_csf": 7.4192925400417655,
  "rpve_gm": 7.3330205972305045,
  "rpve_wm": 7.460708960164699,
  "size_x": 160,
  "size_y": 192,
  "size_z": 192,
  "snr_csf": 2.0627542132793284,
  "snr_gm": 4.1997545619915275,
  "snr_total": 5.152244404841574,
  "snr_wm": 9.194224439253867,
  "snrd_csf": 31.92892324793587,
  "snrd_gm": 51.33243598472583,
  "snrd_total": 53.588120367505155,
  "snrd_wm": 77.50300186985376,
  "spacing_x": 1.0,
  "spacing_y": 1.3333333730697632,
  "spacing_z": 1.3333333730697632,
  "summary_bg_k": 189.517719349992,
  "summary_bg_mad": 8.043202269341853,
  "summary_bg_mean": 15.353923143805972,
  "summary_bg_median": 5.425057489424944,
  "summary_bg_n": 1515085.0,
  "summary_bg_p05": 0.0,
  "summary_bg_p95": 46.80887299776077,
  "summary_bg_stdv": 43.86713923127712,
  "summary_csf_k": -0.6811506308774282,
  "summary_csf_mad": 132.3970048942973,
  "summary_csf_mean": 387.5128676317565,
  "summary_csf_median": 391.99590791389346,
  "summary_csf_n": 212941.51173078184,
  "summary_csf_p05": 77.93904581665993,
  "summary_csf_p95": 689.9764216393232,
  "summary_csf_stdv": 190.03475302988,
  "summary_gm_k": -0.7277677388886916,
  "summary_gm_mad": 108.77273016602098,
  "summary_gm_mean": 634.9311581514919,
  "summary_gm_median": 630.2155789285898,
  "summary_gm_n": 296190.2341139282,
  "summary_gm_p05": 395.03507624566555,
  "summary_gm_p95": 905.0756905786693,
  "summary_gm_stdv": 150.05984415413823,
  "summary_wm_k": 0.22621500522403704,
  "summary_wm_mad": 82.15857396589506,
  "summary_wm_mean": 927.5553823235027,
  "summary_wm_median": 951.515318825841,
  "summary_wm_n": 271512.2545741151,
  "summary_wm_p05": 728.8607342205942,
  "summary_wm_p95": 1058.9655412472785,
  "summary_wm_stdv": 103.4903566755108,
  "tpm_overlap_csf": 0.21088684141632902,
  "tpm_overlap_gm": 0.5467097051980223,
  "tpm_overlap_wm": 0.5599183375580188,
  "wm2max": 0.5956733082551318
}