{
  "aor": 0.0006030386740331491,
  "aqi": 0.00923717276243094,
  "bids_meta": {
    "Columns": 384,
    "EchoTime": 0.03,
    "EchoTrainLength": 1,
    "FlipAngle": 90.0,
    "ImageType": "ORIGINAL/PRIMARY/M/ND/MOSAIC",
    "ImagingFrequency": 123.253291,
    "InplanePhaseEncodingDirection": "COL",
    "InversionTime": 0.0,
    "MRAcquisitionType": "2D",
    "MagneticFieldStrength": 2.8936200141907,
    "Manufacturer": "SIEMENS",
    "ManufacturersModelName": "Allegra",
    "NumberOfAverages": 1.0,
    "NumberOfPhaseEncodingSteps": 64,
    "PercentPhaseFieldOfView": 100.0,
    "PhaseEncodingDirection": "j-",
    "PixelBandwidth": 2605.0,
    "PixelSpacing": [
      3.125,
      3.125
    ],
    "RepetitionTime": 2,
    "Rows": 384,
    "ScanOptions": "FS",
    "ScanningSequence": [
      "SE",
      "EP"
    ],
    "SequenceName": "*epfid2d1_64",
    "SequenceVariant": "SK",
    "SeriesDate": "18660527",
    "SeriesDescription": "BOLD EPI - Stopvocal1",
    "SeriesNumber": 3,
    "SeriesTime": "134514.921000",
    "SliceThickness": 4.0,
    "SpacingBetweenSlices": 4.0000000005081,
    "StudyID": "1",
    "StudyTime": "133139.312000",
    "dataset": "ds000007",
    "modality": "bold",
    "run_id": 1,
    "subject_id": "07",
    "task_id": "stopvocal"
  },
  "dummy_trs": 1,
  "dvars_nstd": 26.787409051333327,
  "dvars_std": 1.111091192111112,
  "dvars_vstd": 1.006657854,
  "efc": 0.56866191003837,
  "fber": 1530.991943359375,
  "fd_mean": 0.09489870804972882,
  "fd_num": 5,
  "fd_perc": 2.7624309392265194,
  "fwhm_avg": 1.8451175,
  "fwhm_x": 1.7953024,
  "fwhm_y": 2.0997376,
  "fwhm_z": 1.6403125,
  "gcor": 0.011397,
  "gsr_x": -0.011520165018737316,
  "gsr_y": 0.05039943382143974,
  "provenance": {
    "md5sum": "58a4ec7b5ceaa60f7efab685d3419ce9",
    "settings": {
      "fd_thres": 0.2,
      "testing": false
    },
    "software": "mriqc",
    "version": "23.1.0"
  },
  "size_t": 181,
  "size_x": 64,
  "size_y": 64,
  "size_z": 33,
  "snr": 5.594483990064337,
  "spacing_tr": 2.0,
  "spacing_x": 3.125,
  "spacing_y": 3.125,
  "spacing_z": 4.0,
  "summary_bg_k": 21.125795288688654,
  "summary_bg_mad": 8.150217490453455,
  "summary_bg_mean": 37.73621055262296,
  "summary_bg_median": 15.055249214172363,
  "summary_bg_n": 96452.0,
  "summary_bg_p05": 9.149171829223633,
  "summary_bg_p95": 157.13812255859375,
  "summary_bg_stdv": 59.33870211751359,
  "summary_fg_k": 1.7422090905384842,
  "summary_fg_mad": 84.60252743806298,
  "summary_fg_mean": 581.1894776951935,
  "summary_fg_median": 589.0801391601562,
  "summary_fg_n": 38716.0,
  "summary_fg_p05": 383.4198913574219,
  "summary_fg_p95": 733.569091796875,
  "summary_fg_stdv": 105.29523946229958,
  "tsnr": 59.25813531386666
}