{
  "aor": 0.0011814364640883978,
  "aqi": 0.014041999834254146,
  "bids_meta": {
    "Columns": 384,
    "EchoTime": 0.03,
    "EchoTrainLength": 1,
    "FlipAngle": 90.0,
    "ImageType": "ORIGINAL/PRIMARY/M/ND/MOSAIC",
    "ImagingFrequency": 123.253291,
    "InplanePhaseEncodingDirection": "COL",
    "InversionTime": 0.0,
    "MRAcquisitionType": "2D",
    "MagneticFieldStrength": 2.8936200141907,
    "Manufacturer": "SIEMENS",
    "ManufacturersModelName": "Allegra",
    "NumberOfAverages": 1.0,
    "NumberOfPhaseEncodingSteps": 64,
    "PercentPhaseFieldOfView": 100.0,
    "PhaseEncodingDirection": "j-",
    "PixelBandwidth": 2605.0,
    "PixelSpacing": [
      3.125,
      3.125
    ],
    "RepetitionTime": 2,
    "Rows": 384,
    "ScanOptions": "FS",
    "ScanningSequence": [
      "SE",
      "EP"
    ],
    "SequenceName": "*epfid2d1_64",
    "SequenceVariant": "SK",
    "SeriesDate": "18660527",
    "SeriesDescription": "BOLD EPI - Stopmanual2",
    "SeriesNumber": 6,
    "SeriesTime": "140850.343000",
    "SliceThickness": 4.0,
    "SpacingBetweenSlices": 4.0000000005081,
    "StudyID": "1",
    "StudyTime": "133139.312000",
    "dataset": "ds000007",
    "modality": "bold",
    "run_id": 2,
    "subject_id": "07",
    "task_id": "stopmanual"
  },
  "dummy_trs": 1,
  "dvars_nstd": 24.968126848000004,
  "dvars_std": 1.0714297105000006,
  "dvars_vstd": 0.9925871687222221,
  "efc": 0.5696353717880069,
  "fber": 1484.8721923828125,
  "fd_mean": 0.10777631355762267,
  "fd_num": 17,
  "fd_perc": 9.392265193370166,
  "fwhm_avg": 1.8455829333333333,
  "fwhm_x": 1.79136,
  "fwhm_y": 2.0900288000000002,
  "fwhm_z": 1.65536,
  "gcor": 0.0185154,
  "gsr_x": -0.011203701607882977,
  "gsr_y": 0.05332990363240242,
  "provenance": {
    "md5sum": "c641b1567c3e674918e0ddaf16ca050f",
    "settings": {
      "fd_thres": 0.2,
      "testing": false
    },
    "software": "mriqc",
    "version": "23.1.0"
  },
  "size_t": 181,
  "size_x": 64,
  "size_y": 64,
  "size_z": 33,
  "snr": 5.586011427717503,
  "spacing_tr": 2.0,
  "spacing_x": 3.125,
  "spacing_y": 3.125,
  "spacing_z": 4.0,
  "summary_bg_k": 23.370966235633517,
  "summary_bg_mad": 9.264216509996334,
  "summary_bg_mean": 37.93893284459609,
  "summary_bg_median": 15.176795959472656,
  "summary_bg_n": 96441.0,
  "summary_bg_p05": 7.441989421844482,
  "summary_bg_p95": 156.81768798828125,
  "summary_bg_stdv": 59.5759663905566,
  "summary_fg_k": 1.6374492493993325,
  "summary_fg_mad": 84.14790136715403,
  "summary_fg_mean": 576.9435576580919,
  "summary_fg_median": 584.8232421875,
  "summary_fg_n": 38727.0,
  "summary_fg_p05": 377.71826171875,
  "summary_fg_p95": 728.4033203125,
  "summary_fg_stdv": 104.69289207840521,
  "tsnr": 51.80844861827791
}