{
  "aor": 0.00147646408839779,
  "aqi": 0.011783961270718232,
  "bids_meta": {
    "Columns": 384,
    "EchoTime": 0.03,
    "EchoTrainLength": 1,
    "FlipAngle": 90.0,
    "ImageType": "ORIGINAL/PRIMARY/M/ND/MOSAIC",
    "ImagingFrequency": 123.253291,
    "InplanePhaseEncodingDirection": "COL",
    "InversionTime": 0.0,
    "MRAcquisitionType": "2D",
    "MagneticFieldStrength": 2.8936200141907,
    "Manufacturer": "SIEMENS",
    "ManufacturersModelName": "Allegra",
    "NumberOfAverages": 1.0,
    "NumberOfPhaseEncodingSteps": 64,
    "PercentPhaseFieldOfView": 100.0,
    "PhaseEncodingDirection": "j-",
    "PixelBandwidth": 2605.0,
    "PixelSpacing": [
      3.125,
      3.125
    ],
    "RepetitionTime": 2,
    "Rows": 384,
    "ScanOptions": "FS",
    "ScanningSequence": [
      "SE",
      "EP"
    ],
    "SequenceName": "*epfid2d1_64",
    "SequenceVariant": "SK",
    "SeriesDate": "18660527",
    "SeriesDescription": "BOLD EPI - Stopvocal2",
    "SeriesNumber": 4,
    "SeriesTime": "135315.781000",
    "SliceThickness": 4.0,
    "SpacingBetweenSlices": 4.0000000005081,
    "StudyID": "1",
    "StudyTime": "133139.312000",
    "dataset": "ds000007",
    "modality": "bold",
    "run_id": 2,
    "subject_id": "07",
    "task_id": "stopvocal"
  },
  "dummy_trs": 1,
  "dvars_nstd": 28.14099593688887,
  "dvars_std": 1.1337264745555555,
  "dvars_vstd": 1.0222800437222213,
  "efc": 0.569229832985326,
  "fber": 1536.1036376953125,
  "fd_mean": 0.13684796841274208,
  "fd_num": 25,
  "fd_perc": 13.812154696132596,
  "fwhm_avg": 1.8327666,
  "fwhm_x": 1.7846816,
  "fwhm_y": 2.0912032,
  "fwhm_z": 1.622415,
  "gcor": 0.0150762,
  "gsr_x": -0.011699031107127666,
  "gsr_y": 0.05295602232217789,
  "provenance": {
    "md5sum": "3607e74edba19e7559a17a5e960583c1",
    "settings": {
      "fd_thres": 0.2,
      "testing": false
    },
    "software": "mriqc",
    "version": "23.1.0"
  },
  "size_t": 181,
  "size_x": 64,
  "size_y": 64,
  "size_z": 33,
  "snr": 5.602852611234509,
  "spacing_tr": 2.0,
  "spacing_x": 3.125,
  "spacing_y": 3.125,
  "spacing_z": 4.0,
  "summary_bg_k": 22.417473029968097,
  "summary_bg_mad": 8.600730469079501,
  "summary_bg_mean": 38.061660014527384,
  "summary_bg_median": 15.01657485961914,
  "summary_bg_n": 96426.0,
  "summary_bg_p05": 7.6519341468811035,
  "summary_bg_p95": 158.54144287109375,
  "summary_bg_stdv": 60.44815390380301,
  "summary_fg_k": 1.705167362309874,
  "summary_fg_mad": 85.11036213351302,
  "summary_fg_mean": 580.6232097421025,
  "summary_fg_median": 588.5469970703125,
  "summary_fg_n": 38742.0,
  "summary_fg_p05": 383.8895263671875,
  "summary_fg_p95": 733.6243286132812,
  "summary_fg_stdv": 105.04281339085068,
  "tsnr": 54.211284153629094
}