{
  "aor": 0.001486978021978022,
  "aqi": 0.016339264615384617,
  "bids_meta": {
    "Columns": 384,
    "EchoTime": 0.03,
    "EchoTrainLength": 1,
    "FlipAngle": 90.0,
    "ImageType": "ORIGINAL/PRIMARY/M/ND/MOSAIC",
    "ImagingFrequency": 123.253291,
    "InplanePhaseEncodingDirection": "COL",
    "InversionTime": 0.0,
    "MRAcquisitionType": "2D",
    "MagneticFieldStrength": 2.8936200141907,
    "Manufacturer": "SIEMENS",
    "ManufacturersModelName": "Allegra",
    "NumberOfAverages": 1.0,
    "NumberOfPhaseEncodingSteps": 64,
    "PercentPhaseFieldOfView": 100.0,
    "PhaseEncodingDirection": "j-",
    "PixelBandwidth": 2605.0,
    "PixelSpacing": [
      3.125,
      3.125
    ],
    "RepetitionTime": 2,
    "Rows": 384,
    "ScanOptions": "FS",
    "ScanningSequence": [
      "SE",
      "EP"
    ],
    "SequenceName": "*epfid2d1_64",
    "SequenceVariant": "SK",
    "SeriesDate": "18660527",
    "SeriesDescription": "BOLD EPI - Stopword1",
    "SeriesNumber": 8,
    "SeriesTime": "142016.125000",
    "SliceThickness": 4.0,
    "SpacingBetweenSlices": 4.0000000005081,
    "StudyID": "1",
    "StudyTime": "133139.312000",
    "dataset": "ds000007",
    "modality": "bold",
    "run_id": 1,
    "subject_id": "07",
    "task_id": "stopword"
  },
  "dummy_trs": 0,
  "dvars_nstd": 28.55339511845303,
  "dvars_std": 1.0957495335359115,
  "dvars_vstd": 1.000210733480663,
  "efc": 0.5699495730225165,
  "fber": 1494.60205078125,
  "fd_mean": 0.18651121480507263,
  "fd_num": 65,
  "fd_perc": 35.714285714285715,
  "fwhm_avg": 1.8384645,
  "fwhm_x": 1.8072640000000002,
  "fwhm_y": 2.097152,
  "fwhm_z": 1.6109775,
  "gcor": 0.0180374,
  "gsr_x": -0.009742680005729198,
  "gsr_y": 0.05128350481390953,
  "provenance": {
    "md5sum": "e97906607128e5e762a981431c4ef234",
    "settings": {
      "fd_thres": 0.2,
      "testing": false
    },
    "software": "mriqc",
    "version": "23.1.0"
  },
  "size_t": 182,
  "size_x": 64,
  "size_y": 64,
  "size_z": 33,
  "snr": 5.645126846995216,
  "spacing_tr": 2.0,
  "spacing_x": 3.125,
  "spacing_y": 3.125,
  "spacing_z": 4.0,
  "summary_bg_k": 19.88210775350092,
  "summary_bg_mad": 9.213313988416191,
  "summary_bg_mean": 38.58478563010572,
  "summary_bg_median": 15.307692527770996,
  "summary_bg_n": 96500.0,
  "summary_bg_p05": 6.414835214614868,
  "summary_bg_p95": 161.35165405273438,
  "summary_bg_stdv": 59.806649066755156,
  "summary_fg_k": 1.6691740838369773,
  "summary_fg_mad": 85.32297040453224,
  "summary_fg_mean": 584.454977612196,
  "summary_fg_median": 591.7966918945312,
  "summary_fg_n": 38668.0,
  "summary_fg_p05": 387.18133544921875,
  "summary_fg_p95": 737.0549926757812,
  "summary_fg_stdv": 104.83184091434465,
  "tsnr": 48.528321035555564
}