{
  "aor": 0.0009161538461538462,
  "aqi": 0.014721736593406594,
  "bids_meta": {
    "Columns": 384,
    "EchoTime": 0.03,
    "EchoTrainLength": 1,
    "FlipAngle": 90.0,
    "ImageType": "ORIGINAL/PRIMARY/M/ND/MOSAIC",
    "ImagingFrequency": 123.253291,
    "InplanePhaseEncodingDirection": "COL",
    "InversionTime": 0.0,
    "MRAcquisitionType": "2D",
    "MagneticFieldStrength": 2.8936200141907,
    "Manufacturer": "SIEMENS",
    "ManufacturersModelName": "Allegra",
    "NumberOfAverages": 1.0,
    "NumberOfPhaseEncodingSteps": 64,
    "PercentPhaseFieldOfView": 100.0,
    "PhaseEncodingDirection": "j-",
    "PixelBandwidth": 2605.0,
    "PixelSpacing": [
      3.125,
      3.125
    ],
    "RepetitionTime": 2,
    "Rows": 384,
    "ScanOptions": "FS",
    "ScanningSequence": [
      "SE",
      "EP"
    ],
    "SequenceName": "*epfid2d1_64",
    "SequenceVariant": "SK",
    "SeriesDate": "18660527",
    "SeriesDescription": "BOLD EPI - Stopword2",
    "SeriesNumber": 9,
    "SeriesTime": "142801.953000",
    "SliceThickness": 4.0,
    "SpacingBetweenSlices": 4.0000000005081,
    "StudyID": "1",
    "StudyTime": "133139.312000",
    "dataset": "ds000007",
    "modality": "bold",
    "run_id": 2,
    "subject_id": "07",
    "task_id": "stopword"
  },
  "dummy_trs": 0,
  "dvars_nstd": 29.66583538574585,
  "dvars_std": 1.094741743480663,
  "dvars_vstd": 0.9925946888397785,
  "efc": 0.570524746767192,
  "fber": 1443.6922607421875,
  "fd_mean": 0.17569361143818235,
  "fd_num": 54,
  "fd_perc": 29.67032967032967,
  "fwhm_avg": 1.821517433333333,
  "fwhm_x": 1.771184,
  "fwhm_y": 2.0582208,
  "fwhm_z": 1.6351475,
  "gcor": 0.0239109,
  "gsr_x": -0.011093477718532085,
  "gsr_y": 0.050987791270017624,
  "provenance": {
    "md5sum": "d255410f520ceba0a5cca0d5a5a2be14",
    "settings": {
      "fd_thres": 0.2,
      "testing": false
    },
    "software": "mriqc",
    "version": "23.1.0"
  },
  "size_t": 182,
  "size_x": 64,
  "size_y": 64,
  "size_z": 33,
  "snr": 5.6539196021521185,
  "spacing_tr": 2.0,
  "spacing_x": 3.125,
  "spacing_y": 3.125,
  "spacing_z": 4.0,
  "summary_bg_k": 20.367940087387208,
  "summary_bg_mad": 9.131852421284213,
  "summary_bg_mean": 38.971934088550874,
  "summary_bg_median": 15.604395866394043,
  "summary_bg_n": 96560.0,
  "summary_bg_p05": 8.807692527770996,
  "summary_bg_p95": 161.03846740722656,
  "summary_bg_stdv": 60.1413507608629,
  "summary_fg_k": 1.7802870355805887,
  "summary_fg_mad": 84.01551324180774,
  "summary_fg_mean": 585.3241447057657,
  "summary_fg_median": 592.9038696289062,
  "summary_fg_n": 38608.0,
  "summary_fg_p05": 387.19781494140625,
  "summary_fg_p95": 737.2362670898438,
  "summary_fg_stdv": 104.86463069672345,
  "tsnr": 49.24575505848043
}