{
  "bids_meta": {
    "Columns": 192,
    "EchoTime": 0.0021,
    "EchoTrainLength": 1,
    "FlipAngle": 8.0,
    "ImageType": "ORIGINAL/PRIMARY/M/ND",
    "ImagingFrequency": 123.253307,
    "InplanePhaseEncodingDirection": "ROW",
    "InversionTime": 1.1,
    "MRAcquisitionType": "3D",
    "MagneticFieldStrength": 2.8936200141907,
    "Manufacturer": "SIEMENS",
    "ManufacturersModelName": "Allegra",
    "NumberOfAverages": 1.0,
    "NumberOfPhaseEncodingSteps": 192,
    "PercentPhaseFieldOfView": 100.0,
    "PhaseEncodingDirection": "i-",
    "PixelBandwidth": 320.0,
    "PixelSpacing": [
      1.3333333333333,
      1.3333333333333
    ],
    "RepetitionTime": 2.3,
    "Rows": 192,
    "ScanOptions": "IR",
    "ScanningSequence": [
      "IR",
      "GR"
    ],
    "SequenceName": "*tfl3d1",
    "SequenceVariant": [
      "SP",
      "MP"
    ],
    "SeriesDate": "18661001",
    "SeriesDescription": "MPRage-3T",
    "SeriesNumber": 11,
    "SeriesTime": "104634.468000",
    "SliceThickness": 1.0,
    "StudyID": "1",
    "StudyTime": "093408.765000",
    "dataset": "ds000007",
    "modality": "T1w",
    "subject_id": "17"
  },
  "cjv": 0.5586194753425976,
  "cnr": 1.7399136703190692,
  "efc": 0.5318646668925721,
  "fber": 15785.171702671476,
  "fwhm_avg": 4.216230754171289,
  "fwhm_x": 4.67998,
  "fwhm_y": 4.083059878315333,
  "fwhm_z": 3.8856523841985346,
  "icvs_csf": 0.27386441910673126,
  "icvs_gm": 0.38132536312339194,
  "icvs_wm": 0.34481021776987686,
  "inu_med": 0.5793938040733337,
  "inu_range": 0.18979052007198333,
  "provenance": {
    "md5sum": "5c89ac5ddca11a8100f3a54cda8f1f0c",
    "settings": {
      "testing": false
    },
    "software": "mriqc",
    "version": "23.1.0",
    "warnings": {
      "large_rot_frame": true,
      "small_air_mask": false
    }
  },
  "qi_1": 0.0,
  "qi_2": 0.0005669774051950911,
  "rpve_csf": 6.395347068811344,
  "rpve_gm": 6.303588974886636,
  "rpve_wm": 6.435662088755499,
  "size_x": 160,
  "size_y": 192,
  "size_z": 192,
  "snr_csf": 1.9433110032679497,
  "snr_gm": 3.787515582823598,
  "snr_total": 4.645268266713974,
  "snr_wm": 8.204978214050374,
  "snrd_csf": 46.13875492796461,
  "snrd_gm": 77.75448323308427,
  "snrd_total": 82.01382049844061,
  "snrd_wm": 122.14822333427293,
  "spacing_x": 1.0,
  "spacing_y": 1.3333333730697632,
  "spacing_z": 1.3333333730697632,
  "summary_bg_k": 233.36321026545602,
  "summary_bg_mad": 5.092512115277078,
  "summary_bg_mean": 9.188789225160855,
  "summary_bg_median": 3.4348472245037556,
  "summary_bg_n": 1767985.0,
  "summary_bg_p05": 0.0,
  "summary_bg_p95": 33.58274197205901,
  "summary_bg_stdv": 21.904887216582356,
  "summary_csf_k": -0.8869038621958669,
  "summary_csf_mad": 140.19004689316898,
  "summary_csf_mean": 358.6911995058753,
  "summary_csf_median": 358.64618185535073,
  "summary_csf_n": 247199.609997334,
  "summary_csf_p05": 75.08532276749611,
  "summary_csf_p95": 653.2991908974946,
  "summary_csf_stdv": 184.55381348292968,
  "summary_gm_k": -0.4302486522913873,
  "summary_gm_mad": 104.83438953232812,
  "summary_gm_mean": 607.3933277194654,
  "summary_gm_median": 604.4018434658647,
  "summary_gm_n": 344197.619222151,
  "summary_gm_p05": 344.2942087389529,
  "summary_gm_p95": 897.6984160244465,
  "summary_gm_stdv": 159.5771561230052,
  "summary_wm_k": -0.6615870171405924,
  "summary_wm_mad": 87.93503404150418,
  "summary_wm_mean": 915.0375556676241,
  "summary_wm_median": 949.4836604855955,
  "summary_wm_n": 311237.7709883903,
  "summary_wm_p05": 683.8627677932382,
  "summary_wm_p95": 1051.675834916532,
  "summary_wm_stdv": 115.72025060634168,
  "tpm_overlap_csf": 0.23322253191533093,
  "tpm_overlap_gm": 0.5516943130927587,
  "tpm_overlap_wm": 0.5583879641030923,
  "wm2max": 0.7264525200448603
}