{
  "aor": 0.0012387912087912089,
  "aqi": 0.007853193296703297,
  "bids_meta": {
    "Columns": 384,
    "EchoTime": 0.03,
    "EchoTrainLength": 1,
    "FlipAngle": 90.0,
    "ImageType": "ORIGINAL/PRIMARY/M/ND/MOSAIC",
    "ImagingFrequency": 123.253172,
    "InplanePhaseEncodingDirection": "COL",
    "InversionTime": 0.0,
    "MRAcquisitionType": "2D",
    "MagneticFieldStrength": 2.8936200141907,
    "Manufacturer": "SIEMENS",
    "ManufacturersModelName": "Allegra",
    "NumberOfAverages": 1.0,
    "NumberOfPhaseEncodingSteps": 64,
    "PercentPhaseFieldOfView": 100.0,
    "PhaseEncodingDirection": "j-",
    "PixelBandwidth": 2605.0,
    "PixelSpacing": [
      3.125,
      3.125
    ],
    "RepetitionTime": 2,
    "Rows": 384,
    "ScanOptions": "FS",
    "ScanningSequence": [
      "SE",
      "EP"
    ],
    "SequenceName": "*epfid2d1_64",
    "SequenceVariant": "SK",
    "SeriesDate": "18660510",
    "SeriesDescription": "BOLD EPI - Stopvocal2",
    "SeriesNumber": 9,
    "SeriesTime": "112943.046000",
    "SliceThickness": 4.0,
    "SpacingBetweenSlices": 4.0000000072198,
    "StudyID": "1",
    "StudyTime": "103103.187000",
    "dataset": "ds000007",
    "modality": "bold",
    "run_id": 2,
    "subject_id": "03",
    "task_id": "stopvocal"
  },
  "dummy_trs": 0,
  "dvars_nstd": 25.56650323961327,
  "dvars_std": 1.1510004772928177,
  "dvars_vstd": 1.0260841666298344,
  "efc": 0.5434427924541058,
  "fber": 1925.5194091796875,
  "fd_mean": 0.12821391827245113,
  "fd_num": 23,
  "fd_perc": 12.637362637362637,
  "fwhm_avg": 1.7236268333333333,
  "fwhm_x": 1.6606144,
  "fwhm_y": 1.9172736000000001,
  "fwhm_z": 1.5929925,
  "gcor": 0.0234054,
  "gsr_x": -0.011551025323569775,
  "gsr_y": 0.03180975839495659,
  "provenance": {
    "md5sum": "cc135aaf18685fb738a15bf936d0b57c",
    "settings": {
      "fd_thres": 0.2,
      "testing": false
    },
    "software": "mriqc",
    "version": "23.1.0"
  },
  "size_t": 182,
  "size_x": 64,
  "size_y": 64,
  "size_z": 33,
  "snr": 5.70691606547389,
  "spacing_tr": 2.0,
  "spacing_x": 3.125,
  "spacing_y": 3.125,
  "spacing_z": 4.0,
  "summary_bg_k": 18.028317585088764,
  "summary_bg_mad": 7.030140030304121,
  "summary_bg_mean": 36.751699396911775,
  "summary_bg_median": 13.868132591247559,
  "summary_bg_n": 100173.0,
  "summary_bg_p05": 8.032967567443848,
  "summary_bg_p95": 164.09890747070312,
  "summary_bg_stdv": 60.674317280405845,
  "summary_fg_k": 1.8299418935084875,
  "summary_fg_mad": 87.31879152454263,
  "summary_fg_mean": 602.4014211287582,
  "summary_fg_median": 608.5439453125,
  "summary_fg_n": 34995.0,
  "summary_fg_p05": 399.5769348144531,
  "summary_fg_p95": 757.5934448242188,
  "summary_fg_stdv": 106.63118986538252,
  "tsnr": 63.964544775662944
}