{
  "aor": 0.007343333333333334,
  "aqi": 0.018021177158469945,
  "bids_meta": {
    "BandwidthPerPixelPhaseEncode": null,
    "Columns": 384,
    "EchoTime": 0.03,
    "EchoTrainLength": 1,
    "FlipAngle": 90.0,
    "ImageType": "ORIGINAL/PRIMARY/M/ND/MOSAIC",
    "ImagingFrequency": 123.253281,
    "InplanePhaseEncodingDirection": "COL",
    "InversionTime": 0.0,
    "MRAcquisitionType": "2D",
    "MagneticFieldStrength": 2.8936200141907,
    "Manufacturer": "SIEMENS",
    "ManufacturersModelName": "Allegra",
    "NumberOfAverages": 1.0,
    "NumberOfPhaseEncodingSteps": 64,
    "PercentPhaseFieldOfView": 100.0,
    "PhaseEncodingDirection": "j-",
    "PixelBandwidth": 2605.0,
    "PixelSpacing": [
      3.125,
      3.125
    ],
    "RepetitionTime": 2.0,
    "Rows": 384,
    "ScanOptions": "FS",
    "ScanningSequence": [
      "SE",
      "EP"
    ],
    "SequenceName": "*epfid2d1_64",
    "SequenceVariant": "SK",
    "SeriesDate": "18660815",
    "SeriesDescription": "BOLD EPI -StopVocal1",
    "SeriesNumber": 5,
    "SeriesTime": "094355.453000",
    "SliceThickness": 4.0,
    "SpacingBetweenSlices": 3.9999999711549,
    "StudyID": "1",
    "StudyTime": "091159.968000",
    "dataset": "ds000007",
    "modality": "bold",
    "run_id": 1,
    "subject_id": "12",
    "task_id": "stopvocal"
  },
  "dummy_trs": 0,
  "dvars_nstd": 23.76619416516484,
  "dvars_std": 1.0802853007692306,
  "dvars_vstd": 1.0439145047802196,
  "efc": 0.53025999908413,
  "fber": 2168.216552734375,
  "fd_mean": 0.13611243097542258,
  "fd_num": 27,
  "fd_perc": 14.754098360655737,
  "fwhm_avg": 1.8037158333333334,
  "fwhm_x": 1.7789696000000002,
  "fwhm_y": 2.0068704,
  "fwhm_z": 1.6253075,
  "gcor": 0.0178475,
  "gsr_x": -0.004389983601868153,
  "gsr_y": 0.0452142134308815,
  "provenance": {
    "md5sum": "3b65425c2da9e50bec595c16e6451b5f",
    "settings": {
      "fd_thres": 0.2,
      "testing": false
    },
    "software": "mriqc",
    "version": "23.1.0"
  },
  "size_t": 183,
  "size_x": 64,
  "size_y": 64,
  "size_z": 33,
  "snr": 5.644677045463337,
  "spacing_tr": 2.0,
  "spacing_x": 3.125,
  "spacing_y": 3.125,
  "spacing_z": 4.0,
  "summary_bg_k": 21.364350657184424,
  "summary_bg_mad": 6.076239133550042,
  "summary_bg_mean": 33.97509281681185,
  "summary_bg_median": 13.551912307739258,
  "summary_bg_n": 101059.0,
  "summary_bg_p05": 9.005464553833008,
  "summary_bg_p95": 142.4316864013672,
  "summary_bg_stdv": 55.55818550849127,
  "summary_fg_k": 1.4020664282032262,
  "summary_fg_mad": 97.23604662310849,
  "summary_fg_mean": 627.50305405777,
  "summary_fg_median": 631.0327758789062,
  "summary_fg_n": 34109.0,
  "summary_fg_p05": 421.16937255859375,
  "summary_fg_p95": 793.6884765625,
  "summary_fg_stdv": 111.79089972555252,
  "tsnr": 46.95974570943508
}