{
  "aor": 0.007844340659340658,
  "aqi": 0.011802890989010988,
  "bids_meta": {
    "BandwidthPerPixelPhaseEncode": null,
    "Columns": 384,
    "EchoTime": 0.03,
    "EchoTrainLength": 1,
    "FlipAngle": 90.0,
    "ImageType": "ORIGINAL/PRIMARY/M/ND/MOSAIC",
    "ImagingFrequency": 123.253281,
    "InplanePhaseEncodingDirection": "COL",
    "InversionTime": 0.0,
    "MRAcquisitionType": "2D",
    "MagneticFieldStrength": 2.8936200141907,
    "Manufacturer": "SIEMENS",
    "ManufacturersModelName": "Allegra",
    "NumberOfAverages": 1.0,
    "NumberOfPhaseEncodingSteps": 64,
    "PercentPhaseFieldOfView": 100.0,
    "PhaseEncodingDirection": "j-",
    "PixelBandwidth": 2605.0,
    "PixelSpacing": [
      3.125,
      3.125
    ],
    "RepetitionTime": 2.0,
    "Rows": 384,
    "ScanOptions": "FS",
    "ScanningSequence": [
      "SE",
      "EP"
    ],
    "SequenceName": "*epfid2d1_64",
    "SequenceVariant": "SK",
    "SeriesDate": "18660815",
    "SeriesDescription": "BOLD EPI -StopManual2",
    "SeriesNumber": 4,
    "SeriesTime": "093456.234000",
    "SliceThickness": 4.0,
    "SpacingBetweenSlices": 3.9999999711549,
    "StudyID": "1",
    "StudyTime": "091159.968000",
    "dataset": "ds000007",
    "modality": "bold",
    "run_id": 2,
    "subject_id": "12",
    "task_id": "stopmanual"
  },
  "dummy_trs": 1,
  "dvars_nstd": 21.963487234917135,
  "dvars_std": 1.109741293314917,
  "dvars_vstd": 1.103300940939227,
  "efc": 0.5325097698555932,
  "fber": 2142.935791015625,
  "fd_mean": 0.09521265864681229,
  "fd_num": 11,
  "fd_perc": 6.043956043956044,
  "fwhm_avg": 1.7852645,
  "fwhm_x": 1.7639232,
  "fwhm_y": 1.9871328,
  "fwhm_z": 1.6047375,
  "gcor": 0.0238632,
  "gsr_x": -0.005376392975449562,
  "gsr_y": 0.04458601027727127,
  "provenance": {
    "md5sum": "3af8baf15730eae71040db55a7f20947",
    "settings": {
      "fd_thres": 0.2,
      "testing": false
    },
    "software": "mriqc",
    "version": "23.1.0"
  },
  "size_t": 182,
  "size_x": 64,
  "size_y": 64,
  "size_z": 33,
  "snr": 5.621722132153464,
  "spacing_tr": 2.0,
  "spacing_x": 3.125,
  "spacing_y": 3.125,
  "spacing_z": 4.0,
  "summary_bg_k": 21.6226466751002,
  "summary_bg_mad": 6.158500979208017,
  "summary_bg_mean": 34.26394600121633,
  "summary_bg_median": 13.55494499206543,
  "summary_bg_n": 100801.0,
  "summary_bg_p05": 8.94505500793457,
  "summary_bg_p95": 143.86264038085938,
  "summary_bg_stdv": 56.37944040757475,
  "summary_fg_k": 1.3754461268277955,
  "summary_fg_mad": 95.91297978736812,
  "summary_fg_mean": 624.0603230342875,
  "summary_fg_median": 627.4835205078125,
  "summary_fg_n": 34367.0,
  "summary_fg_p05": 415.9395751953125,
  "summary_fg_p95": 789.8846435546875,
  "summary_fg_stdv": 111.61604514298742,
  "tsnr": 54.34169275336899
}