{
  "aor": 0.003477431693989071,
  "aqi": 0.011438012404371584,
  "bids_meta": {
    "Columns": 384,
    "EchoTime": 0.03,
    "EchoTrainLength": 1,
    "FlipAngle": 90.0,
    "ImageType": "ORIGINAL/PRIMARY/M/ND/MOSAIC",
    "ImagingFrequency": 123.253281,
    "InplanePhaseEncodingDirection": "COL",
    "InversionTime": 0.0,
    "MRAcquisitionType": "2D",
    "MagneticFieldStrength": 2.8936200141907,
    "Manufacturer": "SIEMENS",
    "ManufacturersModelName": "Allegra",
    "NumberOfAverages": 1.0,
    "NumberOfPhaseEncodingSteps": 64,
    "PercentPhaseFieldOfView": 100.0,
    "PhaseEncodingDirection": "j-",
    "PixelBandwidth": 2605.0,
    "PixelSpacing": [
      3.125,
      3.125
    ],
    "RepetitionTime": 2,
    "Rows": 384,
    "ScanOptions": "FS",
    "ScanningSequence": [
      "SE",
      "EP"
    ],
    "SequenceName": "*epfid2d1_64",
    "SequenceVariant": "SK",
    "SeriesDate": "18660815",
    "SeriesDescription": "BOLD EPI - StopWord1",
    "SeriesNumber": 8,
    "SeriesTime": "100424.593000",
    "SliceThickness": 4.0,
    "SpacingBetweenSlices": 3.9999999711549,
    "StudyID": "1",
    "StudyTime": "091159.968000",
    "dataset": "ds000007",
    "modality": "bold",
    "run_id": 1,
    "subject_id": "12",
    "task_id": "stopword"
  },
  "dummy_trs": 0,
  "dvars_nstd": 25.3903456676923,
  "dvars_std": 1.1011542365934064,
  "dvars_vstd": 1.0378081326373627,
  "efc": 0.5296174884738118,
  "fber": 2218.252197265625,
  "fd_mean": 0.17216794607440739,
  "fd_num": 37,
  "fd_perc": 20.218579234972676,
  "fwhm_avg": 1.7752032666666666,
  "fwhm_x": 1.752816,
  "fwhm_y": 1.9833088,
  "fwhm_z": 1.589485,
  "gcor": 0.0485722,
  "gsr_x": -0.003973640035837889,
  "gsr_y": 0.04461994394659996,
  "provenance": {
    "md5sum": "458e43f119da995c9b5da3b71d161b5d",
    "settings": {
      "fd_thres": 0.2,
      "testing": false
    },
    "software": "mriqc",
    "version": "23.1.0"
  },
  "size_t": 183,
  "size_x": 64,
  "size_y": 64,
  "size_z": 33,
  "snr": 5.613071367725124,
  "spacing_tr": 2.0,
  "spacing_x": 3.125,
  "spacing_y": 3.125,
  "spacing_z": 4.0,
  "summary_bg_k": 21.08464551412669,
  "summary_bg_mad": 6.31118592123393,
  "summary_bg_mean": 34.639661720964305,
  "summary_bg_median": 13.699453353881836,
  "summary_bg_n": 101134.0,
  "summary_bg_p05": 8.874317169189453,
  "summary_bg_p95": 144.6885223388672,
  "summary_bg_stdv": 56.448419054797476,
  "summary_fg_k": 1.4227438033068607,
  "summary_fg_mad": 99.38705956469708,
  "summary_fg_mean": 641.10203659332,
  "summary_fg_median": 645.2212829589844,
  "summary_fg_n": 34034.0,
  "summary_fg_p05": 426.0273132324219,
  "summary_fg_p95": 811.3114624023438,
  "summary_fg_stdv": 114.9480848453272,
  "tsnr": 53.148339945066255
}