{
  "aor": 0.006533977900552486,
  "aqi": 0.011881946132596686,
  "bids_meta": {
    "Columns": 384,
    "EchoTime": 0.03,
    "EchoTrainLength": 1,
    "FlipAngle": 90.0,
    "ImageType": "ORIGINAL/PRIMARY/M/ND/MOSAIC",
    "ImagingFrequency": 123.253414,
    "InplanePhaseEncodingDirection": "COL",
    "InversionTime": 0.0,
    "MRAcquisitionType": "2D",
    "MagneticFieldStrength": 2.8936200141907,
    "Manufacturer": "SIEMENS",
    "ManufacturersModelName": "Allegra",
    "NumberOfAverages": 1.0,
    "NumberOfPhaseEncodingSteps": 64,
    "PercentPhaseFieldOfView": 100.0,
    "PhaseEncodingDirection": "j-",
    "PixelBandwidth": 2605.0,
    "PixelSpacing": [
      3.125,
      3.125
    ],
    "RepetitionTime": 2,
    "Rows": 384,
    "ScanOptions": "FS",
    "ScanningSequence": [
      "SE",
      "EP"
    ],
    "SequenceName": "*epfid2d1_64",
    "SequenceVariant": "SK",
    "SeriesDate": "18660511",
    "SeriesDescription": "BOLD EPI - Stopmanual1",
    "SeriesNumber": 5,
    "SeriesTime": "104557.515000",
    "SliceThickness": 4.0,
    "SpacingBetweenSlices": 3.9999999377095,
    "StudyID": "1",
    "StudyTime": "102438.046000",
    "dataset": "ds000007",
    "modality": "bold",
    "run_id": 1,
    "subject_id": "05",
    "task_id": "stopmanual"
  },
  "dummy_trs": 1,
  "dvars_nstd": 30.299114121555547,
  "dvars_std": 1.2244201681666662,
  "dvars_vstd": 1.0844368538888893,
  "efc": 0.5377806501357599,
  "fber": 1747.9796142578125,
  "fd_mean": 0.1950932567965434,
  "fd_num": 55,
  "fd_perc": 30.386740331491712,
  "fwhm_avg": 1.7259064666666666,
  "fwhm_x": 1.7035456,
  "fwhm_y": 1.8839488,
  "fwhm_z": 1.590225,
  "gcor": 0.0157342,
  "gsr_x": -0.007491167169064283,
  "gsr_y": 0.03597746789455414,
  "provenance": {
    "md5sum": "0ac3782ee0c6fc5d24efbff6e2998492",
    "settings": {
      "fd_thres": 0.2,
      "testing": false
    },
    "software": "mriqc",
    "version": "23.1.0"
  },
  "size_t": 181,
  "size_x": 64,
  "size_y": 64,
  "size_z": 33,
  "snr": 5.597862374922282,
  "spacing_tr": 2.0,
  "spacing_x": 3.125,
  "spacing_y": 3.125,
  "spacing_z": 4.0,
  "summary_bg_k": 21.9157906224643,
  "summary_bg_mad": 5.995938394456655,
  "summary_bg_mean": 32.97415069457438,
  "summary_bg_median": 13.049724578857422,
  "summary_bg_n": 101338.0,
  "summary_bg_p05": 8.596685409545898,
  "summary_bg_p95": 138.00552368164062,
  "summary_bg_stdv": 53.651139620422605,
  "summary_fg_k": 1.65156080822433,
  "summary_fg_mad": 79.05715716509901,
  "summary_fg_mean": 539.1103410525185,
  "summary_fg_median": 545.5939331054688,
  "summary_fg_n": 33830.0,
  "summary_fg_p05": 354.3204650878906,
  "summary_fg_p95": 681.8342895507812,
  "summary_fg_stdv": 97.46325163888376,
  "tsnr": 52.66691971058026
}