{
  "aor": 0.0006609039548022598,
  "aqi": 0.016179146214689265,
  "bids_meta": {
    "Columns": 384,
    "EchoTime": 0.03,
    "EchoTrainLength": 1,
    "FlipAngle": 90.0,
    "ImageType": "ORIGINAL/PRIMARY/M/ND/MOSAIC",
    "ImagingFrequency": 123.253414,
    "InplanePhaseEncodingDirection": "COL",
    "InversionTime": 0.0,
    "MRAcquisitionType": "2D",
    "MagneticFieldStrength": 2.8936200141907,
    "Manufacturer": "SIEMENS",
    "ManufacturersModelName": "Allegra",
    "NumberOfAverages": 1.0,
    "NumberOfPhaseEncodingSteps": 64,
    "PercentPhaseFieldOfView": 100.0,
    "PhaseEncodingDirection": "j-",
    "PixelBandwidth": 2605.0,
    "PixelSpacing": [
      3.125,
      3.125
    ],
    "RepetitionTime": 2,
    "Rows": 384,
    "ScanOptions": "FS",
    "ScanningSequence": [
      "SE",
      "EP"
    ],
    "SequenceName": "*epfid2d1_64",
    "SequenceVariant": "SK",
    "SeriesDate": "18660511",
    "SeriesDescription": "BOLD EPI - Stopword2",
    "SeriesNumber": 4,
    "SeriesTime": "103738.781000",
    "SliceThickness": 4.0,
    "SpacingBetweenSlices": 3.9999999377095,
    "StudyID": "1",
    "StudyTime": "102438.046000",
    "dataset": "ds000007",
    "modality": "bold",
    "run_id": 2,
    "subject_id": "05",
    "task_id": "stopword"
  },
  "dummy_trs": 5,
  "dvars_nstd": 30.903059114374994,
  "dvars_std": 1.0960064344318177,
  "dvars_vstd": 0.9815195423295454,
  "efc": 0.5402581746464418,
  "fber": 1663.5802001953125,
  "fd_mean": 0.2416129285194879,
  "fd_num": 96,
  "fd_perc": 54.23728813559322,
  "fwhm_avg": 1.7221525333333334,
  "fwhm_x": 1.6969728000000002,
  "fwhm_y": 1.9026048,
  "fwhm_z": 1.56688,
  "gcor": 0.0157888,
  "gsr_x": -0.008839434012770653,
  "gsr_y": 0.034338440746068954,
  "provenance": {
    "md5sum": "512a31879c7eb2ea00771ffe145f1307",
    "settings": {
      "fd_thres": 0.2,
      "testing": false
    },
    "software": "mriqc",
    "version": "23.1.0"
  },
  "size_t": 177,
  "size_x": 64,
  "size_y": 64,
  "size_z": 33,
  "snr": 5.5535033757505685,
  "spacing_tr": 2.0,
  "spacing_x": 3.125,
  "spacing_y": 3.125,
  "spacing_z": 4.0,
  "summary_bg_k": 21.49892801205215,
  "summary_bg_mad": 6.876927696246058,
  "summary_bg_mean": 34.266816155052275,
  "summary_bg_median": 13.661017417907715,
  "summary_bg_n": 101136.0,
  "summary_bg_p05": 8.09604549407959,
  "summary_bg_p95": 142.64407348632812,
  "summary_bg_stdv": 55.49156578022529,
  "summary_fg_k": 1.471048975554238,
  "summary_fg_mad": 80.61753627610983,
  "summary_fg_mean": 549.7267128359448,
  "summary_fg_median": 557.1920776367188,
  "summary_fg_n": 34032.0,
  "summary_fg_p05": 357.83050537109375,
  "summary_fg_p95": 696.7626953125,
  "summary_fg_stdv": 100.33016162610764,
  "tsnr": 46.95397023472469
}