{
  "aor": 0.001066868131868132,
  "aqi": 0.015845292252747254,
  "bids_meta": {
    "Columns": 384,
    "EchoTime": 0.03,
    "EchoTrainLength": 1,
    "FlipAngle": 90.0,
    "ImageType": "ORIGINAL/PRIMARY/M/ND/MOSAIC",
    "ImagingFrequency": 123.253414,
    "InplanePhaseEncodingDirection": "COL",
    "InversionTime": 0.0,
    "MRAcquisitionType": "2D",
    "MagneticFieldStrength": 2.8936200141907,
    "Manufacturer": "SIEMENS",
    "ManufacturersModelName": "Allegra",
    "NumberOfAverages": 1.0,
    "NumberOfPhaseEncodingSteps": 64,
    "PercentPhaseFieldOfView": 100.0,
    "PhaseEncodingDirection": "j-",
    "PixelBandwidth": 2605.0,
    "PixelSpacing": [
      3.125,
      3.125
    ],
    "RepetitionTime": 2,
    "Rows": 384,
    "ScanOptions": "FS",
    "ScanningSequence": [
      "SE",
      "EP"
    ],
    "SequenceName": "*epfid2d1_64",
    "SequenceVariant": "SK",
    "SeriesDate": "18660511",
    "SeriesDescription": "BOLD EPI - Stopmanual2",
    "SeriesNumber": 6,
    "SeriesTime": "105336.968000",
    "SliceThickness": 4.0,
    "SpacingBetweenSlices": 3.9999999377095,
    "StudyID": "1",
    "StudyTime": "102438.046000",
    "dataset": "ds000007",
    "modality": "bold",
    "run_id": 2,
    "subject_id": "05",
    "task_id": "stopmanual"
  },
  "dummy_trs": 0,
  "dvars_nstd": 30.149005436850825,
  "dvars_std": 1.1032206899447512,
  "dvars_vstd": 0.9787593124861876,
  "efc": 0.5323236098397264,
  "fber": 1833.8887939453125,
  "fd_mean": 0.20531215626059007,
  "fd_num": 68,
  "fd_perc": 37.362637362637365,
  "fwhm_avg": 1.7454651666666667,
  "fwhm_x": 1.712656,
  "fwhm_y": 1.9164320000000001,
  "fwhm_z": 1.6073075,
  "gcor": 0.0162558,
  "gsr_x": -0.004049796611070633,
  "gsr_y": 0.03919196501374245,
  "provenance": {
    "md5sum": "f15f5137fde9ceafcc77eaa65333426a",
    "settings": {
      "fd_thres": 0.2,
      "testing": false
    },
    "software": "mriqc",
    "version": "23.1.0"
  },
  "size_t": 182,
  "size_x": 64,
  "size_y": 64,
  "size_z": 33,
  "snr": 5.606083113053488,
  "spacing_tr": 2.0,
  "spacing_x": 3.125,
  "spacing_y": 3.125,
  "spacing_z": 4.0,
  "summary_bg_k": 22.66767620898912,
  "summary_bg_mad": 6.003724850009052,
  "summary_bg_mean": 32.66741118090646,
  "summary_bg_median": 12.950550079345703,
  "summary_bg_n": 101962.0,
  "summary_bg_p05": 8.2362642288208,
  "summary_bg_p95": 134.1758270263672,
  "summary_bg_stdv": 53.62278568435362,
  "summary_fg_k": 1.646717796219427,
  "summary_fg_mad": 81.00139849601344,
  "summary_fg_mean": 547.4853159040671,
  "summary_fg_median": 554.5934448242188,
  "summary_fg_n": 33206.0,
  "summary_fg_p05": 361.0934143066406,
  "summary_fg_p95": 692.313232421875,
  "summary_fg_stdv": 98.9255925707358,
  "tsnr": 47.73655742959818
}