{
  "aor": 0.001140662983425414,
  "aqi": 0.01361560320441989,
  "bids_meta": {
    "Columns": 384,
    "EchoTime": 0.03,
    "EchoTrainLength": 1,
    "FlipAngle": 90.0,
    "ImageType": "ORIGINAL/PRIMARY/M/ND/MOSAIC",
    "ImagingFrequency": 123.253414,
    "InplanePhaseEncodingDirection": "COL",
    "InversionTime": 0.0,
    "MRAcquisitionType": "2D",
    "MagneticFieldStrength": 2.8936200141907,
    "Manufacturer": "SIEMENS",
    "ManufacturersModelName": "Allegra",
    "NumberOfAverages": 1.0,
    "NumberOfPhaseEncodingSteps": 64,
    "PercentPhaseFieldOfView": 100.0,
    "PhaseEncodingDirection": "j-",
    "PixelBandwidth": 2605.0,
    "PixelSpacing": [
      3.125,
      3.125
    ],
    "RepetitionTime": 2,
    "Rows": 384,
    "ScanOptions": "FS",
    "ScanningSequence": [
      "SE",
      "EP"
    ],
    "SequenceName": "*epfid2d1_64",
    "SequenceVariant": "SK",
    "SeriesDate": "18660511",
    "SeriesDescription": "BOLD EPI - Stopword1",
    "SeriesNumber": 3,
    "SeriesTime": "102954.703000",
    "SliceThickness": 4.0,
    "SpacingBetweenSlices": 3.9999999377095,
    "StudyID": "1",
    "StudyTime": "102438.046000",
    "dataset": "ds000007",
    "modality": "bold",
    "run_id": 1,
    "subject_id": "05",
    "task_id": "stopword"
  },
  "dummy_trs": 1,
  "dvars_nstd": 30.43944732883333,
  "dvars_std": 1.1311379024444446,
  "dvars_vstd": 1.0062714472222225,
  "efc": 0.5399181740619072,
  "fber": 1641.86767578125,
  "fd_mean": 0.22205853643497606,
  "fd_num": 90,
  "fd_perc": 49.72375690607735,
  "fwhm_avg": 1.7130421,
  "fwhm_x": 1.6928960000000002,
  "fwhm_y": 1.8882527999999998,
  "fwhm_z": 1.5579775,
  "gcor": 0.0165787,
  "gsr_x": -0.007732739672064781,
  "gsr_y": 0.033293042331933975,
  "provenance": {
    "md5sum": "4a58b0333c9bd6dc497e4c82b4365703",
    "settings": {
      "fd_thres": 0.2,
      "testing": false
    },
    "software": "mriqc",
    "version": "23.1.0"
  },
  "size_t": 181,
  "size_x": 64,
  "size_y": 64,
  "size_z": 33,
  "snr": 5.588400900188935,
  "spacing_tr": 2.0,
  "spacing_x": 3.125,
  "spacing_y": 3.125,
  "spacing_z": 4.0,
  "summary_bg_k": 20.870015999461376,
  "summary_bg_mad": 7.54407154731616,
  "summary_bg_mean": 34.274530269443105,
  "summary_bg_median": 13.834254264831543,
  "summary_bg_n": 101147.0,
  "summary_bg_p05": 6.994475364685059,
  "summary_bg_p95": 143.41989135742188,
  "summary_bg_stdv": 55.25058006857795,
  "summary_fg_k": 1.5607493613825003,
  "summary_fg_mad": 80.6174910306808,
  "summary_fg_mean": 553.0716460731336,
  "summary_fg_median": 560.5635375976562,
  "summary_fg_n": 34021.0,
  "summary_fg_p05": 363.2707214355469,
  "summary_fg_p95": 701.1768188476562,
  "summary_fg_stdv": 100.30692304576962,
  "tsnr": 50.760363335721195
}