{
  "aor": 0.0008574033149171271,
  "aqi": 0.033580977900552485,
  "bids_meta": {
    "Columns": 384,
    "EchoTime": 0.03,
    "EchoTrainLength": 1,
    "FlipAngle": 90.0,
    "ImageType": "ORIGINAL/PRIMARY/M/ND/MOSAIC",
    "ImagingFrequency": 123.253414,
    "InplanePhaseEncodingDirection": "COL",
    "InversionTime": 0.0,
    "MRAcquisitionType": "2D",
    "MagneticFieldStrength": 2.8936200141907,
    "Manufacturer": "SIEMENS",
    "ManufacturersModelName": "Allegra",
    "NumberOfAverages": 1.0,
    "NumberOfPhaseEncodingSteps": 64,
    "PercentPhaseFieldOfView": 100.0,
    "PhaseEncodingDirection": "j-",
    "PixelBandwidth": 2605.0,
    "PixelSpacing": [
      3.125,
      3.125
    ],
    "RepetitionTime": 2,
    "Rows": 384,
    "ScanOptions": "FS",
    "ScanningSequence": [
      "SE",
      "EP"
    ],
    "SequenceName": "*epfid2d1_64",
    "SequenceVariant": "SK",
    "SeriesDate": "18660511",
    "SeriesDescription": "BOLD EPI - Stopvocal2",
    "SeriesNumber": 9,
    "SeriesTime": "111324.453000",
    "SliceThickness": 4.0,
    "SpacingBetweenSlices": 3.9999999377095,
    "StudyID": "1",
    "StudyTime": "102438.046000",
    "dataset": "ds000007",
    "modality": "bold",
    "run_id": 2,
    "subject_id": "05",
    "task_id": "stopvocal"
  },
  "dummy_trs": 1,
  "dvars_nstd": 38.41579430927778,
  "dvars_std": 1.0137903224999993,
  "dvars_vstd": 0.9318857839999999,
  "efc": 0.5343751921401911,
  "fber": 1638.46142578125,
  "fd_mean": 0.555104366699768,
  "fd_num": 155,
  "fd_perc": 85.6353591160221,
  "fwhm_avg": 1.7853393000000002,
  "fwhm_x": 1.7602144000000002,
  "fwhm_y": 1.965296,
  "fwhm_z": 1.6305075,
  "gcor": 0.0235002,
  "gsr_x": -0.004675448406487703,
  "gsr_y": 0.03830066695809364,
  "provenance": {
    "md5sum": "9ba557b77e0702f50faafa2391f05988",
    "settings": {
      "fd_thres": 0.2,
      "testing": false
    },
    "software": "mriqc",
    "version": "23.1.0"
  },
  "size_t": 181,
  "size_x": 64,
  "size_y": 64,
  "size_z": 33,
  "snr": 5.547976423481009,
  "spacing_tr": 2.0,
  "spacing_x": 3.125,
  "spacing_y": 3.125,
  "spacing_z": 4.0,
  "summary_bg_k": 21.5165492778663,
  "summary_bg_mad": 6.520174557930628,
  "summary_bg_mean": 32.24294910348183,
  "summary_bg_median": 13.259669303894043,
  "summary_bg_n": 101973.0,
  "summary_bg_p05": 7.469613552093506,
  "summary_bg_p95": 132.11602783203125,
  "summary_bg_stdv": 51.55952818105702,
  "summary_fg_k": 1.339903037029984,
  "summary_fg_mad": 78.48787917702413,
  "summary_fg_mean": 529.3107275924763,
  "summary_fg_median": 536.7237548828125,
  "summary_fg_n": 33195.0,
  "summary_fg_p05": 342.7071838378906,
  "summary_fg_p95": 671.3204956054688,
  "summary_fg_stdv": 96.74079870702833,
  "tsnr": 31.83323343261145
}