{
  "aor": 0.002973333333333334,
  "aqi": 0.01768453561111111,
  "bids_meta": {
    "Columns": 384,
    "EchoTime": 0.03,
    "EchoTrainLength": 1,
    "FlipAngle": 90.0,
    "ImageType": "ORIGINAL/PRIMARY/M/ND/MOSAIC",
    "ImagingFrequency": 123.253414,
    "InplanePhaseEncodingDirection": "COL",
    "InversionTime": 0.0,
    "MRAcquisitionType": "2D",
    "MagneticFieldStrength": 2.8936200141907,
    "Manufacturer": "SIEMENS",
    "ManufacturersModelName": "Allegra",
    "NumberOfAverages": 1.0,
    "NumberOfPhaseEncodingSteps": 64,
    "PercentPhaseFieldOfView": 100.0,
    "PhaseEncodingDirection": "j-",
    "PixelBandwidth": 2605.0,
    "PixelSpacing": [
      3.125,
      3.125
    ],
    "RepetitionTime": 2,
    "Rows": 384,
    "ScanOptions": "FS",
    "ScanningSequence": [
      "SE",
      "EP"
    ],
    "SequenceName": "*epfid2d1_64",
    "SequenceVariant": "SK",
    "SeriesDate": "18660511",
    "SeriesDescription": "BOLD EPI - Stopvocal1",
    "SeriesNumber": 8,
    "SeriesTime": "110532.859000",
    "SliceThickness": 4.0,
    "SpacingBetweenSlices": 3.9999999377095,
    "StudyID": "1",
    "StudyTime": "102438.046000",
    "dataset": "ds000007",
    "modality": "bold",
    "run_id": 1,
    "subject_id": "05",
    "task_id": "stopvocal"
  },
  "dummy_trs": 2,
  "dvars_nstd": 37.4970292886592,
  "dvars_std": 1.1685706438547492,
  "dvars_vstd": 1.0290416785474858,
  "efc": 0.5330104683523751,
  "fber": 1731.2896728515625,
  "fd_mean": 0.3749427477840919,
  "fd_num": 130,
  "fd_perc": 72.22222222222223,
  "fwhm_avg": 1.7431225333333333,
  "fwhm_x": 1.7102336,
  "fwhm_y": 1.9115039999999999,
  "fwhm_z": 1.60763,
  "gcor": 0.0264016,
  "gsr_x": -0.004287433344870806,
  "gsr_y": 0.03660374879837036,
  "provenance": {
    "md5sum": "880836414e0168c01602032790b3f446",
    "settings": {
      "fd_thres": 0.2,
      "testing": false
    },
    "software": "mriqc",
    "version": "23.1.0"
  },
  "size_t": 180,
  "size_x": 64,
  "size_y": 64,
  "size_z": 33,
  "snr": 5.463016596374968,
  "spacing_tr": 2.0,
  "spacing_x": 3.125,
  "spacing_y": 3.125,
  "spacing_z": 4.0,
  "summary_bg_k": 22.254529095083598,
  "summary_bg_mad": 5.848043812229456,
  "summary_bg_mean": 32.230886332779704,
  "summary_bg_median": 13.050000190734863,
  "summary_bg_n": 101979.0,
  "summary_bg_p05": 8.611111640930176,
  "summary_bg_p95": 130.66111755371094,
  "summary_bg_stdv": 52.04604287518247,
  "summary_fg_k": 1.584790139297306,
  "summary_fg_mad": 79.98640778654884,
  "summary_fg_mean": 534.893459596036,
  "summary_fg_median": 542.9944458007812,
  "summary_fg_n": 33189.0,
  "summary_fg_p05": 345.45001220703125,
  "summary_fg_p95": 679.822265625,
  "summary_fg_stdv": 99.39312023359321,
  "tsnr": 42.6706666512182
}