{
  "aor": 0.0006216111111111111,
  "aqi": 0.010890159722222221,
  "bids_meta": {
    "Columns": 384,
    "EchoTime": 0.03,
    "EchoTrainLength": 1,
    "FlipAngle": 90.0,
    "ImageType": "ORIGINAL/PRIMARY/M/ND/MOSAIC",
    "ImagingFrequency": 123.253172,
    "InplanePhaseEncodingDirection": "COL",
    "InversionTime": 0.0,
    "MRAcquisitionType": "2D",
    "MagneticFieldStrength": 2.8936200141907,
    "Manufacturer": "SIEMENS",
    "ManufacturersModelName": "Allegra",
    "NumberOfAverages": 1.0,
    "NumberOfPhaseEncodingSteps": 64,
    "PercentPhaseFieldOfView": 100.0,
    "PhaseEncodingDirection": "j-",
    "PixelBandwidth": 2605.0,
    "PixelSpacing": [
      3.125,
      3.125
    ],
    "RepetitionTime": 2,
    "Rows": 384,
    "ScanOptions": "FS",
    "ScanningSequence": [
      "SE",
      "EP"
    ],
    "SequenceName": "*epfid2d1_64",
    "SequenceVariant": "SK",
    "SeriesDate": "18660510",
    "SeriesDescription": "BOLD EPI - Stopmanual1",
    "SeriesNumber": 5,
    "SeriesTime": "110225.250000",
    "SliceThickness": 4.0,
    "SpacingBetweenSlices": 4.0000000072198,
    "StudyID": "1",
    "StudyTime": "103103.187000",
    "dataset": "ds000007",
    "modality": "bold",
    "run_id": 1,
    "subject_id": "03",
    "task_id": "stopmanual"
  },
  "dummy_trs": 2,
  "dvars_nstd": 22.695909095418997,
  "dvars_std": 1.0360503637430165,
  "dvars_vstd": 0.9733835024022348,
  "efc": 0.5408975938313757,
  "fber": 1975.1810302734375,
  "fd_mean": 0.08413180588727968,
  "fd_num": 5,
  "fd_perc": 2.7777777777777777,
  "fwhm_avg": 1.7366616333333331,
  "fwhm_x": 1.6792544,
  "fwhm_y": 1.9312479999999999,
  "fwhm_z": 1.5994825,
  "gcor": 0.00939391,
  "gsr_x": -0.01055701170116663,
  "gsr_y": 0.03113880194723606,
  "provenance": {
    "md5sum": "41952c3f84a27226d11afd61ad9e0d32",
    "settings": {
      "fd_thres": 0.2,
      "testing": false
    },
    "software": "mriqc",
    "version": "23.1.0"
  },
  "size_t": 180,
  "size_x": 64,
  "size_y": 64,
  "size_z": 33,
  "snr": 5.750912856259372,
  "spacing_tr": 2.0,
  "spacing_x": 3.125,
  "spacing_y": 3.125,
  "spacing_z": 4.0,
  "summary_bg_k": 17.91486615749036,
  "summary_bg_mad": 6.8858636684797885,
  "summary_bg_mean": 35.944348891824255,
  "summary_bg_median": 13.744444847106934,
  "summary_bg_n": 100315.0,
  "summary_bg_p05": 7.9166669845581055,
  "summary_bg_p95": 160.12777709960938,
  "summary_bg_stdv": 59.40653585116562,
  "summary_fg_k": 1.6264920189568377,
  "summary_fg_mad": 86.7486991187452,
  "summary_fg_mean": 604.4817502184434,
  "summary_fg_median": 610.844482421875,
  "summary_fg_n": 34853.0,
  "summary_fg_p05": 402.4000244140625,
  "summary_fg_p95": 759.772216796875,
  "summary_fg_stdv": 106.21543648312708,
  "tsnr": 58.15780035406351
}