{
  "aor": 0.0005338674033149171,
  "aqi": 0.008221639502762432,
  "bids_meta": {
    "Columns": 384,
    "EchoTime": 0.03,
    "EchoTrainLength": 1,
    "FlipAngle": 90.0,
    "ImageType": "ORIGINAL/PRIMARY/M/ND/MOSAIC",
    "ImagingFrequency": 123.253172,
    "InplanePhaseEncodingDirection": "COL",
    "InversionTime": 0.0,
    "MRAcquisitionType": "2D",
    "MagneticFieldStrength": 2.8936200141907,
    "Manufacturer": "SIEMENS",
    "ManufacturersModelName": "Allegra",
    "NumberOfAverages": 1.0,
    "NumberOfPhaseEncodingSteps": 64,
    "PercentPhaseFieldOfView": 100.0,
    "PhaseEncodingDirection": "j-",
    "PixelBandwidth": 2605.0,
    "PixelSpacing": [
      3.125,
      3.125
    ],
    "RepetitionTime": 2,
    "Rows": 384,
    "ScanOptions": "FS",
    "ScanningSequence": [
      "SE",
      "EP"
    ],
    "SequenceName": "*epfid2d1_64",
    "SequenceVariant": "SK",
    "SeriesDate": "18660510",
    "SeriesDescription": "BOLD EPI - Stopword2",
    "SeriesNumber": 4,
    "SeriesTime": "105417.781000",
    "SliceThickness": 4.0,
    "SpacingBetweenSlices": 4.0000000072198,
    "StudyID": "1",
    "StudyTime": "103103.187000",
    "dataset": "ds000007",
    "modality": "bold",
    "run_id": 2,
    "subject_id": "03",
    "task_id": "stopword"
  },
  "dummy_trs": 1,
  "dvars_nstd": 24.15965279483334,
  "dvars_std": 1.0856252395555561,
  "dvars_vstd": 1.005257612944444,
  "efc": 0.5401879149786176,
  "fber": 1998.504638671875,
  "fd_mean": 0.1254447657102431,
  "fd_num": 22,
  "fd_perc": 12.154696132596685,
  "fwhm_avg": 1.7364214333333337,
  "fwhm_x": 1.6835776000000002,
  "fwhm_y": 1.9230592,
  "fwhm_z": 1.6026275,
  "gcor": 0.0204366,
  "gsr_x": -0.010356482118368149,
  "gsr_y": 0.02991928905248642,
  "provenance": {
    "md5sum": "aac13483135d74071f311fc4d3b891b1",
    "settings": {
      "fd_thres": 0.2,
      "testing": false
    },
    "software": "mriqc",
    "version": "23.1.0"
  },
  "size_t": 181,
  "size_x": 64,
  "size_y": 64,
  "size_z": 33,
  "snr": 5.73640495144055,
  "spacing_tr": 2.0,
  "spacing_x": 3.125,
  "spacing_y": 3.125,
  "spacing_z": 4.0,
  "summary_bg_k": 18.999525149386113,
  "summary_bg_mad": 6.40549577629121,
  "summary_bg_mean": 35.48559506055083,
  "summary_bg_median": 13.580110549926758,
  "summary_bg_n": 100361.0,
  "summary_bg_p05": 8.591160774230957,
  "summary_bg_p95": 156.69613647460938,
  "summary_bg_stdv": 58.78396235601553,
  "summary_fg_k": 1.7045125716386478,
  "summary_fg_mad": 86.19570948512168,
  "summary_fg_mean": 600.3773495559633,
  "summary_fg_median": 607.0939331054688,
  "summary_fg_n": 34807.0,
  "summary_fg_p05": 398.2596740722656,
  "summary_fg_p95": 755.6519775390625,
  "summary_fg_stdv": 105.83025733401045,
  "tsnr": 62.624142203014344
}