{
  "aor": 0.0015193956043956047,
  "aqi": 0.013921293516483515,
  "bids_meta": {
    "Columns": 384,
    "EchoTime": 0.03,
    "EchoTrainLength": 1,
    "FlipAngle": 90.0,
    "ImageType": "ORIGINAL/PRIMARY/M/ND/MOSAIC",
    "ImagingFrequency": 123.253172,
    "InplanePhaseEncodingDirection": "COL",
    "InversionTime": 0.0,
    "MRAcquisitionType": "2D",
    "MagneticFieldStrength": 2.8936200141907,
    "Manufacturer": "SIEMENS",
    "ManufacturersModelName": "Allegra",
    "NumberOfAverages": 1.0,
    "NumberOfPhaseEncodingSteps": 64,
    "PercentPhaseFieldOfView": 100.0,
    "PhaseEncodingDirection": "j-",
    "PixelBandwidth": 2605.0,
    "PixelSpacing": [
      3.125,
      3.125
    ],
    "RepetitionTime": 2,
    "Rows": 384,
    "ScanOptions": "FS",
    "ScanningSequence": [
      "SE",
      "EP"
    ],
    "SequenceName": "*epfid2d1_64",
    "SequenceVariant": "SK",
    "SeriesDate": "18660510",
    "SeriesDescription": "BOLD EPI - Stopword1",
    "SeriesNumber": 3,
    "SeriesTime": "104621.890000",
    "SliceThickness": 4.0,
    "SpacingBetweenSlices": 4.0000000072198,
    "StudyID": "1",
    "StudyTime": "103103.187000",
    "dataset": "ds000007",
    "modality": "bold",
    "run_id": 1,
    "subject_id": "03",
    "task_id": "stopword"
  },
  "dummy_trs": 0,
  "dvars_nstd": 25.83188941093923,
  "dvars_std": 1.0781440062983423,
  "dvars_vstd": 1.0015989521546962,
  "efc": 0.5388852445294239,
  "fber": 2006.78125,
  "fd_mean": 0.1583305655462627,
  "fd_num": 41,
  "fd_perc": 22.52747252747253,
  "fwhm_avg": 1.7739256,
  "fwhm_x": 1.70512,
  "fwhm_y": 1.9844768,
  "fwhm_z": 1.63218,
  "gcor": 0.0173581,
  "gsr_x": -0.010341073386371136,
  "gsr_y": 0.02885354310274124,
  "provenance": {
    "md5sum": "134e6c6fce779c06648d0229bd4e4015",
    "settings": {
      "fd_thres": 0.2,
      "testing": false
    },
    "software": "mriqc",
    "version": "23.1.0"
  },
  "size_t": 182,
  "size_x": 64,
  "size_y": 64,
  "size_z": 33,
  "snr": 5.662797190554772,
  "spacing_tr": 2.0,
  "spacing_x": 3.125,
  "spacing_y": 3.125,
  "spacing_z": 4.0,
  "summary_bg_k": 19.416300365462465,
  "summary_bg_mad": 6.508786849011251,
  "summary_bg_mean": 34.4870415410468,
  "summary_bg_median": 13.5,
  "summary_bg_n": 100254.0,
  "summary_bg_p05": 8.093406677246094,
  "summary_bg_p95": 150.87911987304688,
  "summary_bg_stdv": 56.98423075132398,
  "summary_fg_k": 1.6887117589930822,
  "summary_fg_mad": 86.39008384824118,
  "summary_fg_mean": 597.672047074024,
  "summary_fg_median": 604.760986328125,
  "summary_fg_n": 34914.0,
  "summary_fg_p05": 391.71429443359375,
  "summary_fg_p95": 751.02197265625,
  "summary_fg_stdv": 106.79392271923604,
  "tsnr": 51.37696414976381
}