{
  "aor": 0.0007555801104972375,
  "aqi": 0.00690310320441989,
  "bids_meta": {
    "Columns": 384,
    "EchoTime": 0.03,
    "EchoTrainLength": 1,
    "FlipAngle": 90.0,
    "ImageType": "ORIGINAL/PRIMARY/M/ND/MOSAIC",
    "ImagingFrequency": 123.253172,
    "InplanePhaseEncodingDirection": "COL",
    "InversionTime": 0.0,
    "MRAcquisitionType": "2D",
    "MagneticFieldStrength": 2.8936200141907,
    "Manufacturer": "SIEMENS",
    "ManufacturersModelName": "Allegra",
    "NumberOfAverages": 1.0,
    "NumberOfPhaseEncodingSteps": 64,
    "PercentPhaseFieldOfView": 100.0,
    "PhaseEncodingDirection": "j-",
    "PixelBandwidth": 2605.0,
    "PixelSpacing": [
      3.125,
      3.125
    ],
    "RepetitionTime": 2,
    "Rows": 384,
    "ScanOptions": "FS",
    "ScanningSequence": [
      "SE",
      "EP"
    ],
    "SequenceName": "*epfid2d1_64",
    "SequenceVariant": "SK",
    "SeriesDate": "18660510",
    "SeriesDescription": "BOLD EPI - Stopmanual2",
    "SeriesNumber": 6,
    "SeriesTime": "110926.281000",
    "SliceThickness": 4.0,
    "SpacingBetweenSlices": 4.0000000072198,
    "StudyID": "1",
    "StudyTime": "103103.187000",
    "dataset": "ds000007",
    "modality": "bold",
    "run_id": 2,
    "subject_id": "03",
    "task_id": "stopmanual"
  },
  "dummy_trs": 1,
  "dvars_nstd": 23.19438915255556,
  "dvars_std": 1.0994220250000002,
  "dvars_vstd": 1.0109377881111106,
  "efc": 0.5412566488378241,
  "fber": 2020.1026611328125,
  "fd_mean": 0.06910535676386721,
  "fd_num": 1,
  "fd_perc": 0.5524861878453039,
  "fwhm_avg": 1.7424198333333332,
  "fwhm_x": 1.6847007999999999,
  "fwhm_y": 1.9390112,
  "fwhm_z": 1.6035475,
  "gcor": 0.0126849,
  "gsr_x": -0.011276690289378166,
  "gsr_y": 0.03042740188539028,
  "provenance": {
    "md5sum": "e5aca3b8766305f34453d6331f795f1f",
    "settings": {
      "fd_thres": 0.2,
      "testing": false
    },
    "software": "mriqc",
    "version": "23.1.0"
  },
  "size_t": 181,
  "size_x": 64,
  "size_y": 64,
  "size_z": 33,
  "snr": 5.700507717979487,
  "spacing_tr": 2.0,
  "spacing_x": 3.125,
  "spacing_y": 3.125,
  "spacing_z": 4.0,
  "summary_bg_k": 18.556281123598712,
  "summary_bg_mad": 6.274438149342374,
  "summary_bg_mean": 36.021473194907166,
  "summary_bg_median": 13.596685409545898,
  "summary_bg_n": 100253.0,
  "summary_bg_p05": 8.883977890014648,
  "summary_bg_p95": 157.10498046875,
  "summary_bg_stdv": 59.69335467263048,
  "summary_fg_k": 1.7715402504085356,
  "summary_fg_mad": 86.94931735107106,
  "summary_fg_mean": 604.2138951819041,
  "summary_fg_median": 611.1105346679688,
  "summary_fg_n": 34915.0,
  "summary_fg_p05": 400.92266845703125,
  "summary_fg_p95": 758.9171752929688,
  "summary_fg_stdv": 107.20129038225433,
  "tsnr": 66.63926084525883
}