{
  "aor": 0.0005841208791208791,
  "aqi": 0.008475754120879121,
  "bids_meta": {
    "Columns": 384,
    "EchoTime": 0.03,
    "EchoTrainLength": 1,
    "FlipAngle": 90.0,
    "ImageType": "ORIGINAL/PRIMARY/M/ND/MOSAIC",
    "ImagingFrequency": 123.253172,
    "InplanePhaseEncodingDirection": "COL",
    "InversionTime": 0.0,
    "MRAcquisitionType": "2D",
    "MagneticFieldStrength": 2.8936200141907,
    "Manufacturer": "SIEMENS",
    "ManufacturersModelName": "Allegra",
    "NumberOfAverages": 1.0,
    "NumberOfPhaseEncodingSteps": 64,
    "PercentPhaseFieldOfView": 100.0,
    "PhaseEncodingDirection": "j-",
    "PixelBandwidth": 2605.0,
    "PixelSpacing": [
      3.125,
      3.125
    ],
    "RepetitionTime": 2,
    "Rows": 384,
    "ScanOptions": "FS",
    "ScanningSequence": [
      "SE",
      "EP"
    ],
    "SequenceName": "*epfid2d1_64",
    "SequenceVariant": "SK",
    "SeriesDate": "18660510",
    "SeriesDescription": "BOLD EPI - Stopvocal1",
    "SeriesNumber": 8,
    "SeriesTime": "112152.406000",
    "SliceThickness": 4.0,
    "SpacingBetweenSlices": 4.0000000072198,
    "StudyID": "1",
    "StudyTime": "103103.187000",
    "dataset": "ds000007",
    "modality": "bold",
    "run_id": 1,
    "subject_id": "03",
    "task_id": "stopvocal"
  },
  "dummy_trs": 0,
  "dvars_nstd": 24.83917518734807,
  "dvars_std": 1.1156604651933706,
  "dvars_vstd": 1.0090031486740338,
  "efc": 0.5424486462582613,
  "fber": 1940.2852783203125,
  "fd_mean": 0.10475672273435478,
  "fd_num": 9,
  "fd_perc": 4.945054945054945,
  "fwhm_avg": 1.7333818333333333,
  "fwhm_x": 1.6699456000000001,
  "fwhm_y": 1.9260224,
  "fwhm_z": 1.6041775,
  "gcor": 0.0186703,
  "gsr_x": -0.011459563858807087,
  "gsr_y": 0.030021201819181442,
  "provenance": {
    "md5sum": "4e83b89fc186e21d426ea4ddbe464631",
    "settings": {
      "fd_thres": 0.2,
      "testing": false
    },
    "software": "mriqc",
    "version": "23.1.0"
  },
  "size_t": 182,
  "size_x": 64,
  "size_y": 64,
  "size_z": 33,
  "snr": 5.737633267956722,
  "spacing_tr": 2.0,
  "spacing_x": 3.125,
  "spacing_y": 3.125,
  "spacing_z": 4.0,
  "summary_bg_k": 17.939905207608835,
  "summary_bg_mad": 6.7124407668411985,
  "summary_bg_mean": 36.4887522930325,
  "summary_bg_median": 13.829670906066895,
  "summary_bg_n": 100280.0,
  "summary_bg_p05": 8.708791732788086,
  "summary_bg_p95": 161.78846740722656,
  "summary_bg_stdv": 60.09805513298356,
  "summary_fg_k": 1.847077804605675,
  "summary_fg_mad": 86.90732959292978,
  "summary_fg_mean": 603.0009355531923,
  "summary_fg_median": 609.1785888671875,
  "summary_fg_n": 34888.0,
  "summary_fg_p05": 402.1044006347656,
  "summary_fg_p95": 758.2637329101562,
  "summary_fg_stdv": 106.1709296963709,
  "tsnr": 62.46153313026298
}