{
  "bids_meta": {
    "Columns": 192,
    "EchoTime": 0.0021,
    "EchoTrainLength": 1,
    "FlipAngle": 8.0,
    "ImageType": "ORIGINAL/PRIMARY/M/ND",
    "ImagingFrequency": 123.253288,
    "InplanePhaseEncodingDirection": "ROW",
    "InversionTime": 1.1,
    "MRAcquisitionType": "3D",
    "MagneticFieldStrength": 2.8936200141907,
    "Manufacturer": "SIEMENS",
    "ManufacturersModelName": "Allegra",
    "NumberOfAverages": 1.0,
    "NumberOfPhaseEncodingSteps": 192,
    "PercentPhaseFieldOfView": 100.0,
    "PhaseEncodingDirection": "i-",
    "PixelBandwidth": 320.0,
    "PixelSpacing": [
      1.3333333333333,
      1.3333333333333
    ],
    "RepetitionTime": 2.3,
    "Rows": 192,
    "ScanOptions": "IR",
    "ScanningSequence": [
      "IR",
      "GR"
    ],
    "SequenceName": "*tfl3d1",
    "SequenceVariant": [
      "SP",
      "MP"
    ],
    "SeriesDate": "18660607",
    "SeriesDescription": "MPRage-3T",
    "SeriesNumber": 10,
    "SeriesTime": "121230.609000",
    "SliceThickness": 1.0,
    "StudyID": "1",
    "StudyTime": "105951.171000",
    "dataset": "ds000007",
    "modality": "T1w",
    "subject_id": "09"
  },
  "cjv": 0.5427418613816198,
  "cnr": 1.7123957645819416,
  "efc": 0.43782916965980284,
  "fber": -1.0,
  "fwhm_avg": 4.332777418895144,
  "fwhm_x": 4.83405,
  "fwhm_y": 4.0877323781760815,
  "fwhm_z": 4.076549878509346,
  "icvs_csf": 0.27052969240615193,
  "icvs_gm": 0.3802124029232588,
  "icvs_wm": 0.34925790467058915,
  "inu_med": 0.534713089466095,
  "inu_range": 0.2531528055667877,
  "provenance": {
    "md5sum": "74e91c79103711baddfe6e4b3e3fb8ff",
    "settings": {
      "testing": false
    },
    "software": "mriqc",
    "version": "23.1.0",
    "warnings": {
      "large_rot_frame": true,
      "small_air_mask": false
    }
  },
  "qi_1": 0.0,
  "qi_2": 0.000879896525766661,
  "rpve_csf": 7.243779828547661,
  "rpve_gm": 7.1507698810464735,
  "rpve_wm": 7.3019521862721755,
  "size_x": 160,
  "size_y": 192,
  "size_z": 192,
  "snr_csf": 2.2751393520853807,
  "snr_gm": 3.6767501759421757,
  "snr_total": 4.596333750346147,
  "snr_wm": 7.837111723010886,
  "snrd_csf": 6.910175020269289,
  "snrd_gm": 9.747250015515833,
  "snrd_total": 10.727189659005903,
  "snrd_wm": 15.52414394123259,
  "spacing_x": 1.0,
  "spacing_y": 1.3333333730697632,
  "spacing_z": 1.3333333730697632,
  "summary_bg_k": 187.79851682989596,
  "summary_bg_mad": 0.0,
  "summary_bg_mean": 10.274958881123112,
  "summary_bg_median": 0.0,
  "summary_bg_n": 3055068.0,
  "summary_bg_p05": 0.0,
  "summary_bg_p95": 30.892159961163998,
  "summary_bg_stdv": 39.91768969209463,
  "summary_csf_k": -0.12625393617748193,
  "summary_csf_mad": 133.06480580377374,
  "summary_csf_mean": 406.1605047556724,
  "summary_csf_median": 421.0393777191639,
  "summary_csf_n": 215431.72153604447,
  "summary_csf_p05": 62.44494656100869,
  "summary_csf_p95": 683.5283621549606,
  "summary_csf_stdv": 185.06048877093508,
  "summary_gm_k": 0.1695323843393317,
  "summary_gm_mad": 104.0078923737874,
  "summary_gm_mean": 605.2417426255902,
  "summary_gm_median": 593.9033481739461,
  "summary_gm_n": 302775.6834474972,
  "summary_gm_p05": 355.00817226246,
  "summary_gm_p95": 909.3682973496616,
  "summary_gm_stdv": 161.52915998877756,
  "summary_wm_k": 4.4057853544064365,
  "summary_wm_mad": 87.03081935851448,
  "summary_wm_mean": 912.943660751196,
  "summary_wm_median": 945.8915129452944,
  "summary_wm_n": 278125.5949912348,
  "summary_wm_p05": 677.9916817545891,
  "summary_wm_p95": 1049.8930209204555,
  "summary_wm_stdv": 120.69367464687417,
  "tpm_overlap_csf": 0.20675205317462625,
  "tpm_overlap_gm": 0.5045995960391314,
  "tpm_overlap_wm": 0.5068017172493009,
  "wm2max": 0.5968596780276714
}